STORAGE: PACKAGES
STRATEGY: MAX
NUGET
  remote: https://api.nuget.org/v3/index.json
    AForge (2.2.5)
    AForge.Imaging (2.2.5)
      AForge (>= 2.2.5)
      AForge.Math (>= 2.2.5)
    AForge.Math (2.2.5)
      AForge (>= 2.2.5)
    AForge.Video (2.2.5)
      AForge (>= 2.2.5)
    AppDomainToolkit (1.0.4.3)
    AutoMapper (3.3.1)
    CommandLineParser (1.9.71)
    Common.Logging (2.1.2)
    DevExpress.Data (19.2.4) - restriction: || (>= net452) (>= netstandard2.0)
      Microsoft.Extensions.Configuration (>= 1.1.2) - restriction: && (< net452) (>= netstandard2.0)
      Microsoft.Extensions.Configuration.Json (>= 1.1.2) - restriction: && (< net452) (>= netstandard2.0)
      Microsoft.Extensions.PlatformAbstractions (>= 1.1) - restriction: && (< net452) (>= netstandard2.0)
      NETStandard.Library (>= 2.0.3) - restriction: && (< net452) (>= netstandard2.0)
      System.ComponentModel.Annotations (>= 4.4) - restriction: && (< net452) (>= netstandard2.0)
      System.Drawing.Common (>= 4.5) - restriction: && (< net452) (>= netstandard2.0)
      System.Reflection.Emit (>= 4.3) - restriction: && (< net452) (>= netstandard2.0)
      System.Reflection.Emit.Lightweight (>= 4.3) - restriction: && (< net452) (>= netstandard2.0)
      System.ServiceModel.Http (>= 4.4) - restriction: && (< net452) (>= netstandard2.0)
      System.ServiceModel.Primitives (>= 4.4) - restriction: && (< net452) (>= netstandard2.0)
      System.Text.Encoding.CodePages (>= 4.4) - restriction: && (< net452) (>= netstandard2.0)
    DevExpress.Xpo (19.2.4) - restriction: || (>= net452) (>= netstandard2.0)
      DevExpress.Data (19.2.4) - restriction: || (>= net452) (>= netstandard2.0)
      Microsoft.Extensions.DependencyInjection (>= 2.0) - restriction: && (< net452) (>= netstandard2.0)
      NETStandard.Library (>= 2.0.3) - restriction: && (< net452) (>= netstandard2.0)
      System.Data.SqlClient (>= 4.5) - restriction: && (< net452) (>= netstandard2.0)
      System.ServiceModel.Primitives (>= 4.4) - restriction: && (< net452) (>= netstandard2.0)
    DocumentFormat.OpenXml (2.7.2)
      NETStandard.Library (>= 1.6.1) - restriction: && (< net35) (>= netstandard1.3)
      System.IO.Packaging (>= 4.0) - restriction: || (&& (< net35) (>= netstandard1.3)) (>= net46)
    DotNetZip (1.11)
    Enums.NET (3.0.1)
      NETStandard.Library (>= 1.6.1) - restriction: || (&& (< net45) (>= netstandard1.1) (< netstandard1.3)) (&& (< net45) (>= netstandard1.3) (< netstandard2.0)) (&& (>= netstandard1.0) (< netstandard1.1))
      System.ComponentModel.Annotations (>= 4.6) - restriction: || (&& (< net45) (>= netstandard1.1) (< netstandard1.3)) (&& (< net45) (>= netstandard1.3) (< netstandard2.0)) (&& (< net45) (>= netstandard2.0) (< netstandard2.1)) (&& (< netcoreapp3.0) (>= netstandard2.1))
      System.ComponentModel.Primitives (>= 4.3) - restriction: || (&& (< net45) (>= netstandard1.1) (< netstandard1.3)) (&& (< net45) (>= netstandard1.3) (< netstandard2.0)) (&& (>= netstandard1.0) (< netstandard1.1))
      System.Runtime.CompilerServices.Unsafe (>= 4.6) - restriction: || (&& (< net45) (>= netstandard1.1) (< netstandard1.3)) (&& (< net45) (>= netstandard1.3) (< netstandard2.0)) (&& (< net45) (>= netstandard2.0) (< netstandard2.1)) (&& (< netcoreapp3.0) (>= netstandard2.1)) (&& (>= netstandard1.0) (< netstandard1.1))
      System.Runtime.Serialization.Primitives (>= 4.3) - restriction: || (&& (< net45) (>= netstandard1.1) (< netstandard1.3)) (&& (< net45) (>= netstandard1.3) (< netstandard2.0)) (&& (>= netstandard1.0) (< netstandard1.1))
    ExcelDataReader (3.6)
      NETStandard.Library (>= 1.6.1) - restriction: && (< net20) (>= netstandard1.3) (< netstandard2.0)
      SharpZipLib (>= 0.86) - restriction: && (>= net20) (< net45) (< netstandard1.3)
      System.Data.Common (>= 4.3) - restriction: && (< net20) (>= netstandard1.3) (< netstandard2.0)
    ExcelDataReader.DataSet (3.6)
      ExcelDataReader (>= 3.6) - restriction: || (>= net20) (>= netstandard2.0)
    Fasterflect.Xpand (2.0.7)
      System.Reflection.Emit.Lightweight (>= 4.6) - restriction: >= netstandard2.0
    Fody (4.2.1)
    Grpc (2.25) - restriction: >= netstandard2.0
      Grpc.Core (>= 2.25) - restriction: || (>= net45) (>= netstandard1.5)
    Grpc.Core (2.25) - restriction: >= netstandard2.0
      Grpc.Core.Api (>= 2.25) - restriction: || (>= net45) (>= netstandard1.5)
      System.Memory (>= 4.5.3) - restriction: || (>= net45) (>= netstandard1.5)
    Grpc.Core.Api (2.25) - restriction: >= netstandard2.0
      System.Memory (>= 4.5.3) - restriction: || (>= net45) (>= netstandard1.5)
    IIS.Microsoft.Web.Adminstration (8.5.9600.16384)
    InputSimulator (1.0.4)
    JetBrains.Annotations (2019.1.3)
      System.Runtime (>= 4.1) - restriction: && (< net10) (>= netstandard1.0) (< netstandard2.0)
    MagicOnion (2.6.3)
      Grpc (>= 2.23) - restriction: >= netstandard2.0
      MessagePack (>= 1.7.3.7) - restriction: >= netstandard2.0
      System.Buffers (>= 4.5) - restriction: >= netstandard2.0
      System.Collections.Immutable (>= 1.5) - restriction: >= netstandard2.0
      System.Runtime.CompilerServices.Unsafe (>= 4.5.2) - restriction: >= netstandard2.0
      System.Threading.Tasks.Extensions (>= 4.5.3) - restriction: >= netstandard2.0
      System.Threading.Tasks.Parallel (>= 4.3) - restriction: >= netstandard2.0
    MessagePack (1.8.80) - restriction: >= netstandard2.0
      System.Reflection.Emit (>= 4.3) - restriction: || (&& (>= net45) (< netstandard1.6)) (&& (< net45) (>= netstandard1.6) (< netstandard2.0)) (&& (< net45) (>= netstandard2.0)) (>= net47)
      System.Reflection.Emit.Lightweight (>= 4.3) - restriction: || (&& (>= net45) (< netstandard1.6)) (&& (< net45) (>= netstandard1.6) (< netstandard2.0)) (&& (< net45) (>= netstandard2.0)) (>= net47)
      System.Runtime.Serialization.Primitives (>= 4.3) - restriction: || (&& (>= net45) (< netstandard1.6)) (&& (< net45) (>= netstandard1.6) (< netstandard2.0)) (&& (< net45) (>= netstandard2.0)) (>= net47)
      System.Threading.Tasks.Extensions (>= 4.5.3) - restriction: || (&& (>= net45) (< netstandard1.6)) (&& (< net45) (>= netstandard1.6) (< netstandard2.0)) (&& (< net45) (>= netstandard2.0)) (>= net47)
      System.ValueTuple (>= 4.5) - restriction: || (&& (>= net45) (< netstandard1.6)) (&& (< net45) (>= netstandard1.6) (< netstandard2.0)) (&& (< net45) (>= netstandard2.0)) (>= net47)
    Microsoft.AspNet.Razor (3.2.7)
    Microsoft.Bcl.AsyncInterfaces (1.0) - restriction: || (&& (>= monotouch) (>= netstandard2.0)) (&& (< net452) (< netcoreapp2.0) (>= netstandard2.0)) (>= net461) (&& (>= netcoreapp2.0) (< netcoreapp2.1)) (&& (>= netcoreapp2.1) (< netcoreapp3.0)) (&& (>= netstandard2.0) (< netstandard2.1)) (&& (>= netstandard2.0) (>= uap10.1)) (&& (>= netstandard2.0) (>= xamarintvos)) (&& (>= netstandard2.0) (>= xamarinwatchos)) (>= xamarinios) (>= xamarinmac)
      System.Threading.Tasks.Extensions (>= 4.5.2) - restriction: || (>= net461) (&& (< netcoreapp2.1) (>= netstandard2.0) (< xamarinios) (< xamarinmac)) (>= netstandard2.1)
    Microsoft.CodeAnalysis.Analyzers (2.9.7) - restriction: && (< net452) (>= netstandard2.0)
    Microsoft.CodeAnalysis.Common (3.3.1) - restriction: && (< net452) (>= netstandard2.0)
      Microsoft.CodeAnalysis.Analyzers (>= 2.9.4) - restriction: >= netstandard2.0
      System.Collections.Immutable (>= 1.5) - restriction: >= netstandard2.0
      System.Memory (>= 4.5.3) - restriction: >= netstandard2.0
      System.Reflection.Metadata (>= 1.6) - restriction: >= netstandard2.0
      System.Runtime.CompilerServices.Unsafe (>= 4.5.2) - restriction: >= netstandard2.0
      System.Text.Encoding.CodePages (>= 4.5.1) - restriction: >= netstandard2.0
      System.Threading.Tasks.Extensions (>= 4.5.3) - restriction: >= netstandard2.0
    Microsoft.CodeAnalysis.CSharp (3.3.1) - restriction: && (< net452) (>= netstandard2.0)
      Microsoft.CodeAnalysis.Common (3.3.1) - restriction: >= netstandard2.0
    Microsoft.CSharp (4.6) - restriction: || (&& (< net20) (>= netstandard1.0) (< netstandard1.3)) (&& (< net20) (>= netstandard1.3) (< netstandard2.0))
      NETStandard.Library (>= 1.6.1) - restriction: || (&& (< monoandroid) (< monotouch) (< net45) (>= netstandard1.3) (< netstandard2.0) (< win8) (< wpa81) (< xamarintvos) (< xamarinwatchos)) (&& (< monoandroid) (< net45) (>= netstandard1.0) (< netstandard1.3) (< win8) (< wp8) (< wpa81))
      System.Dynamic.Runtime (>= 4.3) - restriction: || (&& (< monoandroid) (< monotouch) (< net45) (>= netstandard1.3) (< netstandard2.0) (< win8) (< wpa81) (< xamarintvos) (< xamarinwatchos)) (&& (< monoandroid) (< net45) (>= netstandard1.0) (< netstandard1.3) (< win8) (< wp8) (< wpa81))
      System.Reflection.TypeExtensions (>= 4.6) - restriction: && (< monoandroid) (< monotouch) (< net45) (>= netstandard1.3) (< netstandard2.0) (< win8) (< wpa81) (< xamarintvos) (< xamarinwatchos)
    Microsoft.Extensions.Configuration (3.0.1) - restriction: && (< net452) (>= netstandard2.0)
      Microsoft.Extensions.Configuration.Abstractions (>= 3.0.1) - restriction: >= netstandard2.0
    Microsoft.Extensions.Configuration.Abstractions (3.0.1) - restriction: && (< net452) (>= netstandard2.0)
      Microsoft.Extensions.Primitives (>= 3.0.1) - restriction: >= netstandard2.0
    Microsoft.Extensions.Configuration.FileExtensions (3.0.1) - restriction: && (< net452) (>= netstandard2.0)
      Microsoft.Extensions.Configuration (>= 3.0.1) - restriction: >= netstandard2.0
      Microsoft.Extensions.FileProviders.Physical (>= 3.0.1) - restriction: >= netstandard2.0
    Microsoft.Extensions.Configuration.Json (3.0.1) - restriction: && (< net452) (>= netstandard2.0)
      Microsoft.Extensions.Configuration (>= 3.0.1) - restriction: >= netstandard2.0
      Microsoft.Extensions.Configuration.FileExtensions (>= 3.0.1) - restriction: >= netstandard2.0
      System.Text.Json (>= 4.6) - restriction: && (< netcoreapp3.0) (>= netstandard2.0)
      System.Threading.Tasks.Extensions (>= 4.5.2) - restriction: && (< netcoreapp3.0) (>= netstandard2.0)
    Microsoft.Extensions.DependencyInjection (3.0.1) - restriction: && (< net452) (>= netstandard2.0)
      Microsoft.Extensions.DependencyInjection.Abstractions (>= 3.0.1) - restriction: || (>= net461) (>= netstandard2.0)
    Microsoft.Extensions.DependencyInjection.Abstractions (3.0.1) - restriction: && (< net452) (>= netstandard2.0)
    Microsoft.Extensions.FileProviders.Abstractions (3.0.1) - restriction: && (< net452) (>= netstandard2.0)
      Microsoft.Extensions.Primitives (>= 3.0.1) - restriction: >= netstandard2.0
    Microsoft.Extensions.FileProviders.Physical (3.0.1) - restriction: && (< net452) (>= netstandard2.0)
      Microsoft.Extensions.FileProviders.Abstractions (>= 3.0.1) - restriction: >= netstandard2.0
      Microsoft.Extensions.FileSystemGlobbing (>= 3.0.1) - restriction: >= netstandard2.0
    Microsoft.Extensions.FileSystemGlobbing (3.0.1) - restriction: && (< net452) (>= netstandard2.0)
    Microsoft.Extensions.PlatformAbstractions (1.1) - restriction: && (< net452) (>= netstandard2.0)
      NETStandard.Library (>= 1.6.1) - restriction: || (>= net451) (>= netstandard1.3)
      System.Reflection.TypeExtensions (>= 4.3) - restriction: && (< net451) (>= netstandard1.3)
    Microsoft.Extensions.Primitives (3.0.1) - restriction: && (< net452) (>= netstandard2.0)
      System.Memory (>= 4.5.2) - restriction: && (< netcoreapp3.0) (>= netstandard2.0)
      System.Runtime.CompilerServices.Unsafe (>= 4.6) - restriction: && (< netcoreapp3.0) (>= netstandard2.0)
    Microsoft.NETCore.Platforms (3.1)
    Microsoft.NETCore.Targets (3.0) - restriction: || (&& (< monoandroid) (< monotouch) (< net35) (>= netstandard1.3) (< netstandard2.0) (< xamarintvos) (< xamarinwatchos)) (&& (< monoandroid) (< monotouch) (< net45) (>= netstandard1.5) (< netstandard2.0) (< win8) (< wpa81) (< xamarintvos) (< xamarinwatchos)) (&& (< monoandroid) (< monotouch) (< net45) (>= netstandard1.5) (< win8) (< wpa81) (< xamarinios) (< xamarinmac) (< xamarintvos) (< xamarinwatchos)) (&& (< monoandroid) (< net45) (>= netstandard1.1) (< netstandard1.2) (< win8)) (&& (< monoandroid) (< net45) (>= netstandard1.1) (< netstandard1.3) (< win8) (< wpa81)) (&& (< monoandroid) (< net45) (>= netstandard1.2) (< netstandard1.3) (< win8) (< wpa81)) (&& (< monoandroid) (< net45) (< netstandard1.2) (>= netstandard1.3) (< win8)) (&& (< monoandroid) (< net45) (>= netstandard1.3) (< netstandard1.5) (< win8) (< wpa81)) (&& (< monoandroid) (< net45) (< netstandard1.3) (>= netstandard1.5) (< win8) (< wpa81)) (&& (< monoandroid) (< net45) (< netstandard1.3) (>= netstandard2.0) (< win8) (< wpa81)) (&& (< monoandroid) (< net45) (< netstandard1.5) (>= netstandard2.0) (< win8) (< wpa81)) (&& (< monoandroid) (< net45) (>= netstandard2.0) (< win8) (< wpa81) (< xamarinios) (< xamarinmac)) (>= netcoreapp2.2)
    Microsoft.Win32.Primitives (4.3) - restriction: || (&& (>= monoandroid) (>= netstandard1.3) (< netstandard2.0)) (>= monotouch) (&& (< net46) (>= net461) (< netstandard2.0)) (&& (>= netcoreapp2.0) (< netstandard2.0)) (&& (< netstandard2.0) (>= xamarinios)) (&& (< netstandard2.0) (>= xamarinmac)) (>= xamarintvos) (>= xamarinwatchos)
    Microsoft.Win32.Registry (4.7)
      NETStandard.Library (>= 1.6.1) - restriction: && (< monoandroid) (< monotouch) (< net46) (>= netstandard1.3) (< netstandard2.0) (< uap10.1) (< xamarintvos) (< xamarinwatchos)
      System.Buffers (>= 4.5) - restriction: || (&& (>= monoandroid) (< netstandard2.0)) (>= monotouch) (&& (< net46) (< netcoreapp2.0) (>= netstandard2.0)) (>= xamarinios) (>= xamarinmac) (>= xamarintvos) (>= xamarinwatchos)
      System.Memory (>= 4.5.3) - restriction: || (&& (< net46) (< netcoreapp2.0) (>= netstandard2.0) (< xamarinios) (< xamarinmac)) (&& (>= netcoreapp2.0) (< netcoreapp2.1)) (>= uap10.1)
      System.Security.AccessControl (>= 4.7) - restriction: || (&& (>= monoandroid) (< netstandard2.0)) (>= monotouch) (&& (< net46) (>= netstandard2.0)) (>= net461) (>= netcoreapp2.0) (>= xamarinios) (>= xamarinmac) (>= xamarintvos) (>= xamarinwatchos)
      System.Security.Principal.Windows (>= 4.7) - restriction: || (&& (>= monoandroid) (< netstandard2.0)) (>= monotouch) (&& (< net46) (>= netstandard2.0)) (>= net461) (>= netcoreapp2.0) (>= xamarinios) (>= xamarinmac) (>= xamarintvos) (>= xamarinwatchos)
    Microsoft.Win32.SystemEvents (4.6) - restriction: >= netcoreapp2.0
      Microsoft.NETCore.Platforms (>= 3.0) - restriction: >= netcoreapp2.0
    Mono.Cecil (0.11.1)
    NETStandard.Library (2.0.3) - restriction: || (&& (>= monoandroid) (>= netstandard1.3) (< netstandard2.0)) (&& (< monoandroid) (< net45) (>= netstandard1.0) (< netstandard2.0) (< win8) (< wp8) (< wpa81)) (&& (< monoandroid) (< net45) (>= netstandard1.1) (< netstandard1.3) (< win8)) (&& (< monoandroid) (< net45) (>= netstandard1.3) (< netstandard1.4) (< win8)) (&& (< monoandroid) (< net45) (< netstandard1.3) (>= netstandard1.4)) (&& (< monoandroid) (< net45) (< netstandard1.3) (>= netstandard2.0) (< win8)) (&& (< monoandroid) (< net45) (>= netstandard1.4) (< netstandard2.0) (< uap10.1)) (&& (< monoandroid) (< net45) (< netstandard1.4) (>= netstandard2.0) (< win8)) (&& (< monoandroid) (< net46) (>= netstandard1.3) (< netstandard2.0) (< uap10.1)) (>= monotouch) (&& (< net20) (>= netstandard1.0) (< netstandard1.3)) (&& (< net20) (>= netstandard1.3) (< netstandard2.0)) (&& (< net35) (>= netstandard1.3)) (&& (< net452) (>= netstandard1.0)) (&& (< net452) (>= netstandard2.0)) (&& (< net46) (>= net461) (< netstandard2.0)) (&& (>= netcoreapp2.0) (< netstandard2.0)) (&& (< netstandard1.3) (>= netstandard2.1)) (&& (< netstandard1.4) (>= netstandard2.1)) (&& (< netstandard2.0) (>= netstandard2.1)) (&& (< netstandard2.0) (>= xamarinios)) (&& (< netstandard2.0) (>= xamarinmac)) (>= xamarintvos) (>= xamarinwatchos)
      Microsoft.NETCore.Platforms (>= 1.1) - restriction: || (&& (>= net45) (< netstandard1.3)) (&& (< net45) (>= netstandard1.1) (< netstandard1.2) (< win8)) (&& (< net45) (>= netstandard1.2) (< netstandard1.3) (< win8) (< wpa81)) (&& (< net45) (>= netstandard1.3) (< netstandard1.4) (< win8) (< wpa81)) (&& (< net45) (>= netstandard1.4) (< netstandard1.5) (< win8) (< wpa81)) (&& (< net45) (>= netstandard1.5) (< netstandard1.6) (< win8) (< wpa81)) (&& (< net45) (>= netstandard1.6) (< netstandard2.0) (< win8) (< wpa81)) (&& (< net45) (>= netstandard2.0)) (&& (>= net46) (< netstandard1.4)) (>= net461) (>= netcoreapp2.0) (&& (>= netstandard1.0) (< portable-net45+win8+wpa81)) (&& (< netstandard1.0) (>= portable-net45+win8) (< win8)) (&& (< netstandard1.0) (< portable-net45+win8) (>= portable-net45+win8+wpa81)) (&& (< netstandard1.0) (>= portable-net45+win8+wp8+wpa81) (< portable-net45+win8+wpa81)) (&& (< netstandard1.0) (>= win8)) (&& (< netstandard1.3) (< win8) (>= wpa81)) (&& (< netstandard1.5) (>= uap10.0)) (>= uap10.1) (>= wp8)
    Newtonsoft.Json (12.0.2)
      Microsoft.CSharp (>= 4.3) - restriction: || (&& (< net20) (>= netstandard1.0) (< netstandard1.3)) (&& (< net20) (>= netstandard1.3) (< netstandard2.0))
      NETStandard.Library (>= 1.6.1) - restriction: || (&& (< net20) (>= netstandard1.0) (< netstandard1.3)) (&& (< net20) (>= netstandard1.3) (< netstandard2.0))
      System.ComponentModel.TypeConverter (>= 4.3) - restriction: || (&& (< net20) (>= netstandard1.0) (< netstandard1.3)) (&& (< net20) (>= netstandard1.3) (< netstandard2.0))
      System.Runtime.Serialization.Formatters (>= 4.3) - restriction: && (< net20) (>= netstandard1.3) (< netstandard2.0)
      System.Runtime.Serialization.Primitives (>= 4.3) - restriction: || (&& (< net20) (>= netstandard1.0) (< netstandard1.3)) (&& (< net20) (>= netstandard1.3) (< netstandard2.0))
      System.Xml.XmlDocument (>= 4.3) - restriction: && (< net20) (>= netstandard1.3) (< netstandard2.0)
    PropertyChanged.Fody (2.6.1)
      Fody (>= 4.2.1) - restriction: >= netstandard1.0
      NETStandard.Library (>= 1.6.1) - restriction: && (< net452) (>= netstandard1.0)
    Quartz (2.2.4)
      Common.Logging (>= 2.1.2)
    RazorEngine (3.10)
      Microsoft.AspNet.Razor (>= 3.0) - restriction: >= net45
      Microsoft.AspNet.Razor (2.0.30506) - restriction: && (>= net40) (< net45)
    runtime.native.System (4.3.1) - restriction: && (< monoandroid) (< monotouch) (< net45) (>= netstandard1.3) (< win8) (< wpa81) (< xamarinios) (< xamarinmac) (< xamarintvos) (< xamarinwatchos)
      Microsoft.NETCore.Platforms (>= 1.1.1)
      Microsoft.NETCore.Targets (>= 1.1.3)
    runtime.native.System.Data.SqlClient.sni (4.6) - restriction: || (&& (< net451) (>= netstandard2.0) (< xamarinios) (< xamarinmac)) (>= netcoreapp2.0)
      runtime.win-arm64.runtime.native.System.Data.SqlClient.sni (>= 4.4)
      runtime.win-x64.runtime.native.System.Data.SqlClient.sni (>= 4.4)
      runtime.win-x86.runtime.native.System.Data.SqlClient.sni (>= 4.4)
    runtime.native.System.IO.Compression (4.3.2) - restriction: && (< monoandroid) (< monotouch) (< net45) (>= netstandard1.3) (< win8) (< wpa81) (< xamarinios) (< xamarinmac) (< xamarintvos) (< xamarinwatchos)
      Microsoft.NETCore.Platforms (>= 1.1.1)
      Microsoft.NETCore.Targets (>= 1.1.3)
    runtime.win-arm64.runtime.native.System.Data.SqlClient.sni (4.4) - restriction: || (&& (< net451) (>= netstandard2.0) (< xamarinios) (< xamarinmac)) (>= netcoreapp2.0)
    runtime.win-x64.runtime.native.System.Data.SqlClient.sni (4.4) - restriction: || (&& (< net451) (>= netstandard2.0) (< xamarinios) (< xamarinmac)) (>= netcoreapp2.0)
    runtime.win-x86.runtime.native.System.Data.SqlClient.sni (4.4) - restriction: || (&& (< net451) (>= netstandard2.0) (< xamarinios) (< xamarinmac)) (>= netcoreapp2.0)
    Ryder (0.8)
      System.Collections (>= 4.3) - restriction: || (&& (< net45) (>= netstandard1.3) (< netstandard2.0)) (&& (< net45) (>= netstandard2.0)) (>= netcoreapp2.2)
      System.Reflection.Emit.Lightweight (>= 4.3) - restriction: || (&& (< net45) (>= netstandard1.3) (< netstandard2.0)) (&& (< net45) (>= netstandard2.0)) (>= netcoreapp2.2)
      System.Reflection.Extensions (>= 4.3) - restriction: || (&& (< net45) (>= netstandard1.3) (< netstandard2.0)) (&& (< net45) (>= netstandard2.0)) (>= netcoreapp2.2)
      System.Reflection.TypeExtensions (>= 4.3) - restriction: || (&& (< net45) (>= netstandard1.3) (< netstandard2.0)) (&& (< net45) (>= netstandard2.0)) (>= netcoreapp2.2)
      System.Runtime.Extensions (>= 4.3) - restriction: || (&& (< net45) (>= netstandard1.3) (< netstandard2.0)) (&& (< net45) (>= netstandard2.0)) (>= netcoreapp2.2)
      System.Runtime.InteropServices (>= 4.3) - restriction: || (&& (< net45) (>= netstandard1.3) (< netstandard2.0)) (&& (< net45) (>= netstandard2.0)) (>= netcoreapp2.2)
      System.Runtime.InteropServices.RuntimeInformation (>= 4.3) - restriction: || (&& (< net45) (>= netstandard1.3) (< netstandard2.0)) (&& (< net45) (>= netstandard2.0)) (>= netcoreapp2.2)
    SharpZipLib (1.1)
    System.Buffers (4.5) - restriction: || (>= monoandroid) (>= monotouch) (&& (< net45) (>= netstandard1.3) (< win8) (< wpa81)) (>= netstandard2.0) (>= xamarintvos) (>= xamarinwatchos)
      System.Diagnostics.Debug (>= 4.3) - restriction: && (< net45) (>= netstandard1.1) (< netstandard2.0) (< win8) (< wpa81)
      System.Diagnostics.Tracing (>= 4.3) - restriction: && (< net45) (>= netstandard1.1) (< netstandard2.0) (< win8) (< wpa81)
      System.Resources.ResourceManager (>= 4.3) - restriction: && (< net45) (>= netstandard1.1) (< netstandard2.0) (< win8) (< wpa81)
      System.Runtime (>= 4.3) - restriction: && (< net45) (>= netstandard1.1) (< netstandard2.0) (< win8) (< wpa81)
      System.Threading (>= 4.3) - restriction: && (< net45) (>= netstandard1.1) (< netstandard2.0) (< win8) (< wpa81)
    System.CodeDom (4.6)
    System.Collections (4.3) - restriction: || (&& (>= monoandroid) (>= netstandard1.3) (< netstandard2.0)) (&& (< monoandroid) (< net20) (< netcoreapp1.1) (>= netstandard1.6) (< netstandard2.0) (< win81) (< wpa81)) (&& (< monoandroid) (< net20) (>= netstandard1.3) (< netstandard2.0)) (&& (< monoandroid) (< net20) (< netstandard1.3) (>= netstandard1.5) (< win8) (< wpa81)) (&& (< monoandroid) (< net20) (< netstandard1.3) (>= netstandard1.6) (< win8) (< wpa81)) (&& (< monoandroid) (< net20) (>= netstandard1.4) (< netstandard2.0)) (&& (< monoandroid) (< net20) (>= netstandard1.5) (< netstandard1.6) (< win8) (< wpa81)) (&& (< monoandroid) (< net20) (>= netstandard1.6) (< netstandard2.0) (< win8) (< wpa81)) (&& (< monoandroid) (< net45) (>= netstandard1.0) (< netstandard2.0) (< win8) (< wp8) (< wpa81)) (&& (< monoandroid) (< net45) (>= netstandard1.3) (< win8) (< wpa81) (< xamarinios) (< xamarinmac)) (>= monotouch) (&& (< net35) (>= netstandard1.3) (< netstandard2.0)) (&& (< net45) (>= netstandard1.3) (< netstandard2.0)) (&& (< net45) (>= netstandard2.0)) (&& (< net46) (>= net461) (< netstandard2.0)) (&& (>= netcoreapp2.0) (< netstandard2.0)) (>= netcoreapp2.2) (&& (< netstandard2.0) (>= xamarinios)) (&& (< netstandard2.0) (>= xamarinmac)) (>= xamarintvos) (>= xamarinwatchos)
      Microsoft.NETCore.Platforms (>= 1.1) - restriction: || (&& (< monoandroid) (< monotouch) (< net45) (>= netstandard1.3) (< win8) (< wpa81) (< xamarinios) (< xamarinmac) (< xamarintvos) (< xamarinwatchos)) (&& (< monoandroid) (< net45) (>= netstandard1.0) (< netstandard1.3) (< win8) (< wp8) (< wpa81))
      Microsoft.NETCore.Targets (>= 1.1) - restriction: || (&& (< monoandroid) (< monotouch) (< net45) (>= netstandard1.3) (< win8) (< wpa81) (< xamarinios) (< xamarinmac) (< xamarintvos) (< xamarinwatchos)) (&& (< monoandroid) (< net45) (>= netstandard1.0) (< netstandard1.3) (< win8) (< wp8) (< wpa81))
      System.Runtime (>= 4.3) - restriction: || (&& (< monoandroid) (< monotouch) (< net45) (>= netstandard1.3) (< win8) (< wpa81) (< xamarinios) (< xamarinmac) (< xamarintvos) (< xamarinwatchos)) (&& (< monoandroid) (< net45) (>= netstandard1.0) (< netstandard1.3) (< win8) (< wp8) (< wpa81))
    System.Collections.Concurrent (4.3) - restriction: || (&& (< monoandroid) (< net45) (< netstandard1.3) (>= netstandard2.0) (< win8) (< wpa81)) (&& (< monoandroid) (< net45) (>= netstandard2.0) (< win8) (< wpa81) (< xamarinios) (< xamarinmac))
      System.Collections (>= 4.3) - restriction: && (< monoandroid) (< monotouch) (< net45) (>= netstandard1.3) (< win8) (< wpa81) (< xamarinios) (< xamarinmac) (< xamarintvos) (< xamarinwatchos)
      System.Diagnostics.Debug (>= 4.3) - restriction: && (< monoandroid) (< monotouch) (< net45) (>= netstandard1.3) (< win8) (< wpa81) (< xamarinios) (< xamarinmac) (< xamarintvos) (< xamarinwatchos)
      System.Diagnostics.Tracing (>= 4.3) - restriction: && (< monoandroid) (< monotouch) (< net45) (>= netstandard1.3) (< win8) (< wpa81) (< xamarinios) (< xamarinmac) (< xamarintvos) (< xamarinwatchos)
      System.Globalization (>= 4.3) - restriction: && (< monoandroid) (< monotouch) (< net45) (>= netstandard1.3) (< win8) (< wpa81) (< xamarinios) (< xamarinmac) (< xamarintvos) (< xamarinwatchos)
      System.Reflection (>= 4.3) - restriction: && (< monoandroid) (< monotouch) (< net45) (>= netstandard1.3) (< win8) (< wpa81) (< xamarinios) (< xamarinmac) (< xamarintvos) (< xamarinwatchos)
      System.Resources.ResourceManager (>= 4.3) - restriction: && (< monoandroid) (< monotouch) (< net45) (>= netstandard1.3) (< win8) (< wpa81) (< xamarinios) (< xamarinmac) (< xamarintvos) (< xamarinwatchos)
      System.Runtime (>= 4.3) - restriction: || (&& (< monoandroid) (< monotouch) (< net45) (>= netstandard1.3) (< win8) (< wpa81) (< xamarinios) (< xamarinmac) (< xamarintvos) (< xamarinwatchos)) (&& (< monoandroid) (< net45) (>= netstandard1.1) (< netstandard1.3) (< win8) (< wpa81))
      System.Runtime.Extensions (>= 4.3) - restriction: && (< monoandroid) (< monotouch) (< net45) (>= netstandard1.3) (< win8) (< wpa81) (< xamarinios) (< xamarinmac) (< xamarintvos) (< xamarinwatchos)
      System.Threading (>= 4.3) - restriction: && (< monoandroid) (< monotouch) (< net45) (>= netstandard1.3) (< win8) (< wpa81) (< xamarinios) (< xamarinmac) (< xamarintvos) (< xamarinwatchos)
      System.Threading.Tasks (>= 4.3) - restriction: || (&& (< monoandroid) (< monotouch) (< net45) (>= netstandard1.3) (< win8) (< wpa81) (< xamarinios) (< xamarinmac) (< xamarintvos) (< xamarinwatchos)) (&& (< monoandroid) (< net45) (>= netstandard1.1) (< netstandard1.3) (< win8) (< wpa81))
    System.Collections.Immutable (1.6) - restriction: >= netstandard2.0
      System.Memory (>= 4.5.3) - restriction: || (&& (< monoandroid) (< monotouch) (< net45) (>= netstandard1.3) (< netstandard2.0) (< win8) (< wpa81) (< xamarintvos) (< xamarinwatchos)) (&& (< net45) (< netcoreapp2.1) (>= netstandard2.0) (< xamarinios) (< xamarinmac)) (>= net46) (>= uap10.1)
    System.Collections.NonGeneric (4.3) - restriction: || (&& (< monoandroid) (< monotouch) (< net20) (>= netstandard1.5) (< netstandard2.0) (< win8) (< wpa81) (< xamarintvos) (< xamarinwatchos)) (&& (< monoandroid) (< net20) (< netstandard1.3) (>= netstandard1.5) (< win8) (< wpa81)) (&& (< net20) (>= net462) (< netstandard1.3)) (&& (< net20) (>= net462) (< netstandard2.0))
      System.Diagnostics.Debug (>= 4.3) - restriction: && (< monoandroid) (< monotouch) (< net46) (>= netstandard1.3) (< xamarinios) (< xamarinmac) (< xamarintvos) (< xamarinwatchos)
      System.Globalization (>= 4.3) - restriction: && (< monoandroid) (< monotouch) (< net46) (>= netstandard1.3) (< xamarinios) (< xamarinmac) (< xamarintvos) (< xamarinwatchos)
      System.Resources.ResourceManager (>= 4.3) - restriction: && (< monoandroid) (< monotouch) (< net46) (>= netstandard1.3) (< xamarinios) (< xamarinmac) (< xamarintvos) (< xamarinwatchos)
      System.Runtime (>= 4.3) - restriction: && (< monoandroid) (< monotouch) (< net46) (>= netstandard1.3) (< xamarinios) (< xamarinmac) (< xamarintvos) (< xamarinwatchos)
      System.Runtime.Extensions (>= 4.3) - restriction: && (< monoandroid) (< monotouch) (< net46) (>= netstandard1.3) (< xamarinios) (< xamarinmac) (< xamarintvos) (< xamarinwatchos)
      System.Threading (>= 4.3) - restriction: && (< monoandroid) (< monotouch) (< net46) (>= netstandard1.3) (< xamarinios) (< xamarinmac) (< xamarintvos) (< xamarinwatchos)
    System.Collections.Specialized (4.3) - restriction: || (&& (< monoandroid) (< monotouch) (< net20) (>= netstandard1.5) (< netstandard2.0) (< win8) (< wpa81) (< xamarintvos) (< xamarinwatchos)) (&& (< monoandroid) (< net20) (< netstandard1.3) (>= netstandard1.5) (< win8) (< wpa81))
      System.Collections.NonGeneric (>= 4.3) - restriction: && (< monoandroid) (< monotouch) (< net46) (>= netstandard1.3) (< xamarinios) (< xamarinmac) (< xamarintvos) (< xamarinwatchos)
      System.Globalization (>= 4.3) - restriction: && (< monoandroid) (< monotouch) (< net46) (>= netstandard1.3) (< xamarinios) (< xamarinmac) (< xamarintvos) (< xamarinwatchos)
      System.Globalization.Extensions (>= 4.3) - restriction: && (< monoandroid) (< monotouch) (< net46) (>= netstandard1.3) (< xamarinios) (< xamarinmac) (< xamarintvos) (< xamarinwatchos)
      System.Resources.ResourceManager (>= 4.3) - restriction: && (< monoandroid) (< monotouch) (< net46) (>= netstandard1.3) (< xamarinios) (< xamarinmac) (< xamarintvos) (< xamarinwatchos)
      System.Runtime (>= 4.3) - restriction: && (< monoandroid) (< monotouch) (< net46) (>= netstandard1.3) (< xamarinios) (< xamarinmac) (< xamarintvos) (< xamarinwatchos)
      System.Runtime.Extensions (>= 4.3) - restriction: && (< monoandroid) (< monotouch) (< net46) (>= netstandard1.3) (< xamarinios) (< xamarinmac) (< xamarintvos) (< xamarinwatchos)
      System.Threading (>= 4.3) - restriction: && (< monoandroid) (< monotouch) (< net46) (>= netstandard1.3) (< xamarinios) (< xamarinmac) (< xamarintvos) (< xamarinwatchos)
    System.ComponentModel (4.3) - restriction: || (&& (< monoandroid) (< monotouch) (< net45) (>= netstandard1.3) (< netstandard2.0) (< win8) (< wpa81) (< xamarintvos) (< xamarinwatchos)) (&& (< monoandroid) (< monotouch) (< net45) (>= netstandard1.4) (< netstandard2.0) (< uap10.1) (< xamarintvos) (< xamarinwatchos)) (&& (< monoandroid) (< net45) (>= netstandard1.1) (< netstandard1.3) (< win8) (< wpa81)) (&& (< monoandroid) (< net45) (>= netstandard1.3) (< netstandard1.4) (< win8)) (&& (< monoandroid) (< net45) (< netstandard1.3) (>= netstandard1.4)) (&& (< monoandroid) (< net45) (< netstandard1.4) (>= netstandard2.0) (< win8)) (&& (< monoandroid) (>= netstandard1.0) (< netstandard1.1) (< win8) (< wp8)) (&& (< netstandard1.4) (>= netstandard2.1)) (&& (< netstandard2.0) (>= netstandard2.1)) (&& (>= uap10.0) (< uap10.1))
    System.ComponentModel.Annotations (4.6) - restriction: || (&& (< net45) (>= netstandard1.1) (< netstandard1.3)) (&& (< net45) (>= netstandard1.3) (< netstandard2.0)) (&& (< net45) (>= netstandard2.0) (< netstandard2.1)) (&& (< net452) (>= netstandard2.0)) (&& (< netcoreapp3.0) (>= netstandard2.1))
      NETStandard.Library (>= 1.6.1) - restriction: || (&& (< monoandroid) (< monotouch) (< net45) (>= netstandard1.4) (< netstandard2.0) (< uap10.1) (< xamarintvos) (< xamarinwatchos)) (&& (< monoandroid) (< net45) (>= netstandard1.1) (< netstandard1.3) (< win8)) (&& (< monoandroid) (< net45) (>= netstandard1.3) (< netstandard1.4) (< win8))
      System.ComponentModel (>= 4.3) - restriction: || (&& (< monoandroid) (< monotouch) (< net45) (>= netstandard1.4) (< netstandard2.0) (< uap10.1) (< xamarintvos) (< xamarinwatchos)) (&& (< monoandroid) (< net45) (>= netstandard1.3) (< netstandard1.4) (< win8))
    System.ComponentModel.Primitives (4.3) - restriction: || (&& (< monoandroid) (< monotouch) (< net20) (>= netstandard1.5) (< netstandard2.0) (< win8) (< xamarintvos) (< xamarinwatchos)) (&& (< monoandroid) (< net20) (>= netstandard1.0) (< netstandard1.3) (< win8)) (&& (< monoandroid) (< net20) (>= netstandard1.3) (< netstandard1.5) (< win8)) (&& (< monoandroid) (< net20) (< netstandard1.3) (>= netstandard1.5) (< win8)) (&& (< net20) (>= net45) (>= netstandard1.3) (< netstandard1.5)) (&& (< net20) (>= net45) (< netstandard1.3)) (&& (< net20) (>= net462) (< netstandard1.3)) (&& (< net20) (>= net462) (< netstandard2.0)) (&& (< net45) (>= netstandard1.1) (< netstandard1.3)) (&& (< net45) (>= netstandard1.3) (< netstandard2.0)) (&& (>= netstandard1.0) (< netstandard1.1)) (&& (< netstandard1.0) (>= netstandard1.3) (>= win8)) (&& (>= netstandard1.3) (< netstandard2.0) (>= wpa81)) (&& (< netstandard1.3) (>= wpa81)) (>= wp8)
      System.ComponentModel (>= 4.3) - restriction: && (< monoandroid) (< monotouch) (< net45) (>= netstandard1.0) (< win8) (< wp8) (< wpa81) (< xamarinios) (< xamarinmac) (< xamarintvos) (< xamarinwatchos)
      System.Resources.ResourceManager (>= 4.3) - restriction: && (< monoandroid) (< monotouch) (< net45) (>= netstandard1.0) (< win8) (< wp8) (< wpa81) (< xamarinios) (< xamarinmac) (< xamarintvos) (< xamarinwatchos)
      System.Runtime (>= 4.3) - restriction: && (< monoandroid) (< monotouch) (< net45) (>= netstandard1.0) (< win8) (< wp8) (< wpa81) (< xamarinios) (< xamarinmac) (< xamarintvos) (< xamarinwatchos)
    System.ComponentModel.TypeConverter (4.3) - restriction: || (&& (< net20) (>= netstandard1.0) (< netstandard1.3)) (&& (< net20) (>= netstandard1.3) (< netstandard2.0))
      System.Collections (>= 4.3) - restriction: || (&& (< monoandroid) (< monotouch) (< net45) (>= netstandard1.5) (< win8) (< wpa81) (< xamarinios) (< xamarinmac) (< xamarintvos) (< xamarinwatchos)) (&& (< monoandroid) (< net45) (>= netstandard1.0) (< netstandard1.5) (< win8) (< wp8) (< wpa81))
      System.Collections.NonGeneric (>= 4.3) - restriction: || (&& (< monoandroid) (< monotouch) (< net45) (>= netstandard1.5) (< win8) (< wpa81) (< xamarinios) (< xamarinmac) (< xamarintvos) (< xamarinwatchos)) (>= net462)
      System.Collections.Specialized (>= 4.3) - restriction: && (< monoandroid) (< monotouch) (< net45) (>= netstandard1.5) (< win8) (< wpa81) (< xamarinios) (< xamarinmac) (< xamarintvos) (< xamarinwatchos)
      System.ComponentModel (>= 4.3) - restriction: || (&& (< monoandroid) (< monotouch) (< net45) (>= netstandard1.5) (< win8) (< wpa81) (< xamarinios) (< xamarinmac) (< xamarintvos) (< xamarinwatchos)) (&& (< monoandroid) (< net45) (>= netstandard1.0) (< netstandard1.5) (< win8) (< wp8) (< wpa81))
      System.ComponentModel.Primitives (>= 4.3) - restriction: || (&& (< monoandroid) (< monotouch) (< net45) (>= netstandard1.5) (< win8) (< xamarinios) (< xamarinmac) (< xamarintvos) (< xamarinwatchos)) (&& (< monoandroid) (< net45) (>= netstandard1.0) (< netstandard1.5) (< win8)) (&& (>= net45) (< netstandard1.5)) (>= net462) (&& (< netstandard1.0) (>= win8)) (>= wp8) (>= wpa81)
      System.Globalization (>= 4.3) - restriction: || (&& (< monoandroid) (< monotouch) (< net45) (>= netstandard1.5) (< win8) (< wpa81) (< xamarinios) (< xamarinmac) (< xamarintvos) (< xamarinwatchos)) (&& (< monoandroid) (< net45) (>= netstandard1.0) (< netstandard1.5) (< win8) (< wp8) (< wpa81))
      System.Linq (>= 4.3) - restriction: && (< monoandroid) (< monotouch) (< net45) (>= netstandard1.5) (< win8) (< wpa81) (< xamarinios) (< xamarinmac) (< xamarintvos) (< xamarinwatchos)
      System.Reflection (>= 4.3) - restriction: || (&& (< monoandroid) (< monotouch) (< net45) (>= netstandard1.5) (< win8) (< wpa81) (< xamarinios) (< xamarinmac) (< xamarintvos) (< xamarinwatchos)) (&& (< monoandroid) (< net45) (>= netstandard1.0) (< netstandard1.5) (< win8) (< wp8) (< wpa81))
      System.Reflection.Extensions (>= 4.3) - restriction: || (&& (< monoandroid) (< monotouch) (< net45) (>= netstandard1.5) (< win8) (< wpa81) (< xamarinios) (< xamarinmac) (< xamarintvos) (< xamarinwatchos)) (&& (< monoandroid) (< net45) (>= netstandard1.0) (< netstandard1.5) (< win8) (< wp8) (< wpa81))
      System.Reflection.Primitives (>= 4.3) - restriction: || (&& (< monoandroid) (< monotouch) (< net45) (>= netstandard1.5) (< win8) (< wpa81) (< xamarinios) (< xamarinmac) (< xamarintvos) (< xamarinwatchos)) (&& (< monoandroid) (< net45) (>= netstandard1.0) (< netstandard1.5) (< win8) (< wp8) (< wpa81))
      System.Reflection.TypeExtensions (>= 4.3) - restriction: && (< monoandroid) (< monotouch) (< net45) (>= netstandard1.5) (< win8) (< wpa81) (< xamarinios) (< xamarinmac) (< xamarintvos) (< xamarinwatchos)
      System.Resources.ResourceManager (>= 4.3) - restriction: || (&& (< monoandroid) (< monotouch) (< net45) (>= netstandard1.5) (< win8) (< wpa81) (< xamarinios) (< xamarinmac) (< xamarintvos) (< xamarinwatchos)) (&& (< monoandroid) (< net45) (>= netstandard1.0) (< netstandard1.5) (< win8) (< wp8) (< wpa81))
      System.Runtime (>= 4.3) - restriction: || (&& (< monoandroid) (< monotouch) (< net45) (>= netstandard1.5) (< win8) (< wpa81) (< xamarinios) (< xamarinmac) (< xamarintvos) (< xamarinwatchos)) (&& (< monoandroid) (< net45) (>= netstandard1.0) (< netstandard1.5) (< win8) (< wp8) (< wpa81))
      System.Runtime.Extensions (>= 4.3) - restriction: || (&& (< monoandroid) (< monotouch) (< net45) (>= netstandard1.5) (< win8) (< wpa81) (< xamarinios) (< xamarinmac) (< xamarintvos) (< xamarinwatchos)) (&& (< monoandroid) (< net45) (>= netstandard1.0) (< netstandard1.5) (< win8) (< wp8) (< wpa81))
      System.Threading (>= 4.3) - restriction: || (&& (< monoandroid) (< monotouch) (< net45) (>= netstandard1.5) (< win8) (< wpa81) (< xamarinios) (< xamarinmac) (< xamarintvos) (< xamarinwatchos)) (&& (< monoandroid) (< net45) (>= netstandard1.0) (< netstandard1.5) (< win8) (< wp8) (< wpa81))
    System.Configuration.ConfigurationManager (4.6)
      System.Security.Cryptography.ProtectedData (>= 4.6) - restriction: && (< net461) (>= netstandard2.0) (< xamarinios) (< xamarinmac)
      System.Security.Permissions (>= 4.6) - restriction: || (>= monoandroid) (>= monotouch) (>= net461) (>= netstandard2.0) (>= xamarintvos) (>= xamarinwatchos)
    System.Data.Common (4.3) - restriction: || (&& (< net20) (>= netstandard1.3) (< netstandard2.0)) (&& (< net452) (>= netstandard2.0))
      System.Collections (>= 4.3) - restriction: && (< monoandroid) (< monotouch) (< net451) (>= netstandard1.2) (< win81) (< wpa81) (< xamarinios) (< xamarinmac) (< xamarintvos) (< xamarinwatchos)
      System.Globalization (>= 4.3) - restriction: && (< monoandroid) (< monotouch) (< net451) (>= netstandard1.2) (< win81) (< wpa81) (< xamarinios) (< xamarinmac) (< xamarintvos) (< xamarinwatchos)
      System.IO (>= 4.3) - restriction: && (< monoandroid) (< monotouch) (< net451) (>= netstandard1.2) (< win81) (< wpa81) (< xamarinios) (< xamarinmac) (< xamarintvos) (< xamarinwatchos)
      System.Resources.ResourceManager (>= 4.3) - restriction: && (< monoandroid) (< monotouch) (< net451) (>= netstandard1.2) (< win81) (< wpa81) (< xamarinios) (< xamarinmac) (< xamarintvos) (< xamarinwatchos)
      System.Runtime (>= 4.3) - restriction: && (< monoandroid) (< monotouch) (< net451) (>= netstandard1.2) (< win81) (< wpa81) (< xamarinios) (< xamarinmac) (< xamarintvos) (< xamarinwatchos)
      System.Runtime.Extensions (>= 4.3) - restriction: && (< monoandroid) (< monotouch) (< net451) (>= netstandard1.2) (< win81) (< wpa81) (< xamarinios) (< xamarinmac) (< xamarintvos) (< xamarinwatchos)
      System.Text.RegularExpressions (>= 4.3) - restriction: && (< monoandroid) (< monotouch) (< net451) (>= netstandard1.2) (< win81) (< wpa81) (< xamarinios) (< xamarinmac) (< xamarintvos) (< xamarinwatchos)
      System.Threading.Tasks (>= 4.3) - restriction: && (< monoandroid) (< monotouch) (< net451) (>= netstandard1.2) (< win81) (< wpa81) (< xamarinios) (< xamarinmac) (< xamarintvos) (< xamarinwatchos)
    System.Data.SqlClient (4.7) - restriction: && (< net452) (>= netstandard2.0)
      Microsoft.Win32.Registry (>= 4.6) - restriction: || (&& (< net451) (>= netstandard2.0) (< xamarinios) (< xamarinmac)) (>= netcoreapp2.0)
      runtime.native.System.Data.SqlClient.sni (>= 4.6) - restriction: || (&& (< monoandroid) (< monotouch) (< net451) (>= netstandard1.3) (< netstandard2.0) (< win81) (< wpa81) (< xamarintvos) (< xamarinwatchos)) (&& (< net451) (>= netstandard2.0) (< xamarinios) (< xamarinmac)) (>= netcoreapp2.0)
      System.Buffers (>= 4.5) - restriction: && (< net451) (< netcoreapp2.0) (>= netstandard2.0) (< xamarinios) (< xamarinmac)
      System.Diagnostics.DiagnosticSource (>= 4.6) - restriction: || (&& (< monoandroid) (< monotouch) (< net451) (>= netstandard1.3) (< netstandard2.0) (< win81) (< wpa81) (< xamarintvos) (< xamarinwatchos)) (&& (< net451) (< netcoreapp2.0) (>= netstandard2.0) (< xamarinios) (< xamarinmac)) (&& (>= netcoreapp2.0) (< netcoreapp2.1)) (&& (>= netcoreapp2.1) (< netcoreapp3.0)) (>= uap10.1)
      System.Memory (>= 4.5.3) - restriction: || (&& (< net451) (< netcoreapp2.0) (>= netstandard2.0) (< xamarinios) (< xamarinmac)) (&& (>= netcoreapp2.0) (< netcoreapp2.1)) (>= uap10.1)
      System.Security.Principal.Windows (>= 4.6) - restriction: || (&& (< monoandroid) (< monotouch) (< net451) (>= netstandard1.3) (< netstandard2.0) (< win81) (< wpa81) (< xamarintvos) (< xamarinwatchos)) (&& (< net451) (>= netstandard2.0) (< xamarinios) (< xamarinmac)) (>= netcoreapp2.0)
      System.Text.Encoding.CodePages (>= 4.6) - restriction: || (&& (< monoandroid) (< monotouch) (< net451) (>= netstandard1.3) (< netstandard2.0) (< win81) (< wpa81) (< xamarintvos) (< xamarinwatchos)) (&& (< net451) (< netcoreapp2.0) (>= netstandard2.0) (< xamarinios) (< xamarinmac)) (&& (>= netcoreapp2.0) (< netcoreapp2.1)) (&& (>= netcoreapp2.1) (< netcoreapp3.0)) (>= uap10.1)
    System.Diagnostics.Debug (4.3) - restriction: || (&& (>= monoandroid) (>= netstandard1.3) (< netstandard2.0)) (&& (< monoandroid) (< net20) (>= netstandard1.3) (< netstandard2.0)) (&& (< monoandroid) (< net20) (< netstandard1.3) (>= netstandard1.5) (< win8) (< wpa81)) (&& (< monoandroid) (< net20) (< netstandard1.3) (>= netstandard1.6) (< win8) (< wpa81)) (&& (< monoandroid) (< net20) (>= netstandard1.5) (< netstandard2.0) (< win8) (< wpa81)) (&& (< monoandroid) (< net20) (>= netstandard1.6) (< netstandard2.0) (< win8) (< wpa81)) (&& (< monoandroid) (< net45) (>= netstandard1.3) (< win8) (< wpa81) (< xamarinios) (< xamarinmac)) (&& (< monoandroid) (< net45) (>= netstandard2.0) (< win8) (< wpa81) (< xamarinios) (< xamarinmac)) (>= monotouch) (&& (< net20) (>= net462) (< netstandard1.3)) (&& (< net20) (>= net462) (< netstandard2.0)) (&& (< net35) (>= netstandard1.3) (< netstandard2.0)) (&& (< net46) (>= net461) (< netstandard2.0)) (&& (>= netcoreapp2.0) (< netstandard2.0)) (&& (< netstandard2.0) (>= xamarinios)) (&& (< netstandard2.0) (>= xamarinmac)) (>= xamarintvos) (>= xamarinwatchos)
      Microsoft.NETCore.Platforms (>= 1.1) - restriction: || (&& (< monoandroid) (< monotouch) (< net45) (>= netstandard1.3) (< win8) (< wpa81) (< xamarinios) (< xamarinmac) (< xamarintvos) (< xamarinwatchos)) (&& (< monoandroid) (< net45) (>= netstandard1.0) (< netstandard1.3) (< win8) (< wp8) (< wpa81))
      Microsoft.NETCore.Targets (>= 1.1) - restriction: || (&& (< monoandroid) (< monotouch) (< net45) (>= netstandard1.3) (< win8) (< wpa81) (< xamarinios) (< xamarinmac) (< xamarintvos) (< xamarinwatchos)) (&& (< monoandroid) (< net45) (>= netstandard1.0) (< netstandard1.3) (< win8) (< wp8) (< wpa81))
      System.Runtime (>= 4.3) - restriction: || (&& (< monoandroid) (< monotouch) (< net45) (>= netstandard1.3) (< win8) (< wpa81) (< xamarinios) (< xamarinmac) (< xamarintvos) (< xamarinwatchos)) (&& (< monoandroid) (< net45) (>= netstandard1.0) (< netstandard1.3) (< win8) (< wp8) (< wpa81))
    System.Diagnostics.DiagnosticSource (4.6) - restriction: || (&& (< net451) (< netcoreapp2.0) (>= netstandard2.0) (< xamarinios) (< xamarinmac)) (&& (>= netcoreapp2.0) (< netcoreapp2.1)) (&& (>= netcoreapp2.1) (< netcoreapp3.0)) (&& (>= netstandard2.0) (>= uap10.1))
      System.Memory (>= 4.5.3) - restriction: || (&& (< monoandroid) (< monotouch) (< net45) (>= netstandard1.3) (< netstandard2.0) (< win8) (< wpa81) (< xamarintvos) (< xamarinwatchos)) (&& (>= net45) (< netstandard1.3)) (&& (< net45) (< netcoreapp2.1) (>= netstandard2.0) (< xamarinios) (< xamarinmac)) (>= net46) (>= uap10.1)
    System.Diagnostics.EventLog (4.7) - restriction: || (&& (>= monoandroid) (>= netstandard2.0)) (&& (>= monotouch) (>= netstandard2.0)) (&& (< net452) (>= netstandard2.0)) (&& (>= netstandard2.0) (>= uap10.1)) (&& (>= netstandard2.0) (>= xamarintvos)) (&& (>= netstandard2.0) (>= xamarinwatchos))
      Microsoft.NETCore.Platforms (>= 3.1) - restriction: >= netcoreapp2.0
      Microsoft.Win32.Registry (>= 4.7) - restriction: >= netcoreapp2.0
      System.Security.Principal.Windows (>= 4.7) - restriction: || (>= net461) (>= netstandard2.0)
    System.Diagnostics.Tools (4.3) - restriction: && (< monoandroid) (< monotouch) (< net45) (>= netstandard1.3) (< win8) (< wpa81) (< xamarinios) (< xamarinmac) (< xamarintvos) (< xamarinwatchos)
      Microsoft.NETCore.Platforms (>= 1.1) - restriction: && (< monoandroid) (< monotouch) (< net45) (>= netstandard1.0) (< win8) (< wp8) (< wpa81) (< xamarinios) (< xamarinmac) (< xamarintvos) (< xamarinwatchos)
      Microsoft.NETCore.Targets (>= 1.1) - restriction: && (< monoandroid) (< monotouch) (< net45) (>= netstandard1.0) (< win8) (< wp8) (< wpa81) (< xamarinios) (< xamarinmac) (< xamarintvos) (< xamarinwatchos)
      System.Runtime (>= 4.3) - restriction: && (< monoandroid) (< monotouch) (< net45) (>= netstandard1.0) (< win8) (< wp8) (< wpa81) (< xamarinios) (< xamarinmac) (< xamarintvos) (< xamarinwatchos)
    System.Diagnostics.Tracing (4.3) - restriction: || (&& (>= monoandroid) (>= netstandard1.1) (< netstandard2.0)) (&& (< monoandroid) (< net45) (>= netstandard2.0) (< win8) (< wpa81) (< xamarinios) (< xamarinmac)) (>= monotouch) (&& (< netstandard2.0) (>= xamarinios)) (&& (< netstandard2.0) (>= xamarinmac)) (>= xamarintvos) (>= xamarinwatchos)
    System.Drawing.Common (4.6)
      Microsoft.NETCore.Platforms (>= 3.0) - restriction: >= netcoreapp2.0
      Microsoft.Win32.SystemEvents (>= 4.6) - restriction: >= netcoreapp2.0
    System.Dynamic.Runtime (4.3) - restriction: || (&& (< monoandroid) (< monotouch) (< net20) (>= netstandard1.3) (< netstandard2.0) (< win8) (< wpa81) (< xamarintvos) (< xamarinwatchos)) (&& (< monoandroid) (< net20) (>= netstandard1.0) (< netstandard1.3) (< win8) (< wp8) (< wpa81)) (&& (>= uap10.0) (< uap10.1))
    System.Globalization (4.3) - restriction: || (&& (< monoandroid) (< monotouch) (< net20) (< netcoreapp1.1) (>= netstandard1.6) (< netstandard2.0) (< win81) (< wpa81) (< xamarintvos) (< xamarinwatchos)) (&& (< monoandroid) (< monotouch) (< net20) (>= netstandard1.3) (< netstandard2.0) (< xamarintvos) (< xamarinwatchos)) (&& (< monoandroid) (< monotouch) (< net20) (>= netstandard1.5) (< netstandard2.0) (< win8) (< wpa81) (< xamarintvos) (< xamarinwatchos)) (&& (< monoandroid) (< monotouch) (< net45) (>= netstandard1.3) (< win8) (< wpa81) (< xamarinios) (< xamarinmac) (< xamarintvos) (< xamarinwatchos)) (&& (< monoandroid) (< net20) (>= netstandard1.0) (< netstandard1.3) (< win8) (< wp8) (< wpa81)) (&& (< monoandroid) (< net20) (>= netstandard1.3) (< netstandard1.5) (< win8) (< wpa81)) (&& (< monoandroid) (< net20) (< netstandard1.3) (>= netstandard1.5) (< win8) (< wpa81)) (&& (< monoandroid) (< net45) (< netstandard1.3) (>= netstandard2.0) (< win8) (< wpa81)) (&& (< monoandroid) (< net45) (>= netstandard2.0) (< win8) (< wpa81) (< xamarinios) (< xamarinmac)) (&& (< net20) (>= net462) (< netstandard1.3)) (&& (< net20) (>= net462) (< netstandard2.0)) (&& (< net35) (>= netstandard1.3) (< netstandard2.0))
      Microsoft.NETCore.Platforms (>= 1.1) - restriction: || (&& (< monoandroid) (< monotouch) (< net45) (>= netstandard1.3) (< win8) (< wpa81) (< xamarinios) (< xamarinmac) (< xamarintvos) (< xamarinwatchos)) (&& (< monoandroid) (< net45) (>= netstandard1.0) (< netstandard1.3) (< win8) (< wp8) (< wpa81))
      Microsoft.NETCore.Targets (>= 1.1) - restriction: || (&& (< monoandroid) (< monotouch) (< net45) (>= netstandard1.3) (< win8) (< wpa81) (< xamarinios) (< xamarinmac) (< xamarintvos) (< xamarinwatchos)) (&& (< monoandroid) (< net45) (>= netstandard1.0) (< netstandard1.3) (< win8) (< wp8) (< wpa81))
      System.Runtime (>= 4.3) - restriction: || (&& (< monoandroid) (< monotouch) (< net45) (>= netstandard1.3) (< win8) (< wpa81) (< xamarinios) (< xamarinmac) (< xamarintvos) (< xamarinwatchos)) (&& (< monoandroid) (< net45) (>= netstandard1.0) (< netstandard1.3) (< win8) (< wp8) (< wpa81))
    System.Globalization.Extensions (4.3) - restriction: || (&& (< monoandroid) (< monotouch) (< net20) (>= netstandard1.5) (< netstandard2.0) (< win8) (< wpa81) (< xamarintvos) (< xamarinwatchos)) (&& (< monoandroid) (< net20) (< netstandard1.3) (>= netstandard1.5) (< win8) (< wpa81))
      Microsoft.NETCore.Platforms (>= 1.1) - restriction: && (< monoandroid) (< monotouch) (< net46) (>= netstandard1.3) (< xamarinios) (< xamarinmac) (< xamarintvos) (< xamarinwatchos)
      System.Globalization (>= 4.3) - restriction: && (< monoandroid) (< monotouch) (< net46) (>= netstandard1.3) (< xamarinios) (< xamarinmac) (< xamarintvos) (< xamarinwatchos)
      System.Resources.ResourceManager (>= 4.3) - restriction: && (< monoandroid) (< monotouch) (< net46) (>= netstandard1.3) (< xamarinios) (< xamarinmac) (< xamarintvos) (< xamarinwatchos)
      System.Runtime (>= 4.3) - restriction: && (< monoandroid) (< monotouch) (< net46) (>= netstandard1.3) (< xamarinios) (< xamarinmac) (< xamarintvos) (< xamarinwatchos)
      System.Runtime.Extensions (>= 4.3) - restriction: && (< monoandroid) (< monotouch) (< net46) (>= netstandard1.3) (< xamarinios) (< xamarinmac) (< xamarintvos) (< xamarinwatchos)
      System.Runtime.InteropServices (>= 4.3) - restriction: && (< monoandroid) (< monotouch) (< net46) (>= netstandard1.3) (< xamarinios) (< xamarinmac) (< xamarintvos) (< xamarinwatchos)
    System.Interactive (4.0)
      NETStandard.Library (>= 1.6.1) - restriction: && (< net45) (>= netstandard1.0) (< netstandard2.0)
    System.Interactive.Async (4.0)
      System.Linq.Async (>= 4.0) - restriction: || (>= net461) (>= netstandard2.0)
    System.IO (4.3) - restriction: || (&& (< monoandroid) (< monotouch) (< net20) (>= netstandard1.3) (< netstandard2.0) (< xamarintvos) (< xamarinwatchos)) (&& (< monoandroid) (< monotouch) (< net45) (>= netstandard1.1) (< netstandard2.0) (< win8) (< wpa81) (< xamarintvos) (< xamarinwatchos)) (&& (< monoandroid) (< monotouch) (< net45) (>= netstandard1.3) (< win8) (< wpa81) (< xamarinios) (< xamarinmac) (< xamarintvos) (< xamarinwatchos)) (&& (< monoandroid) (< net45) (>= netstandard1.0) (< netstandard1.3) (< win8) (< wp8) (< wpa81)) (&& (< monoandroid) (< net45) (>= netstandard1.1) (< netstandard1.3) (< win8) (< wpa81)) (&& (< net35) (>= netstandard1.3) (< netstandard2.0))
      Microsoft.NETCore.Platforms (>= 1.1) - restriction: || (&& (< monoandroid) (< monotouch) (< net45) (>= netstandard1.5) (< win8) (< wpa81) (< xamarinios) (< xamarinmac) (< xamarintvos) (< xamarinwatchos)) (&& (< monoandroid) (< net45) (>= netstandard1.0) (< netstandard1.3) (< win8) (< wp8) (< wpa81)) (&& (< monoandroid) (< net45) (>= netstandard1.3) (< netstandard1.5) (< win8) (< wpa81))
      Microsoft.NETCore.Targets (>= 1.1) - restriction: || (&& (< monoandroid) (< monotouch) (< net45) (>= netstandard1.5) (< win8) (< wpa81) (< xamarinios) (< xamarinmac) (< xamarintvos) (< xamarinwatchos)) (&& (< monoandroid) (< net45) (>= netstandard1.0) (< netstandard1.3) (< win8) (< wp8) (< wpa81)) (&& (< monoandroid) (< net45) (>= netstandard1.3) (< netstandard1.5) (< win8) (< wpa81))
      System.Runtime (>= 4.3) - restriction: || (&& (< monoandroid) (< monotouch) (< net45) (>= netstandard1.5) (< win8) (< wpa81) (< xamarinios) (< xamarinmac) (< xamarintvos) (< xamarinwatchos)) (&& (< monoandroid) (< net45) (>= netstandard1.0) (< netstandard1.3) (< win8) (< wp8) (< wpa81)) (&& (< monoandroid) (< net45) (>= netstandard1.3) (< netstandard1.5) (< win8) (< wpa81))
      System.Text.Encoding (>= 4.3) - restriction: || (&& (< monoandroid) (< monotouch) (< net45) (>= netstandard1.5) (< win8) (< wpa81) (< xamarinios) (< xamarinmac) (< xamarintvos) (< xamarinwatchos)) (&& (< monoandroid) (< net45) (>= netstandard1.0) (< netstandard1.3) (< win8) (< wp8) (< wpa81)) (&& (< monoandroid) (< net45) (>= netstandard1.3) (< netstandard1.5) (< win8) (< wpa81))
      System.Threading.Tasks (>= 4.3) - restriction: || (&& (< monoandroid) (< monotouch) (< net45) (>= netstandard1.5) (< win8) (< wpa81) (< xamarinios) (< xamarinmac) (< xamarintvos) (< xamarinwatchos)) (&& (< monoandroid) (< net45) (>= netstandard1.0) (< netstandard1.3) (< win8) (< wp8) (< wpa81)) (&& (< monoandroid) (< net45) (>= netstandard1.3) (< netstandard1.5) (< win8) (< wpa81))
    System.IO.Compression (4.3)
      Microsoft.NETCore.Platforms (>= 1.1) - restriction: && (< monoandroid) (< monotouch) (< net45) (>= netstandard1.3) (< win8) (< wpa81) (< xamarinios) (< xamarinmac) (< xamarintvos) (< xamarinwatchos)
      runtime.native.System (>= 4.3) - restriction: && (< monoandroid) (< monotouch) (< net45) (>= netstandard1.3) (< win8) (< wpa81) (< xamarinios) (< xamarinmac) (< xamarintvos) (< xamarinwatchos)
      runtime.native.System.IO.Compression (>= 4.3) - restriction: && (< monoandroid) (< monotouch) (< net45) (>= netstandard1.3) (< win8) (< wpa81) (< xamarinios) (< xamarinmac) (< xamarintvos) (< xamarinwatchos)
      System.Buffers (>= 4.3) - restriction: && (< monoandroid) (< monotouch) (< net45) (>= netstandard1.3) (< win8) (< wpa81) (< xamarinios) (< xamarinmac) (< xamarintvos) (< xamarinwatchos)
      System.Collections (>= 4.3) - restriction: && (< monoandroid) (< monotouch) (< net45) (>= netstandard1.3) (< win8) (< wpa81) (< xamarinios) (< xamarinmac) (< xamarintvos) (< xamarinwatchos)
      System.Diagnostics.Debug (>= 4.3) - restriction: && (< monoandroid) (< monotouch) (< net45) (>= netstandard1.3) (< win8) (< wpa81) (< xamarinios) (< xamarinmac) (< xamarintvos) (< xamarinwatchos)
      System.IO (>= 4.3) - restriction: || (&& (< monoandroid) (< monotouch) (< net45) (>= netstandard1.3) (< win8) (< wpa81) (< xamarinios) (< xamarinmac) (< xamarintvos) (< xamarinwatchos)) (&& (< monoandroid) (< net45) (>= netstandard1.1) (< netstandard1.3) (< win8) (< wpa81))
      System.Resources.ResourceManager (>= 4.3) - restriction: && (< monoandroid) (< monotouch) (< net45) (>= netstandard1.3) (< win8) (< wpa81) (< xamarinios) (< xamarinmac) (< xamarintvos) (< xamarinwatchos)
      System.Runtime (>= 4.3) - restriction: || (&& (< monoandroid) (< monotouch) (< net45) (>= netstandard1.3) (< win8) (< wpa81) (< xamarinios) (< xamarinmac) (< xamarintvos) (< xamarinwatchos)) (&& (< monoandroid) (< net45) (>= netstandard1.1) (< netstandard1.3) (< win8) (< wpa81))
      System.Runtime.Extensions (>= 4.3) - restriction: && (< monoandroid) (< monotouch) (< net45) (>= netstandard1.3) (< win8) (< wpa81) (< xamarinios) (< xamarinmac) (< xamarintvos) (< xamarinwatchos)
      System.Runtime.Handles (>= 4.3) - restriction: && (< monoandroid) (< monotouch) (< net45) (>= netstandard1.3) (< win8) (< wpa81) (< xamarinios) (< xamarinmac) (< xamarintvos) (< xamarinwatchos)
      System.Runtime.InteropServices (>= 4.3) - restriction: && (< monoandroid) (< monotouch) (< net45) (>= netstandard1.3) (< win8) (< wpa81) (< xamarinios) (< xamarinmac) (< xamarintvos) (< xamarinwatchos)
      System.Text.Encoding (>= 4.3) - restriction: || (&& (< monoandroid) (< monotouch) (< net45) (>= netstandard1.3) (< win8) (< wpa81) (< xamarinios) (< xamarinmac) (< xamarintvos) (< xamarinwatchos)) (&& (< monoandroid) (< net45) (>= netstandard1.1) (< netstandard1.3) (< win8) (< wpa81))
      System.Threading (>= 4.3) - restriction: && (< monoandroid) (< monotouch) (< net45) (>= netstandard1.3) (< win8) (< wpa81) (< xamarinios) (< xamarinmac) (< xamarintvos) (< xamarinwatchos)
      System.Threading.Tasks (>= 4.3) - restriction: && (< monoandroid) (< monotouch) (< net45) (>= netstandard1.3) (< win8) (< wpa81) (< xamarinios) (< xamarinmac) (< xamarintvos) (< xamarinwatchos)
    System.IO.FileSystem (4.3) - restriction: || (&& (< monoandroid) (< monotouch) (< net45) (>= netstandard1.3) (< win8) (< wpa81) (< xamarinios) (< xamarinmac) (< xamarintvos) (< xamarinwatchos)) (&& (< net35) (>= netstandard1.3) (< netstandard2.0))
      Microsoft.NETCore.Platforms (>= 1.1) - restriction: && (< monoandroid) (< monotouch) (< net46) (>= netstandard1.3) (< xamarinios) (< xamarinmac) (< xamarintvos) (< xamarinwatchos)
      Microsoft.NETCore.Targets (>= 1.1) - restriction: && (< monoandroid) (< monotouch) (< net46) (>= netstandard1.3) (< xamarinios) (< xamarinmac) (< xamarintvos) (< xamarinwatchos)
      System.IO (>= 4.3) - restriction: && (< monoandroid) (< monotouch) (< net46) (>= netstandard1.3) (< xamarinios) (< xamarinmac) (< xamarintvos) (< xamarinwatchos)
      System.IO.FileSystem.Primitives (>= 4.3) - restriction: || (&& (< monoandroid) (< monotouch) (>= netstandard1.3) (< xamarinios) (< xamarinmac) (< xamarintvos) (< xamarinwatchos)) (>= net46)
      System.Runtime (>= 4.3) - restriction: && (< monoandroid) (< monotouch) (< net46) (>= netstandard1.3) (< xamarinios) (< xamarinmac) (< xamarintvos) (< xamarinwatchos)
      System.Runtime.Handles (>= 4.3) - restriction: && (< monoandroid) (< monotouch) (< net46) (>= netstandard1.3) (< xamarinios) (< xamarinmac) (< xamarintvos) (< xamarinwatchos)
      System.Text.Encoding (>= 4.3) - restriction: && (< monoandroid) (< monotouch) (< net46) (>= netstandard1.3) (< xamarinios) (< xamarinmac) (< xamarintvos) (< xamarinwatchos)
      System.Threading.Tasks (>= 4.3) - restriction: && (< monoandroid) (< monotouch) (< net46) (>= netstandard1.3) (< xamarinios) (< xamarinmac) (< xamarintvos) (< xamarinwatchos)
    System.IO.FileSystem.Primitives (4.3) - restriction: || (&& (< monoandroid) (< monotouch) (< net45) (>= netstandard1.3) (< win8) (< wpa81) (< xamarinios) (< xamarinmac) (< xamarintvos) (< xamarinwatchos)) (&& (< net35) (>= netstandard1.3) (< netstandard2.0)) (>= net46)
      System.Runtime (>= 4.3) - restriction: && (< monoandroid) (< monotouch) (< net46) (>= netstandard1.3) (< xamarinios) (< xamarinmac) (< xamarintvos) (< xamarinwatchos)
    System.IO.Packaging (4.6) - restriction: || (&& (< net35) (>= netstandard1.3)) (>= net46)
      System.Collections (>= 4.3) - restriction: && (< net46) (>= netstandard1.3) (< netstandard2.0)
      System.Diagnostics.Debug (>= 4.3) - restriction: && (< net46) (>= netstandard1.3) (< netstandard2.0)
      System.Globalization (>= 4.3) - restriction: && (< net46) (>= netstandard1.3) (< netstandard2.0)
      System.IO (>= 4.3) - restriction: && (< net46) (>= netstandard1.3) (< netstandard2.0)
      System.IO.Compression (>= 4.3) - restriction: && (< net46) (>= netstandard1.3) (< netstandard2.0)
      System.IO.FileSystem (>= 4.3) - restriction: && (< net46) (>= netstandard1.3) (< netstandard2.0)
      System.IO.FileSystem.Primitives (>= 4.3) - restriction: || (>= net46) (&& (>= netstandard1.3) (< netstandard2.0))
      System.Resources.ResourceManager (>= 4.3) - restriction: && (< net46) (>= netstandard1.3) (< netstandard2.0)
      System.Runtime (>= 4.3) - restriction: && (< net46) (>= netstandard1.3) (< netstandard2.0)
      System.Runtime.Extensions (>= 4.3) - restriction: && (< net46) (>= netstandard1.3) (< netstandard2.0)
      System.Text.Encoding (>= 4.3) - restriction: && (< net46) (>= netstandard1.3) (< netstandard2.0)
      System.Xml.ReaderWriter (>= 4.3) - restriction: && (< net46) (>= netstandard1.3) (< netstandard2.0)
    System.Linq (4.3) - restriction: || (&& (< monoandroid) (< monotouch) (< net20) (>= netstandard1.5) (< netstandard2.0) (< win8) (< wpa81) (< xamarintvos) (< xamarinwatchos)) (&& (< monoandroid) (< net20) (< netstandard1.3) (>= netstandard1.5) (< win8) (< wpa81))
      System.Collections (>= 4.3) - restriction: || (&& (< monoandroid) (< monotouch) (< net45) (>= netstandard1.6) (< xamarinios) (< xamarinmac) (< xamarintvos) (< xamarinwatchos)) (&& (< monoandroid) (< net45) (>= netstandard1.0) (< netstandard1.6) (< win8) (< wp8) (< wpa81))
      System.Diagnostics.Debug (>= 4.3) - restriction: && (< monoandroid) (< monotouch) (< net45) (>= netstandard1.6) (< xamarinios) (< xamarinmac) (< xamarintvos) (< xamarinwatchos)
      System.Resources.ResourceManager (>= 4.3) - restriction: && (< monoandroid) (< monotouch) (< net45) (>= netstandard1.6) (< xamarinios) (< xamarinmac) (< xamarintvos) (< xamarinwatchos)
      System.Runtime (>= 4.3) - restriction: || (&& (< monoandroid) (< monotouch) (< net45) (>= netstandard1.6) (< xamarinios) (< xamarinmac) (< xamarintvos) (< xamarinwatchos)) (&& (< monoandroid) (< net45) (>= netstandard1.0) (< netstandard1.6) (< win8) (< wp8) (< wpa81))
      System.Runtime.Extensions (>= 4.3) - restriction: && (< monoandroid) (< monotouch) (< net45) (>= netstandard1.6) (< xamarinios) (< xamarinmac) (< xamarintvos) (< xamarinwatchos)
    System.Linq.Async (4.0) - restriction: || (>= net461) (>= netstandard2.0)
      Microsoft.Bcl.AsyncInterfaces (>= 1.0) - restriction: || (>= net461) (&& (>= netstandard2.0) (< netstandard2.1))
    System.Linq.Queryable (4.3) - restriction: && (>= uap10.0) (< uap10.1)
    System.Management (4.5)
      Microsoft.NETCore.Platforms (>= 2.0) - restriction: >= netcoreapp2.0
      Microsoft.Win32.Registry (>= 4.5) - restriction: >= netcoreapp2.0
      System.CodeDom (>= 4.5) - restriction: || (&& (< net45) (>= netstandard2.0)) (>= netcoreapp2.0)
    System.Memory (4.5.3) - restriction: || (&& (>= netcoreapp2.0) (< netcoreapp2.1)) (>= netstandard2.0) (>= uap10.1)
      System.Buffers (>= 4.4) - restriction: || (&& (>= monoandroid) (< netstandard2.0)) (&& (< monoandroid) (< net45) (>= netstandard1.1) (< netstandard2.0) (< win8) (< wpa81)) (&& (< monoandroid) (< netstandard1.1) (>= portable-net45+win8+wpa81) (< win8)) (>= monotouch) (&& (>= net45) (< netstandard2.0)) (&& (< net45) (< netcoreapp2.0) (>= netstandard2.0)) (>= net461) (&& (< netstandard1.1) (>= win8)) (&& (< netstandard2.0) (< uap10.1) (>= wpa81)) (>= xamarinios) (>= xamarinmac) (>= xamarintvos) (>= xamarinwatchos)
      System.Numerics.Vectors (>= 4.4) - restriction: || (&& (< net45) (< netcoreapp2.0) (>= netstandard2.0) (< xamarinios) (< xamarinmac)) (>= net461)
      System.Runtime.CompilerServices.Unsafe (>= 4.5.2) - restriction: || (&& (>= monoandroid) (< netstandard2.0)) (&& (< monoandroid) (< net45) (>= netstandard1.1) (< netstandard2.0) (< win8) (< wpa81)) (&& (< monoandroid) (< netstandard1.1) (>= portable-net45+win8+wpa81) (< win8)) (>= monotouch) (&& (>= net45) (< netstandard2.0)) (&& (< net45) (< netcoreapp2.0) (>= netstandard2.0)) (>= net461) (&& (>= netcoreapp2.0) (< netcoreapp2.1)) (&& (< netstandard1.1) (>= win8)) (&& (< netstandard2.0) (>= wpa81)) (>= uap10.1) (>= xamarinios) (>= xamarinmac) (>= xamarintvos) (>= xamarinwatchos)
    System.Numerics.Vectors (4.5) - restriction: || (&& (< net45) (< netcoreapp2.0) (>= netstandard2.0) (< xamarinios) (< xamarinmac)) (&& (< net452) (>= net461) (>= netstandard2.0)) (&& (< net452) (< netcoreapp2.0) (>= netstandard2.0) (< xamarinios) (< xamarinmac)) (&& (< net46) (>= net461) (>= netstandard2.0)) (&& (>= net461) (>= netcoreapp2.0)) (&& (>= net461) (>= uap10.1)) (&& (>= netstandard2.0) (>= uap10.1))
    System.Private.ServiceModel (4.6) - restriction: || (&& (< net45) (>= netstandard2.0) (< xamarinios) (< xamarinmac)) (>= netcoreapp2.1)
      System.Reflection.DispatchProxy (>= 4.5) - restriction: >= netstandard2.0
      System.Security.Cryptography.Xml (>= 4.5) - restriction: >= netstandard2.0
      System.Security.Principal.Windows (>= 4.5) - restriction: >= netstandard2.0
    System.Reactive (4.2)
      System.ComponentModel (>= 4.0.1) - restriction: && (>= uap10.0) (< uap10.1)
      System.Dynamic.Runtime (>= 4.0.11) - restriction: && (>= uap10.0) (< uap10.1)
      System.Linq.Queryable (>= 4.0.1) - restriction: && (>= uap10.0) (< uap10.1)
      System.Runtime.InteropServices.WindowsRuntime (>= 4.3) - restriction: && (< net46) (< netcoreapp3.0) (>= netstandard2.0) (< uap10.0)
      System.Threading.Tasks.Extensions (>= 4.5.3) - restriction: || (>= net46) (&& (< netcoreapp3.0) (>= netstandard2.0)) (>= uap10.0)
      System.ValueTuple (>= 4.5) - restriction: || (>= net46) (&& (>= uap10.0) (< uap10.1))
    System.Reflection (4.3) - restriction: || (&& (>= monoandroid) (>= netstandard1.3) (< netstandard2.0)) (&& (< monoandroid) (< net20) (>= netstandard1.0) (< netstandard1.3) (< win8) (< wp8) (< wpa81)) (&& (< monoandroid) (< net20) (>= netstandard1.3) (< netstandard1.5) (< win8) (< wpa81)) (&& (< monoandroid) (< net20) (< netstandard1.3) (>= netstandard1.5) (< win8) (< wpa81)) (&& (< monoandroid) (< net20) (>= netstandard1.4) (< netstandard2.0)) (&& (< monoandroid) (< net20) (>= netstandard1.5) (< netstandard2.0) (< win8) (< wpa81)) (&& (< monoandroid) (< net45) (>= netstandard1.1) (< netstandard2.0) (< win8) (< wpa81)) (&& (< monoandroid) (< net45) (>= netstandard1.3) (< netstandard1.5) (< uap10.1)) (&& (< monoandroid) (< net45) (>= netstandard1.3) (< win8) (< wpa81) (< xamarinios) (< xamarinmac)) (&& (< monoandroid) (< net45) (< netstandard1.3) (>= netstandard2.0) (< win8) (< wpa81)) (&& (< monoandroid) (< net45) (>= netstandard1.5) (< netstandard2.0)) (&& (< monoandroid) (< net45) (< netstandard1.5) (>= netstandard2.0)) (&& (< monoandroid) (< net45) (>= netstandard2.0) (< win8) (< wpa81) (< xamarinios) (< xamarinmac)) (>= monotouch) (&& (< net46) (>= net461) (< netstandard2.0)) (&& (>= netcoreapp2.0) (< netstandard2.0)) (&& (>= netcoreapp2.2) (< netstandard1.5)) (&& (>= netcoreapp2.2) (< netstandard2.0)) (&& (< netstandard2.0) (>= xamarinios)) (&& (< netstandard2.0) (>= xamarinmac)) (>= xamarintvos) (>= xamarinwatchos)
      Microsoft.NETCore.Platforms (>= 1.1) - restriction: || (&& (< monoandroid) (< monotouch) (< net45) (>= netstandard1.5) (< win8) (< wpa81) (< xamarinios) (< xamarinmac) (< xamarintvos) (< xamarinwatchos)) (&& (< monoandroid) (< net45) (>= netstandard1.0) (< netstandard1.3) (< win8) (< wp8) (< wpa81)) (&& (< monoandroid) (< net45) (>= netstandard1.3) (< netstandard1.5) (< win8) (< wpa81))
      Microsoft.NETCore.Targets (>= 1.1) - restriction: || (&& (< monoandroid) (< monotouch) (< net45) (>= netstandard1.5) (< win8) (< wpa81) (< xamarinios) (< xamarinmac) (< xamarintvos) (< xamarinwatchos)) (&& (< monoandroid) (< net45) (>= netstandard1.0) (< netstandard1.3) (< win8) (< wp8) (< wpa81)) (&& (< monoandroid) (< net45) (>= netstandard1.3) (< netstandard1.5) (< win8) (< wpa81))
      System.IO (>= 4.3) - restriction: || (&& (< monoandroid) (< monotouch) (< net45) (>= netstandard1.5) (< win8) (< wpa81) (< xamarinios) (< xamarinmac) (< xamarintvos) (< xamarinwatchos)) (&& (< monoandroid) (< net45) (>= netstandard1.0) (< netstandard1.3) (< win8) (< wp8) (< wpa81)) (&& (< monoandroid) (< net45) (>= netstandard1.3) (< netstandard1.5) (< win8) (< wpa81))
      System.Reflection.Primitives (>= 4.3) - restriction: || (&& (< monoandroid) (< monotouch) (< net45) (>= netstandard1.5) (< win8) (< wpa81) (< xamarinios) (< xamarinmac) (< xamarintvos) (< xamarinwatchos)) (&& (< monoandroid) (< net45) (>= netstandard1.0) (< netstandard1.3) (< win8) (< wp8) (< wpa81)) (&& (< monoandroid) (< net45) (>= netstandard1.3) (< netstandard1.5) (< win8) (< wpa81))
      System.Runtime (>= 4.3) - restriction: || (&& (< monoandroid) (< monotouch) (< net45) (>= netstandard1.5) (< win8) (< wpa81) (< xamarinios) (< xamarinmac) (< xamarintvos) (< xamarinwatchos)) (&& (< monoandroid) (< net45) (>= netstandard1.0) (< netstandard1.3) (< win8) (< wp8) (< wpa81)) (&& (< monoandroid) (< net45) (>= netstandard1.3) (< netstandard1.5) (< win8) (< wpa81))
    System.Reflection.DispatchProxy (4.6) - restriction: || (&& (< net45) (>= netstandard2.0) (< xamarinios) (< xamarinmac)) (>= netcoreapp2.1)
    System.Reflection.Emit (4.7)
      System.IO (>= 4.3) - restriction: && (< monoandroid) (< monotouch) (< net45) (>= netstandard1.1) (< netstandard2.0) (< win8) (< wpa81) (< xamarintvos) (< xamarinwatchos)
      System.Reflection (>= 4.3) - restriction: && (< monoandroid) (< monotouch) (< net45) (>= netstandard1.1) (< netstandard2.0) (< win8) (< wpa81) (< xamarintvos) (< xamarinwatchos)
      System.Reflection.Emit.ILGeneration (>= 4.7) - restriction: || (&& (< monoandroid) (< monotouch) (< net45) (>= netstandard1.1) (< netstandard2.0) (< win8) (< wpa81) (< xamarintvos) (< xamarinwatchos)) (&& (< monoandroid) (< netstandard1.1) (>= portable-net45+win8+wpa81) (< win8)) (&& (< net45) (< netcoreapp2.0) (>= netstandard2.0) (< netstandard2.1) (< xamarinios) (< xamarinmac)) (&& (< netstandard1.1) (>= win8)) (&& (< netstandard2.0) (>= wpa81)) (>= uap10.1)
      System.Reflection.Primitives (>= 4.3) - restriction: && (< monoandroid) (< monotouch) (< net45) (>= netstandard1.1) (< netstandard2.0) (< win8) (< wpa81) (< xamarintvos) (< xamarinwatchos)
      System.Resources.ResourceManager (>= 4.3) - restriction: && (< monoandroid) (< monotouch) (< net45) (>= netstandard1.1) (< netstandard2.0) (< win8) (< wpa81) (< xamarintvos) (< xamarinwatchos)
      System.Runtime (>= 4.3) - restriction: && (< monoandroid) (< monotouch) (< net45) (>= netstandard1.1) (< netstandard2.0) (< win8) (< wpa81) (< xamarintvos) (< xamarinwatchos)
      System.Runtime.InteropServices (>= 4.3) - restriction: && (< monoandroid) (< monotouch) (< net45) (>= netstandard1.1) (< netstandard2.0) (< win8) (< wpa81) (< xamarintvos) (< xamarinwatchos)
    System.Reflection.Emit.ILGeneration (4.7) - restriction: || (&& (< monoandroid) (< monotouch) (< net45) (>= netstandard1.1) (< netstandard2.0) (< win8) (< wpa81) (< xamarintvos) (< xamarinwatchos)) (&& (< monoandroid) (< netstandard1.1) (>= portable-net45+win8+wpa81) (< win8)) (&& (< net45) (< netcoreapp2.0) (>= netstandard2.0) (< netstandard2.1) (< xamarinios) (< xamarinmac)) (&& (< netstandard1.1) (>= win8)) (&& (>= netstandard2.0) (< portable-net45+wp8) (>= win8)) (&& (>= netstandard2.0) (< portable-net45+wp8) (< win8)) (&& (< netstandard2.0) (>= wpa81)) (>= uap10.1)
      System.Reflection (>= 4.3) - restriction: && (< monoandroid) (< monotouch) (< net45) (>= netstandard1.0) (< netstandard2.0) (< win8) (< wp8) (< wpa81) (< xamarintvos) (< xamarinwatchos)
      System.Reflection.Primitives (>= 4.3) - restriction: && (< monoandroid) (< monotouch) (< net45) (>= netstandard1.0) (< netstandard2.0) (< win8) (< wp8) (< wpa81) (< xamarintvos) (< xamarinwatchos)
      System.Resources.ResourceManager (>= 4.3) - restriction: && (< monoandroid) (< monotouch) (< net45) (>= netstandard1.0) (< netstandard2.0) (< win8) (< wp8) (< wpa81) (< xamarintvos) (< xamarinwatchos)
      System.Runtime (>= 4.3) - restriction: && (< monoandroid) (< monotouch) (< net45) (>= netstandard1.0) (< netstandard2.0) (< win8) (< wp8) (< wpa81) (< xamarintvos) (< xamarinwatchos)
    System.Reflection.Emit.Lightweight (4.6) - restriction: || (&& (< net45) (>= netstandard1.3)) (>= netstandard2.0)
      System.Reflection.Emit.ILGeneration (>= 4.6) - restriction: || (&& (< monoandroid) (< monotouch) (< net45) (>= netstandard1.0) (< netstandard2.0) (< win8) (< wp8) (< wpa81) (< xamarintvos) (< xamarinwatchos)) (&& (< net45) (< netcoreapp2.0) (>= netstandard2.0) (< netstandard2.1) (< xamarinios) (< xamarinmac)) (&& (< netstandard2.0) (>= wpa81)) (&& (>= portable-net45+win8+wp8+wpa81) (< portable-net45+wp8) (< win8)) (&& (< portable-net45+wp8) (>= win8)) (>= uap10.1)
    System.Reflection.Extensions (4.3) - restriction: || (&& (< monoandroid) (< monotouch) (< net20) (>= netstandard1.5) (< netstandard2.0) (< win8) (< wpa81) (< xamarintvos) (< xamarinwatchos)) (&& (< monoandroid) (< net20) (>= netstandard1.0) (< netstandard1.3) (< win8) (< wp8) (< wpa81)) (&& (< monoandroid) (< net20) (>= netstandard1.3) (< netstandard1.5) (< win8) (< wpa81)) (&& (< monoandroid) (< net20) (< netstandard1.3) (>= netstandard1.5) (< win8) (< wpa81)) (&& (< net45) (>= netstandard1.3) (< netstandard2.0)) (&& (< net45) (>= netstandard2.0)) (>= netcoreapp2.2)
      Microsoft.NETCore.Platforms (>= 1.1) - restriction: && (< monoandroid) (< monotouch) (< net45) (>= netstandard1.0) (< win8) (< wp8) (< wpa81) (< xamarinios) (< xamarinmac) (< xamarintvos) (< xamarinwatchos)
      Microsoft.NETCore.Targets (>= 1.1) - restriction: && (< monoandroid) (< monotouch) (< net45) (>= netstandard1.0) (< win8) (< wp8) (< wpa81) (< xamarinios) (< xamarinmac) (< xamarintvos) (< xamarinwatchos)
      System.Reflection (>= 4.3) - restriction: && (< monoandroid) (< monotouch) (< net45) (>= netstandard1.0) (< win8) (< wp8) (< wpa81) (< xamarinios) (< xamarinmac) (< xamarintvos) (< xamarinwatchos)
      System.Runtime (>= 4.3) - restriction: && (< monoandroid) (< monotouch) (< net45) (>= netstandard1.0) (< win8) (< wp8) (< wpa81) (< xamarinios) (< xamarinmac) (< xamarintvos) (< xamarinwatchos)
    System.Reflection.Metadata (1.7) - restriction: && (< net452) (>= netstandard2.0)
      System.Collections.Immutable (>= 1.6) - restriction: || (>= net45) (&& (< netcoreapp3.0) (>= netstandard2.0)) (&& (>= netstandard1.1) (< netstandard2.0) (< win8) (< wpa81)) (&& (< netstandard1.1) (>= portable-net45+win8+wpa81) (< win8)) (&& (< netstandard1.1) (>= win8)) (&& (< netstandard2.0) (>= wpa81))
    System.Reflection.Primitives (4.3) - restriction: || (&& (< monoandroid) (< monotouch) (< net20) (>= netstandard1.5) (< netstandard2.0) (< win8) (< wpa81) (< xamarintvos) (< xamarinwatchos)) (&& (< monoandroid) (< monotouch) (< net45) (>= netstandard1.1) (< netstandard2.0) (< win8) (< wpa81) (< xamarintvos) (< xamarinwatchos)) (&& (< monoandroid) (< monotouch) (< net45) (>= netstandard1.5) (< netstandard2.0) (< win8) (< wpa81) (< xamarintvos) (< xamarinwatchos)) (&& (< monoandroid) (< net20) (>= netstandard1.0) (< netstandard1.3) (< win8) (< wp8) (< wpa81)) (&& (< monoandroid) (< net20) (>= netstandard1.3) (< netstandard1.5) (< win8) (< wpa81)) (&& (< monoandroid) (< net20) (< netstandard1.3) (>= netstandard1.5) (< win8) (< wpa81)) (&& (< monoandroid) (< net45) (< netstandard1.2) (>= netstandard1.3) (< win8)) (&& (< monoandroid) (< net45) (< netstandard1.2) (>= netstandard2.0) (< win8)) (&& (< monoandroid) (< net45) (>= netstandard1.3) (< netstandard1.5) (< win8) (< wpa81)) (&& (< monoandroid) (< net45) (< netstandard1.3) (>= netstandard2.0) (< win8) (< wpa81)) (&& (< monoandroid) (< net45) (< netstandard1.5) (>= netstandard2.0) (< win8) (< wpa81)) (&& (< monoandroid) (< net45) (>= netstandard2.0) (< win8) (< wpa81) (< xamarinios) (< xamarinmac)) (&& (>= netcoreapp1.1) (>= netstandard2.0)) (&& (>= netcoreapp1.1) (< netstandard2.0)) (>= netcoreapp2.2)
      Microsoft.NETCore.Platforms (>= 1.1) - restriction: && (< monoandroid) (< monotouch) (< net45) (>= netstandard1.0) (< win8) (< wp8) (< wpa81) (< xamarinios) (< xamarinmac) (< xamarintvos) (< xamarinwatchos)
      Microsoft.NETCore.Targets (>= 1.1) - restriction: && (< monoandroid) (< monotouch) (< net45) (>= netstandard1.0) (< win8) (< wp8) (< wpa81) (< xamarinios) (< xamarinmac) (< xamarintvos) (< xamarinwatchos)
      System.Runtime (>= 4.3) - restriction: && (< monoandroid) (< monotouch) (< net45) (>= netstandard1.0) (< win8) (< wp8) (< wpa81) (< xamarinios) (< xamarinmac) (< xamarintvos) (< xamarinwatchos)
    System.Reflection.TypeExtensions (4.6) - restriction: || (&& (< monoandroid) (< monotouch) (< net20) (>= netstandard1.3) (< netstandard2.0) (< win8) (< wpa81) (< xamarintvos) (< xamarinwatchos)) (&& (< monoandroid) (< monotouch) (< net20) (>= netstandard1.5) (< netstandard2.0) (< win8) (< wpa81) (< xamarintvos) (< xamarinwatchos)) (&& (< monoandroid) (< net20) (< netstandard1.3) (>= netstandard1.5) (< win8) (< wpa81)) (&& (< net45) (>= netstandard1.3) (< netstandard2.0)) (&& (< net45) (>= netstandard2.0)) (&& (< net451) (>= netstandard2.0)) (>= netcoreapp2.2)
      System.Reflection (>= 4.3) - restriction: || (&& (< monoandroid) (< monotouch) (< net46) (>= netstandard1.5) (< netstandard2.0) (< xamarintvos) (< xamarinwatchos)) (&& (< monoandroid) (< net46) (>= netstandard1.3) (< netstandard1.5) (< uap10.1))
      System.Resources.ResourceManager (>= 4.3) - restriction: || (&& (< monoandroid) (< monotouch) (< net46) (>= netstandard1.5) (< netstandard2.0) (< xamarintvos) (< xamarinwatchos)) (&& (< monoandroid) (< net46) (>= netstandard1.3) (< netstandard1.5) (< uap10.1))
      System.Runtime (>= 4.3) - restriction: || (&& (< monoandroid) (< monotouch) (< net46) (>= netstandard1.5) (< netstandard2.0) (< xamarintvos) (< xamarinwatchos)) (&& (< monoandroid) (< net46) (>= netstandard1.3) (< netstandard1.5) (< uap10.1))
    System.Resources.Extensions (4.6)
      System.Memory (>= 4.5.3) - restriction: && (< netcoreapp2.1) (>= netstandard2.0) (< xamarinios) (< xamarinmac)
    System.Resources.ResourceManager (4.3) - restriction: || (&& (>= monoandroid) (>= netstandard1.3) (< netstandard2.0)) (&& (< monoandroid) (< net20) (< netcoreapp1.1) (>= netstandard1.6) (< netstandard2.0) (< win81) (< wpa81)) (&& (< monoandroid) (< net20) (>= netstandard1.3) (< netstandard2.0)) (&& (< monoandroid) (< net20) (< netstandard1.3) (>= netstandard1.5) (< win8) (< wpa81)) (&& (< monoandroid) (< net20) (< netstandard1.3) (>= netstandard1.6) (< win8) (< wpa81)) (&& (< monoandroid) (< net20) (>= netstandard1.4) (< netstandard2.0)) (&& (< monoandroid) (< net20) (>= netstandard1.5) (< netstandard2.0) (< win8) (< wpa81)) (&& (< monoandroid) (< net20) (>= netstandard1.6) (< netstandard2.0) (< win8) (< wpa81)) (&& (< monoandroid) (< net45) (>= netstandard1.1) (< netstandard1.3) (< win8) (< wpa81)) (&& (< monoandroid) (< net45) (>= netstandard1.1) (< netstandard2.0) (< win8) (< wpa81)) (&& (< monoandroid) (< net45) (>= netstandard1.3) (< netstandard1.5) (< uap10.1)) (&& (< monoandroid) (< net45) (>= netstandard1.3) (< netstandard2.0) (< win8) (< wpa81)) (&& (< monoandroid) (< net45) (>= netstandard1.3) (< win8) (< wpa81) (< xamarinios) (< xamarinmac)) (&& (< monoandroid) (< net45) (>= netstandard1.5) (< netstandard2.0)) (&& (< monoandroid) (< net45) (< netstandard1.5) (>= netstandard2.0)) (&& (< monoandroid) (< net45) (>= netstandard2.0) (< win8) (< wpa81) (< xamarinios) (< xamarinmac)) (&& (< monoandroid) (>= netstandard1.0) (< netstandard1.1) (< win8) (< wp8)) (>= monotouch) (&& (< net20) (>= net462) (< netstandard1.3)) (&& (< net20) (>= net462) (< netstandard2.0)) (&& (< net35) (>= netstandard1.3) (< netstandard2.0)) (&& (< net46) (>= net461) (< netstandard2.0)) (&& (>= netcoreapp2.0) (< netstandard2.0)) (&& (>= netcoreapp2.2) (< netstandard1.5)) (&& (>= netcoreapp2.2) (< netstandard2.0)) (&& (< netstandard2.0) (>= xamarinios)) (&& (< netstandard2.0) (>= xamarinmac)) (>= xamarintvos) (>= xamarinwatchos)
      Microsoft.NETCore.Platforms (>= 1.1) - restriction: && (< monoandroid) (< monotouch) (< net45) (>= netstandard1.0) (< win8) (< wp8) (< wpa81) (< xamarinios) (< xamarinmac) (< xamarintvos) (< xamarinwatchos)
      Microsoft.NETCore.Targets (>= 1.1) - restriction: && (< monoandroid) (< monotouch) (< net45) (>= netstandard1.0) (< win8) (< wp8) (< wpa81) (< xamarinios) (< xamarinmac) (< xamarintvos) (< xamarinwatchos)
      System.Globalization (>= 4.3) - restriction: && (< monoandroid) (< monotouch) (< net45) (>= netstandard1.0) (< win8) (< wp8) (< wpa81) (< xamarinios) (< xamarinmac) (< xamarintvos) (< xamarinwatchos)
      System.Reflection (>= 4.3) - restriction: && (< monoandroid) (< monotouch) (< net45) (>= netstandard1.0) (< win8) (< wp8) (< wpa81) (< xamarinios) (< xamarinmac) (< xamarintvos) (< xamarinwatchos)
      System.Runtime (>= 4.3) - restriction: && (< monoandroid) (< monotouch) (< net45) (>= netstandard1.0) (< win8) (< wp8) (< wpa81) (< xamarinios) (< xamarinmac) (< xamarintvos) (< xamarinwatchos)
    System.Runtime (4.3.1) - restriction: || (&& (>= monoandroid) (>= netstandard1.3) (< netstandard2.0)) (&& (< monoandroid) (< net20) (>= netstandard1.3) (< netstandard1.4)) (&& (< monoandroid) (< net20) (>= netstandard1.3) (< netstandard1.6) (< win8) (< wpa81)) (&& (< monoandroid) (< net20) (>= netstandard1.3) (< netstandard2.0) (< win81) (< wpa81)) (&& (< monoandroid) (< net20) (< netstandard1.3) (>= netstandard1.5) (< win8) (< wpa81)) (&& (< monoandroid) (< net20) (>= netstandard1.4) (< netstandard2.0)) (&& (< monoandroid) (< net20) (>= netstandard1.5) (< netstandard2.0) (< win8) (< wpa81)) (&& (< monoandroid) (< net20) (>= netstandard1.6) (< netstandard2.0) (< win81) (< wpa81)) (&& (< monoandroid) (< net45) (>= netstandard1.0) (< netstandard1.3) (< win8) (< wp8) (< wpa81)) (&& (< monoandroid) (< net45) (>= netstandard1.1) (< netstandard1.3) (< win8) (< wpa81)) (&& (< monoandroid) (< net45) (>= netstandard1.1) (< netstandard2.0) (< win8) (< wpa81)) (&& (< monoandroid) (< net45) (>= netstandard1.3) (< netstandard1.5) (< uap10.1)) (&& (< monoandroid) (< net45) (>= netstandard1.3) (< netstandard1.5) (< win8) (< wpa81)) (&& (< monoandroid) (< net45) (>= netstandard1.3) (< win8) (< wpa81) (< xamarinios) (< xamarinmac)) (&& (< monoandroid) (< net45) (< netstandard1.3) (>= netstandard2.0) (< win8) (< wpa81)) (&& (< monoandroid) (< net45) (>= netstandard1.5) (< netstandard2.0)) (&& (< monoandroid) (< net45) (< netstandard1.5) (>= netstandard2.0)) (&& (< monoandroid) (< net45) (>= netstandard2.0) (< win8) (< wpa81) (< xamarinios) (< xamarinmac)) (>= monotouch) (&& (< net10) (>= netstandard1.0) (< netstandard2.0)) (&& (< net20) (>= net462) (< netstandard1.3)) (&& (< net20) (>= net462) (< netstandard2.0)) (&& (< net35) (>= netstandard1.3) (< netstandard2.0)) (&& (< net45) (>= netstandard1.0) (< netstandard2.0) (< win8) (< wp8) (< wpa81)) (&& (< net46) (>= net461) (< netstandard2.0)) (&& (>= netcoreapp1.1) (< netstandard2.0)) (&& (>= netcoreapp2.0) (< netstandard2.0)) (>= netcoreapp2.2) (&& (< netstandard2.0) (>= xamarinios)) (&& (< netstandard2.0) (>= xamarinmac)) (>= xamarintvos) (>= xamarinwatchos)
      Microsoft.NETCore.Platforms (>= 1.1.1) - restriction: || (&& (< monoandroid) (< monotouch) (< net45) (>= netstandard1.5) (< win8) (< wpa81) (< xamarinios) (< xamarinmac) (< xamarintvos) (< xamarinwatchos)) (&& (< monoandroid) (< net45) (>= netstandard1.0) (< netstandard1.2) (< win8) (< wp8)) (&& (< monoandroid) (< net45) (>= netstandard1.2) (< netstandard1.3) (< win8) (< wpa81)) (&& (< monoandroid) (< net45) (>= netstandard1.3) (< netstandard1.5) (< win8) (< wpa81))
      Microsoft.NETCore.Targets (>= 1.1.3) - restriction: || (&& (< monoandroid) (< monotouch) (< net45) (>= netstandard1.5) (< win8) (< wpa81) (< xamarinios) (< xamarinmac) (< xamarintvos) (< xamarinwatchos)) (&& (< monoandroid) (< net45) (>= netstandard1.0) (< netstandard1.2) (< win8) (< wp8)) (&& (< monoandroid) (< net45) (>= netstandard1.2) (< netstandard1.3) (< win8) (< wpa81)) (&& (< monoandroid) (< net45) (>= netstandard1.3) (< netstandard1.5) (< win8) (< wpa81))
    System.Runtime.CompilerServices.Unsafe (4.6)
      System.Runtime (>= 4.3) - restriction: && (< net45) (>= netstandard1.0) (< netstandard2.0) (< win8) (< wp8) (< wpa81)
    System.Runtime.Extensions (4.3.1) - restriction: || (&& (>= monoandroid) (>= netstandard1.3) (< netstandard2.0)) (&& (< monoandroid) (< net20) (< netcoreapp1.1) (>= netstandard1.6) (< netstandard2.0) (< win81) (< wpa81)) (&& (< monoandroid) (< net20) (>= netstandard1.0) (< netstandard1.3) (< win8) (< wp8) (< wpa81)) (&& (< monoandroid) (< net20) (>= netstandard1.3) (< netstandard1.5) (< win8) (< wpa81)) (&& (< monoandroid) (< net20) (>= netstandard1.3) (< netstandard2.0)) (&& (< monoandroid) (< net20) (< netstandard1.3) (>= netstandard1.5) (< win8) (< wpa81)) (&& (< monoandroid) (< net20) (< netstandard1.3) (>= netstandard1.6) (< win8) (< wpa81)) (&& (< monoandroid) (< net20) (>= netstandard1.5) (< netstandard2.0) (< win8) (< wpa81)) (&& (< monoandroid) (< net20) (>= netstandard1.6) (< netstandard2.0) (< win8) (< wpa81)) (&& (< monoandroid) (< net45) (>= netstandard1.3) (< win8) (< wpa81) (< xamarinios) (< xamarinmac)) (>= monotouch) (&& (< net20) (>= net462) (< netstandard1.3)) (&& (< net20) (>= net462) (< netstandard2.0)) (&& (< net35) (>= netstandard1.3) (< netstandard2.0)) (&& (< net45) (>= netstandard1.3) (< netstandard2.0)) (&& (< net45) (>= netstandard2.0)) (&& (< net46) (>= net461) (< netstandard2.0)) (&& (>= netcoreapp2.0) (< netstandard2.0)) (>= netcoreapp2.2) (&& (< netstandard2.0) (>= xamarinios)) (&& (< netstandard2.0) (>= xamarinmac)) (>= xamarintvos) (>= xamarinwatchos)
      Microsoft.NETCore.Platforms (>= 1.1.1) - restriction: || (&& (< monoandroid) (< monotouch) (< net45) (>= netstandard1.5) (< win8) (< wpa81) (< xamarinios) (< xamarinmac) (< xamarintvos) (< xamarinwatchos)) (&& (< monoandroid) (< net45) (>= netstandard1.0) (< netstandard1.3) (< win8) (< wp8) (< wpa81)) (&& (< monoandroid) (< net45) (>= netstandard1.3) (< netstandard1.5) (< win8) (< wpa81))
      Microsoft.NETCore.Targets (>= 1.1.3) - restriction: || (&& (< monoandroid) (< monotouch) (< net45) (>= netstandard1.5) (< win8) (< wpa81) (< xamarinios) (< xamarinmac) (< xamarintvos) (< xamarinwatchos)) (&& (< monoandroid) (< net45) (>= netstandard1.0) (< netstandard1.3) (< win8) (< wp8) (< wpa81)) (&& (< monoandroid) (< net45) (>= netstandard1.3) (< netstandard1.5) (< win8) (< wpa81))
      System.Runtime (>= 4.3.1) - restriction: || (&& (< monoandroid) (< monotouch) (< net45) (>= netstandard1.5) (< win8) (< wpa81) (< xamarinios) (< xamarinmac) (< xamarintvos) (< xamarinwatchos)) (&& (< monoandroid) (< net45) (>= netstandard1.0) (< netstandard1.3) (< win8) (< wp8) (< wpa81)) (&& (< monoandroid) (< net45) (>= netstandard1.3) (< netstandard1.5) (< win8) (< wpa81))
    System.Runtime.Handles (4.3) - restriction: || (&& (>= monoandroid) (>= netstandard1.3) (< netstandard2.0)) (&& (< monoandroid) (< net35) (>= netstandard1.3) (< netstandard2.0)) (&& (< monoandroid) (< net45) (>= netstandard1.3) (< win8) (< wpa81) (< xamarinios) (< xamarinmac)) (>= monotouch) (&& (< net46) (>= net461) (< netstandard2.0)) (&& (>= netcoreapp2.0) (< netstandard2.0)) (&& (< netstandard2.0) (>= xamarinios)) (&& (< netstandard2.0) (>= xamarinmac)) (>= xamarintvos) (>= xamarinwatchos)
      Microsoft.NETCore.Platforms (>= 1.1) - restriction: && (< monoandroid) (< monotouch) (< net46) (>= netstandard1.3) (< xamarinios) (< xamarinmac) (< xamarintvos) (< xamarinwatchos)
      Microsoft.NETCore.Targets (>= 1.1) - restriction: && (< monoandroid) (< monotouch) (< net46) (>= netstandard1.3) (< xamarinios) (< xamarinmac) (< xamarintvos) (< xamarinwatchos)
      System.Runtime (>= 4.3) - restriction: && (< monoandroid) (< monotouch) (< net46) (>= netstandard1.3) (< xamarinios) (< xamarinmac) (< xamarintvos) (< xamarinwatchos)
    System.Runtime.InteropServices (4.3) - restriction: || (&& (>= monoandroid) (>= netstandard1.3) (< netstandard2.0)) (&& (< monoandroid) (< net20) (< netstandard1.3) (>= netstandard1.5) (< win8) (< wpa81)) (&& (< monoandroid) (< net20) (>= netstandard1.5) (< netstandard2.0) (< win8) (< wpa81)) (&& (< monoandroid) (< net45) (>= netstandard1.1) (< netstandard2.0) (< win8) (< wpa81)) (&& (< monoandroid) (< net45) (>= netstandard1.3) (< win8) (< wpa81) (< xamarinios) (< xamarinmac)) (>= monotouch) (&& (< net45) (>= netstandard1.3) (< netstandard2.0)) (&& (< net45) (>= netstandard2.0)) (&& (< net46) (>= net461) (< netstandard2.0)) (&& (>= netcoreapp2.0) (< netstandard2.0)) (>= netcoreapp2.2) (&& (< netstandard2.0) (>= xamarinios)) (&& (< netstandard2.0) (>= xamarinmac)) (>= xamarintvos) (>= xamarinwatchos)
      Microsoft.NETCore.Platforms (>= 1.1) - restriction: || (&& (< monoandroid) (< monotouch) (< net45) (>= netstandard1.5) (< win8) (< wpa81) (< xamarinios) (< xamarinmac) (< xamarintvos) (< xamarinwatchos)) (&& (< monoandroid) (< net45) (>= netstandard1.1) (< netstandard1.2) (< win8)) (&& (< monoandroid) (< net45) (>= netstandard1.2) (< netstandard1.3) (< win8) (< wpa81)) (&& (< monoandroid) (< net45) (>= netstandard1.3) (< netstandard1.5) (< win8) (< wpa81)) (>= netcoreapp1.1)
      Microsoft.NETCore.Targets (>= 1.1) - restriction: || (&& (< monoandroid) (< monotouch) (< net45) (>= netstandard1.5) (< win8) (< wpa81) (< xamarinios) (< xamarinmac) (< xamarintvos) (< xamarinwatchos)) (&& (< monoandroid) (< net45) (>= netstandard1.1) (< netstandard1.2) (< win8)) (&& (< monoandroid) (< net45) (>= netstandard1.2) (< netstandard1.3) (< win8) (< wpa81)) (&& (< monoandroid) (< net45) (>= netstandard1.3) (< netstandard1.5) (< win8) (< wpa81)) (>= netcoreapp1.1)
      System.Reflection (>= 4.3) - restriction: || (&& (< monoandroid) (< monotouch) (< net45) (>= netstandard1.5) (< win8) (< wpa81) (< xamarinios) (< xamarinmac) (< xamarintvos) (< xamarinwatchos)) (&& (< monoandroid) (< net45) (>= netstandard1.1) (< netstandard1.2) (< win8)) (&& (< monoandroid) (< net45) (>= netstandard1.2) (< netstandard1.3) (< win8) (< wpa81)) (&& (< monoandroid) (< net45) (>= netstandard1.3) (< netstandard1.5) (< win8) (< wpa81)) (>= netcoreapp1.1)
      System.Reflection.Primitives (>= 4.3) - restriction: || (&& (< monoandroid) (< monotouch) (< net45) (>= netstandard1.5) (< win8) (< wpa81) (< xamarinios) (< xamarinmac) (< xamarintvos) (< xamarinwatchos)) (&& (< monoandroid) (< net45) (>= netstandard1.1) (< netstandard1.2) (< win8)) (&& (< monoandroid) (< net45) (>= netstandard1.2) (< netstandard1.3) (< win8) (< wpa81)) (&& (< monoandroid) (< net45) (>= netstandard1.3) (< netstandard1.5) (< win8) (< wpa81)) (>= netcoreapp1.1)
      System.Runtime (>= 4.3) - restriction: || (&& (< monoandroid) (< monotouch) (< net45) (>= netstandard1.5) (< win8) (< wpa81) (< xamarinios) (< xamarinmac) (< xamarintvos) (< xamarinwatchos)) (&& (< monoandroid) (< net45) (>= netstandard1.1) (< netstandard1.2) (< win8)) (&& (< monoandroid) (< net45) (>= netstandard1.2) (< netstandard1.3) (< win8) (< wpa81)) (&& (< monoandroid) (< net45) (>= netstandard1.3) (< netstandard1.5) (< win8) (< wpa81)) (>= net462) (>= netcoreapp1.1)
      System.Runtime.Handles (>= 4.3) - restriction: || (&& (< monoandroid) (< monotouch) (< net45) (>= netstandard1.5) (< win8) (< wpa81) (< xamarinios) (< xamarinmac) (< xamarintvos) (< xamarinwatchos)) (&& (< monoandroid) (< net45) (>= netstandard1.3) (< netstandard1.5) (< win8) (< wpa81)) (>= netcoreapp1.1)
    System.Runtime.InteropServices.RuntimeInformation (4.3) - restriction: || (&& (< net45) (>= netstandard1.3) (< netstandard2.0)) (&& (< net45) (>= netstandard2.0)) (>= netcoreapp2.2)
      runtime.native.System (>= 4.3) - restriction: && (< monoandroid) (< monotouch) (< net45) (>= netstandard1.1) (< win8) (< wpa81) (< xamarinios) (< xamarinmac) (< xamarintvos) (< xamarinwatchos)
      System.Reflection (>= 4.3) - restriction: && (< monoandroid) (< monotouch) (< net45) (>= netstandard1.1) (< win8) (< wpa81) (< xamarinios) (< xamarinmac) (< xamarintvos) (< xamarinwatchos)
      System.Reflection.Extensions (>= 4.3) - restriction: && (< monoandroid) (< monotouch) (< net45) (>= netstandard1.1) (< win8) (< wpa81) (< xamarinios) (< xamarinmac) (< xamarintvos) (< xamarinwatchos)
      System.Resources.ResourceManager (>= 4.3) - restriction: && (< monoandroid) (< monotouch) (< net45) (>= netstandard1.1) (< win8) (< wpa81) (< xamarinios) (< xamarinmac) (< xamarintvos) (< xamarinwatchos)
      System.Runtime (>= 4.3) - restriction: && (< monoandroid) (< monotouch) (< net45) (>= netstandard1.1) (< win8) (< wpa81) (< xamarinios) (< xamarinmac) (< xamarintvos) (< xamarinwatchos)
      System.Runtime.InteropServices (>= 4.3) - restriction: && (< monoandroid) (< monotouch) (< net45) (>= netstandard1.1) (< win8) (< wpa81) (< xamarinios) (< xamarinmac) (< xamarintvos) (< xamarinwatchos)
      System.Threading (>= 4.3) - restriction: && (< monoandroid) (< monotouch) (< net45) (>= netstandard1.1) (< win8) (< wpa81) (< xamarinios) (< xamarinmac) (< xamarintvos) (< xamarinwatchos)
    System.Runtime.InteropServices.WindowsRuntime (4.3) - restriction: && (< net46) (< netcoreapp3.0) (>= netstandard2.0) (< uap10.0)
      System.Runtime (>= 4.3) - restriction: && (< monoandroid) (< monotouch) (< net45) (>= netstandard1.0) (< win8) (< wp8) (< wpa81) (< xamarinios) (< xamarinmac) (< xamarintvos) (< xamarinwatchos)
    System.Runtime.Serialization.Formatters (4.3) - restriction: && (< net20) (>= netstandard1.3) (< netstandard2.0)
      System.Collections (>= 4.3) - restriction: && (< monoandroid) (< monotouch) (< net46) (>= netstandard1.4) (< xamarinios) (< xamarinmac) (< xamarintvos) (< xamarinwatchos)
      System.Reflection (>= 4.3) - restriction: && (< monoandroid) (< monotouch) (< net46) (>= netstandard1.4) (< xamarinios) (< xamarinmac) (< xamarintvos) (< xamarinwatchos)
      System.Resources.ResourceManager (>= 4.3) - restriction: && (< monoandroid) (< monotouch) (< net46) (>= netstandard1.4) (< xamarinios) (< xamarinmac) (< xamarintvos) (< xamarinwatchos)
      System.Runtime (>= 4.3) - restriction: || (&& (< monoandroid) (< monotouch) (< net46) (>= netstandard1.4) (< xamarinios) (< xamarinmac) (< xamarintvos) (< xamarinwatchos)) (&& (< monoandroid) (< net46) (>= netstandard1.3) (< netstandard1.4))
      System.Runtime.Serialization.Primitives (>= 4.3) - restriction: || (&& (< monoandroid) (< monotouch) (>= netstandard1.4) (< xamarinios) (< xamarinmac) (< xamarintvos) (< xamarinwatchos)) (&& (< monoandroid) (>= netstandard1.3) (< netstandard1.4)) (>= net46)
    System.Runtime.Serialization.Primitives (4.3) - restriction: || (&& (< monoandroid) (< monotouch) (< net20) (>= netstandard1.4) (< netstandard2.0) (< xamarintvos) (< xamarinwatchos)) (&& (< monoandroid) (< net20) (>= netstandard1.3) (< netstandard1.4)) (&& (< net20) (>= net46) (< netstandard2.0)) (&& (< net20) (>= netstandard1.0) (< netstandard1.3)) (&& (< net20) (>= netstandard1.3) (< netstandard2.0)) (&& (>= net45) (< netstandard1.6) (>= netstandard2.0)) (&& (< net45) (>= netstandard2.0)) (&& (>= net47) (>= netstandard2.0))
      System.Resources.ResourceManager (>= 4.3) - restriction: && (< monoandroid) (< monotouch) (< net45) (>= netstandard1.3) (< win8) (< wpa81) (< xamarinios) (< xamarinmac) (< xamarintvos) (< xamarinwatchos)
      System.Runtime (>= 4.3) - restriction: || (&& (< monoandroid) (< monotouch) (< net45) (>= netstandard1.3) (< win8) (< wpa81) (< xamarinios) (< xamarinmac) (< xamarintvos) (< xamarinwatchos)) (&& (< monoandroid) (< net45) (>= netstandard1.0) (< netstandard1.3) (< win8) (< wp8) (< wpa81))
    System.Security.AccessControl (4.7) - restriction: || (>= monoandroid) (>= monotouch) (>= net461) (>= netstandard2.0) (>= xamarintvos) (>= xamarinwatchos)
      Microsoft.NETCore.Platforms (>= 3.1) - restriction: >= netcoreapp2.0
      NETStandard.Library (>= 1.6.1) - restriction: && (< net46) (>= netstandard1.3) (< netstandard2.0) (< uap10.1)
      System.Security.Principal.Windows (>= 4.7) - restriction: || (&& (>= net46) (< netstandard2.0)) (&& (< net46) (>= netstandard1.3) (< netstandard2.0) (< uap10.1)) (&& (< net46) (>= netstandard2.0)) (>= net461) (>= netcoreapp2.0)
      System.Threading.Thread (>= 4.3) - restriction: && (< net46) (>= netstandard1.3) (< netstandard2.0) (< uap10.1)
    System.Security.Claims (4.3) - restriction: || (&& (>= monoandroid) (>= net46) (< netstandard2.0)) (&& (>= monoandroid) (>= netstandard1.3) (< netstandard2.0)) (>= monotouch) (&& (< net46) (>= net461) (< netstandard2.0)) (&& (>= netcoreapp2.0) (< netstandard2.0)) (&& (< netstandard2.0) (>= xamarinios)) (&& (< netstandard2.0) (>= xamarinmac)) (>= xamarintvos) (>= xamarinwatchos)
    System.Security.Cryptography.Cng (4.6.1) - restriction: || (&& (< net452) (< netcoreapp2.0) (>= netstandard2.0) (< netstandard2.1) (< xamarinios) (< xamarinmac)) (&& (>= netcoreapp2.0) (< netcoreapp2.1) (< netstandard2.1)) (&& (< netcoreapp2.0) (>= netstandard2.1)) (&& (>= netcoreapp2.1) (< netstandard2.1)) (>= netcoreapp3.0)
      Microsoft.NETCore.Platforms (>= 3.0) - restriction: && (>= netcoreapp2.0) (< netcoreapp2.1) (< netstandard2.1)
    System.Security.Cryptography.Pkcs (4.6) - restriction: || (&& (< net45) (>= netstandard2.0) (< xamarinios) (< xamarinmac)) (&& (< net452) (>= netstandard2.0)) (>= netcoreapp2.1)
      System.Buffers (>= 4.5) - restriction: || (&& (>= monoandroid) (< netstandard2.0)) (>= monotouch) (&& (< net46) (< netcoreapp2.0) (>= netstandard2.0) (< netstandard2.1)) (>= xamarinios) (>= xamarinmac) (>= xamarintvos) (>= xamarinwatchos)
      System.Memory (>= 4.5.3) - restriction: || (&& (< net46) (< netcoreapp2.0) (>= netstandard2.0) (< netstandard2.1) (< xamarinios) (< xamarinmac)) (&& (>= netcoreapp2.0) (< netcoreapp2.1) (< netstandard2.1)) (>= uap10.1)
      System.Security.Cryptography.Cng (>= 4.6) - restriction: || (&& (< net46) (< netcoreapp2.0) (>= netstandard2.0) (< netstandard2.1) (< xamarinios) (< xamarinmac)) (&& (>= netcoreapp2.0) (< netcoreapp2.1) (< netstandard2.1)) (&& (< netcoreapp2.0) (>= netstandard2.1)) (&& (>= netcoreapp2.1) (< netstandard2.1)) (>= netcoreapp3.0)
    System.Security.Cryptography.ProtectedData (4.6) - restriction: && (< net461) (>= netstandard2.0) (< xamarinios) (< xamarinmac)
      System.Memory (>= 4.5.3) - restriction: && (< net46) (< netcoreapp2.1) (>= netstandard2.0) (< xamarinios) (< xamarinmac)
    System.Security.Cryptography.Xml (4.6) - restriction: || (&& (< net45) (>= netstandard2.0) (< xamarinios) (< xamarinmac)) (>= netcoreapp2.1)
      System.Security.Cryptography.Pkcs (>= 4.6) - restriction: && (< net461) (>= netstandard2.0)
      System.Security.Permissions (>= 4.6) - restriction: || (>= net461) (>= netstandard2.0)
    System.Security.Permissions (4.6) - restriction: || (>= monoandroid) (>= monotouch) (>= net461) (>= netstandard2.0) (>= xamarintvos) (>= xamarinwatchos)
      System.Security.AccessControl (>= 4.6) - restriction: || (>= net461) (>= netstandard2.0)
      System.Windows.Extensions (>= 4.6) - restriction: >= netcoreapp3.0
    System.Security.Principal (4.3) - restriction: || (&& (>= monoandroid) (>= netstandard1.3) (< netstandard2.0)) (>= monotouch) (&& (< net46) (>= net461) (< netstandard2.0)) (&& (>= netcoreapp2.0) (< netstandard2.0)) (&& (< netstandard2.0) (>= xamarinios)) (&& (< netstandard2.0) (>= xamarinmac)) (>= xamarintvos) (>= xamarinwatchos)
    System.Security.Principal.Windows (4.7) - restriction: || (&& (>= monoandroid) (>= netstandard2.0)) (&& (>= monoandroid) (< netstandard2.0)) (>= monotouch) (&& (< net451) (>= netstandard2.0)) (&& (< net452) (>= netstandard2.0)) (&& (< net46) (>= netstandard2.0)) (>= net461) (>= netcoreapp2.0) (&& (>= netstandard2.0) (>= uap10.1)) (>= xamarinios) (>= xamarinmac) (>= xamarintvos) (>= xamarinwatchos)
      Microsoft.NETCore.Platforms (>= 3.1) - restriction: || (&& (>= netcoreapp2.0) (< netcoreapp2.1)) (&& (>= netcoreapp2.1) (< netcoreapp3.0))
      Microsoft.Win32.Primitives (>= 4.3) - restriction: && (< net46) (>= netstandard1.3) (< netstandard2.0) (< uap10.1)
      System.Collections (>= 4.3) - restriction: && (< net46) (>= netstandard1.3) (< netstandard2.0) (< uap10.1)
      System.Diagnostics.Debug (>= 4.3) - restriction: && (< net46) (>= netstandard1.3) (< netstandard2.0) (< uap10.1)
      System.Reflection (>= 4.3) - restriction: && (< net46) (>= netstandard1.3) (< netstandard2.0) (< uap10.1)
      System.Resources.ResourceManager (>= 4.3) - restriction: && (< net46) (>= netstandard1.3) (< netstandard2.0) (< uap10.1)
      System.Runtime (>= 4.3) - restriction: && (< net46) (>= netstandard1.3) (< netstandard2.0) (< uap10.1)
      System.Runtime.Extensions (>= 4.3) - restriction: && (< net46) (>= netstandard1.3) (< netstandard2.0) (< uap10.1)
      System.Runtime.Handles (>= 4.3) - restriction: && (< net46) (>= netstandard1.3) (< netstandard2.0) (< uap10.1)
      System.Runtime.InteropServices (>= 4.3) - restriction: && (< net46) (>= netstandard1.3) (< netstandard2.0) (< uap10.1)
      System.Security.Claims (>= 4.3) - restriction: || (&& (>= net46) (< net461) (< netstandard2.0)) (&& (< net46) (>= netstandard1.3) (< netstandard2.0) (< uap10.1))
      System.Security.Principal (>= 4.3) - restriction: && (< net46) (>= netstandard1.3) (< netstandard2.0) (< uap10.1)
      System.Text.Encoding (>= 4.3) - restriction: && (< net46) (>= netstandard1.3) (< netstandard2.0) (< uap10.1)
      System.Threading (>= 4.3) - restriction: && (< net46) (>= netstandard1.3) (< netstandard2.0) (< uap10.1)
    System.ServiceModel.Http (4.6) - restriction: && (< net452) (>= netstandard2.0)
      System.Private.ServiceModel (>= 4.6) - restriction: && (< net45) (>= netstandard2.0) (< xamarinios) (< xamarinmac)
      System.ServiceModel.Primitives (>= 4.6) - restriction: || (&& (< net45) (>= netstandard2.0) (< xamarinios) (< xamarinmac)) (>= net461)
    System.ServiceModel.Primitives (4.6) - restriction: || (&& (< net45) (>= netstandard2.0) (< xamarinios) (< xamarinmac)) (&& (< net452) (>= netstandard2.0))
      System.Private.ServiceModel (>= 4.6) - restriction: || (&& (< net45) (>= netstandard2.0) (< xamarinios) (< xamarinmac)) (>= netcoreapp2.1)
    System.ServiceProcess.ServiceController (4.7) - restriction: && (< net452) (>= netstandard2.0)
      System.Buffers (>= 4.5) - restriction: || (&& (>= monoandroid) (< netstandard2.0)) (>= monotouch) (&& (< net461) (< netcoreapp2.0) (>= netstandard2.0)) (>= xamarinios) (>= xamarinmac) (>= xamarintvos) (>= xamarinwatchos)
      System.Diagnostics.EventLog (>= 4.7) - restriction: || (>= monoandroid) (>= monotouch) (>= net461) (>= netstandard2.0) (>= uap10.1) (>= xamarintvos) (>= xamarinwatchos)
      System.Memory (>= 4.5.3) - restriction: || (&& (< net461) (< netcoreapp2.0) (>= netstandard2.0) (< xamarinios) (< xamarinmac)) (&& (>= netcoreapp2.0) (< netcoreapp2.1)) (>= uap10.1)
    System.Text.Encoding (4.3) - restriction: || (&& (>= monoandroid) (>= netstandard1.3) (< netstandard2.0)) (&& (< monoandroid) (< net20) (>= netstandard1.3) (< netstandard2.0)) (&& (< monoandroid) (< net45) (>= netstandard1.0) (< netstandard1.3) (< win8) (< wp8) (< wpa81)) (&& (< monoandroid) (< net45) (>= netstandard1.1) (< netstandard1.3) (< win8) (< wpa81)) (&& (< monoandroid) (< net45) (>= netstandard1.3) (< win8) (< wpa81) (< xamarinios) (< xamarinmac)) (>= monotouch) (&& (< net35) (>= netstandard1.3) (< netstandard2.0)) (&& (< net46) (>= net461) (< netstandard2.0)) (&& (>= netcoreapp2.0) (< netstandard2.0)) (&& (< netstandard2.0) (>= xamarinios)) (&& (< netstandard2.0) (>= xamarinmac)) (>= xamarintvos) (>= xamarinwatchos)
      Microsoft.NETCore.Platforms (>= 1.1) - restriction: || (&& (< monoandroid) (< monotouch) (< net45) (>= netstandard1.3) (< win8) (< wpa81) (< xamarinios) (< xamarinmac) (< xamarintvos) (< xamarinwatchos)) (&& (< monoandroid) (< net45) (>= netstandard1.0) (< netstandard1.3) (< win8) (< wp8) (< wpa81))
      Microsoft.NETCore.Targets (>= 1.1) - restriction: || (&& (< monoandroid) (< monotouch) (< net45) (>= netstandard1.3) (< win8) (< wpa81) (< xamarinios) (< xamarinmac) (< xamarintvos) (< xamarinwatchos)) (&& (< monoandroid) (< net45) (>= netstandard1.0) (< netstandard1.3) (< win8) (< wp8) (< wpa81))
      System.Runtime (>= 4.3) - restriction: || (&& (< monoandroid) (< monotouch) (< net45) (>= netstandard1.3) (< win8) (< wpa81) (< xamarinios) (< xamarinmac) (< xamarintvos) (< xamarinwatchos)) (&& (< monoandroid) (< net45) (>= netstandard1.0) (< netstandard1.3) (< win8) (< wp8) (< wpa81))
    System.Text.Encoding.CodePages (4.6) - restriction: || (&& (< net451) (< netcoreapp2.0) (>= netstandard2.0) (< xamarinios) (< xamarinmac)) (&& (< net452) (>= netstandard2.0)) (&& (>= netcoreapp2.0) (< netcoreapp2.1)) (&& (>= netcoreapp2.1) (< netcoreapp3.0)) (&& (>= netstandard2.0) (>= uap10.1))
      Microsoft.NETCore.Platforms (>= 3.0) - restriction: >= netcoreapp2.0
      System.Runtime.CompilerServices.Unsafe (>= 4.6) - restriction: || (&& (< net46) (< netcoreapp2.0) (>= netstandard2.0) (< xamarinios) (< xamarinmac)) (>= net461) (&& (>= netcoreapp2.0) (< netcoreapp3.0))
    System.Text.Encoding.Extensions (4.3) - restriction: && (< monoandroid) (< monotouch) (< net45) (>= netstandard1.3) (< win8) (< wpa81) (< xamarinios) (< xamarinmac) (< xamarintvos) (< xamarinwatchos)
      Microsoft.NETCore.Platforms (>= 1.1) - restriction: || (&& (< monoandroid) (< monotouch) (< net45) (>= netstandard1.3) (< win8) (< wpa81) (< xamarinios) (< xamarinmac) (< xamarintvos) (< xamarinwatchos)) (&& (< monoandroid) (< net45) (>= netstandard1.0) (< netstandard1.3) (< win8) (< wp8) (< wpa81))
      Microsoft.NETCore.Targets (>= 1.1) - restriction: || (&& (< monoandroid) (< monotouch) (< net45) (>= netstandard1.3) (< win8) (< wpa81) (< xamarinios) (< xamarinmac) (< xamarintvos) (< xamarinwatchos)) (&& (< monoandroid) (< net45) (>= netstandard1.0) (< netstandard1.3) (< win8) (< wp8) (< wpa81))
      System.Runtime (>= 4.3) - restriction: || (&& (< monoandroid) (< monotouch) (< net45) (>= netstandard1.3) (< win8) (< wpa81) (< xamarinios) (< xamarinmac) (< xamarintvos) (< xamarinwatchos)) (&& (< monoandroid) (< net45) (>= netstandard1.0) (< netstandard1.3) (< win8) (< wp8) (< wpa81))
      System.Text.Encoding (>= 4.3) - restriction: || (&& (< monoandroid) (< monotouch) (< net45) (>= netstandard1.3) (< win8) (< wpa81) (< xamarinios) (< xamarinmac) (< xamarintvos) (< xamarinwatchos)) (&& (< monoandroid) (< net45) (>= netstandard1.0) (< netstandard1.3) (< win8) (< wp8) (< wpa81))
    System.Text.Encodings.Web (4.6) - restriction: || (&& (>= monotouch) (>= netstandard2.0)) (&& (< net452) (>= net461) (>= netstandard2.0)) (&& (< net452) (< netcoreapp2.0) (>= netstandard2.0)) (&& (>= netcoreapp2.0) (< netcoreapp2.1)) (&& (>= netcoreapp2.1) (< netcoreapp3.0)) (&& (>= netstandard2.0) (>= uap10.1)) (&& (>= netstandard2.0) (>= xamarintvos)) (&& (>= netstandard2.0) (>= xamarinwatchos)) (>= xamarinios) (>= xamarinmac)
      System.Memory (>= 4.5.3) - restriction: || (&& (< net45) (< netcoreapp2.1) (>= netstandard2.0) (< xamarinios) (< xamarinmac)) (>= net461) (>= uap10.1)
    System.Text.Json (4.6) - restriction: && (< net452) (< netcoreapp3.0) (>= netstandard2.0)
      Microsoft.Bcl.AsyncInterfaces (>= 1.0) - restriction: || (&& (>= monoandroid) (< netstandard2.0)) (>= monotouch) (>= net461) (&& (>= netcoreapp2.0) (< netcoreapp2.1)) (&& (< netcoreapp2.0) (>= netstandard2.0)) (&& (>= netcoreapp2.1) (< netcoreapp3.0)) (>= uap10.1) (>= xamarinios) (>= xamarinmac) (>= xamarintvos) (>= xamarinwatchos)
      System.Buffers (>= 4.5) - restriction: || (&& (>= monoandroid) (< netstandard2.0)) (>= monotouch) (>= net461) (&& (< netcoreapp2.0) (>= netstandard2.0)) (>= xamarinios) (>= xamarinmac) (>= xamarintvos) (>= xamarinwatchos)
      System.Memory (>= 4.5.3) - restriction: || (>= net461) (&& (>= netcoreapp2.0) (< netcoreapp2.1)) (&& (< netcoreapp2.0) (>= netstandard2.0) (< xamarinios) (< xamarinmac)) (>= uap10.1)
      System.Numerics.Vectors (>= 4.5) - restriction: || (>= net461) (&& (< netcoreapp2.0) (>= netstandard2.0) (< xamarinios) (< xamarinmac))
      System.Runtime.CompilerServices.Unsafe (>= 4.6) - restriction: || (&& (>= monoandroid) (< netstandard2.0)) (>= monotouch) (>= net461) (&& (>= netcoreapp2.0) (< netcoreapp2.1)) (&& (< netcoreapp2.0) (>= netstandard2.0)) (&& (>= netcoreapp2.1) (< netcoreapp3.0)) (>= uap10.1) (>= xamarinios) (>= xamarinmac) (>= xamarintvos) (>= xamarinwatchos)
      System.Text.Encodings.Web (>= 4.6) - restriction: || (&& (>= monoandroid) (< netstandard2.0)) (>= monotouch) (>= net461) (&& (>= netcoreapp2.0) (< netcoreapp2.1)) (&& (< netcoreapp2.0) (>= netstandard2.0)) (&& (>= netcoreapp2.1) (< netcoreapp3.0)) (>= uap10.1) (>= xamarinios) (>= xamarinmac) (>= xamarintvos) (>= xamarinwatchos)
      System.Threading.Tasks.Extensions (>= 4.5.2) - restriction: || (>= net461) (&& (>= netcoreapp2.0) (< netcoreapp2.1)) (&& (< netcoreapp2.0) (>= netstandard2.0) (< xamarinios) (< xamarinmac)) (>= uap10.1)
    System.Text.RegularExpressions (4.3.1) - restriction: || (&& (< monoandroid) (< monotouch) (< net20) (>= netstandard1.3) (< netstandard2.0) (< win81) (< wpa81) (< xamarintvos) (< xamarinwatchos)) (&& (< monoandroid) (< monotouch) (< net45) (>= netstandard1.3) (< win8) (< wpa81) (< xamarinios) (< xamarinmac) (< xamarintvos) (< xamarinwatchos))
      System.Collections (>= 4.3) - restriction: && (< monoandroid) (< monotouch) (< net45) (< netcoreapp1.1) (>= netstandard1.6) (< xamarinios) (< xamarinmac) (< xamarintvos) (< xamarinwatchos)
      System.Globalization (>= 4.3) - restriction: && (< monoandroid) (< monotouch) (< net45) (< netcoreapp1.1) (>= netstandard1.6) (< xamarinios) (< xamarinmac) (< xamarintvos) (< xamarinwatchos)
      System.Resources.ResourceManager (>= 4.3) - restriction: && (< monoandroid) (< monotouch) (< net45) (< netcoreapp1.1) (>= netstandard1.6) (< xamarinios) (< xamarinmac) (< xamarintvos) (< xamarinwatchos)
      System.Runtime (>= 4.3.1) - restriction: || (&& (< monoandroid) (< monotouch) (< net45) (>= netstandard1.6) (< xamarinios) (< xamarinmac) (< xamarintvos) (< xamarinwatchos)) (&& (< monoandroid) (< net45) (>= netstandard1.0) (< netstandard1.3) (< win8) (< wp8) (< wpa81)) (&& (< monoandroid) (< net45) (>= netstandard1.3) (< netstandard1.6) (< win8) (< wpa81)) (>= netcoreapp1.1)
      System.Runtime.Extensions (>= 4.3.1) - restriction: && (< monoandroid) (< monotouch) (< net45) (< netcoreapp1.1) (>= netstandard1.6) (< xamarinios) (< xamarinmac) (< xamarintvos) (< xamarinwatchos)
      System.Threading (>= 4.3) - restriction: && (< monoandroid) (< monotouch) (< net45) (< netcoreapp1.1) (>= netstandard1.6) (< xamarinios) (< xamarinmac) (< xamarintvos) (< xamarinwatchos)
    System.Threading (4.3) - restriction: || (&& (>= monoandroid) (>= netstandard1.3) (< netstandard2.0)) (&& (< monoandroid) (< net20) (< netcoreapp1.1) (>= netstandard1.6) (< netstandard2.0) (< win81) (< wpa81)) (&& (< monoandroid) (< net20) (>= netstandard1.0) (< netstandard1.3) (< win8) (< wp8) (< wpa81)) (&& (< monoandroid) (< net20) (>= netstandard1.3) (< netstandard1.5) (< win8) (< wpa81)) (&& (< monoandroid) (< net20) (>= netstandard1.3) (< netstandard2.0)) (&& (< monoandroid) (< net20) (< netstandard1.3) (>= netstandard1.5) (< win8) (< wpa81)) (&& (< monoandroid) (< net20) (>= netstandard1.5) (< netstandard2.0) (< win8) (< wpa81)) (&& (< monoandroid) (< net45) (>= netstandard1.3) (< win8) (< wpa81) (< xamarinios) (< xamarinmac)) (&& (< monoandroid) (< net45) (>= netstandard2.0) (< win8) (< wpa81) (< xamarinios) (< xamarinmac)) (>= monotouch) (&& (< net20) (>= net462) (< netstandard1.3)) (&& (< net20) (>= net462) (< netstandard2.0)) (&& (< net46) (>= net461) (< netstandard2.0)) (&& (>= netcoreapp2.0) (< netstandard2.0)) (&& (< netstandard2.0) (>= xamarinios)) (&& (< netstandard2.0) (>= xamarinmac)) (>= xamarintvos) (>= xamarinwatchos)
      System.Runtime (>= 4.3) - restriction: || (&& (< monoandroid) (< monotouch) (< net45) (>= netstandard1.3) (< win8) (< wpa81) (< xamarinios) (< xamarinmac) (< xamarintvos) (< xamarinwatchos)) (&& (< monoandroid) (< net45) (>= netstandard1.0) (< netstandard1.3) (< win8) (< wp8) (< wpa81))
      System.Threading.Tasks (>= 4.3) - restriction: || (&& (< monoandroid) (< monotouch) (< net45) (>= netstandard1.3) (< win8) (< wpa81) (< xamarinios) (< xamarinmac) (< xamarintvos) (< xamarinwatchos)) (&& (< monoandroid) (< net45) (>= netstandard1.0) (< netstandard1.3) (< win8) (< wp8) (< wpa81))
    System.Threading.Tasks (4.3) - restriction: || (&& (< monoandroid) (< monotouch) (< net20) (>= netstandard1.3) (< netstandard2.0) (< win81) (< wpa81) (< xamarintvos) (< xamarinwatchos)) (&& (< monoandroid) (< monotouch) (< net35) (>= netstandard1.3) (< netstandard2.0) (< xamarintvos) (< xamarinwatchos)) (&& (< monoandroid) (< monotouch) (< net45) (>= netstandard1.0) (< netstandard2.0) (< win8) (< wp8) (< wpa81) (< xamarintvos) (< xamarinwatchos)) (&& (< monoandroid) (< monotouch) (< net45) (>= netstandard1.3) (< win8) (< wpa81) (< xamarinios) (< xamarinmac) (< xamarintvos) (< xamarinwatchos)) (&& (< monoandroid) (< monotouch) (< net45) (>= netstandard1.5) (< win8) (< wpa81) (< xamarinios) (< xamarinmac) (< xamarintvos) (< xamarinwatchos)) (&& (< monoandroid) (< net45) (>= netstandard1.0) (< netstandard1.3) (< win8) (< wp8) (< wpa81)) (&& (< monoandroid) (< net45) (>= netstandard1.1) (< netstandard1.3) (< win8) (< wpa81)) (&& (< monoandroid) (< net45) (>= netstandard1.3) (< netstandard1.5) (< win8) (< wpa81)) (&& (< monoandroid) (< net45) (< netstandard1.3) (>= netstandard1.5) (< win8) (< wpa81)) (&& (< monoandroid) (< net45) (< netstandard1.3) (>= netstandard2.0) (< win8) (< wpa81)) (&& (< monoandroid) (< net45) (>= netstandard2.0) (< win8) (< wpa81) (< xamarinios) (< xamarinmac))
      Microsoft.NETCore.Platforms (>= 1.1) - restriction: || (&& (< monoandroid) (< monotouch) (< net45) (>= netstandard1.3) (< win8) (< wpa81) (< xamarinios) (< xamarinmac) (< xamarintvos) (< xamarinwatchos)) (&& (< monoandroid) (< net45) (>= netstandard1.0) (< netstandard1.3) (< win8) (< wp8) (< wpa81))
      Microsoft.NETCore.Targets (>= 1.1) - restriction: || (&& (< monoandroid) (< monotouch) (< net45) (>= netstandard1.3) (< win8) (< wpa81) (< xamarinios) (< xamarinmac) (< xamarintvos) (< xamarinwatchos)) (&& (< monoandroid) (< net45) (>= netstandard1.0) (< netstandard1.3) (< win8) (< wp8) (< wpa81))
      System.Runtime (>= 4.3) - restriction: || (&& (< monoandroid) (< monotouch) (< net45) (>= netstandard1.3) (< win8) (< wpa81) (< xamarinios) (< xamarinmac) (< xamarintvos) (< xamarinwatchos)) (&& (< monoandroid) (< net45) (>= netstandard1.0) (< netstandard1.3) (< win8) (< wp8) (< wpa81))
    System.Threading.Tasks.Extensions (4.5.3)
      System.Collections (>= 4.3) - restriction: && (< monoandroid) (< monotouch) (< net45) (>= netstandard1.0) (< netstandard2.0) (< win8) (< wp8) (< wpa81) (< xamarintvos) (< xamarinwatchos)
      System.Runtime (>= 4.3) - restriction: && (< monoandroid) (< monotouch) (< net45) (>= netstandard1.0) (< netstandard2.0) (< win8) (< wp8) (< wpa81) (< xamarintvos) (< xamarinwatchos)
      System.Runtime.CompilerServices.Unsafe (>= 4.5.2) - restriction: || (&& (< monoandroid) (< monotouch) (>= netstandard1.0) (< netstandard2.0) (< win8) (< wpa81) (< xamarintvos) (< xamarinwatchos)) (&& (< monoandroid) (< netstandard1.0) (>= portable-net45+win8+wp8+wpa81) (< win8)) (>= net45) (&& (< netcoreapp2.1) (>= netstandard2.0) (< xamarinios) (< xamarinmac)) (&& (< netstandard1.0) (>= win8)) (&& (< netstandard2.0) (>= wpa81)) (>= wp8)
      System.Threading.Tasks (>= 4.3) - restriction: && (< monoandroid) (< monotouch) (< net45) (>= netstandard1.0) (< netstandard2.0) (< win8) (< wp8) (< wpa81) (< xamarintvos) (< xamarinwatchos)
    System.Threading.Tasks.Parallel (4.3) - restriction: >= netstandard2.0
      System.Collections.Concurrent (>= 4.3) - restriction: || (&& (< monoandroid) (< monotouch) (< net45) (>= netstandard1.3) (< win8) (< wpa81) (< xamarinios) (< xamarinmac) (< xamarintvos) (< xamarinwatchos)) (&& (< monoandroid) (< net45) (>= netstandard1.1) (< netstandard1.3) (< win8) (< wpa81))
      System.Diagnostics.Debug (>= 4.3) - restriction: && (< monoandroid) (< monotouch) (< net45) (>= netstandard1.3) (< win8) (< wpa81) (< xamarinios) (< xamarinmac) (< xamarintvos) (< xamarinwatchos)
      System.Diagnostics.Tracing (>= 4.3) - restriction: && (< monoandroid) (< monotouch) (< net45) (>= netstandard1.3) (< win8) (< wpa81) (< xamarinios) (< xamarinmac) (< xamarintvos) (< xamarinwatchos)
      System.Resources.ResourceManager (>= 4.3) - restriction: && (< monoandroid) (< monotouch) (< net45) (>= netstandard1.3) (< win8) (< wpa81) (< xamarinios) (< xamarinmac) (< xamarintvos) (< xamarinwatchos)
      System.Runtime (>= 4.3) - restriction: || (&& (< monoandroid) (< monotouch) (< net45) (>= netstandard1.3) (< win8) (< wpa81) (< xamarinios) (< xamarinmac) (< xamarintvos) (< xamarinwatchos)) (&& (< monoandroid) (< net45) (>= netstandard1.1) (< netstandard1.3) (< win8) (< wpa81))
      System.Runtime.Extensions (>= 4.3) - restriction: && (< monoandroid) (< monotouch) (< net45) (>= netstandard1.3) (< win8) (< wpa81) (< xamarinios) (< xamarinmac) (< xamarintvos) (< xamarinwatchos)
      System.Threading (>= 4.3) - restriction: && (< monoandroid) (< monotouch) (< net45) (>= netstandard1.3) (< win8) (< wpa81) (< xamarinios) (< xamarinmac) (< xamarintvos) (< xamarinwatchos)
      System.Threading.Tasks (>= 4.3) - restriction: || (&& (< monoandroid) (< monotouch) (< net45) (>= netstandard1.3) (< win8) (< wpa81) (< xamarinios) (< xamarinmac) (< xamarintvos) (< xamarinwatchos)) (&& (< monoandroid) (< net45) (>= netstandard1.1) (< netstandard1.3) (< win8) (< wpa81))
    System.Threading.Thread (4.3) - restriction: || (&& (>= monoandroid) (>= netstandard1.3) (< netstandard2.0)) (>= monotouch) (&& (< net46) (>= net461) (< netstandard2.0)) (&& (>= netcoreapp2.0) (< netstandard2.0)) (&& (< netstandard2.0) (>= xamarinios)) (&& (< netstandard2.0) (>= xamarinmac)) (>= xamarintvos) (>= xamarinwatchos)
    System.ValueTuple (4.5)
      NETStandard.Library (>= 1.6.1) - restriction: && (< monoandroid) (< monotouch) (< net45) (>= netstandard1.0) (< netstandard2.0) (< win8) (< wp8) (< wpa81) (< xamarintvos) (< xamarinwatchos)
    System.Windows.Extensions (4.6) - restriction: >= netcoreapp3.0
      System.Drawing.Common (>= 4.6) - restriction: >= netcoreapp3.0
    System.Xml.ReaderWriter (4.3.1) - restriction: || (&& (< monoandroid) (< monotouch) (< net20) (>= netstandard1.3) (< netstandard2.0) (< xamarintvos) (< xamarinwatchos)) (&& (< monoandroid) (< monotouch) (< net45) (>= netstandard1.3) (< win8) (< wpa81) (< xamarinios) (< xamarinmac) (< xamarintvos) (< xamarinwatchos)) (&& (< monoandroid) (< net45) (>= netstandard1.0) (< netstandard1.3) (< win8) (< wp8) (< wpa81)) (&& (< net35) (>= netstandard1.3) (< netstandard2.0))
      System.Collections (>= 4.3) - restriction: && (< monoandroid) (< monotouch) (< net45) (>= netstandard1.3) (< win8) (< wpa81) (< xamarinios) (< xamarinmac) (< xamarintvos) (< xamarinwatchos)
      System.Diagnostics.Debug (>= 4.3) - restriction: && (< monoandroid) (< monotouch) (< net45) (>= netstandard1.3) (< win8) (< wpa81) (< xamarinios) (< xamarinmac) (< xamarintvos) (< xamarinwatchos)
      System.Globalization (>= 4.3) - restriction: && (< monoandroid) (< monotouch) (< net45) (>= netstandard1.3) (< win8) (< wpa81) (< xamarinios) (< xamarinmac) (< xamarintvos) (< xamarinwatchos)
      System.IO (>= 4.3) - restriction: || (&& (< monoandroid) (< monotouch) (< net45) (>= netstandard1.3) (< win8) (< wpa81) (< xamarinios) (< xamarinmac) (< xamarintvos) (< xamarinwatchos)) (&& (< monoandroid) (< net45) (>= netstandard1.0) (< netstandard1.3) (< win8) (< wp8) (< wpa81))
      System.IO.FileSystem (>= 4.3) - restriction: && (< monoandroid) (< monotouch) (< net45) (>= netstandard1.3) (< win8) (< wpa81) (< xamarinios) (< xamarinmac) (< xamarintvos) (< xamarinwatchos)
      System.IO.FileSystem.Primitives (>= 4.3) - restriction: && (< monoandroid) (< monotouch) (< net45) (>= netstandard1.3) (< win8) (< wpa81) (< xamarinios) (< xamarinmac) (< xamarintvos) (< xamarinwatchos)
      System.Resources.ResourceManager (>= 4.3) - restriction: && (< monoandroid) (< monotouch) (< net45) (>= netstandard1.3) (< win8) (< wpa81) (< xamarinios) (< xamarinmac) (< xamarintvos) (< xamarinwatchos)
      System.Runtime (>= 4.3) - restriction: || (&& (< monoandroid) (< monotouch) (< net45) (>= netstandard1.3) (< win8) (< wpa81) (< xamarinios) (< xamarinmac) (< xamarintvos) (< xamarinwatchos)) (&& (< monoandroid) (< net45) (>= netstandard1.0) (< netstandard1.3) (< win8) (< wp8) (< wpa81))
      System.Runtime.Extensions (>= 4.3) - restriction: && (< monoandroid) (< monotouch) (< net45) (>= netstandard1.3) (< win8) (< wpa81) (< xamarinios) (< xamarinmac) (< xamarintvos) (< xamarinwatchos)
      System.Runtime.InteropServices (>= 4.3) - restriction: && (< monoandroid) (< monotouch) (< net45) (>= netstandard1.3) (< win8) (< wpa81) (< xamarinios) (< xamarinmac) (< xamarintvos) (< xamarinwatchos)
      System.Text.Encoding (>= 4.3) - restriction: || (&& (< monoandroid) (< monotouch) (< net45) (>= netstandard1.3) (< win8) (< wpa81) (< xamarinios) (< xamarinmac) (< xamarintvos) (< xamarinwatchos)) (&& (< monoandroid) (< net45) (>= netstandard1.0) (< netstandard1.3) (< win8) (< wp8) (< wpa81))
      System.Text.Encoding.Extensions (>= 4.3) - restriction: && (< monoandroid) (< monotouch) (< net45) (>= netstandard1.3) (< win8) (< wpa81) (< xamarinios) (< xamarinmac) (< xamarintvos) (< xamarinwatchos)
      System.Text.RegularExpressions (>= 4.3) - restriction: && (< monoandroid) (< monotouch) (< net45) (>= netstandard1.3) (< win8) (< wpa81) (< xamarinios) (< xamarinmac) (< xamarintvos) (< xamarinwatchos)
      System.Threading.Tasks (>= 4.3) - restriction: || (&& (< monoandroid) (< monotouch) (< net45) (>= netstandard1.3) (< win8) (< wpa81) (< xamarinios) (< xamarinmac) (< xamarintvos) (< xamarinwatchos)) (&& (< monoandroid) (< net45) (>= netstandard1.0) (< netstandard1.3) (< win8) (< wp8) (< wpa81))
      System.Threading.Tasks.Extensions (>= 4.3) - restriction: && (< monoandroid) (< monotouch) (< net45) (>= netstandard1.3) (< win8) (< wpa81) (< xamarinios) (< xamarinmac) (< xamarintvos) (< xamarinwatchos)
    System.Xml.XDocument (4.3)
      System.Collections (>= 4.3) - restriction: && (< monoandroid) (< monotouch) (< net45) (>= netstandard1.3) (< win8) (< wpa81) (< xamarinios) (< xamarinmac) (< xamarintvos) (< xamarinwatchos)
      System.Diagnostics.Debug (>= 4.3) - restriction: && (< monoandroid) (< monotouch) (< net45) (>= netstandard1.3) (< win8) (< wpa81) (< xamarinios) (< xamarinmac) (< xamarintvos) (< xamarinwatchos)
      System.Diagnostics.Tools (>= 4.3) - restriction: && (< monoandroid) (< monotouch) (< net45) (>= netstandard1.3) (< win8) (< wpa81) (< xamarinios) (< xamarinmac) (< xamarintvos) (< xamarinwatchos)
      System.Globalization (>= 4.3) - restriction: && (< monoandroid) (< monotouch) (< net45) (>= netstandard1.3) (< win8) (< wpa81) (< xamarinios) (< xamarinmac) (< xamarintvos) (< xamarinwatchos)
      System.IO (>= 4.3) - restriction: || (&& (< monoandroid) (< monotouch) (< net45) (>= netstandard1.3) (< win8) (< wpa81) (< xamarinios) (< xamarinmac) (< xamarintvos) (< xamarinwatchos)) (&& (< monoandroid) (< net45) (>= netstandard1.0) (< netstandard1.3) (< win8) (< wp8) (< wpa81))
      System.Reflection (>= 4.3) - restriction: && (< monoandroid) (< monotouch) (< net45) (>= netstandard1.3) (< win8) (< wpa81) (< xamarinios) (< xamarinmac) (< xamarintvos) (< xamarinwatchos)
      System.Resources.ResourceManager (>= 4.3) - restriction: && (< monoandroid) (< monotouch) (< net45) (>= netstandard1.3) (< win8) (< wpa81) (< xamarinios) (< xamarinmac) (< xamarintvos) (< xamarinwatchos)
      System.Runtime (>= 4.3) - restriction: || (&& (< monoandroid) (< monotouch) (< net45) (>= netstandard1.3) (< win8) (< wpa81) (< xamarinios) (< xamarinmac) (< xamarintvos) (< xamarinwatchos)) (&& (< monoandroid) (< net45) (>= netstandard1.0) (< netstandard1.3) (< win8) (< wp8) (< wpa81))
      System.Runtime.Extensions (>= 4.3) - restriction: && (< monoandroid) (< monotouch) (< net45) (>= netstandard1.3) (< win8) (< wpa81) (< xamarinios) (< xamarinmac) (< xamarintvos) (< xamarinwatchos)
      System.Text.Encoding (>= 4.3) - restriction: && (< monoandroid) (< monotouch) (< net45) (>= netstandard1.3) (< win8) (< wpa81) (< xamarinios) (< xamarinmac) (< xamarintvos) (< xamarinwatchos)
      System.Threading (>= 4.3) - restriction: && (< monoandroid) (< monotouch) (< net45) (>= netstandard1.3) (< win8) (< wpa81) (< xamarinios) (< xamarinmac) (< xamarintvos) (< xamarinwatchos)
      System.Xml.ReaderWriter (>= 4.3) - restriction: || (&& (< monoandroid) (< monotouch) (< net45) (>= netstandard1.3) (< win8) (< wpa81) (< xamarinios) (< xamarinmac) (< xamarintvos) (< xamarinwatchos)) (&& (< monoandroid) (< net45) (>= netstandard1.0) (< netstandard1.3) (< win8) (< wp8) (< wpa81))
    System.Xml.XmlDocument (4.3) - restriction: && (< net20) (>= netstandard1.3) (< netstandard2.0)
      System.Collections (>= 4.3) - restriction: && (< monoandroid) (< monotouch) (< net46) (>= netstandard1.3) (< xamarinios) (< xamarinmac) (< xamarintvos) (< xamarinwatchos)
      System.Diagnostics.Debug (>= 4.3) - restriction: && (< monoandroid) (< monotouch) (< net46) (>= netstandard1.3) (< xamarinios) (< xamarinmac) (< xamarintvos) (< xamarinwatchos)
      System.Globalization (>= 4.3) - restriction: && (< monoandroid) (< monotouch) (< net46) (>= netstandard1.3) (< xamarinios) (< xamarinmac) (< xamarintvos) (< xamarinwatchos)
      System.IO (>= 4.3) - restriction: && (< monoandroid) (< monotouch) (< net46) (>= netstandard1.3) (< xamarinios) (< xamarinmac) (< xamarintvos) (< xamarinwatchos)
      System.Resources.ResourceManager (>= 4.3) - restriction: && (< monoandroid) (< monotouch) (< net46) (>= netstandard1.3) (< xamarinios) (< xamarinmac) (< xamarintvos) (< xamarinwatchos)
      System.Runtime (>= 4.3) - restriction: && (< monoandroid) (< monotouch) (< net46) (>= netstandard1.3) (< xamarinios) (< xamarinmac) (< xamarintvos) (< xamarinwatchos)
      System.Runtime.Extensions (>= 4.3) - restriction: && (< monoandroid) (< monotouch) (< net46) (>= netstandard1.3) (< xamarinios) (< xamarinmac) (< xamarintvos) (< xamarinwatchos)
      System.Text.Encoding (>= 4.3) - restriction: && (< monoandroid) (< monotouch) (< net46) (>= netstandard1.3) (< xamarinios) (< xamarinmac) (< xamarintvos) (< xamarinwatchos)
      System.Threading (>= 4.3) - restriction: && (< monoandroid) (< monotouch) (< net46) (>= netstandard1.3) (< xamarinios) (< xamarinmac) (< xamarintvos) (< xamarinwatchos)
      System.Xml.ReaderWriter (>= 4.3) - restriction: && (< monoandroid) (< monotouch) (< net46) (>= netstandard1.3) (< xamarinios) (< xamarinmac) (< xamarintvos) (< xamarinwatchos)
    Topshelf (3.1.4)
    Unofficial.Microsoft.mshtml (7.0.3300)
    WindowsBase (4.6.1055)
    Xpand.Collections (1.0.1)
    Xpand.Extensions (0.0.19)
      Fasterflect.Xpand (>= 2.0.7)
      JetBrains.Annotations (>= 2019.1.3)
      System.CodeDom (>= 4.6)
      System.Reflection.Emit (>= 4.7)
    Xpand.Extensions.Reactive (0.0.12)
      Fasterflect.Xpand (>= 2.0.7)
      JetBrains.Annotations (>= 2019.1.3)
      System.CodeDom (>= 4.6)
      System.Reactive (>= 4.2)
      System.Reflection.Emit (>= 4.7)
      Xpand.Extensions (>= 0.0.19)
    Xpand.Extensions.XAF (0.0.18)
      Fasterflect.Xpand (>= 2.0.7)
      JetBrains.Annotations (>= 2019.1.3)
      System.Reflection.Emit (>= 4.7)
      Xpand.Extensions (>= 0.0.19)
      Xpand.Patcher (>= 1.0.1)
      Xpand.VersionConverter (>= 1.1.7)
    Xpand.Patcher (1.0.1)
    Xpand.XAF.Core.All (0.0.15)
      Xpand.XAF.Modules.AutoCommit (>= 1.0.28)
      Xpand.XAF.Modules.CloneMemberValue (>= 1.2.76)
      Xpand.XAF.Modules.CloneModelView (>= 1.0.26)
      Xpand.XAF.Modules.HideToolBar (>= 1.0.27)
      Xpand.XAF.Modules.MasterDetail (>= 1.0.27)
      Xpand.XAF.Modules.ModelMapper (>= 1.1.70)
      Xpand.XAF.Modules.ModelViewInheritance (>= 1.1.66)
      Xpand.XAF.Modules.ProgressBarViewItem (>= 1.0.27)
      Xpand.XAF.Modules.Reactive (>= 1.2.79)
      Xpand.XAF.Modules.Reactive.Logger (>= 0.0.32)
      Xpand.XAF.Modules.Reactive.Logger.Hub (>= 0.0.31)
      Xpand.XAF.Modules.RefreshView (>= 0.0.30)
      Xpand.XAF.Modules.SuppressConfirmation (>= 1.0.27)
      Xpand.XAF.Modules.ViewEditMode (>= 1.2.76)
    Xpand.XAF.Modules.AutoCommit (1.0.28)
      Fasterflect.Xpand (>= 2.0.7)
      JetBrains.Annotations (>= 2019.1.3)
      System.Reactive (>= 4.2)
      Xpand.Extensions (>= 0.0.19)
      Xpand.Extensions.Reactive (>= 0.0.12)
      Xpand.Extensions.XAF (>= 0.0.18)
      Xpand.VersionConverter (>= 1.1.7)
      Xpand.XAF.Modules.Reactive (>= 1.2.79)
    Xpand.XAF.Modules.CloneMemberValue (1.2.76)
      Fasterflect.Xpand (>= 2.0.7)
      JetBrains.Annotations (>= 2019.1.3)
      System.Reactive (>= 4.2)
      Xpand.Extensions.Reactive (>= 0.0.12)
      Xpand.VersionConverter (>= 1.1.7)
      Xpand.XAF.Modules.Reactive (>= 1.2.79)
    Xpand.XAF.Modules.CloneModelView (1.0.26)
      Fasterflect.Xpand (>= 2.0.7)
      JetBrains.Annotations (>= 2019.1.3)
      System.ValueTuple (>= 4.5)
      Xpand.Extensions.XAF (>= 0.0.18)
      Xpand.Patcher (>= 1.0.1)
      Xpand.VersionConverter (>= 1.1.7)
    Xpand.XAF.Modules.GridListEditor (0.0.30)
      Fasterflect.Xpand (>= 2.0.7)
      JetBrains.Annotations (>= 2019.1.3)
      System.Reactive (>= 4.2)
      Xpand.Extensions.Reactive (>= 0.0.12)
      Xpand.VersionConverter (>= 1.1.7)
      Xpand.XAF.Modules.Reactive (>= 1.2.79)
    Xpand.XAF.Modules.HideToolBar (1.0.27)
      Fasterflect.Xpand (>= 2.0.7)
      JetBrains.Annotations (>= 2019.1.3)
      System.Reactive (>= 4.2)
      Xpand.Extensions.Reactive (>= 0.0.12)
      Xpand.Extensions.XAF (>= 0.0.18)
      Xpand.VersionConverter (>= 1.1.7)
      Xpand.XAF.Modules.Reactive (>= 1.2.79)
    Xpand.XAF.Modules.MasterDetail (1.0.27)
      Fasterflect.Xpand (>= 2.0.7)
      JetBrains.Annotations (>= 2019.1.3)
      System.Reactive (>= 4.2)
      Xpand.Extensions.Reactive (>= 0.0.12)
      Xpand.Extensions.XAF (>= 0.0.18)
      Xpand.Patcher (>= 1.0.1)
      Xpand.VersionConverter (>= 1.1.7)
      Xpand.XAF.Modules.Reactive (>= 1.2.79)
    Xpand.XAF.Modules.ModelMapper (1.1.70)
      Enums.NET (>= 3.0)
      Fasterflect.Xpand (>= 2.0.7)
      JetBrains.Annotations (>= 2019.1.3)
      Mono.Cecil (>= 0.11.1)
      System.CodeDom (>= 4.6)
      System.Interactive (>= 4.0)
      System.Reactive (>= 4.2)
      Xpand.Collections (>= 1.0.1)
      Xpand.Extensions (>= 0.0.19)
      Xpand.Extensions.Reactive (>= 0.0.12)
      Xpand.Extensions.XAF (>= 0.0.18)
      Xpand.VersionConverter (>= 1.1.7)
      Xpand.XAF.Modules.Reactive (>= 1.2.79)
    Xpand.XAF.Modules.ModelViewInheritance (1.1.66)
      Fasterflect.Xpand (>= 2.0.7)
      JetBrains.Annotations (>= 2019.1.3)
      System.ValueTuple (>= 4.5)
      Xpand.Extensions (>= 0.0.19)
      Xpand.Extensions.XAF (>= 0.0.18)
      Xpand.VersionConverter (>= 1.1.7)
    Xpand.XAF.Modules.OneView (0.0.30)
      Fasterflect.Xpand (>= 2.0.7)
      JetBrains.Annotations (>= 2019.1.3)
      System.Reactive (>= 4.2)
      Xpand.Extensions.Reactive (>= 0.0.12)
      Xpand.Extensions.XAF (>= 0.0.18)
      Xpand.VersionConverter (>= 1.1.7)
      Xpand.XAF.Modules.Reactive (>= 1.2.79)
      Xpand.XAF.Modules.Reactive.Win (>= 0.0.30)
    Xpand.XAF.Modules.ProgressBarViewItem (1.0.27)
      Fasterflect.Xpand (>= 2.0.7)
      JetBrains.Annotations (>= 2019.1.3)
      System.Reactive (>= 4.2)
      Xpand.Extensions (>= 0.0.19)
      Xpand.Extensions.Reactive (>= 0.0.12)
      Xpand.Extensions.XAF (>= 0.0.18)
      Xpand.VersionConverter (>= 1.1.7)
      Xpand.XAF.Modules.Reactive (>= 1.2.79)
    Xpand.XAF.Modules.Reactive (1.2.79)
      Fasterflect.Xpand (>= 2.0.7)
      JetBrains.Annotations (>= 2019.1.3)
      System.Interactive (>= 4.0)
      System.Reactive (>= 4.2)
      Xpand.Extensions (>= 0.0.19)
      Xpand.Extensions.Reactive (>= 0.0.12)
      Xpand.Extensions.XAF (>= 0.0.18)
      Xpand.Patcher (>= 1.0.1)
      Xpand.VersionConverter (>= 1.1.7)
    Xpand.XAF.Modules.Reactive.Logger (0.0.32)
      Fasterflect.Xpand (>= 2.0.7)
      JetBrains.Annotations (>= 2019.1.3)
      System.Reactive (>= 4.2)
      Xpand.Extensions (>= 0.0.19)
      Xpand.Extensions.Reactive (>= 0.0.12)
      Xpand.Extensions.XAF (>= 0.0.18)
      Xpand.Patcher (>= 1.0.1)
      Xpand.VersionConverter (>= 1.1.7)
      Xpand.XAF.Modules.Reactive (>= 1.2.79)
    Xpand.XAF.Modules.Reactive.Logger.Hub (0.0.31)
      Fasterflect.Xpand (>= 2.0.7)
      JetBrains.Annotations (>= 2019.1.3)
      MagicOnion (>= 2.6.3)
      System.Interactive.Async (>= 4.0)
      System.Reactive (>= 4.2)
      Xpand.Extensions.Reactive (>= 0.0.12)
      Xpand.VersionConverter (>= 1.1.7)
      Xpand.XAF.Modules.Reactive (>= 1.2.79)
      Xpand.XAF.Modules.Reactive.Logger (>= 0.0.32)
    Xpand.XAF.Modules.Reactive.Win (0.0.30)
      Fasterflect.Xpand (>= 2.0.7)
      JetBrains.Annotations (>= 2019.1.3)
      System.Interactive (>= 4.0)
      System.Reactive (>= 4.2)
      Xpand.Patcher (>= 1.0.1)
      Xpand.VersionConverter (>= 1.1.7)
      Xpand.XAF.Modules.Reactive (>= 1.2.79)
    Xpand.XAF.Modules.RefreshView (0.0.30)
      Fasterflect.Xpand (>= 2.0.7)
      JetBrains.Annotations (>= 2019.1.3)
      System.Reactive (>= 4.2)
      Xpand.Extensions.Reactive (>= 0.0.12)
      Xpand.VersionConverter (>= 1.1.7)
      Xpand.XAF.Modules.Reactive (>= 1.2.79)
    Xpand.XAF.Modules.SuppressConfirmation (1.0.27)
      Fasterflect.Xpand (>= 2.0.7)
      JetBrains.Annotations (>= 2019.1.3)
      System.Reactive (>= 4.2)
      Xpand.Extensions.Reactive (>= 0.0.12)
      Xpand.VersionConverter (>= 1.1.7)
      Xpand.XAF.Modules.Reactive (>= 1.2.79)
    Xpand.XAF.Modules.ViewEditMode (1.2.76)
      Fasterflect.Xpand (>= 2.0.7)
      JetBrains.Annotations (>= 2019.1.3)
      System.Reactive (>= 4.2)
      Xpand.Extensions.Reactive (>= 0.0.12)
      Xpand.VersionConverter (>= 1.1.7)
      Xpand.XAF.Modules.Reactive (>= 1.2.79)
    Xpand.XAF.Web.All (0.0.15)
      Xpand.XAF.Core.All (>= 0.0.15)
    Xpand.XAF.Win.All (0.0.15)
      Xpand.XAF.Core.All (>= 0.0.15)
      Xpand.XAF.Modules.GridListEditor (>= 0.0.30)
      Xpand.XAF.Modules.OneView (>= 0.0.30)
      Xpand.XAF.Modules.Reactive.Win (>= 0.0.30)
  remote: "C:\Program Files (x86)\DevExpress 19.2\Components\System\Components\Packages"
    DevExpress.Charts (19.2.4) - restriction: || (>= net452) (>= netstandard2.0)
      DevExpress.Charts.Core (19.2.4) - restriction: || (>= net452) (>= netstandard2.0)
      DevExpress.Data (19.2.4) - restriction: || (>= net452) (>= netstandard2.0)
      DevExpress.Printing.Core (19.2.4) - restriction: || (>= net452) (>= netstandard2.0)
      NETStandard.Library (>= 2.0.3) - restriction: && (< net452) (>= netstandard2.0)
      System.Drawing.Common (>= 4.5) - restriction: && (< net452) (>= netstandard2.0)
    DevExpress.Charts.Core (19.2.4) - restriction: || (>= net452) (>= netstandard2.0)
      DevExpress.Data (19.2.4) - restriction: || (>= net452) (>= netstandard2.0)
      NETStandard.Library (>= 2.0.3) - restriction: && (< net452) (>= netstandard2.0)
    DevExpress.CodeParser (19.2.4) - restriction: || (>= net452) (>= netstandard2.0)
      DevExpress.Data (19.2.4) - restriction: || (>= net452) (>= netstandard2.0)
    DevExpress.Dashboard.Core (19.2.4) - restriction: >= net452
      DevExpress.Charts (19.2.4) - restriction: || (>= net452) (>= netstandard2.0)
      DevExpress.Charts.Core (19.2.4) - restriction: || (>= net452) (>= netstandard2.0)
      DevExpress.Data (19.2.4) - restriction: || (>= net452) (>= netstandard2.0)
      DevExpress.DataAccess (19.2.4) - restriction: || (>= net452) (>= netstandard2.0)
      DevExpress.Gauges.Core (19.2.4) - restriction: || (>= net452) (>= netstandard2.0)
      DevExpress.Map.Core (19.2.4) - restriction: || (>= net452) (>= netstandard2.0)
      DevExpress.Office.Core (19.2.4) - restriction: || (>= net452) (>= netstandard2.0)
      DevExpress.PivotGrid.Core (19.2.4) - restriction: || (>= net452) (>= netstandard2.0)
      DevExpress.Printing.Core (19.2.4) - restriction: || (>= net452) (>= netstandard2.0)
      DevExpress.Reporting.Core (19.2.4) - restriction: || (>= net452) (>= netstandard2.0)
      DevExpress.RichEdit.Core (19.2.4) - restriction: || (>= net452) (>= netstandard2.0)
      DevExpress.Sparkline.Core (19.2.4) - restriction: || (>= net452) (>= netstandard2.0)
      DevExpress.TreeMap.Core (19.2.4) - restriction: || (>= net452) (>= netstandard2.0)
      DevExpress.Utils (19.2.4) - restriction: >= net452
      DevExpress.Win.Gauges (19.2.4) - restriction: >= net452
      DevExpress.Win.Map (19.2.4) - restriction: >= net452
      DevExpress.Win.TreeMap (19.2.4) - restriction: >= net452
      DevExpress.Xpo (19.2.4) - restriction: || (>= net452) (>= netstandard2.0)
    DevExpress.DataAccess (19.2.4) - restriction: || (>= net452) (>= netstandard2.0)
      DevExpress.CodeParser (19.2.4) - restriction: || (>= net452) (>= netstandard2.0)
      DevExpress.Data (19.2.4) - restriction: || (>= net452) (>= netstandard2.0)
      DevExpress.Office.Core (19.2.4) - restriction: >= net452
      DevExpress.Printing.Core (19.2.4) - restriction: || (>= net452) (>= netstandard2.0)
      DevExpress.RichEdit.Core (19.2.4) - restriction: >= net452
      DevExpress.Xpo (19.2.4) - restriction: || (>= net452) (>= netstandard2.0)
    DevExpress.DataAccess.UI (19.2.4) - restriction: >= net452
      DevExpress.CodeParser (19.2.4) - restriction: >= net452
      DevExpress.Data (19.2.4) - restriction: >= net452
      DevExpress.DataAccess (19.2.4) - restriction: >= net452
      DevExpress.Diagram.Core (19.2.4) - restriction: >= net452
      DevExpress.Printing.Core (19.2.4) - restriction: >= net452
      DevExpress.RichEdit.Core (19.2.4) - restriction: >= net452
      DevExpress.Utils (19.2.4) - restriction: >= net452
      DevExpress.Utils.UI (19.2.4) - restriction: >= net452
      DevExpress.Win.Diagram (19.2.4) - restriction: >= net452
      DevExpress.Win.Grid (19.2.4) - restriction: >= net452
      DevExpress.Win.Navigation (19.2.4) - restriction: >= net452
      DevExpress.Win.Printing (19.2.4) - restriction: >= net452
      DevExpress.Win.RichEdit (19.2.4) - restriction: >= net452
      DevExpress.Win.TreeList (19.2.4) - restriction: >= net452
      DevExpress.Xpo (19.2.4) - restriction: >= net452
    DevExpress.Diagram.Core (19.2.4) - restriction: >= net452
      DevExpress.Data (19.2.4) - restriction: >= net452
      DevExpress.Printing.Core (19.2.4) - restriction: >= net452
    DevExpress.Document.Processor (19.2.4)
      DevExpress.Charts (19.2.4) - restriction: || (>= net452) (>= netstandard2.0)
      DevExpress.Charts.Core (19.2.4) - restriction: || (>= net452) (>= netstandard2.0)
      DevExpress.Data (19.2.4) - restriction: || (>= net452) (>= netstandard2.0)
      DevExpress.DataAccess (19.2.4) - restriction: >= net452
      DevExpress.Office.Core (19.2.4) - restriction: || (>= net452) (>= netstandard2.0)
      DevExpress.Pdf.Core (19.2.4) - restriction: || (>= net452) (>= netstandard2.0)
      DevExpress.Pdf.Drawing (19.2.4) - restriction: || (>= net452) (>= netstandard2.0)
      DevExpress.Printing.Core (19.2.4) - restriction: || (>= net452) (>= netstandard2.0)
      DevExpress.RichEdit.Core (19.2.4) - restriction: || (>= net452) (>= netstandard2.0)
      DevExpress.Snap.Core (19.2.4) - restriction: >= net452
      DevExpress.Spreadsheet.Core (19.2.4) - restriction: || (>= net452) (>= netstandard2.0)
      NETStandard.Library (>= 2.0.3) - restriction: && (< net452) (>= netstandard2.0)
      System.Drawing.Common (>= 4.5) - restriction: && (< net452) (>= netstandard2.0)
    DevExpress.EasyTest (19.2.4) - restriction: || (>= net452) (>= netstandard2.0)
      Microsoft.Win32.Registry (>= 4.6) - restriction: && (< net452) (>= netstandard2.0)
      NETStandard.Library (>= 2.0.3) - restriction: && (< net452) (>= netstandard2.0)
      System.Configuration.ConfigurationManager (>= 4.6) - restriction: && (< net452) (>= netstandard2.0)
      System.Data.SqlClient (>= 4.7) - restriction: && (< net452) (>= netstandard2.0)
      System.Drawing.Common (>= 4.6) - restriction: && (< net452) (>= netstandard2.0)
      System.ServiceProcess.ServiceController (>= 4.6) - restriction: && (< net452) (>= netstandard2.0)
    DevExpress.ExpressApp (19.2.4) - restriction: || (>= net452) (>= netstandard2.0)
      DevExpress.Data (19.2.4) - restriction: || (>= net452) (>= netstandard2.0)
      DevExpress.Images (19.2.4) - restriction: || (>= net452) (>= netstandard2.0)
      DevExpress.Printing.Core (19.2.4) - restriction: || (>= net452) (>= netstandard2.0)
      DevExpress.Utils (19.2.4) - restriction: >= net452
      Microsoft.CodeAnalysis.CSharp (>= 2.8) - restriction: && (< net452) (>= netstandard2.0)
      Microsoft.Win32.Registry (>= 4.5) - restriction: && (< net452) (>= netstandard2.0)
      NETStandard.Library (>= 2.0.3) - restriction: && (< net452) (>= netstandard2.0)
      System.Configuration.ConfigurationManager (>= 4.5) - restriction: && (< net452) (>= netstandard2.0)
      System.Diagnostics.EventLog (>= 4.5) - restriction: && (< net452) (>= netstandard2.0)
      System.Drawing.Common (>= 4.5) - restriction: && (< net452) (>= netstandard2.0)
      System.Reflection.Emit (>= 4.3) - restriction: && (< net452) (>= netstandard2.0)
      System.Reflection.Emit.Lightweight (>= 4.3) - restriction: && (< net452) (>= netstandard2.0)
      System.Resources.Extensions (>= 4.6) - restriction: && (< net452) (>= netstandard2.0)
      System.ServiceModel.Primitives (>= 4.5.3) - restriction: && (< net452) (>= netstandard2.0)
    DevExpress.ExpressApp.AuditTrail (19.2.4) - restriction: || (>= net452) (>= netstandard2.0)
      DevExpress.Data (19.2.4) - restriction: || (>= net452) (>= netstandard2.0)
      DevExpress.ExpressApp (19.2.4) - restriction: || (>= net452) (>= netstandard2.0)
      DevExpress.ExpressApp.Xpo (19.2.4) - restriction: || (>= net452) (>= netstandard2.0)
      DevExpress.Persistent.BaseImpl (19.2.4) - restriction: || (>= net452) (>= netstandard2.0)
      DevExpress.Xpo (19.2.4) - restriction: || (>= net452) (>= netstandard2.0)
      NETStandard.Library (>= 2.0.3) - restriction: && (< net452) (>= netstandard2.0)
      System.Drawing.Common (>= 4.5) - restriction: && (< net452) (>= netstandard2.0)
    DevExpress.ExpressApp.Chart (19.2.4) - restriction: || (>= net452) (>= netstandard2.0)
      DevExpress.Charts (19.2.4) - restriction: >= net452
      DevExpress.Data (19.2.4) - restriction: >= net452
      DevExpress.ExpressApp (19.2.4) - restriction: >= net452
      DevExpress.Persistent.Base (19.2.4) - restriction: >= net452
    DevExpress.ExpressApp.Chart.Web (19.2.4) - restriction: >= net452
      DevExpress.Charts (19.2.4) - restriction: >= net452
      DevExpress.Data (19.2.4) - restriction: >= net452
      DevExpress.ExpressApp (19.2.4) - restriction: >= net452
      DevExpress.ExpressApp.Chart (19.2.4) - restriction: >= net452
      DevExpress.ExpressApp.Web (19.2.4) - restriction: >= net452
      DevExpress.Persistent.Base (19.2.4) - restriction: >= net452
      DevExpress.Web (19.2.4) - restriction: >= net452
      DevExpress.Web.Visualization (19.2.4) - restriction: >= net452
    DevExpress.ExpressApp.Chart.Win (19.2.4) - restriction: >= net452
      DevExpress.Charts (19.2.4) - restriction: >= net452
      DevExpress.Data (19.2.4) - restriction: >= net452
      DevExpress.ExpressApp (19.2.4) - restriction: >= net452
      DevExpress.ExpressApp.Chart (19.2.4) - restriction: >= net452
      DevExpress.ExpressApp.Win (19.2.4) - restriction: >= net452
      DevExpress.Persistent.Base (19.2.4) - restriction: >= net452
      DevExpress.Printing.Core (19.2.4) - restriction: >= net452
      DevExpress.Utils (19.2.4) - restriction: >= net452
      DevExpress.Win.Charts (19.2.4) - restriction: >= net452
      DevExpress.Win.Navigation (19.2.4) - restriction: >= net452
    DevExpress.ExpressApp.CloneObject (19.2.4) - restriction: || (>= net452) (>= netstandard2.0)
      DevExpress.Data (19.2.4) - restriction: || (>= net452) (>= netstandard2.0)
      DevExpress.ExpressApp (19.2.4) - restriction: || (>= net452) (>= netstandard2.0)
      DevExpress.Persistent.Base (19.2.4) - restriction: || (>= net452) (>= netstandard2.0)
      NETStandard.Library (>= 2.0.3) - restriction: && (< net452) (>= netstandard2.0)
      System.Drawing.Common (>= 4.5) - restriction: && (< net452) (>= netstandard2.0)
    DevExpress.ExpressApp.ConditionalAppearance (19.2.4) - restriction: || (>= net452) (>= netstandard2.0)
      DevExpress.Data (19.2.4) - restriction: || (>= net452) (>= netstandard2.0)
      DevExpress.ExpressApp (19.2.4) - restriction: || (>= net452) (>= netstandard2.0)
      DevExpress.Persistent.Base (19.2.4) - restriction: || (>= net452) (>= netstandard2.0)
      NETStandard.Library (>= 2.0.3) - restriction: && (< net452) (>= netstandard2.0)
      System.Drawing.Common (>= 4.5) - restriction: && (< net452) (>= netstandard2.0)
    DevExpress.ExpressApp.Core.All (19.2.4)
      DevExpress.EasyTest (19.2.4) - restriction: || (>= net452) (>= netstandard2.0)
      DevExpress.ExpressApp.AuditTrail (19.2.4) - restriction: || (>= net452) (>= netstandard2.0)
      DevExpress.ExpressApp.Chart (19.2.4) - restriction: || (>= net452) (>= netstandard2.0)
      DevExpress.ExpressApp.CloneObject (19.2.4) - restriction: || (>= net452) (>= netstandard2.0)
      DevExpress.ExpressApp.ConditionalAppearance (19.2.4) - restriction: || (>= net452) (>= netstandard2.0)
      DevExpress.ExpressApp.Dashboards (19.2.4) - restriction: || (>= net452) (>= netstandard2.0)
      DevExpress.ExpressApp.Images (19.2.4) - restriction: || (>= net452) (>= netstandard2.0)
      DevExpress.ExpressApp.Kpi (19.2.4) - restriction: || (>= net452) (>= netstandard2.0)
      DevExpress.ExpressApp.Notifications (19.2.4) - restriction: || (>= net452) (>= netstandard2.0)
      DevExpress.ExpressApp.Objects (19.2.4) - restriction: || (>= net452) (>= netstandard2.0)
      DevExpress.ExpressApp.Office (19.2.4) - restriction: || (>= net452) (>= netstandard2.0)
      DevExpress.ExpressApp.PivotChart (19.2.4) - restriction: || (>= net452) (>= netstandard2.0)
      DevExpress.ExpressApp.PivotGrid (19.2.4) - restriction: || (>= net452) (>= netstandard2.0)
      DevExpress.ExpressApp.ReportsV2 (19.2.4) - restriction: || (>= net452) (>= netstandard2.0)
      DevExpress.ExpressApp.Scheduler (19.2.4) - restriction: || (>= net452) (>= netstandard2.0)
      DevExpress.ExpressApp.ScriptRecorder (19.2.4) - restriction: || (>= net452) (>= netstandard2.0)
      DevExpress.ExpressApp.Security (19.2.4) - restriction: || (>= net452) (>= netstandard2.0)
      DevExpress.ExpressApp.StateMachine (19.2.4) - restriction: || (>= net452) (>= netstandard2.0)
      DevExpress.ExpressApp.TreeListEditors (19.2.4) - restriction: || (>= net452) (>= netstandard2.0)
      DevExpress.ExpressApp.Validation (19.2.4) - restriction: || (>= net452) (>= netstandard2.0)
      DevExpress.ExpressApp.ViewVariantsModule (19.2.4) - restriction: || (>= net452) (>= netstandard2.0)
      DevExpress.ExpressApp.Workflow (19.2.4) - restriction: || (>= net452) (>= netstandard2.0)
      DevExpress.Persistent.Base (19.2.4) - restriction: || (>= net452) (>= netstandard2.0)
    DevExpress.ExpressApp.Dashboards (19.2.4) - restriction: || (>= net452) (>= netstandard2.0)
      DevExpress.Dashboard.Core (19.2.4) - restriction: >= net452
      DevExpress.Data (19.2.4) - restriction: >= net452
      DevExpress.DataAccess (19.2.4) - restriction: >= net452
      DevExpress.ExpressApp (19.2.4) - restriction: >= net452
      DevExpress.Persistent.Base (19.2.4) - restriction: >= net452
      DevExpress.Utils (19.2.4) - restriction: >= net452
    DevExpress.ExpressApp.Dashboards.Web (19.2.4) - restriction: >= net452
      DevExpress.Dashboard.Core (19.2.4) - restriction: >= net452
      DevExpress.Data (19.2.4) - restriction: >= net452
      DevExpress.DataAccess (19.2.4) - restriction: >= net452
      DevExpress.ExpressApp (19.2.4) - restriction: >= net452
      DevExpress.ExpressApp.Dashboards (19.2.4) - restriction: >= net452
      DevExpress.ExpressApp.Web (19.2.4) - restriction: >= net452
      DevExpress.Persistent.Base (19.2.4) - restriction: >= net452
      DevExpress.Web (19.2.4) - restriction: >= net452
      DevExpress.Web.Dashboard (19.2.4) - restriction: >= net452
      DevExpress.Web.Dashboard.Common (19.2.4) - restriction: >= net452
    DevExpress.ExpressApp.Dashboards.Win (19.2.4) - restriction: >= net452
      DevExpress.Dashboard.Core (19.2.4) - restriction: >= net452
      DevExpress.Data (19.2.4) - restriction: >= net452
      DevExpress.DataAccess (19.2.4) - restriction: >= net452
      DevExpress.DataAccess.UI (19.2.4) - restriction: >= net452
      DevExpress.ExpressApp (19.2.4) - restriction: >= net452
      DevExpress.ExpressApp.Dashboards (19.2.4) - restriction: >= net452
      DevExpress.ExpressApp.Win (19.2.4) - restriction: >= net452
      DevExpress.Persistent.Base (19.2.4) - restriction: >= net452
      DevExpress.Utils (19.2.4) - restriction: >= net452
      DevExpress.Win.Dashboard (19.2.4) - restriction: >= net452
      DevExpress.Win.Navigation (19.2.4) - restriction: >= net452
    DevExpress.ExpressApp.EasyTest.WebAdapter (19.2.4) - restriction: >= net452
      DevExpress.Data (19.2.4) - restriction: >= net452
      DevExpress.EasyTest (19.2.4) - restriction: >= net452
    DevExpress.ExpressApp.EasyTest.WinAdapter (19.2.4) - restriction: >= net452
      DevExpress.Data (19.2.4) - restriction: >= net452
      DevExpress.EasyTest (19.2.4) - restriction: >= net452
      DevExpress.ExpressApp (19.2.4) - restriction: >= net452
      DevExpress.ExpressApp.HtmlPropertyEditor.Win (19.2.4) - restriction: >= net452
      DevExpress.ExpressApp.Office.Win (19.2.4) - restriction: >= net452
      DevExpress.ExpressApp.PivotChart.Win (19.2.4) - restriction: >= net452
      DevExpress.ExpressApp.Win (19.2.4) - restriction: >= net452
      DevExpress.PivotGrid.Core (19.2.4) - restriction: >= net452
      DevExpress.Scheduler.Core (19.2.4) - restriction: >= net452
      DevExpress.Spreadsheet.Core (19.2.4) - restriction: >= net452
      DevExpress.Utils (19.2.4) - restriction: >= net452
      DevExpress.Win (19.2.4) - restriction: >= net452
      DevExpress.Win.Grid (19.2.4) - restriction: >= net452
      DevExpress.Win.Navigation (19.2.4) - restriction: >= net452
      DevExpress.Win.PivotGrid (19.2.4) - restriction: >= net452
      DevExpress.Win.RichEdit (19.2.4) - restriction: >= net452
      DevExpress.Win.Scheduler (19.2.4) - restriction: >= net452
      DevExpress.Win.Spreadsheet (19.2.4) - restriction: >= net452
      DevExpress.Win.TreeList (19.2.4) - restriction: >= net452
      DevExpress.Win.VerticalGrid (19.2.4) - restriction: >= net452
    DevExpress.ExpressApp.FileAttachment.Web (19.2.4) - restriction: >= net452
      DevExpress.Data (19.2.4) - restriction: >= net452
      DevExpress.ExpressApp (19.2.4) - restriction: >= net452
      DevExpress.ExpressApp.Web (19.2.4) - restriction: >= net452
      DevExpress.Persistent.Base (19.2.4) - restriction: >= net452
      DevExpress.Web (19.2.4) - restriction: >= net452
    DevExpress.ExpressApp.FileAttachment.Win (19.2.4) - restriction: >= net452
      DevExpress.Data (19.2.4) - restriction: >= net452
      DevExpress.ExpressApp (19.2.4) - restriction: >= net452
      DevExpress.ExpressApp.Win (19.2.4) - restriction: >= net452
      DevExpress.Persistent.Base (19.2.4) - restriction: >= net452
      DevExpress.Utils (19.2.4) - restriction: >= net452
      DevExpress.Win.Navigation (19.2.4) - restriction: >= net452
    DevExpress.ExpressApp.HtmlPropertyEditor.Web (19.2.4) - restriction: >= net452
      DevExpress.Data (19.2.4) - restriction: >= net452
      DevExpress.ExpressApp (19.2.4) - restriction: >= net452
      DevExpress.ExpressApp.Web (19.2.4) - restriction: >= net452
      DevExpress.Web (19.2.4) - restriction: >= net452
    DevExpress.ExpressApp.HtmlPropertyEditor.Win (19.2.4) - restriction: >= net452
      DevExpress.Data (19.2.4) - restriction: >= net452
      DevExpress.ExpressApp (19.2.4) - restriction: >= net452
      DevExpress.ExpressApp.Win (19.2.4) - restriction: >= net452
      DevExpress.Utils (19.2.4) - restriction: >= net452
      DevExpress.Win.Navigation (19.2.4) - restriction: >= net452
    DevExpress.ExpressApp.Images (19.2.4) - restriction: || (>= net452) (>= netstandard2.0)
      NETStandard.Library (>= 2.0.3) - restriction: && (< net452) (>= netstandard2.0)
    DevExpress.ExpressApp.Kpi (19.2.4) - restriction: || (>= net452) (>= netstandard2.0)
      DevExpress.Data (19.2.4) - restriction: || (>= net452) (>= netstandard2.0)
      DevExpress.ExpressApp (19.2.4) - restriction: || (>= net452) (>= netstandard2.0)
      DevExpress.ExpressApp.Validation (19.2.4) - restriction: || (>= net452) (>= netstandard2.0)
      DevExpress.Persistent.Base (19.2.4) - restriction: || (>= net452) (>= netstandard2.0)
      NETStandard.Library (>= 2.0.3) - restriction: && (< net452) (>= netstandard2.0)
      System.Drawing.Common (>= 4.5) - restriction: && (< net452) (>= netstandard2.0)
    DevExpress.ExpressApp.Maps.Web (19.2.4) - restriction: >= net452
      DevExpress.Data (19.2.4) - restriction: >= net452
      DevExpress.ExpressApp (19.2.4) - restriction: >= net452
      DevExpress.ExpressApp.Web (19.2.4) - restriction: >= net452
      DevExpress.Persistent.Base (19.2.4) - restriction: >= net452
      DevExpress.Web (19.2.4) - restriction: >= net452
    DevExpress.ExpressApp.Notifications (19.2.4) - restriction: || (>= net452) (>= netstandard2.0)
      DevExpress.Data (19.2.4) - restriction: >= net452
      DevExpress.ExpressApp (19.2.4) - restriction: >= net452
      DevExpress.Persistent.Base (19.2.4) - restriction: >= net452
    DevExpress.ExpressApp.Notifications.Web (19.2.4) - restriction: >= net452
      DevExpress.Data (19.2.4) - restriction: >= net452
      DevExpress.ExpressApp (19.2.4) - restriction: >= net452
      DevExpress.ExpressApp.Notifications (19.2.4) - restriction: >= net452
      DevExpress.ExpressApp.Web (19.2.4) - restriction: >= net452
      DevExpress.Web (19.2.4) - restriction: >= net452
    DevExpress.ExpressApp.Notifications.Win (19.2.4) - restriction: >= net452
      DevExpress.Data (19.2.4) - restriction: >= net452
      DevExpress.ExpressApp (19.2.4) - restriction: >= net452
      DevExpress.ExpressApp.Notifications (19.2.4) - restriction: >= net452
      DevExpress.ExpressApp.Win (19.2.4) - restriction: >= net452
      DevExpress.Utils (19.2.4) - restriction: >= net452
      DevExpress.Win.Grid (19.2.4) - restriction: >= net452
      DevExpress.Win.Navigation (19.2.4) - restriction: >= net452
    DevExpress.ExpressApp.Objects (19.2.4) - restriction: || (>= net452) (>= netstandard2.0)
      DevExpress.Data (19.2.4) - restriction: || (>= net452) (>= netstandard2.0)
      DevExpress.ExpressApp (19.2.4) - restriction: || (>= net452) (>= netstandard2.0)
      NETStandard.Library (>= 2.0.3) - restriction: && (< net452) (>= netstandard2.0)
      System.Drawing.Common (>= 4.5) - restriction: && (< net452) (>= netstandard2.0)
    DevExpress.ExpressApp.Office (19.2.4) - restriction: || (>= net452) (>= netstandard2.0)
      DevExpress.Data (19.2.4) - restriction: >= net452
      DevExpress.ExpressApp (19.2.4) - restriction: >= net452
      DevExpress.Office.Core (19.2.4) - restriction: >= net452
      DevExpress.Persistent.Base (19.2.4) - restriction: >= net452
      DevExpress.RichEdit.Core (19.2.4) - restriction: >= net452
      DevExpress.Spreadsheet.Core (19.2.4) - restriction: >= net452
    DevExpress.ExpressApp.Office.Web (19.2.4) - restriction: >= net452
      DevExpress.Data (19.2.4) - restriction: >= net452
      DevExpress.ExpressApp (19.2.4) - restriction: >= net452
      DevExpress.ExpressApp.Office (19.2.4) - restriction: >= net452
      DevExpress.ExpressApp.Web (19.2.4) - restriction: >= net452
      DevExpress.Persistent.Base (19.2.4) - restriction: >= net452
      DevExpress.RichEdit.Core (19.2.4) - restriction: >= net452
      DevExpress.Spreadsheet.Core (19.2.4) - restriction: >= net452
      DevExpress.Web (19.2.4) - restriction: >= net452
      DevExpress.Web.Office (19.2.4) - restriction: >= net452
    DevExpress.ExpressApp.Office.Win (19.2.4) - restriction: >= net452
      DevExpress.Data (19.2.4) - restriction: >= net452
      DevExpress.ExpressApp (19.2.4) - restriction: >= net452
      DevExpress.ExpressApp.Office (19.2.4) - restriction: >= net452
      DevExpress.ExpressApp.Win (19.2.4) - restriction: >= net452
      DevExpress.Office.Core (19.2.4) - restriction: >= net452
      DevExpress.Persistent.Base (19.2.4) - restriction: >= net452
      DevExpress.RichEdit.Core (19.2.4) - restriction: >= net452
      DevExpress.Spreadsheet.Core (19.2.4) - restriction: >= net452
      DevExpress.Utils (19.2.4) - restriction: >= net452
      DevExpress.Win.Grid (19.2.4) - restriction: >= net452
      DevExpress.Win.Navigation (19.2.4) - restriction: >= net452
      DevExpress.Win.RichEdit (19.2.4) - restriction: >= net452
      DevExpress.Win.Spreadsheet (19.2.4) - restriction: >= net452
    DevExpress.ExpressApp.PivotChart (19.2.4) - restriction: || (>= net452) (>= netstandard2.0)
      DevExpress.Charts (19.2.4) - restriction: >= net452
      DevExpress.Data (19.2.4) - restriction: >= net452
      DevExpress.ExpressApp (19.2.4) - restriction: >= net452
      DevExpress.Persistent.Base (19.2.4) - restriction: >= net452
      DevExpress.PivotGrid.Core (19.2.4) - restriction: >= net452
    DevExpress.ExpressApp.PivotChart.Web (19.2.4) - restriction: >= net452
      DevExpress.Charts (19.2.4) - restriction: >= net452
      DevExpress.Data (19.2.4) - restriction: >= net452
      DevExpress.ExpressApp (19.2.4) - restriction: >= net452
      DevExpress.ExpressApp.PivotChart (19.2.4) - restriction: >= net452
      DevExpress.ExpressApp.Web (19.2.4) - restriction: >= net452
      DevExpress.Persistent.Base (19.2.4) - restriction: >= net452
      DevExpress.PivotGrid.Core (19.2.4) - restriction: >= net452
      DevExpress.Printing.Core (19.2.4) - restriction: >= net452
      DevExpress.Web (19.2.4) - restriction: >= net452
      DevExpress.Web.Visualization (19.2.4) - restriction: >= net452
    DevExpress.ExpressApp.PivotChart.Win (19.2.4) - restriction: >= net452
      DevExpress.Charts (19.2.4) - restriction: >= net452
      DevExpress.Data (19.2.4) - restriction: >= net452
      DevExpress.ExpressApp (19.2.4) - restriction: >= net452
      DevExpress.ExpressApp.PivotChart (19.2.4) - restriction: >= net452
      DevExpress.ExpressApp.Win (19.2.4) - restriction: >= net452
      DevExpress.Persistent.Base (19.2.4) - restriction: >= net452
      DevExpress.PivotGrid.Core (19.2.4) - restriction: >= net452
      DevExpress.Printing.Core (19.2.4) - restriction: >= net452
      DevExpress.Win.Charts (19.2.4) - restriction: >= net452
      DevExpress.Win.Navigation (19.2.4) - restriction: >= net452
      DevExpress.Win.PivotGrid (19.2.4) - restriction: >= net452
    DevExpress.ExpressApp.PivotGrid (19.2.4) - restriction: || (>= net452) (>= netstandard2.0)
      DevExpress.Data (19.2.4) - restriction: >= net452
      DevExpress.ExpressApp (19.2.4) - restriction: >= net452
      DevExpress.PivotGrid.Core (19.2.4) - restriction: >= net452
    DevExpress.ExpressApp.PivotGrid.Web (19.2.4) - restriction: >= net452
      DevExpress.Charts (19.2.4) - restriction: >= net452
      DevExpress.Data (19.2.4) - restriction: >= net452
      DevExpress.ExpressApp (19.2.4) - restriction: >= net452
      DevExpress.ExpressApp.PivotGrid (19.2.4) - restriction: >= net452
      DevExpress.ExpressApp.Web (19.2.4) - restriction: >= net452
      DevExpress.PivotGrid.Core (19.2.4) - restriction: >= net452
      DevExpress.Web (19.2.4) - restriction: >= net452
      DevExpress.Web.Visualization (19.2.4) - restriction: >= net452
    DevExpress.ExpressApp.PivotGrid.Win (19.2.4) - restriction: >= net452
      DevExpress.Charts (19.2.4) - restriction: >= net452
      DevExpress.Data (19.2.4) - restriction: >= net452
      DevExpress.ExpressApp (19.2.4) - restriction: >= net452
      DevExpress.ExpressApp.PivotGrid (19.2.4) - restriction: >= net452
      DevExpress.ExpressApp.Win (19.2.4) - restriction: >= net452
      DevExpress.PivotGrid.Core (19.2.4) - restriction: >= net452
      DevExpress.Utils (19.2.4) - restriction: >= net452
      DevExpress.Win.Charts (19.2.4) - restriction: >= net452
      DevExpress.Win.Navigation (19.2.4) - restriction: >= net452
      DevExpress.Win.PivotGrid (19.2.4) - restriction: >= net452
    DevExpress.ExpressApp.ReportsV2 (19.2.4) - restriction: || (>= net452) (>= netstandard2.0)
      DevExpress.Data (19.2.4) - restriction: || (>= net452) (>= netstandard2.0)
      DevExpress.ExpressApp (19.2.4) - restriction: || (>= net452) (>= netstandard2.0)
      DevExpress.Persistent.Base (19.2.4) - restriction: || (>= net452) (>= netstandard2.0)
      DevExpress.Printing.Core (19.2.4) - restriction: || (>= net452) (>= netstandard2.0)
      DevExpress.Reporting.Core (19.2.4) - restriction: || (>= net452) (>= netstandard2.0)
      DevExpress.Utils (19.2.4) - restriction: >= net452
      NETStandard.Library (>= 2.0.3) - restriction: && (< net452) (>= netstandard2.0)
      System.Drawing.Common (>= 4.5) - restriction: && (< net452) (>= netstandard2.0)
    DevExpress.ExpressApp.ReportsV2.Web (19.2.4) - restriction: >= net452
      DevExpress.Data (19.2.4) - restriction: >= net452
      DevExpress.ExpressApp (19.2.4) - restriction: >= net452
      DevExpress.ExpressApp.ReportsV2 (19.2.4) - restriction: >= net452
      DevExpress.ExpressApp.Web (19.2.4) - restriction: >= net452
      DevExpress.Persistent.Base (19.2.4) - restriction: >= net452
      DevExpress.Printing.Core (19.2.4) - restriction: >= net452
      DevExpress.Reporting.Core (19.2.4) - restriction: >= net452
      DevExpress.Web (19.2.4) - restriction: >= net452
      DevExpress.Web.Reporting (19.2.4) - restriction: >= net452
      DevExpress.Web.Reporting.Common (19.2.4) - restriction: >= net452
    DevExpress.ExpressApp.ReportsV2.Win (19.2.4) - restriction: >= net452
      DevExpress.Data (19.2.4) - restriction: >= net452
      DevExpress.DataAccess (19.2.4) - restriction: >= net452
      DevExpress.DataAccess.UI (19.2.4) - restriction: >= net452
      DevExpress.ExpressApp (19.2.4) - restriction: >= net452
      DevExpress.ExpressApp.ReportsV2 (19.2.4) - restriction: >= net452
      DevExpress.ExpressApp.Win (19.2.4) - restriction: >= net452
      DevExpress.Persistent.Base (19.2.4) - restriction: >= net452
      DevExpress.Printing.Core (19.2.4) - restriction: >= net452
      DevExpress.Reporting.Core (19.2.4) - restriction: >= net452
      DevExpress.Utils (19.2.4) - restriction: >= net452
      DevExpress.Utils.UI (19.2.4) - restriction: >= net452
      DevExpress.Win.Grid (19.2.4) - restriction: >= net452
      DevExpress.Win.Navigation (19.2.4) - restriction: >= net452
      DevExpress.Win.Printing (19.2.4) - restriction: >= net452
      DevExpress.Win.Reporting (19.2.4) - restriction: >= net452
      DevExpress.Win.TreeList (19.2.4) - restriction: >= net452
    DevExpress.ExpressApp.Scheduler (19.2.4) - restriction: || (>= net452) (>= netstandard2.0)
      DevExpress.Data (19.2.4) - restriction: >= net452
      DevExpress.ExpressApp (19.2.4) - restriction: >= net452
      DevExpress.Persistent.Base (19.2.4) - restriction: >= net452
      DevExpress.Scheduler.Core (19.2.4) - restriction: >= net452
    DevExpress.ExpressApp.Scheduler.Web (19.2.4) - restriction: >= net452
      DevExpress.Data (19.2.4) - restriction: >= net452
      DevExpress.ExpressApp (19.2.4) - restriction: >= net452
      DevExpress.ExpressApp.Scheduler (19.2.4) - restriction: >= net452
      DevExpress.ExpressApp.Web (19.2.4) - restriction: >= net452
      DevExpress.Persistent.Base (19.2.4) - restriction: >= net452
      DevExpress.Scheduler.Core (19.2.4) - restriction: >= net452
      DevExpress.Web (19.2.4) - restriction: >= net452
      DevExpress.Web.Scheduler (19.2.4) - restriction: >= net452
    DevExpress.ExpressApp.Scheduler.Win (19.2.4) - restriction: >= net452
      DevExpress.Data (19.2.4) - restriction: >= net452
      DevExpress.ExpressApp (19.2.4) - restriction: >= net452
      DevExpress.ExpressApp.Scheduler (19.2.4) - restriction: >= net452
      DevExpress.ExpressApp.Win (19.2.4) - restriction: >= net452
      DevExpress.Persistent.Base (19.2.4) - restriction: >= net452
      DevExpress.Scheduler.Core (19.2.4) - restriction: >= net452
      DevExpress.Utils (19.2.4) - restriction: >= net452
      DevExpress.Win.Navigation (19.2.4) - restriction: >= net452
      DevExpress.Win.Scheduler (19.2.4) - restriction: >= net452
    DevExpress.ExpressApp.ScriptRecorder (19.2.4) - restriction: || (>= net452) (>= netstandard2.0)
      DevExpress.ExpressApp (19.2.4) - restriction: || (>= net452) (>= netstandard2.0)
      NETStandard.Library (>= 2.0.3) - restriction: && (< net452) (>= netstandard2.0)
      System.Drawing.Common (>= 4.5) - restriction: && (< net452) (>= netstandard2.0)
    DevExpress.ExpressApp.ScriptRecorder.Web (19.2.4) - restriction: >= net452
      DevExpress.Data (19.2.4) - restriction: >= net452
      DevExpress.ExpressApp (19.2.4) - restriction: >= net452
      DevExpress.ExpressApp.ScriptRecorder (19.2.4) - restriction: >= net452
      DevExpress.ExpressApp.Web (19.2.4) - restriction: >= net452
    DevExpress.ExpressApp.ScriptRecorder.Win (19.2.4) - restriction: >= net452
      DevExpress.Data (19.2.4) - restriction: >= net452
      DevExpress.ExpressApp (19.2.4) - restriction: >= net452
      DevExpress.ExpressApp.ScriptRecorder (19.2.4) - restriction: >= net452
      DevExpress.ExpressApp.Win (19.2.4) - restriction: >= net452
      DevExpress.Utils (19.2.4) - restriction: >= net452
      DevExpress.Win.Navigation (19.2.4) - restriction: >= net452
    DevExpress.ExpressApp.Security (19.2.4) - restriction: || (>= net452) (>= netstandard2.0)
      DevExpress.Data (19.2.4) - restriction: || (>= net452) (>= netstandard2.0)
      DevExpress.ExpressApp (19.2.4) - restriction: || (>= net452) (>= netstandard2.0)
      DevExpress.Persistent.Base (19.2.4) - restriction: || (>= net452) (>= netstandard2.0)
      NETStandard.Library (>= 2.0.3) - restriction: && (< net452) (>= netstandard2.0)
      System.Drawing.Common (>= 4.5) - restriction: && (< net452) (>= netstandard2.0)
      System.Security.Permissions (>= 4.5) - restriction: && (< net452) (>= netstandard2.0)
    DevExpress.ExpressApp.Security.Xpo (19.2.4)
      DevExpress.Data (19.2.4) - restriction: || (>= net452) (>= netstandard2.0)
      DevExpress.ExpressApp (19.2.4) - restriction: || (>= net452) (>= netstandard2.0)
      DevExpress.ExpressApp.Security (19.2.4) - restriction: || (>= net452) (>= netstandard2.0)
      DevExpress.ExpressApp.Xpo (19.2.4) - restriction: || (>= net452) (>= netstandard2.0)
      DevExpress.Persistent.Base (19.2.4) - restriction: || (>= net452) (>= netstandard2.0)
      DevExpress.Xpo (19.2.4) - restriction: || (>= net452) (>= netstandard2.0)
      NETStandard.Library (>= 2.0.3) - restriction: && (< net452) (>= netstandard2.0)
      System.ServiceModel.Primitives (>= 4.5.3) - restriction: && (< net452) (>= netstandard2.0)
    DevExpress.ExpressApp.StateMachine (19.2.4) - restriction: || (>= net452) (>= netstandard2.0)
      DevExpress.Data (19.2.4) - restriction: || (>= net452) (>= netstandard2.0)
      DevExpress.ExpressApp (19.2.4) - restriction: || (>= net452) (>= netstandard2.0)
      DevExpress.ExpressApp.ConditionalAppearance (19.2.4) - restriction: || (>= net452) (>= netstandard2.0)
      DevExpress.ExpressApp.Validation (19.2.4) - restriction: || (>= net452) (>= netstandard2.0)
      DevExpress.Persistent.Base (19.2.4) - restriction: || (>= net452) (>= netstandard2.0)
      NETStandard.Library (>= 2.0.3) - restriction: && (< net452) (>= netstandard2.0)
      System.Drawing.Common (>= 4.5) - restriction: && (< net452) (>= netstandard2.0)
    DevExpress.ExpressApp.TreeListEditors (19.2.4) - restriction: || (>= net452) (>= netstandard2.0)
      DevExpress.Data (19.2.4) - restriction: >= net452
      DevExpress.ExpressApp (19.2.4) - restriction: >= net452
      DevExpress.Persistent.Base (19.2.4) - restriction: >= net452
    DevExpress.ExpressApp.TreeListEditors.Web (19.2.4) - restriction: >= net452
      DevExpress.Data (19.2.4) - restriction: >= net452
      DevExpress.ExpressApp (19.2.4) - restriction: >= net452
      DevExpress.ExpressApp.TreeListEditors (19.2.4) - restriction: >= net452
      DevExpress.ExpressApp.Web (19.2.4) - restriction: >= net452
      DevExpress.Persistent.Base (19.2.4) - restriction: >= net452
      DevExpress.Web (19.2.4) - restriction: >= net452
    DevExpress.ExpressApp.TreeListEditors.Win (19.2.4) - restriction: >= net452
      DevExpress.Data (19.2.4) - restriction: >= net452
      DevExpress.ExpressApp (19.2.4) - restriction: >= net452
      DevExpress.ExpressApp.TreeListEditors (19.2.4) - restriction: >= net452
      DevExpress.ExpressApp.Win (19.2.4) - restriction: >= net452
      DevExpress.Persistent.Base (19.2.4) - restriction: >= net452
      DevExpress.Utils (19.2.4) - restriction: >= net452
      DevExpress.Win.Navigation (19.2.4) - restriction: >= net452
      DevExpress.Win.TreeList (19.2.4) - restriction: >= net452
    DevExpress.ExpressApp.Validation (19.2.4) - restriction: || (>= net452) (>= netstandard2.0)
      DevExpress.Data (19.2.4) - restriction: || (>= net452) (>= netstandard2.0)
      DevExpress.ExpressApp (19.2.4) - restriction: || (>= net452) (>= netstandard2.0)
      DevExpress.Persistent.Base (19.2.4) - restriction: || (>= net452) (>= netstandard2.0)
      NETStandard.Library (>= 2.0.3) - restriction: && (< net452) (>= netstandard2.0)
      System.Drawing.Common (>= 4.5) - restriction: && (< net452) (>= netstandard2.0)
    DevExpress.ExpressApp.Validation.Web (19.2.4) - restriction: >= net452
      DevExpress.Data (19.2.4) - restriction: >= net452
      DevExpress.ExpressApp (19.2.4) - restriction: >= net452
      DevExpress.ExpressApp.Validation (19.2.4) - restriction: >= net452
      DevExpress.ExpressApp.Web (19.2.4) - restriction: >= net452
      DevExpress.Persistent.Base (19.2.4) - restriction: >= net452
      DevExpress.Web (19.2.4) - restriction: >= net452
    DevExpress.ExpressApp.Validation.Win (19.2.4) - restriction: >= net452
      DevExpress.Data (19.2.4) - restriction: >= net452
      DevExpress.ExpressApp (19.2.4) - restriction: >= net452
      DevExpress.ExpressApp.Validation (19.2.4) - restriction: >= net452
      DevExpress.ExpressApp.Win (19.2.4) - restriction: >= net452
      DevExpress.Persistent.Base (19.2.4) - restriction: >= net452
      DevExpress.Win.Grid (19.2.4) - restriction: >= net452
      DevExpress.Win.Navigation (19.2.4) - restriction: >= net452
    DevExpress.ExpressApp.ViewVariantsModule (19.2.4) - restriction: || (>= net452) (>= netstandard2.0)
      DevExpress.Data (19.2.4) - restriction: || (>= net452) (>= netstandard2.0)
      DevExpress.ExpressApp (19.2.4) - restriction: || (>= net452) (>= netstandard2.0)
      NETStandard.Library (>= 2.0.3) - restriction: && (< net452) (>= netstandard2.0)
      System.Drawing.Common (>= 4.5) - restriction: && (< net452) (>= netstandard2.0)
    DevExpress.ExpressApp.Web (19.2.4) - restriction: >= net452
      DevExpress.Data (19.2.4) - restriction: >= net452
      DevExpress.ExpressApp (19.2.4) - restriction: >= net452
      DevExpress.Persistent.Base (19.2.4) - restriction: >= net452
      DevExpress.Printing.Core (19.2.4) - restriction: >= net452
      DevExpress.Utils (19.2.4) - restriction: >= net452
      DevExpress.Web (19.2.4) - restriction: >= net452
      DevExpress.Web.Themes (19.2.4) - restriction: >= net452
    DevExpress.ExpressApp.Web.All (19.2.4)
      DevExpress.ExpressApp.Chart.Web (19.2.4) - restriction: >= net452
      DevExpress.ExpressApp.Core.All (19.2.4) - restriction: >= net452
      DevExpress.ExpressApp.Dashboards.Web (19.2.4) - restriction: >= net452
      DevExpress.ExpressApp.EasyTest.WebAdapter (19.2.4) - restriction: >= net452
      DevExpress.ExpressApp.FileAttachment.Web (19.2.4) - restriction: >= net452
      DevExpress.ExpressApp.HtmlPropertyEditor.Web (19.2.4) - restriction: >= net452
      DevExpress.ExpressApp.Maps.Web (19.2.4) - restriction: >= net452
      DevExpress.ExpressApp.Notifications.Web (19.2.4) - restriction: >= net452
      DevExpress.ExpressApp.Office.Web (19.2.4) - restriction: >= net452
      DevExpress.ExpressApp.PivotChart.Web (19.2.4) - restriction: >= net452
      DevExpress.ExpressApp.PivotGrid.Web (19.2.4) - restriction: >= net452
      DevExpress.ExpressApp.ReportsV2.Web (19.2.4) - restriction: >= net452
      DevExpress.ExpressApp.Scheduler.Web (19.2.4) - restriction: >= net452
      DevExpress.ExpressApp.ScriptRecorder.Web (19.2.4) - restriction: >= net452
      DevExpress.ExpressApp.TreeListEditors.Web (19.2.4) - restriction: >= net452
      DevExpress.ExpressApp.Validation.Web (19.2.4) - restriction: >= net452
      DevExpress.ExpressApp.Web (19.2.4) - restriction: >= net452
    DevExpress.ExpressApp.Win (19.2.4) - restriction: >= net452
      DevExpress.Data (19.2.4) - restriction: >= net452
      DevExpress.ExpressApp (19.2.4) - restriction: >= net452
      DevExpress.Office.Core (19.2.4) - restriction: >= net452
      DevExpress.Persistent.Base (19.2.4) - restriction: >= net452
      DevExpress.Printing.Core (19.2.4) - restriction: >= net452
      DevExpress.RichEdit.Core (19.2.4) - restriction: >= net452
      DevExpress.Utils (19.2.4) - restriction: >= net452
      DevExpress.Win (19.2.4) - restriction: >= net452
      DevExpress.Win.BonusSkins (19.2.4) - restriction: >= net452
      DevExpress.Win.Grid (19.2.4) - restriction: >= net452
      DevExpress.Win.Navigation (19.2.4) - restriction: >= net452
      DevExpress.Win.Printing (19.2.4) - restriction: >= net452
      DevExpress.Win.RichEdit (19.2.4) - restriction: >= net452
      DevExpress.Win.TreeList (19.2.4) - restriction: >= net452
      DevExpress.Win.VerticalGrid (19.2.4) - restriction: >= net452
    DevExpress.ExpressApp.Win.All (19.2.4)
      DevExpress.ExpressApp.Chart.Win (19.2.4) - restriction: >= net452
      DevExpress.ExpressApp.Core.All (19.2.4) - restriction: >= net452
      DevExpress.ExpressApp.Dashboards.Win (19.2.4) - restriction: >= net452
      DevExpress.ExpressApp.EasyTest.WinAdapter (19.2.4) - restriction: >= net452
      DevExpress.ExpressApp.FileAttachment.Win (19.2.4) - restriction: >= net452
      DevExpress.ExpressApp.HtmlPropertyEditor.Win (19.2.4) - restriction: >= net452
      DevExpress.ExpressApp.Notifications.Win (19.2.4) - restriction: >= net452
      DevExpress.ExpressApp.Office.Win (19.2.4) - restriction: >= net452
      DevExpress.ExpressApp.PivotChart.Win (19.2.4) - restriction: >= net452
      DevExpress.ExpressApp.PivotGrid.Win (19.2.4) - restriction: >= net452
      DevExpress.ExpressApp.ReportsV2.Win (19.2.4) - restriction: >= net452
      DevExpress.ExpressApp.Scheduler.Win (19.2.4) - restriction: >= net452
      DevExpress.ExpressApp.ScriptRecorder.Win (19.2.4) - restriction: >= net452
      DevExpress.ExpressApp.TreeListEditors.Win (19.2.4) - restriction: >= net452
      DevExpress.ExpressApp.Validation.Win (19.2.4) - restriction: >= net452
      DevExpress.ExpressApp.Win (19.2.4) - restriction: >= net452
      DevExpress.ExpressApp.Workflow.Win (19.2.4) - restriction: >= net452
    DevExpress.ExpressApp.Workflow (19.2.4) - restriction: || (>= net452) (>= netstandard2.0)
      DevExpress.Data (19.2.4) - restriction: >= net452
      DevExpress.ExpressApp (19.2.4) - restriction: >= net452
      DevExpress.ExpressApp.ConditionalAppearance (19.2.4) - restriction: >= net452
      DevExpress.ExpressApp.Security (19.2.4) - restriction: >= net452
      DevExpress.Persistent.Base (19.2.4) - restriction: >= net452
      DevExpress.Utils (19.2.4) - restriction: >= net452
    DevExpress.ExpressApp.Workflow.Win (19.2.4) - restriction: >= net452
      DevExpress.Data (19.2.4) - restriction: >= net452
      DevExpress.ExpressApp (19.2.4) - restriction: >= net452
      DevExpress.ExpressApp.Win (19.2.4) - restriction: >= net452
      DevExpress.ExpressApp.Workflow (19.2.4) - restriction: >= net452
      DevExpress.Persistent.Base (19.2.4) - restriction: >= net452
      DevExpress.Utils (19.2.4) - restriction: >= net452
    DevExpress.ExpressApp.Xpo (19.2.4) - restriction: || (>= net452) (>= netstandard2.0)
      DevExpress.Data (19.2.4) - restriction: || (>= net452) (>= netstandard2.0)
      DevExpress.ExpressApp (19.2.4) - restriction: || (>= net452) (>= netstandard2.0)
      DevExpress.Xpo (19.2.4) - restriction: || (>= net452) (>= netstandard2.0)
      NETStandard.Library (>= 2.0.3) - restriction: && (< net452) (>= netstandard2.0)
      System.Drawing.Common (>= 4.5) - restriction: && (< net452) (>= netstandard2.0)
      System.Security.Permissions (>= 4.5) - restriction: && (< net452) (>= netstandard2.0)
    DevExpress.Gauges.Core (19.2.4) - restriction: || (>= net452) (>= netstandard2.0)
      DevExpress.Data (19.2.4) - restriction: || (>= net452) (>= netstandard2.0)
      DevExpress.Printing.Core (19.2.4) - restriction: >= net452
      NETStandard.Library (>= 2.0.3) - restriction: && (< net452) (>= netstandard2.0)
      System.Drawing.Common (>= 4.5) - restriction: && (< net452) (>= netstandard2.0)
    DevExpress.Images (19.2.4) - restriction: || (>= net452) (>= netstandard2.0)
      DevExpress.Data (19.2.4) - restriction: || (>= net452) (>= netstandard2.0)
      NETStandard.Library (>= 2.0.3) - restriction: && (< net452) (>= netstandard2.0)
      System.Drawing.Common (>= 4.5) - restriction: && (< net452) (>= netstandard2.0)
    DevExpress.Map.Core (19.2.4) - restriction: >= net452
      DevExpress.Data (19.2.4) - restriction: || (>= net452) (>= netstandard2.0)
    DevExpress.Office.Core (19.2.4) - restriction: || (>= net452) (>= netstandard2.0)
      DevExpress.Data (19.2.4) - restriction: || (>= net452) (>= netstandard2.0)
      DevExpress.Pdf.Core (19.2.4) - restriction: && (< net452) (>= netstandard2.0)
      DevExpress.Printing.Core (19.2.4) - restriction: || (>= net452) (>= netstandard2.0)
      NETStandard.Library (>= 2.0.3) - restriction: && (< net452) (>= netstandard2.0)
      System.Drawing.Common (>= 4.5) - restriction: && (< net452) (>= netstandard2.0)
    DevExpress.Pdf.Core (19.2.4) - restriction: || (>= net452) (>= netstandard2.0)
      DevExpress.Data (19.2.4) - restriction: || (>= net452) (>= netstandard2.0)
      NETStandard.Library (>= 2.0.3) - restriction: && (< net452) (>= netstandard2.0)
      System.Drawing.Common (>= 4.5) - restriction: && (< net452) (>= netstandard2.0)
      System.Reflection.Emit (>= 4.3) - restriction: && (< net452) (>= netstandard2.0)
      System.Security.Cryptography.Pkcs (>= 4.5.2) - restriction: && (< net452) (>= netstandard2.0)
    DevExpress.Pdf.Drawing (19.2.4) - restriction: || (>= net452) (>= netstandard2.0)
      DevExpress.Data (19.2.4) - restriction: || (>= net452) (>= netstandard2.0)
      DevExpress.Pdf.Core (19.2.4) - restriction: || (>= net452) (>= netstandard2.0)
      NETStandard.Library (>= 2.0.3) - restriction: && (< net452) (>= netstandard2.0)
      System.Drawing.Common (>= 4.5) - restriction: && (< net452) (>= netstandard2.0)
    DevExpress.Persistent.Base (19.2.4) - restriction: || (>= net452) (>= netstandard2.0)
      DevExpress.Data (19.2.4) - restriction: || (>= net452) (>= netstandard2.0)
      DevExpress.ExpressApp (19.2.4) - restriction: || (>= net452) (>= netstandard2.0)
      DevExpress.Printing.Core (19.2.4) - restriction: || (>= net452) (>= netstandard2.0)
      DevExpress.Reporting.Core (19.2.4) - restriction: || (>= net452) (>= netstandard2.0)
      NETStandard.Library (>= 2.0.3) - restriction: && (< net452) (>= netstandard2.0)
      System.Drawing.Common (>= 4.5) - restriction: && (< net452) (>= netstandard2.0)
    DevExpress.Persistent.BaseImpl (19.2.4) - restriction: || (>= net452) (>= netstandard2.0)
      DevExpress.Data (19.2.4) - restriction: || (>= net452) (>= netstandard2.0)
      DevExpress.ExpressApp (19.2.4) - restriction: || (>= net452) (>= netstandard2.0)
      DevExpress.ExpressApp.Objects (19.2.4) - restriction: || (>= net452) (>= netstandard2.0)
      DevExpress.ExpressApp.Xpo (19.2.4) - restriction: || (>= net452) (>= netstandard2.0)
      DevExpress.Persistent.Base (19.2.4) - restriction: || (>= net452) (>= netstandard2.0)
      DevExpress.Reporting.Core (19.2.4) - restriction: || (>= net452) (>= netstandard2.0)
      DevExpress.Scheduler.Core (19.2.4) - restriction: || (>= net452) (>= netstandard2.0)
      DevExpress.Xpo (19.2.4) - restriction: || (>= net452) (>= netstandard2.0)
      NETStandard.Library (>= 2.0.3) - restriction: && (< net452) (>= netstandard2.0)
      System.Drawing.Common (>= 4.5) - restriction: && (< net452) (>= netstandard2.0)
    DevExpress.PivotGrid.Core (19.2.4) - restriction: || (>= net452) (>= netstandard2.0)
      DevExpress.Data (19.2.4) - restriction: || (>= net452) (>= netstandard2.0)
      DevExpress.Printing.Core (19.2.4) - restriction: || (>= net452) (>= netstandard2.0)
    DevExpress.Printing.Core (19.2.4) - restriction: || (>= net452) (>= netstandard2.0)
      DevExpress.Data (19.2.4) - restriction: || (>= net452) (>= netstandard2.0)
      DevExpress.Pdf.Core (19.2.4) - restriction: || (>= net452) (>= netstandard2.0)
      NETStandard.Library (>= 2.0.3) - restriction: && (< net452) (>= netstandard2.0)
      System.ComponentModel.Annotations (>= 4.4) - restriction: && (< net452) (>= netstandard2.0)
      System.Drawing.Common (>= 4.5) - restriction: && (< net452) (>= netstandard2.0)
      System.Security.Cryptography.Pkcs (>= 4.5.2) - restriction: && (< net452) (>= netstandard2.0)
      System.ServiceModel.Http (>= 4.4) - restriction: && (< net452) (>= netstandard2.0)
      System.ServiceModel.Primitives (>= 4.4) - restriction: && (< net452) (>= netstandard2.0)
    DevExpress.Reporting.Core (19.2.4) - restriction: || (>= net452) (>= netstandard2.0)
      DevExpress.Charts (19.2.4) - restriction: || (>= net452) (>= netstandard2.0)
      DevExpress.Charts.Core (19.2.4) - restriction: || (>= net452) (>= netstandard2.0)
      DevExpress.CodeParser (19.2.4) - restriction: || (>= net452) (>= netstandard2.0)
      DevExpress.Data (19.2.4) - restriction: || (>= net452) (>= netstandard2.0)
      DevExpress.DataAccess (19.2.4) - restriction: || (>= net452) (>= netstandard2.0)
      DevExpress.Gauges.Core (19.2.4) - restriction: || (>= net452) (>= netstandard2.0)
      DevExpress.Office.Core (19.2.4) - restriction: || (>= net452) (>= netstandard2.0)
      DevExpress.PivotGrid.Core (19.2.4) - restriction: || (>= net452) (>= netstandard2.0)
      DevExpress.Printing.Core (19.2.4) - restriction: || (>= net452) (>= netstandard2.0)
      DevExpress.RichEdit.Core (19.2.4) - restriction: || (>= net452) (>= netstandard2.0)
      DevExpress.RichEdit.Export (19.2.4) - restriction: || (>= net452) (>= netstandard2.0)
      DevExpress.Sparkline.Core (19.2.4) - restriction: || (>= net452) (>= netstandard2.0)
      DevExpress.Xpo (19.2.4) - restriction: || (>= net452) (>= netstandard2.0)
      NETStandard.Library (>= 2.0.3) - restriction: && (< net452) (>= netstandard2.0)
      System.CodeDom (>= 4.4) - restriction: && (< net452) (>= netstandard2.0)
      System.Collections.Immutable (>= 1.5) - restriction: && (< net452) (>= netstandard2.0)
      System.Data.Common (>= 4.3) - restriction: && (< net452) (>= netstandard2.0)
      System.Drawing.Common (>= 4.5) - restriction: && (< net452) (>= netstandard2.0)
      System.ServiceModel.Http (>= 4.4) - restriction: && (< net452) (>= netstandard2.0)
    DevExpress.RichEdit.Core (19.2.4) - restriction: || (>= net452) (>= netstandard2.0)
      DevExpress.Data (19.2.4) - restriction: || (>= net452) (>= netstandard2.0)
      DevExpress.Images (19.2.4) - restriction: >= net452
      DevExpress.Office.Core (19.2.4) - restriction: || (>= net452) (>= netstandard2.0)
      DevExpress.Pdf.Core (19.2.4) - restriction: || (>= net452) (>= netstandard2.0)
      DevExpress.Printing.Core (19.2.4) - restriction: || (>= net452) (>= netstandard2.0)
      NETStandard.Library (>= 2.0.3) - restriction: && (< net452) (>= netstandard2.0)
      System.Drawing.Common (>= 4.5) - restriction: && (< net452) (>= netstandard2.0)
    DevExpress.RichEdit.Export (19.2.4) - restriction: || (>= net452) (>= netstandard2.0)
      DevExpress.Data (19.2.4) - restriction: || (>= net452) (>= netstandard2.0)
      DevExpress.Office.Core (19.2.4) - restriction: || (>= net452) (>= netstandard2.0)
      DevExpress.Printing.Core (19.2.4) - restriction: || (>= net452) (>= netstandard2.0)
      DevExpress.RichEdit.Core (19.2.4) - restriction: || (>= net452) (>= netstandard2.0)
      NETStandard.Library (>= 2.0.3) - restriction: && (< net452) (>= netstandard2.0)
      System.Drawing.Common (>= 4.5) - restriction: && (< net452) (>= netstandard2.0)
    DevExpress.Scheduler.Core (19.2.4) - restriction: || (>= net452) (>= netstandard2.0)
      DevExpress.Data (19.2.4) - restriction: || (>= net452) (>= netstandard2.0)
      DevExpress.Images (19.2.4) - restriction: >= net452
      DevExpress.Printing.Core (19.2.4) - restriction: >= net452
    DevExpress.Snap.Core (19.2.4) - restriction: >= net452
      DevExpress.Charts (19.2.4) - restriction: >= net452
      DevExpress.Charts.Core (19.2.4) - restriction: >= net452
      DevExpress.Data (19.2.4) - restriction: >= net452
      DevExpress.DataAccess (19.2.4) - restriction: >= net452
      DevExpress.Office.Core (19.2.4) - restriction: >= net452
      DevExpress.Printing.Core (19.2.4) - restriction: >= net452
      DevExpress.RichEdit.Core (19.2.4) - restriction: >= net452
      DevExpress.Sparkline.Core (19.2.4) - restriction: >= net452
    DevExpress.Sparkline.Core (19.2.4) - restriction: || (>= net452) (>= netstandard2.0)
      DevExpress.Data (19.2.4) - restriction: || (>= net452) (>= netstandard2.0)
    DevExpress.SpellChecker.Core (19.2.4) - restriction: >= net452
      DevExpress.Data (19.2.4) - restriction: >= net452
    DevExpress.Spreadsheet.Core (19.2.4) - restriction: || (>= net452) (>= netstandard2.0)
      DevExpress.Charts.Core (19.2.4) - restriction: || (>= net452) (>= netstandard2.0)
      DevExpress.Data (19.2.4) - restriction: || (>= net452) (>= netstandard2.0)
      DevExpress.DataAccess (19.2.4) - restriction: || (>= net452) (>= netstandard2.0)
      DevExpress.Office.Core (19.2.4) - restriction: || (>= net452) (>= netstandard2.0)
      DevExpress.Printing.Core (19.2.4) - restriction: || (>= net452) (>= netstandard2.0)
      DevExpress.Sparkline.Core (19.2.4) - restriction: || (>= net452) (>= netstandard2.0)
      NETStandard.Library (>= 2.0.3) - restriction: && (< net452) (>= netstandard2.0)
      System.Drawing.Common (>= 4.5) - restriction: && (< net452) (>= netstandard2.0)
      System.Security.AccessControl (>= 4.5) - restriction: && (< net452) (>= netstandard2.0)
    DevExpress.TreeMap.Core (19.2.4) - restriction: >= net452
      DevExpress.Data (19.2.4) - restriction: || (>= net452) (>= netstandard2.0)
    DevExpress.Utils (19.2.4) - restriction: >= net452
      DevExpress.Data (19.2.4) - restriction: >= net452
      DevExpress.Printing.Core (19.2.4) - restriction: >= net452
    DevExpress.Utils.UI (19.2.4) - restriction: >= net452
      DevExpress.Data (19.2.4) - restriction: >= net452
      DevExpress.Printing.Core (19.2.4) - restriction: >= net452
      DevExpress.Utils (19.2.4) - restriction: >= net452
      DevExpress.Win.Navigation (19.2.4) - restriction: >= net452
      DevExpress.Win.Printing (19.2.4) - restriction: >= net452
      DevExpress.Win.RichEdit (19.2.4) - restriction: >= net452
      DevExpress.Win.TreeList (19.2.4) - restriction: >= net452
      DevExpress.Win.VerticalGrid (19.2.4) - restriction: >= net452
    DevExpress.Web (19.2.4) - restriction: >= net452
      DevExpress.Data (19.2.4) - restriction: >= net452
      DevExpress.Office.Core (19.2.4) - restriction: >= net452
      DevExpress.PivotGrid.Core (19.2.4) - restriction: >= net452
      DevExpress.Printing.Core (19.2.4) - restriction: >= net452
      DevExpress.RichEdit.Core (19.2.4) - restriction: >= net452
      DevExpress.RichEdit.Export (19.2.4) - restriction: >= net452
      DevExpress.SpellChecker.Core (19.2.4) - restriction: >= net452
    DevExpress.Web.Dashboard (19.2.4) - restriction: >= net452
      DevExpress.Dashboard.Core (19.2.4) - restriction: >= net452
      DevExpress.Data (19.2.4) - restriction: >= net452
      DevExpress.DataAccess (19.2.4) - restriction: >= net452
      DevExpress.Web (19.2.4) - restriction: >= net452
      DevExpress.Web.Dashboard.Common (19.2.4) - restriction: >= net452
    DevExpress.Web.Dashboard.Common (19.2.4) - restriction: >= net452
      DevExpress.Charts.Core (19.2.4) - restriction: >= net452
      DevExpress.Dashboard.Core (19.2.4) - restriction: || (>= net452) (>= netstandard2.0)
      DevExpress.Data (19.2.4) - restriction: || (>= net452) (>= netstandard2.0)
      DevExpress.DataAccess (19.2.4) - restriction: || (>= net452) (>= netstandard2.0)
      DevExpress.Pdf.Core (19.2.4) - restriction: >= net452
      DevExpress.PivotGrid.Core (19.2.4) - restriction: || (>= net452) (>= netstandard2.0)
      DevExpress.Printing.Core (19.2.4) - restriction: || (>= net452) (>= netstandard2.0)
      DevExpress.Reporting.Core (19.2.4) - restriction: || (>= net452) (>= netstandard2.0)
      DevExpress.RichEdit.Core (19.2.4) - restriction: >= net452
      DevExpress.Xpo (19.2.4) - restriction: >= net452
    DevExpress.Web.Office (19.2.4) - restriction: >= net452
      DevExpress.Charts (19.2.4) - restriction: >= net452
      DevExpress.Charts.Core (19.2.4) - restriction: >= net452
      DevExpress.Data (19.2.4) - restriction: >= net452
      DevExpress.Office.Core (19.2.4) - restriction: >= net452
      DevExpress.Printing.Core (19.2.4) - restriction: >= net452
      DevExpress.RichEdit.Core (19.2.4) - restriction: >= net452
      DevExpress.SpellChecker.Core (19.2.4) - restriction: >= net452
      DevExpress.Spreadsheet.Core (19.2.4) - restriction: >= net452
      DevExpress.Web (19.2.4) - restriction: >= net452
    DevExpress.Web.Reporting (19.2.4) - restriction: >= net452
      DevExpress.Data (19.2.4) - restriction: >= net452
      DevExpress.DataAccess (19.2.4) - restriction: >= net452
      DevExpress.Printing.Core (19.2.4) - restriction: >= net452
      DevExpress.Reporting.Core (19.2.4) - restriction: >= net452
      DevExpress.Utils (19.2.4) - restriction: >= net452
      DevExpress.Web (19.2.4) - restriction: >= net452
      DevExpress.Web.Reporting.Common (19.2.4) - restriction: >= net452
    DevExpress.Web.Reporting.Common (19.2.4) - restriction: >= net452
      DevExpress.Charts (19.2.4) - restriction: || (>= net452) (>= netstandard2.0)
      DevExpress.Charts.Core (19.2.4) - restriction: || (>= net452) (>= netstandard2.0)
      DevExpress.Data (19.2.4) - restriction: || (>= net452) (>= netstandard2.0)
      DevExpress.DataAccess (19.2.4) - restriction: || (>= net452) (>= netstandard2.0)
      DevExpress.Gauges.Core (19.2.4) - restriction: || (>= net452) (>= netstandard2.0)
      DevExpress.PivotGrid.Core (19.2.4) - restriction: || (>= net452) (>= netstandard2.0)
      DevExpress.Printing.Core (19.2.4) - restriction: || (>= net452) (>= netstandard2.0)
      DevExpress.Reporting.Core (19.2.4) - restriction: || (>= net452) (>= netstandard2.0)
      DevExpress.Sparkline.Core (19.2.4) - restriction: || (>= net452) (>= netstandard2.0)
    DevExpress.Web.Scheduler (19.2.4) - restriction: >= net452
      DevExpress.Data (19.2.4) - restriction: >= net452
      DevExpress.Scheduler.Core (19.2.4) - restriction: >= net452
      DevExpress.Web (19.2.4) - restriction: >= net452
    DevExpress.Web.Themes (19.2.4) - restriction: >= net452
      DevExpress.Web (19.2.4) - restriction: >= net452
    DevExpress.Web.Visualization (19.2.4) - restriction: >= net452
      DevExpress.Charts (19.2.4) - restriction: >= net452
      DevExpress.Charts.Core (19.2.4) - restriction: >= net452
      DevExpress.Data (19.2.4) - restriction: >= net452
      DevExpress.Gauges.Core (19.2.4) - restriction: >= net452
      DevExpress.Printing.Core (19.2.4) - restriction: >= net452
      DevExpress.Web (19.2.4) - restriction: >= net452
    DevExpress.Win (19.2.4) - restriction: >= net452
      DevExpress.Data (19.2.4) - restriction: >= net452
      DevExpress.RichEdit.Export (19.2.4) - restriction: >= net452
      DevExpress.Utils (19.2.4) - restriction: >= net452
      DevExpress.Win.Grid (19.2.4) - restriction: >= net452
      DevExpress.Win.Navigation (19.2.4) - restriction: >= net452
      DevExpress.Win.PivotGrid (19.2.4) - restriction: >= net452
      DevExpress.Win.Printing (19.2.4) - restriction: >= net452
      DevExpress.Win.TreeList (19.2.4) - restriction: >= net452
      DevExpress.Win.VerticalGrid (19.2.4) - restriction: >= net452
    DevExpress.Win.BonusSkins (19.2.4) - restriction: >= net452
      DevExpress.Utils (19.2.4) - restriction: >= net452
    DevExpress.Win.Charts (19.2.4) - restriction: >= net452
      DevExpress.Charts (19.2.4) - restriction: >= net452
      DevExpress.Charts.Core (19.2.4) - restriction: >= net452
      DevExpress.Data (19.2.4) - restriction: >= net452
      DevExpress.Printing.Core (19.2.4) - restriction: >= net452
      DevExpress.Utils (19.2.4) - restriction: >= net452
      DevExpress.Utils.UI (19.2.4) - restriction: >= net452
      DevExpress.Win (19.2.4) - restriction: >= net452
      DevExpress.Win.Grid (19.2.4) - restriction: >= net452
      DevExpress.Win.Navigation (19.2.4) - restriction: >= net452
      DevExpress.Win.Printing (19.2.4) - restriction: >= net452
      DevExpress.Win.TreeList (19.2.4) - restriction: >= net452
      DevExpress.Win.VerticalGrid (19.2.4) - restriction: >= net452
    DevExpress.Win.Dashboard (19.2.4) - restriction: >= net452
      DevExpress.Charts (19.2.4) - restriction: >= net452
      DevExpress.Charts.Core (19.2.4) - restriction: >= net452
      DevExpress.Dashboard.Core (19.2.4) - restriction: >= net452
      DevExpress.Data (19.2.4) - restriction: >= net452
      DevExpress.DataAccess (19.2.4) - restriction: >= net452
      DevExpress.DataAccess.UI (19.2.4) - restriction: >= net452
      DevExpress.Gauges.Core (19.2.4) - restriction: >= net452
      DevExpress.Map.Core (19.2.4) - restriction: >= net452
      DevExpress.Office.Core (19.2.4) - restriction: >= net452
      DevExpress.PivotGrid.Core (19.2.4) - restriction: >= net452
      DevExpress.Printing.Core (19.2.4) - restriction: >= net452
      DevExpress.Reporting.Core (19.2.4) - restriction: >= net452
      DevExpress.RichEdit.Core (19.2.4) - restriction: >= net452
      DevExpress.Sparkline.Core (19.2.4) - restriction: >= net452
      DevExpress.TreeMap.Core (19.2.4) - restriction: >= net452
      DevExpress.Utils (19.2.4) - restriction: >= net452
      DevExpress.Utils.UI (19.2.4) - restriction: >= net452
      DevExpress.Win.Charts (19.2.4) - restriction: >= net452
      DevExpress.Win.Gauges (19.2.4) - restriction: >= net452
      DevExpress.Win.Grid (19.2.4) - restriction: >= net452
      DevExpress.Win.Map (19.2.4) - restriction: >= net452
      DevExpress.Win.Navigation (19.2.4) - restriction: >= net452
      DevExpress.Win.PivotGrid (19.2.4) - restriction: >= net452
      DevExpress.Win.Printing (19.2.4) - restriction: >= net452
      DevExpress.Win.RichEdit (19.2.4) - restriction: >= net452
      DevExpress.Win.TreeList (19.2.4) - restriction: >= net452
      DevExpress.Win.TreeMap (19.2.4) - restriction: >= net452
      DevExpress.Xpo (19.2.4) - restriction: >= net452
    DevExpress.Win.Diagram (19.2.4) - restriction: >= net452
      DevExpress.Data (19.2.4) - restriction: >= net452
      DevExpress.Diagram.Core (19.2.4) - restriction: >= net452
      DevExpress.Pdf.Core (19.2.4) - restriction: >= net452
      DevExpress.Printing.Core (19.2.4) - restriction: >= net452
      DevExpress.Utils (19.2.4) - restriction: >= net452
      DevExpress.Win.Navigation (19.2.4) - restriction: >= net452
      DevExpress.Win.Printing (19.2.4) - restriction: >= net452
      DevExpress.Win.VerticalGrid (19.2.4) - restriction: >= net452
    DevExpress.Win.Gauges (19.2.4) - restriction: >= net452
      DevExpress.Data (19.2.4) - restriction: >= net452
      DevExpress.Gauges.Core (19.2.4) - restriction: >= net452
      DevExpress.Printing.Core (19.2.4) - restriction: >= net452
      DevExpress.Utils (19.2.4) - restriction: >= net452
      DevExpress.Win.Navigation (19.2.4) - restriction: >= net452
      DevExpress.Win.Printing (19.2.4) - restriction: >= net452
    DevExpress.Win.Grid (19.2.4) - restriction: >= net452
      DevExpress.Data (19.2.4) - restriction: >= net452
      DevExpress.Printing.Core (19.2.4) - restriction: >= net452
      DevExpress.Utils (19.2.4) - restriction: >= net452
      DevExpress.Win.Navigation (19.2.4) - restriction: >= net452
      DevExpress.Win.Printing (19.2.4) - restriction: >= net452
    DevExpress.Win.Map (19.2.4) - restriction: >= net452
      DevExpress.Data (19.2.4) - restriction: >= net452
      DevExpress.Map.Core (19.2.4) - restriction: >= net452
      DevExpress.Printing.Core (19.2.4) - restriction: >= net452
      DevExpress.Utils (19.2.4) - restriction: >= net452
      DevExpress.Win.Navigation (19.2.4) - restriction: >= net452
      DevExpress.Win.Printing (19.2.4) - restriction: >= net452
    DevExpress.Win.Navigation (19.2.4) - restriction: >= net452
      DevExpress.Data (19.2.4) - restriction: >= net452
      DevExpress.Printing.Core (19.2.4) - restriction: >= net452
      DevExpress.Sparkline.Core (19.2.4) - restriction: >= net452
      DevExpress.Utils (19.2.4) - restriction: >= net452
    DevExpress.Win.PivotGrid (19.2.4) - restriction: >= net452
      DevExpress.Data (19.2.4) - restriction: >= net452
      DevExpress.PivotGrid.Core (19.2.4) - restriction: >= net452
      DevExpress.Printing.Core (19.2.4) - restriction: >= net452
      DevExpress.Utils (19.2.4) - restriction: >= net452
      DevExpress.Win.Navigation (19.2.4) - restriction: >= net452
    DevExpress.Win.Printing (19.2.4) - restriction: >= net452
      DevExpress.Data (19.2.4) - restriction: >= net452
      DevExpress.Printing.Core (19.2.4) - restriction: >= net452
      DevExpress.RichEdit.Core (19.2.4) - restriction: >= net452
      DevExpress.Utils (19.2.4) - restriction: >= net452
      DevExpress.Win.Navigation (19.2.4) - restriction: >= net452
      DevExpress.Win.TreeList (19.2.4) - restriction: >= net452
    DevExpress.Win.Reporting (19.2.4) - restriction: >= net452
      DevExpress.Charts (19.2.4) - restriction: >= net452
      DevExpress.Charts.Core (19.2.4) - restriction: >= net452
      DevExpress.CodeParser (19.2.4) - restriction: >= net452
      DevExpress.Data (19.2.4) - restriction: >= net452
      DevExpress.DataAccess (19.2.4) - restriction: >= net452
      DevExpress.DataAccess.UI (19.2.4) - restriction: >= net452
      DevExpress.Gauges.Core (19.2.4) - restriction: >= net452
      DevExpress.Office.Core (19.2.4) - restriction: >= net452
      DevExpress.PivotGrid.Core (19.2.4) - restriction: >= net452
      DevExpress.Printing.Core (19.2.4) - restriction: >= net452
      DevExpress.Reporting.Core (19.2.4) - restriction: >= net452
      DevExpress.RichEdit.Core (19.2.4) - restriction: >= net452
      DevExpress.Sparkline.Core (19.2.4) - restriction: >= net452
      DevExpress.Utils (19.2.4) - restriction: >= net452
      DevExpress.Utils.UI (19.2.4) - restriction: >= net452
      DevExpress.Win (19.2.4) - restriction: >= net452
      DevExpress.Win.Charts (19.2.4) - restriction: >= net452
      DevExpress.Win.Grid (19.2.4) - restriction: >= net452
      DevExpress.Win.Navigation (19.2.4) - restriction: >= net452
      DevExpress.Win.PivotGrid (19.2.4) - restriction: >= net452
      DevExpress.Win.Printing (19.2.4) - restriction: >= net452
      DevExpress.Win.RichEdit (19.2.4) - restriction: >= net452
      DevExpress.Win.TreeList (19.2.4) - restriction: >= net452
      DevExpress.Win.VerticalGrid (19.2.4) - restriction: >= net452
    DevExpress.Win.RichEdit (19.2.4) - restriction: >= net452
      DevExpress.Data (19.2.4) - restriction: >= net452
      DevExpress.Images (19.2.4) - restriction: >= net452
      DevExpress.Office.Core (19.2.4) - restriction: >= net452
      DevExpress.Pdf.Core (19.2.4) - restriction: >= net452
      DevExpress.Printing.Core (19.2.4) - restriction: >= net452
      DevExpress.RichEdit.Core (19.2.4) - restriction: >= net452
      DevExpress.Utils (19.2.4) - restriction: >= net452
      DevExpress.Win.Grid (19.2.4) - restriction: >= net452
      DevExpress.Win.Navigation (19.2.4) - restriction: >= net452
      DevExpress.Win.Printing (19.2.4) - restriction: >= net452
    DevExpress.Win.Scheduler (19.2.4) - restriction: >= net452
      DevExpress.Data (19.2.4) - restriction: >= net452
      DevExpress.Printing.Core (19.2.4) - restriction: >= net452
      DevExpress.Scheduler.Core (19.2.4) - restriction: >= net452
      DevExpress.Utils (19.2.4) - restriction: >= net452
      DevExpress.Win.Grid (19.2.4) - restriction: >= net452
      DevExpress.Win.Navigation (19.2.4) - restriction: >= net452
      DevExpress.Win.Printing (19.2.4) - restriction: >= net452
    DevExpress.Win.Spreadsheet (19.2.4) - restriction: >= net452
      DevExpress.Charts (19.2.4) - restriction: >= net452
      DevExpress.Charts.Core (19.2.4) - restriction: >= net452
      DevExpress.Data (19.2.4) - restriction: >= net452
      DevExpress.DataAccess (19.2.4) - restriction: >= net452
      DevExpress.DataAccess.UI (19.2.4) - restriction: >= net452
      DevExpress.Office.Core (19.2.4) - restriction: >= net452
      DevExpress.Printing.Core (19.2.4) - restriction: >= net452
      DevExpress.RichEdit.Core (19.2.4) - restriction: >= net452
      DevExpress.Spreadsheet.Core (19.2.4) - restriction: >= net452
      DevExpress.Utils (19.2.4) - restriction: >= net452
      DevExpress.Utils.UI (19.2.4) - restriction: >= net452
      DevExpress.Win (19.2.4) - restriction: >= net452
      DevExpress.Win.Grid (19.2.4) - restriction: >= net452
      DevExpress.Win.Navigation (19.2.4) - restriction: >= net452
      DevExpress.Win.Printing (19.2.4) - restriction: >= net452
      DevExpress.Win.RichEdit (19.2.4) - restriction: >= net452
      DevExpress.Win.TreeList (19.2.4) - restriction: >= net452
    DevExpress.Win.TreeList (19.2.4) - restriction: >= net452
      DevExpress.Data (19.2.4) - restriction: >= net452
      DevExpress.Printing.Core (19.2.4) - restriction: >= net452
      DevExpress.Utils (19.2.4) - restriction: >= net452
      DevExpress.Win.Navigation (19.2.4) - restriction: >= net452
    DevExpress.Win.TreeMap (19.2.4) - restriction: >= net452
      DevExpress.Data (19.2.4) - restriction: >= net452
      DevExpress.Printing.Core (19.2.4) - restriction: >= net452
      DevExpress.TreeMap.Core (19.2.4) - restriction: >= net452
      DevExpress.Utils (19.2.4) - restriction: >= net452
      DevExpress.Win.Navigation (19.2.4) - restriction: >= net452
      DevExpress.Win.Printing (19.2.4) - restriction: >= net452
    DevExpress.Win.VerticalGrid (19.2.4) - restriction: >= net452
      DevExpress.Data (19.2.4) - restriction: >= net452
      DevExpress.Printing.Core (19.2.4) - restriction: >= net452
      DevExpress.Utils (19.2.4) - restriction: >= net452
      DevExpress.Win.Navigation (19.2.4) - restriction: >= net452
      DevExpress.Win.Printing (19.2.4) - restriction: >= net452
  remote: https://xpandnugetserver.azurewebsites.net/nuget
    DevExpress.ExpressApp.Reports (19.2.4)
    DevExpress.ExpressApp.Reports.Win (19.2.4)
    Xpand.VersionConverter (1.1.7)
