STRATEGY: MAX
RESTRICTION: || (== net40) (== net461) (== net472) (== netstandard2.0)
NUGET
  remote: https://api.nuget.org/v3/index.json
    AForge (2.2.5)
    AForge.Imaging (2.2.5)
      AForge (>= 2.2.5)
      AForge.Math (>= 2.2.5)
    AForge.Math (2.2.5)
      AForge (>= 2.2.5)
    AForge.Video (2.2.5)
      AForge (>= 2.2.5)
    AppDomainToolkit (1.0.4.3)
    AutoMapper (3.3.1)
    CommandLineParser (1.9.71)
    Common.Logging (2.1.2)
    DevExpress.Data (19.2.3) - restriction: || (&& (== net40) (>= net452)) (&& (== net40) (>= netstandard2.0)) (== net461) (== net472) (== netstandard2.0)
      Microsoft.Extensions.Configuration (>= 1.1.2) - restriction: || (&& (== net40) (== net472)) (&& (== net40) (>= netstandard2.0)) (&& (== net461) (< net452) (>= netstandard2.0)) (&& (== net472) (< net452)) (== netstandard2.0)
      Microsoft.Extensions.Configuration.Json (>= 1.1.2) - restriction: || (&& (== net40) (== net472)) (&& (== net40) (>= netstandard2.0)) (&& (== net461) (< net452) (>= netstandard2.0)) (&& (== net472) (< net452)) (== netstandard2.0)
      Microsoft.Extensions.PlatformAbstractions (>= 1.1) - restriction: || (&& (== net40) (== net472)) (&& (== net40) (>= netstandard2.0)) (&& (== net461) (< net452) (>= netstandard2.0)) (&& (== net472) (< net452)) (== netstandard2.0)
      NETStandard.Library (>= 2.0.3) - restriction: || (&& (== net40) (== net472)) (&& (== net40) (>= netstandard2.0)) (&& (== net461) (< net452) (>= netstandard2.0)) (&& (== net472) (< net452)) (== netstandard2.0)
      System.ComponentModel.Annotations (>= 4.4) - restriction: || (&& (== net40) (== net472)) (&& (== net40) (>= netstandard2.0)) (&& (== net461) (< net452) (>= netstandard2.0)) (&& (== net472) (< net452)) (== netstandard2.0)
      System.Drawing.Common (>= 4.5) - restriction: || (&& (== net40) (== net472)) (&& (== net40) (>= netstandard2.0)) (&& (== net461) (< net452) (>= netstandard2.0)) (&& (== net472) (< net452)) (== netstandard2.0)
      System.Reflection.Emit (>= 4.3) - restriction: || (&& (== net40) (== net472)) (&& (== net40) (>= netstandard2.0)) (&& (== net461) (< net452) (>= netstandard2.0)) (&& (== net472) (< net452)) (== netstandard2.0)
      System.Reflection.Emit.Lightweight (>= 4.3) - restriction: || (&& (== net40) (== net472)) (&& (== net40) (>= netstandard2.0)) (&& (== net461) (< net452) (>= netstandard2.0)) (&& (== net472) (< net452)) (== netstandard2.0)
      System.ServiceModel.Http (>= 4.4) - restriction: || (&& (== net40) (== net472)) (&& (== net40) (>= netstandard2.0)) (&& (== net461) (< net452) (>= netstandard2.0)) (&& (== net472) (< net452)) (== netstandard2.0)
      System.ServiceModel.Primitives (>= 4.4) - restriction: || (&& (== net40) (== net472)) (&& (== net40) (>= netstandard2.0)) (&& (== net461) (< net452) (>= netstandard2.0)) (&& (== net472) (< net452)) (== netstandard2.0)
      System.Text.Encoding.CodePages (>= 4.4) - restriction: || (&& (== net40) (== net472)) (&& (== net40) (>= netstandard2.0)) (&& (== net461) (< net452) (>= netstandard2.0)) (&& (== net472) (< net452)) (== netstandard2.0)
    DevExpress.Xpo (19.2.3) - restriction: || (&& (== net40) (>= net452)) (&& (== net40) (>= netstandard2.0)) (== net461) (== net472) (== netstandard2.0)
      DevExpress.Data (19.2.3) - restriction: || (&& (== net40) (>= net452)) (&& (== net40) (>= netstandard2.0)) (== net461) (== net472) (== netstandard2.0)
      Microsoft.Extensions.DependencyInjection (>= 2.0) - restriction: || (&& (== net40) (== net472)) (&& (== net40) (>= netstandard2.0)) (&& (== net461) (< net452) (>= netstandard2.0)) (&& (== net472) (< net452)) (== netstandard2.0)
      NETStandard.Library (>= 2.0.3) - restriction: || (&& (== net40) (== net472)) (&& (== net40) (>= netstandard2.0)) (&& (== net461) (< net452) (>= netstandard2.0)) (&& (== net472) (< net452)) (== netstandard2.0)
      System.Data.SqlClient (>= 4.5) - restriction: || (&& (== net40) (== net472)) (&& (== net40) (>= netstandard2.0)) (&& (== net461) (< net452) (>= netstandard2.0)) (&& (== net472) (< net452)) (== netstandard2.0)
      System.ServiceModel.Primitives (>= 4.4) - restriction: || (&& (== net40) (== net472)) (&& (== net40) (>= netstandard2.0)) (&& (== net461) (< net452) (>= netstandard2.0)) (&& (== net472) (< net452)) (== netstandard2.0)
    DocumentFormat.OpenXml (2.7.2)
      NETStandard.Library (>= 1.6.1) - restriction: || (&& (== net40) (< net35) (>= netstandard1.3)) (&& (== net461) (< net35)) (&& (== net472) (< net35)) (== netstandard2.0)
      System.IO.Packaging (>= 4.0) - restriction: || (&& (== net40) (< net35) (>= netstandard1.3)) (&& (== net40) (>= net46)) (== net461) (== net472) (== netstandard2.0)
    DotNetZip (1.11)
    Enums.NET (2.3.2)
      System.ComponentModel.Annotations (>= 4.4) - restriction: || (&& (== net40) (< net20) (>= netstandard2.0)) (&& (== net461) (< net20) (>= netstandard2.0)) (&& (== net472) (< net20)) (== netstandard2.0)
    EnvDTE (8.0.2)
      stdole (>= 7.0.3302)
    EnvDTE100 (10.0.3)
      EnvDTE90a (>= 9.0.3)
      Microsoft.VisualStudio.SDK.EmbedInteropTypes (>= 15.0.16)
    EnvDTE80 (8.0.3)
      EnvDTE (>= 8.0.2)
      Microsoft.VisualStudio.SDK.EmbedInteropTypes (>= 15.0.16)
    EnvDTE90 (9.0.3)
      EnvDTE80 (>= 8.0.3)
      Microsoft.VisualStudio.SDK.EmbedInteropTypes (>= 15.0.16)
    EnvDTE90a (9.0.3)
      EnvDTE90 (>= 9.0.3)
      Microsoft.VisualStudio.SDK.EmbedInteropTypes (>= 15.0.16)
    ExcelDataReader (3.6)
      SharpZipLib (>= 0.86) - restriction: || (== net40) (&& (== net461) (== netstandard2.0) (< netstandard1.3)) (&& (== net461) (< net45) (< netstandard1.3)) (&& (== net472) (== netstandard2.0) (< netstandard1.3)) (&& (== net472) (< net45) (< netstandard1.3)) (&& (== netstandard2.0) (>= net20) (< netstandard1.3))
    ExcelDataReader.DataSet (3.6)
      ExcelDataReader (>= 3.6)
    fasterflect (2.1.3)
    Fasterflect.Xpand (2.0.7)
      System.Reflection.Emit.Lightweight (>= 4.6) - restriction: || (&& (== net40) (>= netstandard2.0)) (&& (== net461) (>= netstandard2.0)) (== net472) (== netstandard2.0)
    Fody (4.2.1)
    IIS.Microsoft.Web.Adminstration (8.5.9600.16384)
    InputSimulator (1.0.4)
    JetBrains.Annotations (2019.1.1)
    Microsoft.AspNet.Razor (3.2.7)
    Microsoft.Bcl.AsyncInterfaces (1.0) - restriction: || (&& (== net40) (== net472)) (&& (== net40) (>= netcoreapp2.0)) (&& (== net40) (>= netcoreapp2.1)) (&& (== net40) (>= netstandard2.0)) (&& (== net40) (>= xamarinios)) (&& (== net40) (>= xamarinmac)) (&& (== net461) (== net472) (>= monoandroid)) (&& (== net461) (>= monoandroid) (>= netstandard2.0)) (&& (== net461) (>= monotouch) (>= netstandard2.0)) (&& (== net461) (< net452) (>= netstandard2.0)) (&& (== net461) (>= netcoreapp2.0)) (&& (== net461) (>= netcoreapp2.1)) (&& (== net461) (>= netstandard2.0) (>= uap10.1)) (&& (== net461) (>= netstandard2.0) (>= xamarintvos)) (&& (== net461) (>= netstandard2.0) (>= xamarinwatchos)) (&& (== net461) (>= xamarinios)) (&& (== net461) (>= xamarinmac)) (&& (== net472) (>= monoandroid) (< netstandard2.0)) (&& (== net472) (>= monotouch)) (&& (== net472) (< net452)) (&& (== net472) (>= netcoreapp2.0)) (&& (== net472) (>= netcoreapp2.1)) (&& (== net472) (>= uap10.1)) (&& (== net472) (>= xamarinios)) (&& (== net472) (>= xamarinmac)) (&& (== net472) (>= xamarintvos)) (&& (== net472) (>= xamarinwatchos)) (== netstandard2.0)
      System.Threading.Tasks.Extensions (>= 4.5.2) - restriction: || (&& (== net40) (>= net461)) (&& (== net40) (>= netstandard2.0)) (&& (== net40) (>= netstandard2.1)) (== net461) (== net472) (== netstandard2.0)
    Microsoft.Build (16.3)
      Microsoft.Build.Framework (>= 16.3) - restriction: || (&& (== net40) (>= net472)) (&& (== net40) (>= netcoreapp2.1)) (&& (== net461) (>= net472)) (&& (== net461) (>= netcoreapp2.1)) (== net472) (&& (== netstandard2.0) (>= net472)) (&& (== netstandard2.0) (>= netcoreapp2.1))
      Microsoft.VisualStudio.Setup.Configuration.Interop (>= 1.16.30) - restriction: || (&& (== net40) (>= net472)) (&& (== net461) (>= net472)) (== net472) (&& (== netstandard2.0) (>= net472))
      System.Collections.Immutable (>= 1.5) - restriction: || (&& (== net40) (>= net472)) (&& (== net40) (>= netcoreapp2.1)) (&& (== net461) (>= net472)) (&& (== net461) (>= netcoreapp2.1)) (== net472) (&& (== netstandard2.0) (>= net472)) (&& (== netstandard2.0) (>= netcoreapp2.1))
      System.Memory (>= 4.5.3) - restriction: || (&& (== net40) (>= net472)) (&& (== net40) (>= netcoreapp2.1)) (&& (== net461) (>= net472)) (&& (== net461) (>= netcoreapp2.1)) (== net472) (&& (== netstandard2.0) (>= net472)) (&& (== netstandard2.0) (>= netcoreapp2.1))
      System.Threading.Tasks.Dataflow (>= 4.9) - restriction: || (&& (== net40) (>= net472)) (&& (== net40) (>= netcoreapp2.1)) (&& (== net461) (>= net472)) (&& (== net461) (>= netcoreapp2.1)) (== net472) (&& (== netstandard2.0) (>= net472)) (&& (== netstandard2.0) (>= netcoreapp2.1))
    Microsoft.Build.Framework (16.3)
      System.Runtime.Serialization.Primitives (>= 4.1.1) - restriction: || (&& (== net40) (== net472)) (&& (== net40) (>= netstandard2.0)) (&& (== net461) (== net472)) (&& (== net461) (>= netstandard2.0)) (== netstandard2.0)
      System.Threading.Thread (>= 4.0) - restriction: || (&& (== net40) (== net472)) (&& (== net40) (>= netstandard2.0)) (&& (== net461) (== net472)) (&& (== net461) (>= netstandard2.0)) (== netstandard2.0)
    Microsoft.Build.Tasks.Core (16.3)
      Microsoft.Build.Framework (>= 16.3) - restriction: || (&& (== net40) (>= netstandard2.0)) (&& (== net461) (>= netstandard2.0)) (== net472) (== netstandard2.0)
      Microsoft.Build.Utilities.Core (>= 16.3) - restriction: || (&& (== net40) (>= netstandard2.0)) (&& (== net461) (>= netstandard2.0)) (== net472) (== netstandard2.0)
      Microsoft.VisualStudio.Setup.Configuration.Interop (>= 1.16.30) - restriction: || (&& (== net40) (>= net472)) (&& (== net461) (>= net472)) (== net472) (&& (== netstandard2.0) (>= net472))
      Microsoft.Win32.Registry (>= 4.3) - restriction: || (&& (== net40) (== net472)) (&& (== net40) (>= netstandard2.0)) (&& (== net461) (== net472)) (&& (== net461) (>= netstandard2.0)) (== netstandard2.0)
      System.CodeDom (>= 4.4) - restriction: || (&& (== net40) (== net472)) (&& (== net40) (>= netstandard2.0)) (&& (== net461) (== net472)) (&& (== net461) (>= netstandard2.0)) (== netstandard2.0)
      System.Collections.Immutable (>= 1.5) - restriction: || (&& (== net40) (>= netstandard2.0)) (&& (== net461) (>= netstandard2.0)) (== net472) (== netstandard2.0)
      System.Linq.Parallel (>= 4.0.1) - restriction: || (&& (== net40) (== net472)) (&& (== net40) (>= netstandard2.0)) (&& (== net461) (== net472)) (&& (== net461) (>= netstandard2.0)) (== netstandard2.0)
      System.Net.Http (>= 4.3.4) - restriction: || (&& (== net40) (== net472)) (&& (== net40) (>= netstandard2.0)) (&& (== net461) (== net472)) (&& (== net461) (>= netstandard2.0)) (== netstandard2.0)
      System.Reflection.Metadata (>= 1.6) - restriction: || (&& (== net40) (== net472)) (&& (== net40) (>= netstandard2.0)) (&& (== net461) (== net472)) (&& (== net461) (>= netstandard2.0)) (== netstandard2.0)
      System.Reflection.TypeExtensions (>= 4.1) - restriction: || (&& (== net40) (== net472)) (&& (== net40) (>= netstandard2.0)) (&& (== net461) (== net472)) (&& (== net461) (>= netstandard2.0)) (== netstandard2.0)
      System.Resources.Extensions (>= 4.6) - restriction: || (&& (== net40) (>= netstandard2.0)) (&& (== net461) (>= netstandard2.0)) (== net472) (== netstandard2.0)
      System.Resources.Writer (>= 4.0) - restriction: || (&& (== net40) (== net472)) (&& (== net40) (>= netstandard2.0)) (&& (== net461) (== net472)) (&& (== net461) (>= netstandard2.0)) (== netstandard2.0)
      System.Threading.Tasks.Dataflow (>= 4.9) - restriction: || (&& (== net40) (>= netstandard2.0)) (&& (== net461) (>= netstandard2.0)) (== net472) (== netstandard2.0)
    Microsoft.Build.Utilities.Core (16.3) - restriction: || (&& (== net40) (>= netstandard2.0)) (&& (== net461) (>= netstandard2.0)) (== net472) (== netstandard2.0)
      Microsoft.Build.Framework (>= 16.3) - restriction: || (&& (== net40) (>= netstandard2.0)) (&& (== net461) (>= netstandard2.0)) (== net472) (== netstandard2.0)
      Microsoft.VisualStudio.Setup.Configuration.Interop (>= 1.16.30) - restriction: || (&& (== net40) (>= net472)) (&& (== net461) (>= net472)) (== net472) (&& (== netstandard2.0) (>= net472))
      Microsoft.Win32.Registry (>= 4.3) - restriction: || (&& (== net40) (== net472)) (&& (== net40) (>= netstandard2.0)) (&& (== net461) (== net472)) (&& (== net461) (>= netstandard2.0)) (== netstandard2.0)
      System.Collections.Immutable (>= 1.5) - restriction: || (&& (== net40) (>= netstandard2.0)) (&& (== net461) (>= netstandard2.0)) (== net472) (== netstandard2.0)
      System.Text.Encoding.CodePages (>= 4.0.1) - restriction: || (&& (== net40) (== net472)) (&& (== net40) (>= netstandard2.0)) (&& (== net461) (== net472)) (&& (== net461) (>= netstandard2.0)) (== netstandard2.0)
    Microsoft.CodeAnalysis.Analyzers (2.9.7) - restriction: || (&& (== net40) (== net472)) (&& (== net40) (>= netstandard2.0)) (&& (== net461) (< net452) (>= netstandard2.0)) (&& (== net472) (< net452)) (== netstandard2.0)
    Microsoft.CodeAnalysis.BannedApiAnalyzers (2.9.7) - restriction: || (&& (== net40) (>= net46) (>= netstandard2.0)) (&& (== net461) (== netstandard2.0)) (&& (== net461) (>= netstandard2.0)) (== net472) (&& (== netstandard2.0) (>= net46))
    Microsoft.CodeAnalysis.Common (3.3.1) - restriction: || (&& (== net40) (== net472)) (&& (== net40) (>= netstandard2.0)) (&& (== net461) (< net452) (>= netstandard2.0)) (&& (== net472) (< net452)) (== netstandard2.0)
      Microsoft.CodeAnalysis.Analyzers (>= 2.9.4) - restriction: || (&& (== net40) (>= netstandard2.0)) (&& (== net461) (>= netstandard2.0)) (== net472) (== netstandard2.0)
      System.Collections.Immutable (>= 1.5) - restriction: || (&& (== net40) (>= netstandard2.0)) (&& (== net461) (>= netstandard2.0)) (== net472) (== netstandard2.0)
      System.Memory (>= 4.5.3) - restriction: || (&& (== net40) (>= netstandard2.0)) (&& (== net461) (>= netstandard2.0)) (== net472) (== netstandard2.0)
      System.Reflection.Metadata (>= 1.6) - restriction: || (&& (== net40) (>= netstandard2.0)) (&& (== net461) (>= netstandard2.0)) (== net472) (== netstandard2.0)
      System.Runtime.CompilerServices.Unsafe (>= 4.5.2) - restriction: || (&& (== net40) (>= netstandard2.0)) (&& (== net461) (>= netstandard2.0)) (== net472) (== netstandard2.0)
      System.Text.Encoding.CodePages (>= 4.5.1) - restriction: || (&& (== net40) (>= netstandard2.0)) (&& (== net461) (>= netstandard2.0)) (== net472) (== netstandard2.0)
      System.Threading.Tasks.Extensions (>= 4.5.3) - restriction: || (&& (== net40) (>= netstandard2.0)) (&& (== net461) (>= netstandard2.0)) (== net472) (== netstandard2.0)
    Microsoft.CodeAnalysis.CSharp (3.3.1) - restriction: || (&& (== net40) (== net472)) (&& (== net40) (>= netstandard2.0)) (&& (== net461) (< net452) (>= netstandard2.0)) (&& (== net472) (< net452)) (== netstandard2.0)
      Microsoft.CodeAnalysis.Common (3.3.1) - restriction: || (&& (== net40) (>= netstandard2.0)) (&& (== net461) (>= netstandard2.0)) (== net472) (== netstandard2.0)
    Microsoft.CSharp (4.6)
    Microsoft.Extensions.Configuration (3.0) - restriction: || (&& (== net40) (== net472)) (&& (== net40) (>= netstandard2.0)) (&& (== net461) (< net452) (>= netstandard2.0)) (&& (== net472) (< net452)) (== netstandard2.0)
      Microsoft.Extensions.Configuration.Abstractions (>= 3.0) - restriction: || (&& (== net40) (>= netstandard2.0)) (&& (== net461) (>= netstandard2.0)) (== net472) (== netstandard2.0)
    Microsoft.Extensions.Configuration.Abstractions (3.0) - restriction: || (&& (== net40) (== net472)) (&& (== net40) (>= netstandard2.0)) (&& (== net461) (< net452) (>= netstandard2.0)) (&& (== net472) (< net452)) (== netstandard2.0)
      Microsoft.Extensions.Primitives (>= 3.0) - restriction: || (&& (== net40) (>= netstandard2.0)) (&& (== net461) (>= netstandard2.0)) (== net472) (== netstandard2.0)
    Microsoft.Extensions.Configuration.FileExtensions (3.0) - restriction: || (&& (== net40) (== net472)) (&& (== net40) (>= netstandard2.0)) (&& (== net461) (< net452) (>= netstandard2.0)) (&& (== net472) (< net452)) (== netstandard2.0)
      Microsoft.Extensions.Configuration (>= 3.0) - restriction: || (&& (== net40) (>= netstandard2.0)) (&& (== net461) (>= netstandard2.0)) (== net472) (== netstandard2.0)
      Microsoft.Extensions.FileProviders.Physical (>= 3.0) - restriction: || (&& (== net40) (>= netstandard2.0)) (&& (== net461) (>= netstandard2.0)) (== net472) (== netstandard2.0)
    Microsoft.Extensions.Configuration.Json (3.0) - restriction: || (&& (== net40) (== net472)) (&& (== net40) (>= netstandard2.0)) (&& (== net461) (< net452) (>= netstandard2.0)) (&& (== net472) (< net452)) (== netstandard2.0)
      Microsoft.Extensions.Configuration (>= 3.0) - restriction: || (&& (== net40) (>= netstandard2.0)) (&& (== net461) (>= netstandard2.0)) (== net472) (== netstandard2.0)
      Microsoft.Extensions.Configuration.FileExtensions (>= 3.0) - restriction: || (&& (== net40) (>= netstandard2.0)) (&& (== net461) (>= netstandard2.0)) (== net472) (== netstandard2.0)
      System.Text.Json (>= 4.6) - restriction: || (&& (== net40) (>= netstandard2.0)) (&& (== net461) (>= netstandard2.0)) (== net472) (== netstandard2.0)
      System.Threading.Tasks.Extensions (>= 4.5.2) - restriction: || (&& (== net40) (>= netstandard2.0)) (&& (== net461) (>= netstandard2.0)) (== net472) (== netstandard2.0)
    Microsoft.Extensions.DependencyInjection (3.0) - restriction: || (&& (== net40) (== net472)) (&& (== net40) (>= netstandard2.0)) (&& (== net461) (< net452) (>= netstandard2.0)) (&& (== net472) (< net452)) (== netstandard2.0)
      Microsoft.Extensions.DependencyInjection.Abstractions (>= 3.0) - restriction: || (&& (== net40) (>= net461)) (&& (== net40) (>= netstandard2.0)) (== net461) (== net472) (== netstandard2.0)
    Microsoft.Extensions.DependencyInjection.Abstractions (3.0) - restriction: || (&& (== net40) (== net472)) (&& (== net40) (>= netstandard2.0)) (&& (== net461) (< net452) (>= netstandard2.0)) (&& (== net472) (< net452)) (== netstandard2.0)
    Microsoft.Extensions.FileProviders.Abstractions (3.0) - restriction: || (&& (== net40) (== net472)) (&& (== net40) (>= netstandard2.0)) (&& (== net461) (< net452) (>= netstandard2.0)) (&& (== net472) (< net452)) (== netstandard2.0)
      Microsoft.Extensions.Primitives (>= 3.0) - restriction: || (&& (== net40) (>= netstandard2.0)) (&& (== net461) (>= netstandard2.0)) (== net472) (== netstandard2.0)
    Microsoft.Extensions.FileProviders.Physical (3.0) - restriction: || (&& (== net40) (== net472)) (&& (== net40) (>= netstandard2.0)) (&& (== net461) (< net452) (>= netstandard2.0)) (&& (== net472) (< net452)) (== netstandard2.0)
      Microsoft.Extensions.FileProviders.Abstractions (>= 3.0) - restriction: || (&& (== net40) (>= netstandard2.0)) (&& (== net461) (>= netstandard2.0)) (== net472) (== netstandard2.0)
      Microsoft.Extensions.FileSystemGlobbing (>= 3.0) - restriction: || (&& (== net40) (>= netstandard2.0)) (&& (== net461) (>= netstandard2.0)) (== net472) (== netstandard2.0)
    Microsoft.Extensions.FileSystemGlobbing (3.0) - restriction: || (&& (== net40) (== net472)) (&& (== net40) (>= netstandard2.0)) (&& (== net461) (< net452) (>= netstandard2.0)) (&& (== net472) (< net452)) (== netstandard2.0)
    Microsoft.Extensions.PlatformAbstractions (1.1) - restriction: || (&& (== net40) (== net472)) (&& (== net40) (>= netstandard2.0)) (&& (== net461) (< net452) (>= netstandard2.0)) (&& (== net472) (< net452)) (== netstandard2.0)
      NETStandard.Library (>= 1.6.1) - restriction: || (&& (== net40) (>= net451)) (&& (== net40) (>= netstandard1.3)) (== net461) (== net472) (== netstandard2.0)
      System.Reflection.TypeExtensions (>= 4.3) - restriction: || (&& (== net40) (== net461)) (&& (== net40) (== net472)) (&& (== net40) (>= netstandard1.3)) (&& (== net461) (< net451)) (&& (== net472) (< net451)) (== netstandard2.0)
    Microsoft.Extensions.Primitives (3.0) - restriction: || (&& (== net40) (== net472)) (&& (== net40) (>= netstandard2.0)) (&& (== net461) (< net452) (>= netstandard2.0)) (&& (== net472) (< net452)) (== netstandard2.0)
      System.Memory (>= 4.5.2) - restriction: || (&& (== net40) (>= netstandard2.0)) (&& (== net461) (>= netstandard2.0)) (== net472) (== netstandard2.0)
      System.Runtime.CompilerServices.Unsafe (>= 4.6) - restriction: || (&& (== net40) (>= netstandard2.0)) (&& (== net461) (>= netstandard2.0)) (== net472) (== netstandard2.0)
    Microsoft.NETCore.Platforms (3.0) - restriction: || (&& (== net40) (== net461)) (&& (== net40) (== net472)) (&& (== net40) (>= netstandard1.3)) (&& (== net461) (< net45)) (&& (== net472) (< net45)) (== netstandard2.0)
    Microsoft.NETCore.Targets (3.0) - restriction: || (&& (== net40) (== net461)) (&& (== net40) (== net472)) (&& (== net40) (>= netstandard1.3)) (&& (== net461) (< net45)) (&& (== net472) (< net45)) (== netstandard2.0)
    Microsoft.ServiceHub.Framework (2.0.69)
      StreamJsonRpc (>= 2.1.74) - restriction: || (&& (== net40) (>= netstandard2.0)) (&& (== net461) (>= netstandard2.0)) (== net472) (== netstandard2.0)
      System.Collections.Immutable (>= 1.5) - restriction: || (&& (== net40) (>= netstandard2.0)) (&& (== net461) (>= netstandard2.0)) (== net472) (== netstandard2.0)
    Microsoft.VisualStudio.CommandBars (8.0.0.1)
    Microsoft.VisualStudio.ComponentModelHost (16.2.45)
      Microsoft.VisualStudio.Shell.Interop.10.0 (>= 10.0.30319) - restriction: || (&& (== net40) (>= net46)) (== net461) (== net472) (&& (== netstandard2.0) (>= net46))
    Microsoft.VisualStudio.Composition (16.4.11)
      Microsoft.VisualStudio.Composition.NetFxAttributes (>= 16.4.11) - restriction: || (&& (== net40) (>= netstandard2.0)) (&& (== net461) (>= netstandard2.0)) (== net472) (== netstandard2.0)
      Microsoft.VisualStudio.Validation (>= 15.0.82) - restriction: || (&& (== net40) (>= netstandard2.0)) (&& (== net461) (>= netstandard2.0)) (== net472) (== netstandard2.0)
      System.ComponentModel.Composition (>= 4.5) - restriction: || (&& (== net40) (>= netstandard2.0)) (&& (== net461) (>= netstandard2.0)) (== net472) (== netstandard2.0)
      System.Composition (>= 1.0.31) - restriction: || (&& (== net40) (>= netstandard2.0)) (&& (== net461) (>= netstandard2.0)) (== net472) (== netstandard2.0)
      System.Reflection.Emit (>= 4.3) - restriction: || (&& (== net40) (>= netstandard2.0)) (&& (== net461) (>= netstandard2.0)) (== net472) (== netstandard2.0)
      System.Reflection.Metadata (>= 1.3) - restriction: || (&& (== net40) (>= netstandard2.0)) (&& (== net461) (>= netstandard2.0)) (== net472) (== netstandard2.0)
      System.Reflection.TypeExtensions (>= 4.3) - restriction: || (&& (== net40) (>= netstandard2.0)) (&& (== net461) (>= netstandard2.0)) (== net472) (== netstandard2.0)
      System.Threading.Tasks.Dataflow (>= 4.6) - restriction: || (&& (== net40) (>= netstandard2.0)) (&& (== net461) (>= netstandard2.0)) (== net472) (== netstandard2.0)
    Microsoft.VisualStudio.Composition.NetFxAttributes (16.4.11) - restriction: || (&& (== net40) (>= net46) (>= netstandard2.0)) (&& (== net461) (== netstandard2.0)) (&& (== net461) (>= netstandard2.0)) (== net472) (&& (== netstandard2.0) (>= net46))
      System.ComponentModel.Composition (>= 4.5) - restriction: || (&& (== net40) (>= netstandard2.0)) (&& (== net461) (>= netstandard2.0)) (== net472) (== netstandard2.0)
    Microsoft.VisualStudio.CoreUtility (16.2.45)
      Microsoft.VisualStudio.Threading (>= 16.0.102) - restriction: || (&& (== net40) (>= net472)) (&& (== net461) (>= net472)) (== net472) (&& (== netstandard2.0) (>= net472))
    Microsoft.VisualStudio.Debugger.Engine (16.4.1111102)
      Microsoft.VisualStudio.Debugger.Interop.11.0 (>= 11.0.50728) - restriction: || (== net40) (== net461) (== net472) (&& (== netstandard2.0) (>= net20))
      Microsoft.VisualStudio.Debugger.InteropA (>= 9.0.21023) - restriction: || (== net40) (== net461) (== net472) (&& (== netstandard2.0) (>= net20))
    Microsoft.VisualStudio.Debugger.Interop (8.0.50729)
      Microsoft.VisualStudio.OLE.Interop (>= 7.10.6071)
    Microsoft.VisualStudio.Debugger.Interop.10.0 (10.0.30320)
      Microsoft.VisualStudio.Debugger.InteropA (>= 9.0.21023)
    Microsoft.VisualStudio.Debugger.Interop.11.0 (11.0.50728)
      Microsoft.VisualStudio.Debugger.InteropA (>= 9.0.21023)
    Microsoft.VisualStudio.Debugger.Interop.12.0 (12.0.21006)
      Microsoft.VisualStudio.Debugger.InteropA (>= 9.0.21023)
    Microsoft.VisualStudio.Debugger.Interop.14.0 (14.3.25408)
      Microsoft.VisualStudio.Debugger.Interop.11.0 (>= 11.0.50728)
    Microsoft.VisualStudio.Debugger.Interop.15.0 (15.9.28307)
      Microsoft.VisualStudio.Debugger.InteropA (>= 9.0.21023)
    Microsoft.VisualStudio.Debugger.InteropA (9.0.21023)
    Microsoft.VisualStudio.Designer.Interfaces (1.1.4323)
    Microsoft.VisualStudio.Editor (16.2.45)
      Microsoft.VisualStudio.CoreUtility (>= 16.2.45) - restriction: || (&& (== net40) (>= net472)) (&& (== net461) (>= net472)) (== net472) (&& (== netstandard2.0) (>= net472))
      Microsoft.VisualStudio.Language (>= 16.2.45) - restriction: || (&& (== net40) (>= net472)) (&& (== net461) (>= net472)) (== net472) (&& (== netstandard2.0) (>= net472))
      Microsoft.VisualStudio.Shell.Interop.11.0 (>= 11.0.61031) - restriction: || (&& (== net40) (>= net472)) (&& (== net461) (>= net472)) (== net472) (&& (== netstandard2.0) (>= net472))
      Microsoft.VisualStudio.Text.Data (>= 16.2.45) - restriction: || (&& (== net40) (>= net472)) (&& (== net461) (>= net472)) (== net472) (&& (== netstandard2.0) (>= net472))
      Microsoft.VisualStudio.Text.Logic (>= 16.2.45) - restriction: || (&& (== net40) (>= net472)) (&& (== net461) (>= net472)) (== net472) (&& (== netstandard2.0) (>= net472))
      Microsoft.VisualStudio.Text.UI (>= 16.2.45) - restriction: || (&& (== net40) (>= net472)) (&& (== net461) (>= net472)) (== net472) (&& (== netstandard2.0) (>= net472))
      Microsoft.VisualStudio.Text.UI.Wpf (>= 16.2.45) - restriction: || (&& (== net40) (>= net472)) (&& (== net461) (>= net472)) (== net472) (&& (== netstandard2.0) (>= net472))
      Microsoft.VisualStudio.TextManager.Interop (>= 7.10.6071) - restriction: || (&& (== net40) (>= net472)) (&& (== net461) (>= net472)) (== net472) (&& (== netstandard2.0) (>= net472))
      Microsoft.VisualStudio.TextManager.Interop.8.0 (>= 8.0.50728) - restriction: || (&& (== net40) (>= net472)) (&& (== net461) (>= net472)) (== net472) (&& (== netstandard2.0) (>= net472))
      Microsoft.VisualStudio.Threading (>= 16.0.102) - restriction: || (&& (== net40) (>= net472)) (&& (== net461) (>= net472)) (== net472) (&& (== netstandard2.0) (>= net472))
    Microsoft.VisualStudio.ImageCatalog (16.3.29316.127)
    Microsoft.VisualStudio.Imaging (16.3.29318.209)
      Microsoft.VisualStudio.ImageCatalog (>= 16.3.29316.127)
      Microsoft.VisualStudio.Utilities (>= 16.3.29318.209)
    Microsoft.VisualStudio.Imaging.Interop.14.0.DesignTime (14.3.26930) - restriction: || (&& (== net40) (>= net472)) (&& (== net461) (>= net472)) (== net472) (&& (== netstandard2.0) (>= net472))
      Microsoft.VisualStudio.SDK.EmbedInteropTypes (>= 15.0.16)
    Microsoft.VisualStudio.Language (16.2.45)
      Microsoft.VisualStudio.CoreUtility (>= 16.2.45) - restriction: || (&& (== net40) (>= net472)) (&& (== net461) (>= net472)) (== net472) (&& (== netstandard2.0) (>= net472))
      Microsoft.VisualStudio.Text.Data (>= 16.2.45) - restriction: || (&& (== net40) (>= net472)) (&& (== net461) (>= net472)) (== net472) (&& (== netstandard2.0) (>= net472))
      Microsoft.VisualStudio.Text.Logic (>= 16.2.45) - restriction: || (&& (== net40) (>= net472)) (&& (== net461) (>= net472)) (== net472) (&& (== netstandard2.0) (>= net472))
      Microsoft.VisualStudio.Text.UI (>= 16.2.45) - restriction: || (&& (== net40) (>= net472)) (&& (== net461) (>= net472)) (== net472) (&& (== netstandard2.0) (>= net472))
      Newtonsoft.Json (>= 9.0.1) - restriction: || (&& (== net40) (>= net472)) (&& (== net461) (>= net472)) (== net472) (&& (== netstandard2.0) (>= net472))
      StreamJsonRpc (>= 2.0.167) - restriction: || (&& (== net40) (>= net472)) (&& (== net461) (>= net472)) (== net472) (&& (== netstandard2.0) (>= net472))
      System.Collections.Immutable (>= 1.5) - restriction: || (&& (== net40) (>= net472)) (&& (== net461) (>= net472)) (== net472) (&& (== netstandard2.0) (>= net472))
    Microsoft.VisualStudio.Language.Intellisense (16.2.45)
      Microsoft.VisualStudio.CoreUtility (>= 16.2.45) - restriction: || (&& (== net40) (>= net472)) (&& (== net461) (>= net472)) (== net472) (&& (== netstandard2.0) (>= net472))
      Microsoft.VisualStudio.Imaging.Interop.14.0.DesignTime (>= 14.3.26930) - restriction: || (&& (== net40) (>= net472)) (&& (== net461) (>= net472)) (== net472) (&& (== netstandard2.0) (>= net472))
      Microsoft.VisualStudio.Language (>= 16.2.45) - restriction: || (&& (== net40) (>= net472)) (&& (== net461) (>= net472)) (== net472) (&& (== netstandard2.0) (>= net472))
      Microsoft.VisualStudio.Text.Data (>= 16.2.45) - restriction: || (&& (== net40) (>= net472)) (&& (== net461) (>= net472)) (== net472) (&& (== netstandard2.0) (>= net472))
      Microsoft.VisualStudio.Text.Logic (>= 16.2.45) - restriction: || (&& (== net40) (>= net472)) (&& (== net461) (>= net472)) (== net472) (&& (== netstandard2.0) (>= net472))
      Microsoft.VisualStudio.Text.UI (>= 16.2.45) - restriction: || (&& (== net40) (>= net472)) (&& (== net461) (>= net472)) (== net472) (&& (== netstandard2.0) (>= net472))
    Microsoft.VisualStudio.Language.NavigateTo.Interfaces (16.2.45)
      Microsoft.VisualStudio.ImageCatalog (>= 16.0.27828) - restriction: || (&& (== net40) (>= net472)) (&& (== net461) (>= net472)) (== net472) (&& (== netstandard2.0) (>= net472))
      Microsoft.VisualStudio.Imaging (>= 16.0.27828) - restriction: || (&& (== net40) (>= net472)) (&& (== net461) (>= net472)) (== net472) (&& (== netstandard2.0) (>= net472))
      Microsoft.VisualStudio.Imaging.Interop.14.0.DesignTime (>= 14.3.26930) - restriction: || (&& (== net40) (>= net472)) (&& (== net461) (>= net472)) (== net472) (&& (== netstandard2.0) (>= net472))
      Microsoft.VisualStudio.OLE.Interop (>= 7.10.6071) - restriction: || (&& (== net40) (>= net472)) (&& (== net461) (>= net472)) (== net472) (&& (== netstandard2.0) (>= net472))
      Microsoft.VisualStudio.Shell.Interop (>= 7.10.6072) - restriction: || (&& (== net40) (>= net472)) (&& (== net461) (>= net472)) (== net472) (&& (== netstandard2.0) (>= net472))
      Microsoft.VisualStudio.Shell.Interop.10.0 (>= 10.0.30320) - restriction: || (&& (== net40) (>= net472)) (&& (== net461) (>= net472)) (== net472) (&& (== netstandard2.0) (>= net472))
      Microsoft.VisualStudio.Shell.Interop.11.0 (>= 11.0.61031) - restriction: || (&& (== net40) (>= net472)) (&& (== net461) (>= net472)) (== net472) (&& (== netstandard2.0) (>= net472))
      Microsoft.VisualStudio.Shell.Interop.12.0 (>= 12.0.30111) - restriction: || (&& (== net40) (>= net472)) (&& (== net461) (>= net472)) (== net472) (&& (== netstandard2.0) (>= net472))
      Microsoft.VisualStudio.Shell.Interop.14.0.DesignTime (>= 14.3.26929) - restriction: || (&& (== net40) (>= net472)) (&& (== net461) (>= net472)) (== net472) (&& (== netstandard2.0) (>= net472))
      Microsoft.VisualStudio.Shell.Interop.8.0 (>= 8.0.50728) - restriction: || (&& (== net40) (>= net472)) (&& (== net461) (>= net472)) (== net472) (&& (== netstandard2.0) (>= net472))
      Microsoft.VisualStudio.Text.Logic (>= 15.8.519) - restriction: || (&& (== net40) (>= net472)) (&& (== net461) (>= net472)) (== net472) (&& (== netstandard2.0) (>= net472))
      Microsoft.VisualStudio.TextManager.Interop (>= 7.10.6071) - restriction: || (&& (== net40) (>= net472)) (&& (== net461) (>= net472)) (== net472) (&& (== netstandard2.0) (>= net472))
      Microsoft.VisualStudio.TextManager.Interop.8.0 (>= 8.0.50728) - restriction: || (&& (== net40) (>= net472)) (&& (== net461) (>= net472)) (== net472) (&& (== netstandard2.0) (>= net472))
      Microsoft.VisualStudio.Utilities (>= 16.1.28728.124) - restriction: || (&& (== net40) (>= net472)) (&& (== net461) (>= net472)) (== net472) (&& (== netstandard2.0) (>= net472))
    Microsoft.VisualStudio.Language.StandardClassification (16.2.45)
      Microsoft.VisualStudio.Text.Logic (>= 16.2.45) - restriction: || (&& (== net40) (>= net472)) (&& (== net461) (>= net472)) (== net472) (&& (== netstandard2.0) (>= net472))
    Microsoft.VisualStudio.LanguageServer.Client (16.3.57)
      Microsoft.VisualStudio.CoreUtility (>= 16.0.467) - restriction: || (&& (== net40) (>= net472)) (&& (== net461) (>= net472)) (== net472) (&& (== netstandard2.0) (>= net472))
      Microsoft.VisualStudio.LanguageServer.Protocol (>= 16.3.57) - restriction: || (&& (== net40) (>= net472)) (&& (== net461) (>= net472)) (== net472) (&& (== netstandard2.0) (>= net472))
      Microsoft.VisualStudio.Shell.Framework (>= 16.0.28729) - restriction: || (&& (== net40) (>= net472)) (&& (== net461) (>= net472)) (== net472) (&& (== netstandard2.0) (>= net472))
      Microsoft.VisualStudio.Threading (>= 16.0.102) - restriction: || (&& (== net40) (== net472)) (&& (== net40) (>= net46)) (== net461) (&& (== net472) (== netstandard2.0)) (&& (== netstandard2.0) (>= net46))
      Microsoft.VisualStudio.Validation (>= 15.3.15) - restriction: || (&& (== net40) (== net472)) (&& (== net40) (>= net46)) (== net461) (&& (== net472) (== netstandard2.0)) (&& (== netstandard2.0) (>= net46))
      StreamJsonRpc (>= 2.0.187) - restriction: || (&& (== net40) (>= net472)) (&& (== net461) (>= net472)) (== net472) (&& (== netstandard2.0) (>= net472))
    Microsoft.VisualStudio.LanguageServer.Protocol (16.3.57) - restriction: || (&& (== net40) (>= net472)) (&& (== net461) (>= net472)) (== net472) (&& (== netstandard2.0) (>= net472))
      Newtonsoft.Json (>= 9.0.1)
    Microsoft.VisualStudio.OLE.Interop (7.10.6071)
    Microsoft.VisualStudio.Package.LanguageService.15.0 (16.3.29318.209)
      Microsoft.VisualStudio.Shell.15.0 (>= 16.3.29318.209)
    Microsoft.VisualStudio.ProjectAggregator (8.0.50728)
    Microsoft.VisualStudio.ProjectSystem (15.8.243)
      Microsoft.Build (>= 15.8.166)
      Microsoft.Build.Framework (>= 15.8.166)
      Microsoft.Build.Tasks.Core (>= 15.8.166)
      Microsoft.VisualStudio.Composition (>= 15.8.98)
      Microsoft.VisualStudio.Threading (>= 15.8.132)
      Microsoft.VisualStudio.Validation (>= 15.3.58)
      System.Collections.Immutable (>= 1.5)
      System.Composition (>= 1.0.31)
      System.Threading.Tasks.Dataflow (>= 4.5.24)
    Microsoft.VisualStudio.ProjectSystem.Sdk (15.8.243)
      Microsoft.VisualStudio.ProjectSystem (>= 15.8.243)
      Microsoft.VisualStudio.ProjectSystem.Sdk.Tools (>= 15.8.243)
    Microsoft.VisualStudio.ProjectSystem.Sdk.Tools (15.8.243)
    Microsoft.VisualStudio.SDK (15.9.3)
      EnvDTE100 (>= 10.0.3)
      Microsoft.VisualStudio.CommandBars (>= 8.0)
      Microsoft.VisualStudio.ComponentModelHost (>= 15.8.525)
      Microsoft.VisualStudio.CoreUtility (>= 16.0.112)
      Microsoft.VisualStudio.Debugger.Engine (>= 15.9.28307)
      Microsoft.VisualStudio.Debugger.Interop (>= 8.0.50729)
      Microsoft.VisualStudio.Debugger.Interop.10.0 (>= 10.0.30320)
      Microsoft.VisualStudio.Debugger.Interop.12.0 (>= 12.0.21006)
      Microsoft.VisualStudio.Debugger.Interop.14.0 (>= 14.3.25408)
      Microsoft.VisualStudio.Debugger.Interop.15.0 (>= 15.9.28307)
      Microsoft.VisualStudio.Designer.Interfaces (>= 1.1.4323)
      Microsoft.VisualStudio.Editor (>= 15.8.525)
      Microsoft.VisualStudio.ImageCatalog (>= 15.9.28307)
      Microsoft.VisualStudio.Language (>= 15.8.525)
      Microsoft.VisualStudio.Language.Intellisense (>= 15.8.525)
      Microsoft.VisualStudio.Language.NavigateTo.Interfaces (>= 15.8.525)
      Microsoft.VisualStudio.Language.StandardClassification (>= 15.8.525)
      Microsoft.VisualStudio.LanguageServer.Client (>= 15.9.3032)
      Microsoft.VisualStudio.OLE.Interop (>= 7.10.6071)
      Microsoft.VisualStudio.Package.LanguageService.15.0 (>= 15.9.28307)
      Microsoft.VisualStudio.ProjectAggregator (>= 8.0.50728)
      Microsoft.VisualStudio.ProjectSystem.Sdk (>= 15.8.243)
      Microsoft.VisualStudio.Setup.Configuration.Interop (>= 1.16.30)
      Microsoft.VisualStudio.Shell.15.0 (>= 15.9.28307)
      Microsoft.VisualStudio.Shell.Design (>= 15.9.28307)
      Microsoft.VisualStudio.Shell.Embeddable (>= 15.9.28307)
      Microsoft.VisualStudio.Shell.Interop (>= 7.10.6072)
      Microsoft.VisualStudio.Shell.Interop.15.1.DesignTime (>= 15.0.26929)
      Microsoft.VisualStudio.Shell.Interop.15.5.DesignTime (>= 15.6.27413)
      Microsoft.VisualStudio.Shell.Interop.15.7.DesignTime (>= 15.7.1)
      Microsoft.VisualStudio.Shell.Interop.15.8.DesignTime (>= 15.8.1)
      Microsoft.VisualStudio.TaskRunnerExplorer.14.0 (>= 14.0)
      Microsoft.VisualStudio.TextManager.Interop.12.1.DesignTime (>= 12.1.30330)
      Microsoft.VisualStudio.TextTemplating.15.0 (>= 15.9.28307)
      Microsoft.VisualStudio.TextTemplating.Interfaces.15.0 (>= 15.9.28307)
      Microsoft.VisualStudio.TextTemplating.VSHost.15.0 (>= 15.9.28307)
      Microsoft.VisualStudio.Threading (>= 15.8.132)
      Microsoft.VisualStudio.Web.BrowserLink.12.0 (>= 12.0)
      Microsoft.VisualStudio.Workspace.VSIntegration (>= 15.0.485)
      Microsoft.Win32.Primitives (>= 4.3)
      Newtonsoft.Json (>= 9.0.1)
      StreamJsonRpc (>= 1.3.23)
      System.Collections.Immutable (>= 1.5)
      System.ComponentModel.Composition (>= 4.5)
      VSLangProj100 (>= 10.0.30320)
      VSLangProj110 (>= 11.0.61031)
      VSLangProj140 (>= 14.0.25030)
      VSLangProj150 (>= 15.0.26229)
      VSLangProj157 (>= 15.7)
      VSLangProj158 (>= 15.8)
      VSLangProj2 (>= 7.0.5001)
    Microsoft.VisualStudio.SDK.Analyzers (16.3.14)
      Microsoft.CodeAnalysis.BannedApiAnalyzers (>= 2.9.4) - restriction: || (&& (== net40) (>= netstandard2.0)) (&& (== net461) (>= netstandard2.0)) (== net472) (== netstandard2.0)
      Microsoft.VisualStudio.Threading.Analyzers (>= 16.3.52) - restriction: || (&& (== net40) (>= netstandard2.0)) (&& (== net461) (>= netstandard2.0)) (== net472) (== netstandard2.0)
    Microsoft.VisualStudio.SDK.EmbedInteropTypes (15.0.27)
    Microsoft.VisualStudio.Setup.Configuration.Interop (1.16.30)
    Microsoft.VisualStudio.Shell.15.0 (16.3.29318.209)
      Microsoft.ServiceHub.Framework (>= 2.0.64)
      Microsoft.VisualStudio.Imaging (>= 16.3.29318.209)
      Microsoft.VisualStudio.SDK.EmbedInteropTypes (>= 15.0.27)
      Microsoft.VisualStudio.Shell.Framework (>= 16.3.29318.209)
      Microsoft.VisualStudio.Shell.Interop.14.0.DesignTime (>= 14.3.26929)
      Microsoft.VisualStudio.Shell.Interop.15.3.DesignTime (>= 15.0.26929)
      Microsoft.VisualStudio.Shell.Interop.15.6.DesignTime (>= 15.6.27413)
      Microsoft.VisualStudio.Shell.Interop.9.0 (>= 9.0.30730)
      Microsoft.VisualStudio.Text.Data (>= 16.0.428)
      Microsoft.VisualStudio.Threading (>= 16.3.13)
      System.Collections.Immutable (>= 1.5)
    Microsoft.VisualStudio.Shell.Design (16.3.29318.209)
      Microsoft.VisualStudio.Shell.15.0 (>= 16.3.29318.209)
      Microsoft.VisualStudio.Shell.Framework (>= 16.3.29318.209)
      Microsoft.VisualStudio.Shell.Interop.8.0 (>= 8.0.50728)
    Microsoft.VisualStudio.Shell.Embeddable (16.3.29316.127)
      Microsoft.VisualStudio.SDK.EmbedInteropTypes (>= 15.0.27)
    Microsoft.VisualStudio.Shell.Framework (16.3.29318.209)
      Microsoft.VisualStudio.OLE.Interop (>= 7.10.6071)
      Microsoft.VisualStudio.SDK.Analyzers (>= 16.3.2)
      Microsoft.VisualStudio.Utilities (>= 16.3.29318.209)
    Microsoft.VisualStudio.Shell.Interop (7.10.6072)
      Microsoft.VisualStudio.TextManager.Interop (>= 7.10.6071)
    Microsoft.VisualStudio.Shell.Interop.10.0 (10.0.30320) - restriction: || (&& (== net40) (>= net46)) (&& (== net40) (>= net472)) (== net461) (== net472) (&& (== netstandard2.0) (>= net46)) (&& (== netstandard2.0) (>= net472))
      Microsoft.VisualStudio.Shell.Interop.8.0 (>= 8.0.50728)
    Microsoft.VisualStudio.Shell.Interop.11.0 (11.0.61031)
      Microsoft.VisualStudio.Shell.Interop.10.0 (>= 10.0.30320)
    Microsoft.VisualStudio.Shell.Interop.12.0 (12.0.30111)
      Microsoft.VisualStudio.Shell.Interop.11.0 (>= 11.0.61031)
    Microsoft.VisualStudio.Shell.Interop.14.0.DesignTime (14.3.26929)
      Microsoft.VisualStudio.Imaging.Interop.14.0.DesignTime (>= 14.3.26930)
      Microsoft.VisualStudio.SDK.EmbedInteropTypes (>= 15.0.16)
      Microsoft.VisualStudio.Shell.Interop.12.0 (>= 12.0.30111)
    Microsoft.VisualStudio.Shell.Interop.15.0.DesignTime (15.0.26932)
      Microsoft.VisualStudio.SDK.EmbedInteropTypes (>= 15.0.16)
      Microsoft.VisualStudio.Shell.Interop.12.0 (>= 12.0.30111)
    Microsoft.VisualStudio.Shell.Interop.15.1.DesignTime (15.0.26929)
      Microsoft.VisualStudio.SDK.EmbedInteropTypes (>= 15.0.16)
    Microsoft.VisualStudio.Shell.Interop.15.3.DesignTime (15.0.26929)
      Microsoft.VisualStudio.SDK.EmbedInteropTypes (>= 15.0.12)
      Microsoft.VisualStudio.Shell.Interop.11.0 (>= 11.0.61031)
    Microsoft.VisualStudio.Shell.Interop.15.5.DesignTime (15.6.27413)
      Microsoft.VisualStudio.SDK.EmbedInteropTypes (>= 15.0.16)
      Microsoft.VisualStudio.Shell.Interop.12.0 (>= 12.0.30111)
    Microsoft.VisualStudio.Shell.Interop.15.6.DesignTime (15.6.27413)
      Microsoft.VisualStudio.SDK.EmbedInteropTypes (>= 15.0.16)
      Microsoft.VisualStudio.Shell.Interop.11.0 (>= 11.0.61031)
    Microsoft.VisualStudio.Shell.Interop.15.7.DesignTime (15.7.1)
      Microsoft.VisualStudio.SDK.EmbedInteropTypes (>= 15.0.16)
      Microsoft.VisualStudio.Shell.Interop.15.0.DesignTime (>= 15.0.26932)
    Microsoft.VisualStudio.Shell.Interop.15.8.DesignTime (15.8.1)
      Microsoft.VisualStudio.SDK.EmbedInteropTypes (>= 15.0.16)
      Microsoft.VisualStudio.Shell.Interop.15.0.DesignTime (>= 15.0.26932)
    Microsoft.VisualStudio.Shell.Interop.8.0 (8.0.50728)
      Microsoft.VisualStudio.Shell.Interop (>= 7.10.6072)
      Microsoft.VisualStudio.TextManager.Interop.8.0 (>= 8.0.50728)
    Microsoft.VisualStudio.Shell.Interop.9.0 (9.0.30730)
      Microsoft.VisualStudio.Shell.Interop.8.0 (>= 8.0.50728)
    Microsoft.VisualStudio.TaskRunnerExplorer.14.0 (14.0)
    Microsoft.VisualStudio.Text.Data (16.2.45)
      Microsoft.VisualStudio.CoreUtility (>= 16.2.45) - restriction: || (&& (== net40) (>= net472)) (&& (== net461) (>= net472)) (== net472) (&& (== netstandard2.0) (>= net472))
      Microsoft.VisualStudio.Threading (>= 16.0.102) - restriction: || (&& (== net40) (>= net472)) (&& (== net461) (>= net472)) (== net472) (&& (== netstandard2.0) (>= net472))
    Microsoft.VisualStudio.Text.Logic (16.2.45) - restriction: || (&& (== net40) (>= net472)) (&& (== net461) (>= net472)) (== net472) (&& (== netstandard2.0) (>= net472))
      Microsoft.VisualStudio.CoreUtility (>= 16.2.45) - restriction: || (&& (== net40) (>= net472)) (&& (== net461) (>= net472)) (== net472) (&& (== netstandard2.0) (>= net472))
      Microsoft.VisualStudio.Text.Data (>= 16.2.45) - restriction: || (&& (== net40) (>= net472)) (&& (== net461) (>= net472)) (== net472) (&& (== netstandard2.0) (>= net472))
      System.Collections.Immutable (>= 1.5) - restriction: || (&& (== net40) (>= net472)) (&& (== net461) (>= net472)) (== net472) (&& (== netstandard2.0) (>= net472))
    Microsoft.VisualStudio.Text.UI (16.2.45) - restriction: || (&& (== net40) (>= net472)) (&& (== net461) (>= net472)) (== net472) (&& (== netstandard2.0) (>= net472))
      Microsoft.VisualStudio.CoreUtility (>= 16.2.45) - restriction: || (&& (== net40) (>= net472)) (&& (== net461) (>= net472)) (== net472) (&& (== netstandard2.0) (>= net472))
      Microsoft.VisualStudio.Text.Data (>= 16.2.45) - restriction: || (&& (== net40) (>= net472)) (&& (== net461) (>= net472)) (== net472) (&& (== netstandard2.0) (>= net472))
      Microsoft.VisualStudio.Text.Logic (>= 16.2.45) - restriction: || (&& (== net40) (>= net472)) (&& (== net461) (>= net472)) (== net472) (&& (== netstandard2.0) (>= net472))
    Microsoft.VisualStudio.Text.UI.Wpf (16.2.45) - restriction: || (&& (== net40) (>= net472)) (&& (== net461) (>= net472)) (== net472) (&& (== netstandard2.0) (>= net472))
      Microsoft.VisualStudio.CoreUtility (>= 16.2.45) - restriction: || (&& (== net40) (>= net472)) (&& (== net461) (>= net472)) (== net472) (&& (== netstandard2.0) (>= net472))
      Microsoft.VisualStudio.Imaging.Interop.14.0.DesignTime (>= 14.3.26930) - restriction: || (&& (== net40) (>= net472)) (&& (== net461) (>= net472)) (== net472) (&& (== netstandard2.0) (>= net472))
      Microsoft.VisualStudio.Text.Data (>= 16.2.45) - restriction: || (&& (== net40) (>= net472)) (&& (== net461) (>= net472)) (== net472) (&& (== netstandard2.0) (>= net472))
      Microsoft.VisualStudio.Text.Logic (>= 16.2.45) - restriction: || (&& (== net40) (>= net472)) (&& (== net461) (>= net472)) (== net472) (&& (== netstandard2.0) (>= net472))
      Microsoft.VisualStudio.Text.UI (>= 16.2.45) - restriction: || (&& (== net40) (>= net472)) (&& (== net461) (>= net472)) (== net472) (&& (== netstandard2.0) (>= net472))
    Microsoft.VisualStudio.TextManager.Interop (7.10.6071)
      Microsoft.VisualStudio.OLE.Interop (>= 7.10.6071)
    Microsoft.VisualStudio.TextManager.Interop.12.1.DesignTime (12.1.30330)
      Microsoft.VisualStudio.SDK.EmbedInteropTypes (>= 15.0.16)
    Microsoft.VisualStudio.TextManager.Interop.8.0 (8.0.50728) - restriction: || (&& (== net40) (>= net472)) (&& (== net461) (>= net472)) (== net472) (&& (== netstandard2.0) (>= net472))
      Microsoft.VisualStudio.Shell.Interop (>= 7.10.6072)
    Microsoft.VisualStudio.TextTemplating.15.0 (16.3.29316.127)
      Microsoft.VisualStudio.TextTemplating.Interfaces.11.0 (>= 11.0.50728)
    Microsoft.VisualStudio.TextTemplating.Interfaces.10.0 (10.0.30320)
    Microsoft.VisualStudio.TextTemplating.Interfaces.11.0 (11.0.50728)
      Microsoft.VisualStudio.TextTemplating.Interfaces.10.0 (>= 10.0.30320)
    Microsoft.VisualStudio.TextTemplating.Interfaces.15.0 (16.3.29316.127)
    Microsoft.VisualStudio.TextTemplating.VSHost.15.0 (16.3.29318.209)
      Microsoft.VisualStudio.Shell.15.0 (>= 16.3.29318.209)
      Microsoft.VisualStudio.TextTemplating.15.0 (>= 16.3.29316.127)
    Microsoft.VisualStudio.Threading (16.4.16)
      Microsoft.VisualStudio.Validation (>= 15.3.15) - restriction: || (&& (== net40) (>= netstandard2.0)) (&& (== net461) (>= netstandard2.0)) (== net472) (== netstandard2.0)
      Microsoft.Win32.Registry (>= 4.5) - restriction: || (&& (== net40) (>= netstandard2.0)) (&& (== net461) (>= netstandard2.0)) (== net472) (== netstandard2.0)
      System.Threading.Tasks.Extensions (>= 4.5.3) - restriction: || (&& (== net40) (>= netstandard2.0)) (&& (== net461) (>= netstandard2.0)) (== net472) (== netstandard2.0)
    Microsoft.VisualStudio.Threading.Analyzers (16.4.16) - restriction: || (&& (== net40) (>= net46)) (== net461) (== net472) (&& (== netstandard2.0) (>= net46))
    Microsoft.VisualStudio.Utilities (16.3.29318.209)
      Microsoft.VisualStudio.Threading (>= 16.3.13)
      StreamJsonRpc (>= 2.1.55)
    Microsoft.VisualStudio.Validation (15.5.31)
    Microsoft.VisualStudio.Web.BrowserLink.12.0 (12.0)
    Microsoft.VisualStudio.Workspace (16.3.43) - restriction: || (&& (== net40) (>= net46)) (== net461) (== net472) (&& (== netstandard2.0) (>= net46))
      Microsoft.VisualStudio.Composition (>= 15.8.117) - restriction: || (&& (== net40) (>= net46)) (&& (== net40) (>= netstandard2.0)) (== net461) (== net472) (== netstandard2.0)
      Microsoft.VisualStudio.Threading (>= 15.8.132) - restriction: || (&& (== net40) (>= net46)) (&& (== net40) (>= netstandard2.0)) (== net461) (== net472) (== netstandard2.0)
      Microsoft.VisualStudio.Threading.Analyzers (>= 15.8.132) - restriction: || (&& (== net40) (>= net46)) (&& (== net40) (>= netstandard2.0)) (== net461) (== net472) (== netstandard2.0)
      System.Collections.Immutable (>= 1.5) - restriction: || (&& (== net40) (>= net46)) (&& (== net40) (>= netstandard2.0)) (== net461) (== net472) (== netstandard2.0)
    Microsoft.VisualStudio.Workspace.Extensions (16.3.43) - restriction: || (&& (== net40) (>= net46)) (== net461) (== net472) (&& (== netstandard2.0) (>= net46))
      Microsoft.Build (>= 15.8.166) - restriction: || (&& (== net40) (>= net46)) (&& (== net40) (>= netstandard2.0)) (== net461) (== net472) (== netstandard2.0)
      Microsoft.VisualStudio.Threading (>= 15.8.132) - restriction: || (&& (== net40) (>= net46)) (&& (== net40) (>= netstandard2.0)) (== net461) (== net472) (== netstandard2.0)
      Microsoft.VisualStudio.Threading.Analyzers (>= 15.8.132) - restriction: || (&& (== net40) (>= net46)) (&& (== net40) (>= netstandard2.0)) (== net461) (== net472) (== netstandard2.0)
      Microsoft.VisualStudio.Workspace (>= 16.3.43) - restriction: || (&& (== net40) (>= net46)) (&& (== net40) (>= netstandard2.0)) (== net461) (== net472) (== netstandard2.0)
    Microsoft.VisualStudio.Workspace.VSIntegration (16.3.43)
      Microsoft.VisualStudio.Threading.Analyzers (>= 15.8.132) - restriction: || (&& (== net40) (>= net46)) (== net461) (== net472) (&& (== netstandard2.0) (>= net46))
      Microsoft.VisualStudio.Workspace (>= 16.3.43) - restriction: || (&& (== net40) (>= net46)) (== net461) (== net472) (&& (== netstandard2.0) (>= net46))
      Microsoft.VisualStudio.Workspace.Extensions (>= 16.3.43) - restriction: || (&& (== net40) (>= net46)) (== net461) (== net472) (&& (== netstandard2.0) (>= net46))
    Microsoft.VSSDK.BuildTools (15.9.3032)
      Microsoft.VisualStudio.SDK.Analyzers (>= 15.8.33) - restriction: || (&& (== net40) (>= net46)) (== net461) (== net472) (&& (== netstandard2.0) (>= net46))
    Microsoft.Win32.Primitives (4.3)
      Microsoft.NETCore.Platforms (>= 1.1) - restriction: || (&& (== net40) (== net461)) (&& (== net40) (== net472)) (&& (== net40) (>= netstandard1.3)) (&& (== net461) (< net46)) (&& (== net472) (< net46)) (== netstandard2.0)
      Microsoft.NETCore.Targets (>= 1.1) - restriction: || (&& (== net40) (== net461)) (&& (== net40) (== net472)) (&& (== net40) (>= netstandard1.3)) (&& (== net461) (< net46)) (&& (== net472) (< net46)) (== netstandard2.0)
      System.Runtime (>= 4.3) - restriction: || (&& (== net40) (== net461)) (&& (== net40) (== net472)) (&& (== net40) (>= netstandard1.3)) (&& (== net461) (< net46)) (&& (== net472) (< net46)) (== netstandard2.0)
    Microsoft.Win32.Registry (4.6) - restriction: || (&& (== net40) (>= netcoreapp2.0)) (&& (== net40) (>= netstandard2.0)) (&& (== net461) (>= netcoreapp2.0)) (&& (== net461) (>= netstandard2.0)) (== net472) (== netstandard2.0)
      System.Buffers (>= 4.5) - restriction: || (&& (== net40) (== net472)) (&& (== net40) (>= monoandroid)) (&& (== net40) (>= monotouch)) (&& (== net40) (>= netstandard2.0)) (&& (== net40) (>= xamarinios)) (&& (== net40) (>= xamarinmac)) (&& (== net40) (>= xamarintvos)) (&& (== net40) (>= xamarinwatchos)) (&& (== net461) (>= monoandroid)) (&& (== net461) (>= monotouch)) (&& (== net461) (< net46) (>= netstandard2.0)) (&& (== net461) (>= xamarinios)) (&& (== net461) (>= xamarinmac)) (&& (== net461) (>= xamarintvos)) (&& (== net461) (>= xamarinwatchos)) (&& (== net472) (>= monoandroid) (< netstandard2.0)) (&& (== net472) (>= monotouch)) (&& (== net472) (< net46)) (&& (== net472) (>= xamarinios)) (&& (== net472) (>= xamarinmac)) (&& (== net472) (>= xamarintvos)) (&& (== net472) (>= xamarinwatchos)) (== netstandard2.0)
      System.Memory (>= 4.5.3) - restriction: || (&& (== net40) (== net472)) (&& (== net40) (>= netcoreapp2.0)) (&& (== net40) (>= netstandard2.0)) (&& (== net40) (>= uap10.1)) (&& (== net461) (< net46) (>= netstandard2.0)) (&& (== net461) (>= netcoreapp2.0)) (&& (== net461) (>= uap10.1)) (&& (== net472) (< net46)) (&& (== net472) (>= netcoreapp2.0)) (&& (== net472) (>= uap10.1)) (== netstandard2.0)
      System.Security.AccessControl (>= 4.6) - restriction: || (&& (== net40) (>= monoandroid)) (&& (== net40) (>= monotouch)) (&& (== net40) (>= net461)) (&& (== net40) (>= netcoreapp2.0)) (&& (== net40) (>= netstandard2.0)) (&& (== net40) (>= xamarinios)) (&& (== net40) (>= xamarinmac)) (&& (== net40) (>= xamarintvos)) (&& (== net40) (>= xamarinwatchos)) (== net461) (== net472) (== netstandard2.0)
      System.Security.Principal.Windows (>= 4.6) - restriction: || (&& (== net40) (>= monoandroid)) (&& (== net40) (>= monotouch)) (&& (== net40) (>= net461)) (&& (== net40) (>= netcoreapp2.0)) (&& (== net40) (>= netstandard2.0)) (&& (== net40) (>= xamarinios)) (&& (== net40) (>= xamarinmac)) (&& (== net40) (>= xamarintvos)) (&& (== net40) (>= xamarinwatchos)) (== net461) (== net472) (== netstandard2.0)
    Mono.Cecil (0.11)
    Nerdbank.Streams (2.4.46) - restriction: || (&& (== net40) (>= netstandard2.0)) (&& (== net461) (>= netstandard2.0)) (== net472) (== netstandard2.0)
      Microsoft.VisualStudio.Threading (>= 16.0.102) - restriction: || (&& (== net40) (>= netstandard2.0)) (&& (== net461) (>= netstandard2.0)) (== net472) (== netstandard2.0)
      Microsoft.VisualStudio.Validation (>= 15.5.31) - restriction: || (&& (== net40) (>= netstandard2.0)) (&& (== net461) (>= netstandard2.0)) (== net472) (== netstandard2.0)
      System.Buffers (>= 4.5) - restriction: || (&& (== net40) (>= netstandard2.0)) (&& (== net461) (>= netstandard2.0)) (== net472) (== netstandard2.0)
      System.IO.Pipelines (>= 4.5.3) - restriction: || (&& (== net40) (>= netstandard2.0)) (&& (== net461) (>= netstandard2.0)) (== net472) (== netstandard2.0)
      System.Net.WebSockets (>= 4.3) - restriction: || (&& (== net40) (>= netstandard2.0)) (&& (== net461) (>= netstandard2.0)) (== net472) (== netstandard2.0)
      System.ValueTuple (>= 4.5) - restriction: || (&& (== net40) (>= netstandard2.0)) (&& (== net461) (>= netstandard2.0)) (== net472) (== netstandard2.0)
    NETStandard.Library (2.0.3) - restriction: || (&& (== net40) (== net472)) (&& (== net40) (>= netstandard2.0)) (&& (== net461) (< net452) (>= netstandard2.0)) (&& (== net472) (< net452)) (== netstandard2.0)
      Microsoft.NETCore.Platforms (>= 1.1) - restriction: || (&& (== net40) (>= net45)) (&& (== net40) (>= net46)) (&& (== net40) (>= net461)) (&& (== net40) (>= netcoreapp2.0)) (&& (== net40) (>= netstandard1.0)) (&& (== net40) (>= netstandard1.1)) (&& (== net40) (>= netstandard1.2)) (&& (== net40) (>= netstandard1.3)) (&& (== net40) (>= netstandard1.4)) (&& (== net40) (>= netstandard1.5)) (&& (== net40) (>= netstandard1.6)) (&& (== net40) (>= netstandard2.0)) (&& (== net40) (>= portable-net45+win8)) (&& (== net40) (>= portable-net45+win8+wp8+wpa81)) (&& (== net40) (>= portable-net45+win8+wpa81)) (&& (== net40) (>= uap10.0)) (&& (== net40) (>= uap10.1)) (&& (== net40) (>= win8)) (&& (== net40) (>= wp8)) (&& (== net40) (>= wpa81)) (== net461) (== net472) (== netstandard2.0)
    Newtonsoft.Json (12.0.2)
    PropertyChanged.Fody (2.6.1)
      Fody (>= 4.2.1) - restriction: || (&& (== net40) (>= netstandard1.0)) (== net461) (== net472) (== netstandard2.0)
      NETStandard.Library (>= 1.6.1) - restriction: || (&& (== net40) (== net461)) (&& (== net40) (== net472)) (&& (== net40) (>= netstandard1.0)) (&& (== net461) (< net452)) (&& (== net472) (< net452)) (== netstandard2.0)
    Quartz (2.2.4)
      Common.Logging (>= 2.1.2)
    RazorEngine (3.10)
      Microsoft.AspNet.Razor (>= 3.0) - restriction: || (&& (== net40) (>= net45)) (== net461) (== net472) (&& (== netstandard2.0) (>= net45))
      Microsoft.AspNet.Razor (2.0.30506) - restriction: || (== net40) (&& (== net461) (== netstandard2.0)) (&& (== net461) (< net45)) (&& (== net472) (== netstandard2.0)) (&& (== net472) (< net45)) (&& (== netstandard2.0) (>= net40))
    runtime.debian.8-x64.runtime.native.System.Security.Cryptography.OpenSsl (4.3.3) - restriction: || (&& (== net40) (== net472)) (&& (== net40) (>= netstandard2.0)) (&& (== net461) (< net45) (>= netstandard2.0)) (&& (== net472) (< net45)) (== netstandard2.0)
    runtime.debian.9-x64.runtime.native.System.Security.Cryptography.OpenSsl (4.3.3) - restriction: || (&& (== net40) (== net472)) (&& (== net40) (>= netstandard2.0)) (&& (== net461) (< net45) (>= netstandard2.0)) (&& (== net472) (< net45)) (== netstandard2.0)
    runtime.fedora.23-x64.runtime.native.System.Security.Cryptography.OpenSsl (4.3.3) - restriction: || (&& (== net40) (== net472)) (&& (== net40) (>= netstandard2.0)) (&& (== net461) (< net45) (>= netstandard2.0)) (&& (== net472) (< net45)) (== netstandard2.0)
    runtime.fedora.24-x64.runtime.native.System.Security.Cryptography.OpenSsl (4.3.3) - restriction: || (&& (== net40) (== net472)) (&& (== net40) (>= netstandard2.0)) (&& (== net461) (< net45) (>= netstandard2.0)) (&& (== net472) (< net45)) (== netstandard2.0)
    runtime.fedora.27-x64.runtime.native.System.Security.Cryptography.OpenSsl (4.3.3) - restriction: || (&& (== net40) (== net472)) (&& (== net40) (>= netstandard2.0)) (&& (== net461) (< net45) (>= netstandard2.0)) (&& (== net472) (< net45)) (== netstandard2.0)
    runtime.fedora.28-x64.runtime.native.System.Security.Cryptography.OpenSsl (4.3.3) - restriction: || (&& (== net40) (== net472)) (&& (== net40) (>= netstandard2.0)) (&& (== net461) (< net45) (>= netstandard2.0)) (&& (== net472) (< net45)) (== netstandard2.0)
    runtime.native.System (4.3.1) - restriction: || (&& (== net40) (== net461)) (&& (== net40) (== net472)) (&& (== net40) (>= netstandard1.3)) (&& (== net461) (< net45)) (&& (== net472) (< net45)) (== netstandard2.0)
      Microsoft.NETCore.Platforms (>= 1.1.1)
      Microsoft.NETCore.Targets (>= 1.1.3)
    runtime.native.System.Data.SqlClient.sni (4.6) - restriction: || (&& (== net40) (== net472)) (&& (== net40) (>= netcoreapp2.0)) (&& (== net40) (>= netstandard2.0)) (&& (== net461) (< net451) (>= netstandard2.0)) (&& (== net461) (>= netcoreapp2.0)) (&& (== net472) (< net451)) (&& (== net472) (>= netcoreapp2.0)) (== netstandard2.0)
      runtime.win-arm64.runtime.native.System.Data.SqlClient.sni (>= 4.4)
      runtime.win-x64.runtime.native.System.Data.SqlClient.sni (>= 4.4)
      runtime.win-x86.runtime.native.System.Data.SqlClient.sni (>= 4.4)
    runtime.native.System.IO.Compression (4.3.2) - restriction: || (&& (== net40) (== net461)) (&& (== net40) (== net472)) (&& (== net40) (>= netstandard1.3)) (&& (== net461) (< net45)) (&& (== net472) (< net45)) (== netstandard2.0)
      Microsoft.NETCore.Platforms (>= 1.1.1)
      Microsoft.NETCore.Targets (>= 1.1.3)
    runtime.native.System.Net.Http (4.3.1) - restriction: || (&& (== net40) (== net472)) (&& (== net40) (>= netstandard2.0)) (&& (== net461) (< net45) (>= netstandard2.0)) (&& (== net472) (< net45)) (== netstandard2.0)
      Microsoft.NETCore.Platforms (>= 1.1.1)
      Microsoft.NETCore.Targets (>= 1.1.3)
    runtime.native.System.Security.Cryptography.Apple (4.3.1) - restriction: || (&& (== net40) (== net472)) (&& (== net40) (>= netstandard2.0)) (&& (== net461) (< net45) (>= netstandard2.0)) (&& (== net472) (< net45)) (== netstandard2.0)
      runtime.osx.10.10-x64.runtime.native.System.Security.Cryptography.Apple (>= 4.3.1)
    runtime.native.System.Security.Cryptography.OpenSsl (4.3.3) - restriction: || (&& (== net40) (== net472)) (&& (== net40) (>= netstandard2.0)) (&& (== net461) (< net45) (>= netstandard2.0)) (&& (== net472) (< net45)) (== netstandard2.0)
      runtime.debian.8-x64.runtime.native.System.Security.Cryptography.OpenSsl (>= 4.3.3)
      runtime.debian.9-x64.runtime.native.System.Security.Cryptography.OpenSsl (>= 4.3.3)
      runtime.fedora.23-x64.runtime.native.System.Security.Cryptography.OpenSsl (>= 4.3.3)
      runtime.fedora.24-x64.runtime.native.System.Security.Cryptography.OpenSsl (>= 4.3.3)
      runtime.fedora.27-x64.runtime.native.System.Security.Cryptography.OpenSsl (>= 4.3.3)
      runtime.fedora.28-x64.runtime.native.System.Security.Cryptography.OpenSsl (>= 4.3.3)
      runtime.opensuse.13.2-x64.runtime.native.System.Security.Cryptography.OpenSsl (>= 4.3.3)
      runtime.opensuse.42.1-x64.runtime.native.System.Security.Cryptography.OpenSsl (>= 4.3.3)
      runtime.opensuse.42.3-x64.runtime.native.System.Security.Cryptography.OpenSsl (>= 4.3.3)
      runtime.osx.10.10-x64.runtime.native.System.Security.Cryptography.OpenSsl (>= 4.3.3)
      runtime.rhel.7-x64.runtime.native.System.Security.Cryptography.OpenSsl (>= 4.3.3)
      runtime.ubuntu.14.04-x64.runtime.native.System.Security.Cryptography.OpenSsl (>= 4.3.3)
      runtime.ubuntu.16.04-x64.runtime.native.System.Security.Cryptography.OpenSsl (>= 4.3.3)
      runtime.ubuntu.16.10-x64.runtime.native.System.Security.Cryptography.OpenSsl (>= 4.3.3)
      runtime.ubuntu.18.04-x64.runtime.native.System.Security.Cryptography.OpenSsl (>= 4.3.3)
    runtime.opensuse.13.2-x64.runtime.native.System.Security.Cryptography.OpenSsl (4.3.3) - restriction: || (&& (== net40) (== net472)) (&& (== net40) (>= netstandard2.0)) (&& (== net461) (< net45) (>= netstandard2.0)) (&& (== net472) (< net45)) (== netstandard2.0)
    runtime.opensuse.42.1-x64.runtime.native.System.Security.Cryptography.OpenSsl (4.3.3) - restriction: || (&& (== net40) (== net472)) (&& (== net40) (>= netstandard2.0)) (&& (== net461) (< net45) (>= netstandard2.0)) (&& (== net472) (< net45)) (== netstandard2.0)
    runtime.opensuse.42.3-x64.runtime.native.System.Security.Cryptography.OpenSsl (4.3.3) - restriction: || (&& (== net40) (== net472)) (&& (== net40) (>= netstandard2.0)) (&& (== net461) (< net45) (>= netstandard2.0)) (&& (== net472) (< net45)) (== netstandard2.0)
    runtime.osx.10.10-x64.runtime.native.System.Security.Cryptography.Apple (4.3.1) - restriction: || (&& (== net40) (== net472)) (&& (== net40) (>= netstandard2.0)) (&& (== net461) (< net45) (>= netstandard2.0)) (&& (== net472) (< net45)) (== netstandard2.0)
    runtime.osx.10.10-x64.runtime.native.System.Security.Cryptography.OpenSsl (4.3.3) - restriction: || (&& (== net40) (== net472)) (&& (== net40) (>= netstandard2.0)) (&& (== net461) (< net45) (>= netstandard2.0)) (&& (== net472) (< net45)) (== netstandard2.0)
    runtime.rhel.7-x64.runtime.native.System.Security.Cryptography.OpenSsl (4.3.3) - restriction: || (&& (== net40) (== net472)) (&& (== net40) (>= netstandard2.0)) (&& (== net461) (< net45) (>= netstandard2.0)) (&& (== net472) (< net45)) (== netstandard2.0)
    runtime.ubuntu.14.04-x64.runtime.native.System.Security.Cryptography.OpenSsl (4.3.3) - restriction: || (&& (== net40) (== net472)) (&& (== net40) (>= netstandard2.0)) (&& (== net461) (< net45) (>= netstandard2.0)) (&& (== net472) (< net45)) (== netstandard2.0)
    runtime.ubuntu.16.04-x64.runtime.native.System.Security.Cryptography.OpenSsl (4.3.3) - restriction: || (&& (== net40) (== net472)) (&& (== net40) (>= netstandard2.0)) (&& (== net461) (< net45) (>= netstandard2.0)) (&& (== net472) (< net45)) (== netstandard2.0)
    runtime.ubuntu.16.10-x64.runtime.native.System.Security.Cryptography.OpenSsl (4.3.3) - restriction: || (&& (== net40) (== net472)) (&& (== net40) (>= netstandard2.0)) (&& (== net461) (< net45) (>= netstandard2.0)) (&& (== net472) (< net45)) (== netstandard2.0)
    runtime.ubuntu.18.04-x64.runtime.native.System.Security.Cryptography.OpenSsl (4.3.3) - restriction: || (&& (== net40) (== net472)) (&& (== net40) (>= netstandard2.0)) (&& (== net461) (< net45) (>= netstandard2.0)) (&& (== net472) (< net45)) (== netstandard2.0)
    runtime.win-arm64.runtime.native.System.Data.SqlClient.sni (4.4) - restriction: || (&& (== net40) (== net472)) (&& (== net40) (>= netcoreapp2.0)) (&& (== net40) (>= netstandard2.0)) (&& (== net461) (< net451) (>= netstandard2.0)) (&& (== net461) (>= netcoreapp2.0)) (&& (== net472) (< net451)) (&& (== net472) (>= netcoreapp2.0)) (== netstandard2.0)
    runtime.win-x64.runtime.native.System.Data.SqlClient.sni (4.4) - restriction: || (&& (== net40) (== net472)) (&& (== net40) (>= netcoreapp2.0)) (&& (== net40) (>= netstandard2.0)) (&& (== net461) (< net451) (>= netstandard2.0)) (&& (== net461) (>= netcoreapp2.0)) (&& (== net472) (< net451)) (&& (== net472) (>= netcoreapp2.0)) (== netstandard2.0)
    runtime.win-x86.runtime.native.System.Data.SqlClient.sni (4.4) - restriction: || (&& (== net40) (== net472)) (&& (== net40) (>= netcoreapp2.0)) (&& (== net40) (>= netstandard2.0)) (&& (== net461) (< net451) (>= netstandard2.0)) (&& (== net461) (>= netcoreapp2.0)) (&& (== net472) (< net451)) (&& (== net472) (>= netcoreapp2.0)) (== netstandard2.0)
    Ryder (0.8)
      System.Collections (>= 4.3) - restriction: || (&& (== net40) (== net461)) (&& (== net40) (== net472)) (&& (== net40) (>= netcoreapp2.2)) (&& (== net40) (>= netstandard1.3)) (&& (== net40) (>= netstandard2.0)) (&& (== net461) (< net45)) (&& (== net461) (>= netcoreapp2.2)) (&& (== net472) (< net45)) (&& (== net472) (>= netcoreapp2.2)) (== netstandard2.0)
      System.Reflection.Emit.Lightweight (>= 4.3) - restriction: || (&& (== net40) (== net461)) (&& (== net40) (== net472)) (&& (== net40) (>= netcoreapp2.2)) (&& (== net40) (>= netstandard1.3)) (&& (== net40) (>= netstandard2.0)) (&& (== net461) (< net45)) (&& (== net461) (>= netcoreapp2.2)) (&& (== net472) (< net45)) (&& (== net472) (>= netcoreapp2.2)) (== netstandard2.0)
      System.Reflection.Extensions (>= 4.3) - restriction: || (&& (== net40) (== net461)) (&& (== net40) (== net472)) (&& (== net40) (>= netcoreapp2.2)) (&& (== net40) (>= netstandard1.3)) (&& (== net40) (>= netstandard2.0)) (&& (== net461) (< net45)) (&& (== net461) (>= netcoreapp2.2)) (&& (== net472) (< net45)) (&& (== net472) (>= netcoreapp2.2)) (== netstandard2.0)
      System.Reflection.TypeExtensions (>= 4.3) - restriction: || (&& (== net40) (== net461)) (&& (== net40) (== net472)) (&& (== net40) (>= netcoreapp2.2)) (&& (== net40) (>= netstandard1.3)) (&& (== net40) (>= netstandard2.0)) (&& (== net461) (< net45)) (&& (== net461) (>= netcoreapp2.2)) (&& (== net472) (< net45)) (&& (== net472) (>= netcoreapp2.2)) (== netstandard2.0)
      System.Runtime.Extensions (>= 4.3) - restriction: || (&& (== net40) (== net461)) (&& (== net40) (== net472)) (&& (== net40) (>= netcoreapp2.2)) (&& (== net40) (>= netstandard1.3)) (&& (== net40) (>= netstandard2.0)) (&& (== net461) (< net45)) (&& (== net461) (>= netcoreapp2.2)) (&& (== net472) (< net45)) (&& (== net472) (>= netcoreapp2.2)) (== netstandard2.0)
      System.Runtime.InteropServices (>= 4.3) - restriction: || (&& (== net40) (== net461)) (&& (== net40) (== net472)) (&& (== net40) (>= netcoreapp2.2)) (&& (== net40) (>= netstandard1.3)) (&& (== net40) (>= netstandard2.0)) (&& (== net461) (< net45)) (&& (== net461) (>= netcoreapp2.2)) (&& (== net472) (< net45)) (&& (== net472) (>= netcoreapp2.2)) (== netstandard2.0)
      System.Runtime.InteropServices.RuntimeInformation (>= 4.3) - restriction: || (&& (== net40) (== net461)) (&& (== net40) (== net472)) (&& (== net40) (>= netcoreapp2.2)) (&& (== net40) (>= netstandard1.3)) (&& (== net40) (>= netstandard2.0)) (&& (== net461) (< net45)) (&& (== net461) (>= netcoreapp2.2)) (&& (== net472) (< net45)) (&& (== net472) (>= netcoreapp2.2)) (== netstandard2.0)
    SharpZipLib (1.1)
    stdole (7.0.3303)
      Microsoft.VisualStudio.SDK.EmbedInteropTypes (>= 15.0.16)
    StreamJsonRpc (2.2.34)
      Microsoft.VisualStudio.Threading (>= 16.0.102) - restriction: || (&& (== net40) (>= netstandard2.0)) (&& (== net461) (>= netstandard2.0)) (== net472) (== netstandard2.0)
      Nerdbank.Streams (>= 2.4.32) - restriction: || (&& (== net40) (>= netstandard2.0)) (&& (== net461) (>= netstandard2.0)) (== net472) (== netstandard2.0)
      Newtonsoft.Json (>= 11.0.2) - restriction: || (&& (== net40) (>= netstandard2.0)) (&& (== net461) (>= netstandard2.0)) (== net472) (== netstandard2.0)
      System.Collections.Immutable (>= 1.5) - restriction: || (&& (== net40) (>= netstandard2.0)) (&& (== net461) (>= netstandard2.0)) (== net472) (== netstandard2.0)
      System.IO.Pipelines (>= 4.5.3) - restriction: || (&& (== net40) (>= netstandard2.0)) (&& (== net461) (>= netstandard2.0)) (== net472) (== netstandard2.0)
      System.Memory (>= 4.5.3) - restriction: || (&& (== net40) (>= netstandard2.0)) (&& (== net461) (>= netstandard2.0)) (== net472) (== netstandard2.0)
      System.Net.Http (>= 4.3.3) - restriction: || (&& (== net40) (>= netstandard2.0)) (&& (== net461) (>= netstandard2.0)) (== net472) (== netstandard2.0)
      System.Net.WebSockets (>= 4.3) - restriction: || (&& (== net40) (>= netstandard2.0)) (&& (== net461) (>= netstandard2.0)) (== net472) (== netstandard2.0)
      System.Reflection.Emit (>= 4.3) - restriction: || (&& (== net40) (>= netstandard2.0)) (&& (== net461) (>= netstandard2.0)) (== net472) (== netstandard2.0)
      System.Threading.Tasks.Extensions (>= 4.5.3) - restriction: || (&& (== net40) (>= netstandard2.0)) (&& (== net461) (>= netstandard2.0)) (== net472) (== netstandard2.0)
    System.Buffers (4.5) - restriction: || (&& (== net40) (== net461)) (&& (== net40) (>= netstandard1.3)) (&& (== net40) (>= netstandard2.0)) (&& (== net40) (>= xamarinios)) (&& (== net40) (>= xamarinmac)) (&& (== net461) (< net45)) (&& (== net461) (>= netstandard2.0)) (&& (== net461) (>= xamarinios)) (&& (== net461) (>= xamarinmac)) (== net472) (== netstandard2.0)
    System.CodeDom (4.6)
    System.Collections (4.3) - restriction: || (&& (== net40) (== net461)) (&& (== net40) (== net472)) (&& (== net40) (>= netstandard1.3)) (&& (== net461) (< net45)) (&& (== net472) (< net45)) (== netstandard2.0)
      Microsoft.NETCore.Platforms (>= 1.1) - restriction: || (&& (== net40) (== net461)) (&& (== net40) (== net472)) (&& (== net40) (>= netstandard1.0)) (&& (== net40) (>= netstandard1.3)) (&& (== net461) (< net45)) (&& (== net472) (< net45)) (== netstandard2.0)
      Microsoft.NETCore.Targets (>= 1.1) - restriction: || (&& (== net40) (== net461)) (&& (== net40) (== net472)) (&& (== net40) (>= netstandard1.0)) (&& (== net40) (>= netstandard1.3)) (&& (== net461) (< net45)) (&& (== net472) (< net45)) (== netstandard2.0)
      System.Runtime (>= 4.3) - restriction: || (&& (== net40) (== net461)) (&& (== net40) (== net472)) (&& (== net40) (>= netstandard1.0)) (&& (== net40) (>= netstandard1.3)) (&& (== net461) (< net45)) (&& (== net472) (< net45)) (== netstandard2.0)
    System.Collections.Concurrent (4.3) - restriction: || (&& (== net40) (== net472)) (&& (== net40) (>= netstandard2.0)) (&& (== net461) (< net45) (>= netstandard2.0)) (&& (== net472) (< net45)) (== netstandard2.0)
      System.Collections (>= 4.3) - restriction: || (&& (== net40) (== net461)) (&& (== net40) (== net472)) (&& (== net40) (>= netstandard1.3)) (&& (== net461) (< net45)) (&& (== net472) (< net45)) (== netstandard2.0)
      System.Diagnostics.Debug (>= 4.3) - restriction: || (&& (== net40) (== net461)) (&& (== net40) (== net472)) (&& (== net40) (>= netstandard1.3)) (&& (== net461) (< net45)) (&& (== net472) (< net45)) (== netstandard2.0)
      System.Diagnostics.Tracing (>= 4.3) - restriction: || (&& (== net40) (== net461)) (&& (== net40) (== net472)) (&& (== net40) (>= netstandard1.3)) (&& (== net461) (< net45)) (&& (== net472) (< net45)) (== netstandard2.0)
      System.Globalization (>= 4.3) - restriction: || (&& (== net40) (== net461)) (&& (== net40) (== net472)) (&& (== net40) (>= netstandard1.3)) (&& (== net461) (< net45)) (&& (== net472) (< net45)) (== netstandard2.0)
      System.Reflection (>= 4.3) - restriction: || (&& (== net40) (== net461)) (&& (== net40) (== net472)) (&& (== net40) (>= netstandard1.3)) (&& (== net461) (< net45)) (&& (== net472) (< net45)) (== netstandard2.0)
      System.Resources.ResourceManager (>= 4.3) - restriction: || (&& (== net40) (== net461)) (&& (== net40) (== net472)) (&& (== net40) (>= netstandard1.3)) (&& (== net461) (< net45)) (&& (== net472) (< net45)) (== netstandard2.0)
      System.Runtime (>= 4.3) - restriction: || (&& (== net40) (== net461)) (&& (== net40) (== net472)) (&& (== net40) (>= netstandard1.1)) (&& (== net40) (>= netstandard1.3)) (&& (== net461) (< net45)) (&& (== net472) (< net45)) (== netstandard2.0)
      System.Runtime.Extensions (>= 4.3) - restriction: || (&& (== net40) (== net461)) (&& (== net40) (== net472)) (&& (== net40) (>= netstandard1.3)) (&& (== net461) (< net45)) (&& (== net472) (< net45)) (== netstandard2.0)
      System.Threading (>= 4.3) - restriction: || (&& (== net40) (== net461)) (&& (== net40) (== net472)) (&& (== net40) (>= netstandard1.3)) (&& (== net461) (< net45)) (&& (== net472) (< net45)) (== netstandard2.0)
      System.Threading.Tasks (>= 4.3) - restriction: || (&& (== net40) (== net461)) (&& (== net40) (== net472)) (&& (== net40) (>= netstandard1.1)) (&& (== net40) (>= netstandard1.3)) (&& (== net461) (< net45)) (&& (== net472) (< net45)) (== netstandard2.0)
    System.Collections.Immutable (1.6)
      System.Memory (>= 4.5.3) - restriction: || (&& (== net40) (>= net46)) (&& (== net40) (>= netstandard1.3)) (&& (== net40) (>= netstandard2.0)) (&& (== net40) (>= uap10.1)) (== net461) (== net472) (== netstandard2.0)
    System.ComponentModel.Annotations (4.6) - restriction: || (&& (== net40) (< net20) (>= netstandard2.0)) (&& (== net461) (< net20) (>= netstandard2.0)) (&& (== net472) (< net20)) (== netstandard2.0)
    System.ComponentModel.Composition (4.6)
    System.Composition (1.3)
      System.Composition.AttributedModel (>= 1.3)
      System.Composition.Convention (>= 1.3)
      System.Composition.Hosting (>= 1.3)
      System.Composition.Runtime (>= 1.3)
      System.Composition.TypedParts (>= 1.3)
    System.Composition.AttributedModel (1.3)
    System.Composition.Convention (1.3)
      System.Composition.AttributedModel (>= 1.3) - restriction: || (&& (== net40) (>= net45)) (&& (== net40) (>= net461)) (&& (== net40) (>= netstandard1.0)) (&& (== net40) (>= netstandard2.0)) (&& (== net40) (>= portable-net45+win8+wp8+wpa81)) (&& (== net40) (>= uap10.1)) (&& (== net40) (>= win8)) (&& (== net40) (>= wp8)) (&& (== net40) (>= wpa81)) (== net461) (== net472) (== netstandard2.0)
    System.Composition.Hosting (1.3)
      System.Composition.Runtime (>= 1.3) - restriction: || (&& (== net40) (>= net45)) (&& (== net40) (>= net461)) (&& (== net40) (>= netstandard1.0)) (&& (== net40) (>= netstandard2.0)) (&& (== net40) (>= portable-net45+win8+wp8+wpa81)) (&& (== net40) (>= uap10.1)) (&& (== net40) (>= win8)) (&& (== net40) (>= wp8)) (&& (== net40) (>= wpa81)) (== net461) (== net472) (== netstandard2.0)
    System.Composition.Runtime (1.3)
    System.Composition.TypedParts (1.3)
      System.Composition.AttributedModel (>= 1.3) - restriction: || (&& (== net40) (>= net45)) (&& (== net40) (>= net461)) (&& (== net40) (>= netstandard1.0)) (&& (== net40) (>= netstandard2.0)) (&& (== net40) (>= portable-net45+win8+wp8+wpa81)) (&& (== net40) (>= uap10.1)) (&& (== net40) (>= win8)) (&& (== net40) (>= wp8)) (&& (== net40) (>= wpa81)) (== net461) (== net472) (== netstandard2.0)
      System.Composition.Hosting (>= 1.3) - restriction: || (&& (== net40) (>= net45)) (&& (== net40) (>= net461)) (&& (== net40) (>= netstandard1.0)) (&& (== net40) (>= netstandard2.0)) (&& (== net40) (>= portable-net45+win8+wp8+wpa81)) (&& (== net40) (>= uap10.1)) (&& (== net40) (>= win8)) (&& (== net40) (>= wp8)) (&& (== net40) (>= wpa81)) (== net461) (== net472) (== netstandard2.0)
      System.Composition.Runtime (>= 1.3) - restriction: || (&& (== net40) (>= net45)) (&& (== net40) (>= net461)) (&& (== net40) (>= netstandard1.0)) (&& (== net40) (>= netstandard2.0)) (&& (== net40) (>= portable-net45+win8+wp8+wpa81)) (&& (== net40) (>= uap10.1)) (&& (== net40) (>= win8)) (&& (== net40) (>= wp8)) (&& (== net40) (>= wpa81)) (== net461) (== net472) (== netstandard2.0)
    System.Configuration.ConfigurationManager (4.5)
      System.Security.Cryptography.ProtectedData (>= 4.5) - restriction: || (&& (== net40) (== net472)) (&& (== net40) (>= netstandard2.0)) (&& (== net472) (< net461)) (== netstandard2.0)
      System.Security.Permissions (>= 4.5) - restriction: || (&& (== net40) (>= monoandroid)) (&& (== net40) (>= monotouch)) (&& (== net40) (>= net461)) (&& (== net40) (>= netstandard2.0)) (&& (== net40) (>= xamarintvos)) (&& (== net40) (>= xamarinwatchos)) (== net461) (== net472) (== netstandard2.0)
    System.Data.SqlClient (4.7) - restriction: || (&& (== net40) (== net472)) (&& (== net40) (>= netstandard2.0)) (&& (== net461) (< net452) (>= netstandard2.0)) (&& (== net472) (< net452)) (== netstandard2.0)
      Microsoft.Win32.Registry (>= 4.6) - restriction: || (&& (== net40) (== net472)) (&& (== net40) (>= netcoreapp2.0)) (&& (== net40) (>= netstandard2.0)) (&& (== net461) (< net451) (>= netstandard2.0)) (&& (== net461) (>= netcoreapp2.0)) (&& (== net472) (< net451)) (&& (== net472) (>= netcoreapp2.0)) (== netstandard2.0)
      runtime.native.System.Data.SqlClient.sni (>= 4.6) - restriction: || (&& (== net40) (== net461)) (&& (== net40) (== net472)) (&& (== net40) (>= netcoreapp2.0)) (&& (== net40) (>= netstandard1.3)) (&& (== net40) (>= netstandard2.0)) (&& (== net461) (< net451)) (&& (== net461) (>= netcoreapp2.0)) (&& (== net472) (< net451)) (&& (== net472) (>= netcoreapp2.0)) (== netstandard2.0)
      System.Buffers (>= 4.5) - restriction: || (&& (== net40) (== net472)) (&& (== net40) (>= netstandard2.0)) (&& (== net461) (< net451) (>= netstandard2.0)) (&& (== net472) (< net451)) (== netstandard2.0)
      System.Diagnostics.DiagnosticSource (>= 4.6) - restriction: || (&& (== net40) (== net461)) (&& (== net40) (== net472)) (&& (== net40) (>= netcoreapp2.0)) (&& (== net40) (>= netcoreapp2.1)) (&& (== net40) (>= netstandard1.3)) (&& (== net40) (>= netstandard2.0)) (&& (== net40) (>= uap10.1)) (&& (== net461) (< net451)) (&& (== net461) (>= netcoreapp2.0)) (&& (== net461) (>= netcoreapp2.1)) (&& (== net461) (>= uap10.1)) (&& (== net472) (< net451)) (&& (== net472) (>= netcoreapp2.0)) (&& (== net472) (>= netcoreapp2.1)) (&& (== net472) (>= uap10.1)) (== netstandard2.0)
      System.Memory (>= 4.5.3) - restriction: || (&& (== net40) (== net472)) (&& (== net40) (>= netcoreapp2.0)) (&& (== net40) (>= netstandard2.0)) (&& (== net40) (>= uap10.1)) (&& (== net461) (< net451) (>= netstandard2.0)) (&& (== net461) (>= netcoreapp2.0)) (&& (== net461) (>= uap10.1)) (&& (== net472) (< net451)) (&& (== net472) (>= netcoreapp2.0)) (&& (== net472) (>= uap10.1)) (== netstandard2.0)
      System.Security.Principal.Windows (>= 4.6) - restriction: || (&& (== net40) (== net461)) (&& (== net40) (== net472)) (&& (== net40) (>= netcoreapp2.0)) (&& (== net40) (>= netstandard1.3)) (&& (== net40) (>= netstandard2.0)) (&& (== net461) (< net451)) (&& (== net461) (>= netcoreapp2.0)) (&& (== net472) (< net451)) (&& (== net472) (>= netcoreapp2.0)) (== netstandard2.0)
      System.Text.Encoding.CodePages (>= 4.6) - restriction: || (&& (== net40) (== net461)) (&& (== net40) (== net472)) (&& (== net40) (>= netcoreapp2.0)) (&& (== net40) (>= netcoreapp2.1)) (&& (== net40) (>= netstandard1.3)) (&& (== net40) (>= netstandard2.0)) (&& (== net40) (>= uap10.1)) (&& (== net461) (< net451)) (&& (== net461) (>= netcoreapp2.0)) (&& (== net461) (>= netcoreapp2.1)) (&& (== net461) (>= uap10.1)) (&& (== net472) (< net451)) (&& (== net472) (>= netcoreapp2.0)) (&& (== net472) (>= netcoreapp2.1)) (&& (== net472) (>= uap10.1)) (== netstandard2.0)
    System.Diagnostics.Debug (4.3) - restriction: || (&& (== net40) (== net461)) (&& (== net40) (== net472)) (&& (== net40) (>= netstandard1.3)) (&& (== net461) (< net45)) (&& (== net472) (< net45)) (== netstandard2.0)
      Microsoft.NETCore.Platforms (>= 1.1) - restriction: || (&& (== net40) (== net461)) (&& (== net40) (== net472)) (&& (== net40) (>= netstandard1.0)) (&& (== net40) (>= netstandard1.3)) (&& (== net461) (< net45)) (&& (== net472) (< net45)) (== netstandard2.0)
      Microsoft.NETCore.Targets (>= 1.1) - restriction: || (&& (== net40) (== net461)) (&& (== net40) (== net472)) (&& (== net40) (>= netstandard1.0)) (&& (== net40) (>= netstandard1.3)) (&& (== net461) (< net45)) (&& (== net472) (< net45)) (== netstandard2.0)
      System.Runtime (>= 4.3) - restriction: || (&& (== net40) (== net461)) (&& (== net40) (== net472)) (&& (== net40) (>= netstandard1.0)) (&& (== net40) (>= netstandard1.3)) (&& (== net461) (< net45)) (&& (== net472) (< net45)) (== netstandard2.0)
    System.Diagnostics.DiagnosticSource (4.6) - restriction: || (&& (== net40) (== net472)) (&& (== net40) (>= netcoreapp2.0)) (&& (== net40) (>= netcoreapp2.1)) (&& (== net40) (>= netstandard2.0)) (&& (== net461) (< net451) (>= netstandard2.0)) (&& (== net461) (>= netcoreapp2.0)) (&& (== net461) (>= netcoreapp2.1)) (&& (== net461) (>= netstandard2.0) (>= uap10.1)) (&& (== net472) (< net451)) (&& (== net472) (>= netcoreapp2.0)) (&& (== net472) (>= netcoreapp2.1)) (&& (== net472) (>= uap10.1)) (== netstandard2.0)
      System.Memory (>= 4.5.3) - restriction: || (&& (== net40) (>= net45)) (&& (== net40) (>= net46)) (&& (== net40) (>= netstandard1.3)) (&& (== net40) (>= netstandard2.0)) (&& (== net40) (>= uap10.1)) (== net461) (== net472) (== netstandard2.0)
    System.Diagnostics.EventLog (4.6) - restriction: || (&& (== net40) (== net472)) (&& (== net40) (>= netstandard2.0)) (&& (== net461) (< net452) (>= netstandard2.0)) (&& (== net472) (< net452)) (== netstandard2.0)
      System.Security.Principal.Windows (>= 4.6) - restriction: || (&& (== net40) (>= net461)) (&& (== net40) (>= netstandard2.0)) (== net461) (== net472) (== netstandard2.0)
    System.Diagnostics.Tools (4.3) - restriction: || (&& (== net40) (== net461)) (&& (== net40) (== net472)) (&& (== net40) (>= netstandard1.3)) (&& (== net461) (< net45)) (&& (== net472) (< net45)) (== netstandard2.0)
      Microsoft.NETCore.Platforms (>= 1.1) - restriction: || (&& (== net40) (== net461)) (&& (== net40) (== net472)) (&& (== net40) (>= netstandard1.0)) (&& (== net461) (< net45)) (&& (== net472) (< net45)) (== netstandard2.0)
      Microsoft.NETCore.Targets (>= 1.1) - restriction: || (&& (== net40) (== net461)) (&& (== net40) (== net472)) (&& (== net40) (>= netstandard1.0)) (&& (== net461) (< net45)) (&& (== net472) (< net45)) (== netstandard2.0)
      System.Runtime (>= 4.3) - restriction: || (&& (== net40) (== net461)) (&& (== net40) (== net472)) (&& (== net40) (>= netstandard1.0)) (&& (== net461) (< net45)) (&& (== net472) (< net45)) (== netstandard2.0)
    System.Diagnostics.Tracing (4.3) - restriction: || (&& (== net40) (== net472)) (&& (== net40) (>= netstandard2.0)) (&& (== net461) (< net45) (>= netstandard2.0)) (&& (== net472) (< net45)) (== netstandard2.0)
      Microsoft.NETCore.Platforms (>= 1.1) - restriction: || (&& (== net40) (== net461)) (&& (== net40) (== net472)) (&& (== net40) (>= netstandard1.1)) (&& (== net40) (>= netstandard1.2)) (&& (== net40) (>= netstandard1.3)) (&& (== net40) (>= netstandard1.5)) (&& (== net461) (< net45)) (&& (== net472) (< net45)) (== netstandard2.0)
      Microsoft.NETCore.Targets (>= 1.1) - restriction: || (&& (== net40) (== net461)) (&& (== net40) (== net472)) (&& (== net40) (>= netstandard1.1)) (&& (== net40) (>= netstandard1.2)) (&& (== net40) (>= netstandard1.3)) (&& (== net40) (>= netstandard1.5)) (&& (== net461) (< net45)) (&& (== net472) (< net45)) (== netstandard2.0)
      System.Runtime (>= 4.3) - restriction: || (&& (== net40) (== net461)) (&& (== net40) (== net472)) (&& (== net40) (>= netstandard1.1)) (&& (== net40) (>= netstandard1.2)) (&& (== net40) (>= netstandard1.3)) (&& (== net40) (>= netstandard1.5)) (&& (== net461) (< net45)) (&& (== net472) (< net45)) (== netstandard2.0)
    System.Drawing.Common (4.6)
    System.Globalization (4.3) - restriction: || (&& (== net40) (== net461)) (&& (== net40) (== net472)) (&& (== net40) (>= netstandard1.3)) (&& (== net461) (< net45)) (&& (== net472) (< net45)) (== netstandard2.0)
      Microsoft.NETCore.Platforms (>= 1.1) - restriction: || (&& (== net40) (== net461)) (&& (== net40) (== net472)) (&& (== net40) (>= netstandard1.0)) (&& (== net40) (>= netstandard1.3)) (&& (== net461) (< net45)) (&& (== net472) (< net45)) (== netstandard2.0)
      Microsoft.NETCore.Targets (>= 1.1) - restriction: || (&& (== net40) (== net461)) (&& (== net40) (== net472)) (&& (== net40) (>= netstandard1.0)) (&& (== net40) (>= netstandard1.3)) (&& (== net461) (< net45)) (&& (== net472) (< net45)) (== netstandard2.0)
      System.Runtime (>= 4.3) - restriction: || (&& (== net40) (== net461)) (&& (== net40) (== net472)) (&& (== net40) (>= netstandard1.0)) (&& (== net40) (>= netstandard1.3)) (&& (== net461) (< net45)) (&& (== net472) (< net45)) (== netstandard2.0)
    System.Globalization.Calendars (4.3) - restriction: || (&& (== net40) (== net472)) (&& (== net40) (>= netstandard2.0)) (&& (== net461) (< net46) (>= netstandard2.0)) (&& (== net472) (< net46)) (== netstandard2.0)
      Microsoft.NETCore.Platforms (>= 1.1) - restriction: || (&& (== net40) (== net461)) (&& (== net40) (== net472)) (&& (== net40) (>= netstandard1.3)) (&& (== net461) (< net46)) (&& (== net472) (< net46)) (== netstandard2.0)
      Microsoft.NETCore.Targets (>= 1.1) - restriction: || (&& (== net40) (== net461)) (&& (== net40) (== net472)) (&& (== net40) (>= netstandard1.3)) (&& (== net461) (< net46)) (&& (== net472) (< net46)) (== netstandard2.0)
      System.Globalization (>= 4.3) - restriction: || (&& (== net40) (== net461)) (&& (== net40) (== net472)) (&& (== net40) (>= netstandard1.3)) (&& (== net461) (< net46)) (&& (== net472) (< net46)) (== netstandard2.0)
      System.Runtime (>= 4.3) - restriction: || (&& (== net40) (== net461)) (&& (== net40) (== net472)) (&& (== net40) (>= netstandard1.3)) (&& (== net461) (< net46)) (&& (== net472) (< net46)) (== netstandard2.0)
    System.Globalization.Extensions (4.3) - restriction: || (&& (== net40) (== net472)) (&& (== net40) (>= netstandard2.0)) (&& (== net461) (< net45) (>= netstandard2.0)) (&& (== net472) (< net45)) (== netstandard2.0)
      Microsoft.NETCore.Platforms (>= 1.1) - restriction: || (&& (== net40) (== net461)) (&& (== net40) (== net472)) (&& (== net40) (>= netstandard1.3)) (&& (== net461) (< net46)) (&& (== net472) (< net46)) (== netstandard2.0)
      System.Globalization (>= 4.3) - restriction: || (&& (== net40) (== net461)) (&& (== net40) (== net472)) (&& (== net40) (>= netstandard1.3)) (&& (== net461) (< net46)) (&& (== net472) (< net46)) (== netstandard2.0)
      System.Resources.ResourceManager (>= 4.3) - restriction: || (&& (== net40) (== net461)) (&& (== net40) (== net472)) (&& (== net40) (>= netstandard1.3)) (&& (== net461) (< net46)) (&& (== net472) (< net46)) (== netstandard2.0)
      System.Runtime (>= 4.3) - restriction: || (&& (== net40) (== net461)) (&& (== net40) (== net472)) (&& (== net40) (>= netstandard1.3)) (&& (== net461) (< net46)) (&& (== net472) (< net46)) (== netstandard2.0)
      System.Runtime.Extensions (>= 4.3) - restriction: || (&& (== net40) (== net461)) (&& (== net40) (== net472)) (&& (== net40) (>= netstandard1.3)) (&& (== net461) (< net46)) (&& (== net472) (< net46)) (== netstandard2.0)
      System.Runtime.InteropServices (>= 4.3) - restriction: || (&& (== net40) (== net461)) (&& (== net40) (== net472)) (&& (== net40) (>= netstandard1.3)) (&& (== net461) (< net46)) (&& (== net472) (< net46)) (== netstandard2.0)
    System.Interactive (4.0)
    System.IO (4.3) - restriction: || (&& (== net40) (== net461)) (&& (== net40) (== net472)) (&& (== net40) (>= netstandard1.1)) (&& (== net40) (>= netstandard1.3)) (&& (== net461) (< net45)) (&& (== net472) (< net45)) (== netstandard2.0)
      Microsoft.NETCore.Platforms (>= 1.1) - restriction: || (&& (== net40) (== net461)) (&& (== net40) (== net472)) (&& (== net40) (>= netstandard1.0)) (&& (== net40) (>= netstandard1.3)) (&& (== net40) (>= netstandard1.5)) (&& (== net461) (< net45)) (&& (== net472) (< net45)) (== netstandard2.0)
      Microsoft.NETCore.Targets (>= 1.1) - restriction: || (&& (== net40) (== net461)) (&& (== net40) (== net472)) (&& (== net40) (>= netstandard1.0)) (&& (== net40) (>= netstandard1.3)) (&& (== net40) (>= netstandard1.5)) (&& (== net461) (< net45)) (&& (== net472) (< net45)) (== netstandard2.0)
      System.Runtime (>= 4.3) - restriction: || (&& (== net40) (== net461)) (&& (== net40) (== net472)) (&& (== net40) (>= netstandard1.0)) (&& (== net40) (>= netstandard1.3)) (&& (== net40) (>= netstandard1.5)) (&& (== net461) (< net45)) (&& (== net472) (< net45)) (== netstandard2.0)
      System.Text.Encoding (>= 4.3) - restriction: || (&& (== net40) (== net461)) (&& (== net40) (== net472)) (&& (== net40) (>= netstandard1.0)) (&& (== net40) (>= netstandard1.3)) (&& (== net40) (>= netstandard1.5)) (&& (== net461) (< net45)) (&& (== net472) (< net45)) (== netstandard2.0)
      System.Threading.Tasks (>= 4.3) - restriction: || (&& (== net40) (== net461)) (&& (== net40) (== net472)) (&& (== net40) (>= netstandard1.0)) (&& (== net40) (>= netstandard1.3)) (&& (== net40) (>= netstandard1.5)) (&& (== net461) (< net45)) (&& (== net472) (< net45)) (== netstandard2.0)
    System.IO.Compression (4.3)
      Microsoft.NETCore.Platforms (>= 1.1) - restriction: || (&& (== net40) (== net461)) (&& (== net40) (== net472)) (&& (== net40) (>= netstandard1.3)) (&& (== net461) (< net45)) (&& (== net472) (< net45)) (== netstandard2.0)
      runtime.native.System (>= 4.3) - restriction: || (&& (== net40) (== net461)) (&& (== net40) (== net472)) (&& (== net40) (>= netstandard1.3)) (&& (== net461) (< net45)) (&& (== net472) (< net45)) (== netstandard2.0)
      runtime.native.System.IO.Compression (>= 4.3) - restriction: || (&& (== net40) (== net461)) (&& (== net40) (== net472)) (&& (== net40) (>= netstandard1.3)) (&& (== net461) (< net45)) (&& (== net472) (< net45)) (== netstandard2.0)
      System.Buffers (>= 4.3) - restriction: || (&& (== net40) (== net461)) (&& (== net40) (== net472)) (&& (== net40) (>= netstandard1.3)) (&& (== net461) (< net45)) (&& (== net472) (< net45)) (== netstandard2.0)
      System.Collections (>= 4.3) - restriction: || (&& (== net40) (== net461)) (&& (== net40) (== net472)) (&& (== net40) (>= netstandard1.3)) (&& (== net461) (< net45)) (&& (== net472) (< net45)) (== netstandard2.0)
      System.Diagnostics.Debug (>= 4.3) - restriction: || (&& (== net40) (== net461)) (&& (== net40) (== net472)) (&& (== net40) (>= netstandard1.3)) (&& (== net461) (< net45)) (&& (== net472) (< net45)) (== netstandard2.0)
      System.IO (>= 4.3) - restriction: || (&& (== net40) (== net461)) (&& (== net40) (== net472)) (&& (== net40) (>= netstandard1.1)) (&& (== net40) (>= netstandard1.3)) (&& (== net461) (< net45)) (&& (== net472) (< net45)) (== netstandard2.0)
      System.Resources.ResourceManager (>= 4.3) - restriction: || (&& (== net40) (== net461)) (&& (== net40) (== net472)) (&& (== net40) (>= netstandard1.3)) (&& (== net461) (< net45)) (&& (== net472) (< net45)) (== netstandard2.0)
      System.Runtime (>= 4.3) - restriction: || (&& (== net40) (== net461)) (&& (== net40) (== net472)) (&& (== net40) (>= netstandard1.1)) (&& (== net40) (>= netstandard1.3)) (&& (== net461) (< net45)) (&& (== net472) (< net45)) (== netstandard2.0)
      System.Runtime.Extensions (>= 4.3) - restriction: || (&& (== net40) (== net461)) (&& (== net40) (== net472)) (&& (== net40) (>= netstandard1.3)) (&& (== net461) (< net45)) (&& (== net472) (< net45)) (== netstandard2.0)
      System.Runtime.Handles (>= 4.3) - restriction: || (&& (== net40) (== net461)) (&& (== net40) (== net472)) (&& (== net40) (>= netstandard1.3)) (&& (== net461) (< net45)) (&& (== net472) (< net45)) (== netstandard2.0)
      System.Runtime.InteropServices (>= 4.3) - restriction: || (&& (== net40) (== net461)) (&& (== net40) (== net472)) (&& (== net40) (>= netstandard1.3)) (&& (== net461) (< net45)) (&& (== net472) (< net45)) (== netstandard2.0)
      System.Text.Encoding (>= 4.3) - restriction: || (&& (== net40) (== net461)) (&& (== net40) (== net472)) (&& (== net40) (>= netstandard1.1)) (&& (== net40) (>= netstandard1.3)) (&& (== net461) (< net45)) (&& (== net472) (< net45)) (== netstandard2.0)
      System.Threading (>= 4.3) - restriction: || (&& (== net40) (== net461)) (&& (== net40) (== net472)) (&& (== net40) (>= netstandard1.3)) (&& (== net461) (< net45)) (&& (== net472) (< net45)) (== netstandard2.0)
      System.Threading.Tasks (>= 4.3) - restriction: || (&& (== net40) (== net461)) (&& (== net40) (== net472)) (&& (== net40) (>= netstandard1.3)) (&& (== net461) (< net45)) (&& (== net472) (< net45)) (== netstandard2.0)
    System.IO.FileSystem (4.3) - restriction: || (&& (== net40) (== net461)) (&& (== net40) (== net472)) (&& (== net40) (>= netstandard1.3)) (&& (== net461) (< net45)) (&& (== net472) (< net45)) (== netstandard2.0)
      Microsoft.NETCore.Platforms (>= 1.1) - restriction: || (&& (== net40) (== net461)) (&& (== net40) (== net472)) (&& (== net40) (>= netstandard1.3)) (&& (== net461) (< net46)) (&& (== net472) (< net46)) (== netstandard2.0)
      Microsoft.NETCore.Targets (>= 1.1) - restriction: || (&& (== net40) (== net461)) (&& (== net40) (== net472)) (&& (== net40) (>= netstandard1.3)) (&& (== net461) (< net46)) (&& (== net472) (< net46)) (== netstandard2.0)
      System.IO (>= 4.3) - restriction: || (&& (== net40) (== net461)) (&& (== net40) (== net472)) (&& (== net40) (>= netstandard1.3)) (&& (== net461) (< net46)) (&& (== net472) (< net46)) (== netstandard2.0)
      System.IO.FileSystem.Primitives (>= 4.3) - restriction: || (&& (== net40) (>= net46)) (&& (== net40) (>= netstandard1.3)) (== net461) (== net472) (== netstandard2.0)
      System.Runtime (>= 4.3) - restriction: || (&& (== net40) (== net461)) (&& (== net40) (== net472)) (&& (== net40) (>= netstandard1.3)) (&& (== net461) (< net46)) (&& (== net472) (< net46)) (== netstandard2.0)
      System.Runtime.Handles (>= 4.3) - restriction: || (&& (== net40) (== net461)) (&& (== net40) (== net472)) (&& (== net40) (>= netstandard1.3)) (&& (== net461) (< net46)) (&& (== net472) (< net46)) (== netstandard2.0)
      System.Text.Encoding (>= 4.3) - restriction: || (&& (== net40) (== net461)) (&& (== net40) (== net472)) (&& (== net40) (>= netstandard1.3)) (&& (== net461) (< net46)) (&& (== net472) (< net46)) (== netstandard2.0)
      System.Threading.Tasks (>= 4.3) - restriction: || (&& (== net40) (== net461)) (&& (== net40) (== net472)) (&& (== net40) (>= netstandard1.3)) (&& (== net461) (< net46)) (&& (== net472) (< net46)) (== netstandard2.0)
    System.IO.FileSystem.Primitives (4.3) - restriction: || (&& (== net40) (>= net46)) (&& (== net40) (>= netstandard1.3)) (== net461) (== net472) (== netstandard2.0)
    System.IO.Packaging (4.6) - restriction: || (&& (== net40) (< net35) (>= netstandard1.3)) (&& (== net40) (>= net46)) (== net461) (== net472) (== netstandard2.0)
      System.IO.FileSystem.Primitives (>= 4.3) - restriction: || (&& (== net40) (== netstandard2.0)) (&& (== net40) (>= net46)) (&& (== net40) (>= netstandard1.3)) (== net461) (== net472) (&& (== netstandard2.0) (>= net46))
    System.IO.Pipelines (4.6) - restriction: || (&& (== net40) (>= netstandard2.0)) (&& (== net461) (>= netstandard2.0)) (== net472) (== netstandard2.0)
      System.Buffers (>= 4.5) - restriction: || (&& (== net40) (>= monoandroid)) (&& (== net40) (>= monotouch)) (&& (== net40) (>= net46)) (&& (== net40) (>= net461)) (&& (== net40) (>= netstandard1.3)) (&& (== net40) (>= netstandard2.0)) (&& (== net40) (>= xamarinios)) (&& (== net40) (>= xamarinmac)) (&& (== net40) (>= xamarintvos)) (&& (== net40) (>= xamarinwatchos)) (== net461) (== net472) (== netstandard2.0)
      System.Memory (>= 4.5.3) - restriction: || (&& (== net40) (>= net46)) (&& (== net40) (>= net461)) (&& (== net40) (>= netcoreapp2.0)) (&& (== net40) (>= netstandard1.3)) (&& (== net40) (>= netstandard2.0)) (&& (== net40) (>= uap10.1)) (== net461) (== net472) (== netstandard2.0)
      System.Threading.Tasks.Extensions (>= 4.5.2) - restriction: || (&& (== net40) (>= net46)) (&& (== net40) (>= net461)) (&& (== net40) (>= netcoreapp2.0)) (&& (== net40) (>= netstandard1.3)) (&& (== net40) (>= netstandard2.0)) (&& (== net40) (>= uap10.1)) (== net461) (== net472) (== netstandard2.0)
    System.Linq (4.3) - restriction: || (&& (== net40) (== net472)) (&& (== net40) (>= netstandard2.0)) (&& (== net461) (< net45) (>= netstandard2.0)) (&& (== net472) (< net45)) (== netstandard2.0)
      System.Collections (>= 4.3) - restriction: || (&& (== net40) (== net461)) (&& (== net40) (== net472)) (&& (== net40) (>= netstandard1.0)) (&& (== net40) (>= netstandard1.6)) (&& (== net461) (< net45)) (&& (== net472) (< net45)) (== netstandard2.0)
      System.Diagnostics.Debug (>= 4.3) - restriction: || (&& (== net40) (== net472)) (&& (== net40) (>= netstandard1.6)) (&& (== net461) (< net45) (>= netstandard1.6)) (&& (== net472) (< net45)) (== netstandard2.0)
      System.Resources.ResourceManager (>= 4.3) - restriction: || (&& (== net40) (== net472)) (&& (== net40) (>= netstandard1.6)) (&& (== net461) (< net45) (>= netstandard1.6)) (&& (== net472) (< net45)) (== netstandard2.0)
      System.Runtime (>= 4.3) - restriction: || (&& (== net40) (== net461)) (&& (== net40) (== net472)) (&& (== net40) (>= netstandard1.0)) (&& (== net40) (>= netstandard1.6)) (&& (== net461) (< net45)) (&& (== net472) (< net45)) (== netstandard2.0)
      System.Runtime.Extensions (>= 4.3) - restriction: || (&& (== net40) (== net472)) (&& (== net40) (>= netstandard1.6)) (&& (== net461) (< net45) (>= netstandard1.6)) (&& (== net472) (< net45)) (== netstandard2.0)
    System.Linq.Parallel (4.3) - restriction: || (&& (== net40) (== net472)) (&& (== net40) (>= netstandard2.0)) (&& (== net461) (== net472)) (&& (== net461) (>= netstandard2.0)) (== netstandard2.0)
      System.Collections (>= 4.3) - restriction: || (&& (== net40) (== net461)) (&& (== net40) (== net472)) (&& (== net40) (>= netstandard1.1)) (&& (== net40) (>= netstandard1.3)) (&& (== net461) (< net45)) (&& (== net472) (< net45)) (== netstandard2.0)
      System.Collections.Concurrent (>= 4.3) - restriction: || (&& (== net40) (== net461)) (&& (== net40) (== net472)) (&& (== net40) (>= netstandard1.1)) (&& (== net40) (>= netstandard1.3)) (&& (== net461) (< net45)) (&& (== net472) (< net45)) (== netstandard2.0)
      System.Diagnostics.Debug (>= 4.3) - restriction: || (&& (== net40) (== net461)) (&& (== net40) (== net472)) (&& (== net40) (>= netstandard1.3)) (&& (== net461) (< net45)) (&& (== net472) (< net45)) (== netstandard2.0)
      System.Diagnostics.Tracing (>= 4.3) - restriction: || (&& (== net40) (== net461)) (&& (== net40) (== net472)) (&& (== net40) (>= netstandard1.3)) (&& (== net461) (< net45)) (&& (== net472) (< net45)) (== netstandard2.0)
      System.Linq (>= 4.3) - restriction: || (&& (== net40) (== net461)) (&& (== net40) (== net472)) (&& (== net40) (>= netstandard1.1)) (&& (== net40) (>= netstandard1.3)) (&& (== net461) (< net45)) (&& (== net472) (< net45)) (== netstandard2.0)
      System.Resources.ResourceManager (>= 4.3) - restriction: || (&& (== net40) (== net461)) (&& (== net40) (== net472)) (&& (== net40) (>= netstandard1.3)) (&& (== net461) (< net45)) (&& (== net472) (< net45)) (== netstandard2.0)
      System.Runtime (>= 4.3) - restriction: || (&& (== net40) (== net461)) (&& (== net40) (== net472)) (&& (== net40) (>= netstandard1.1)) (&& (== net40) (>= netstandard1.3)) (&& (== net461) (< net45)) (&& (== net472) (< net45)) (== netstandard2.0)
      System.Runtime.Extensions (>= 4.3) - restriction: || (&& (== net40) (== net461)) (&& (== net40) (== net472)) (&& (== net40) (>= netstandard1.3)) (&& (== net461) (< net45)) (&& (== net472) (< net45)) (== netstandard2.0)
      System.Threading (>= 4.3) - restriction: || (&& (== net40) (== net461)) (&& (== net40) (== net472)) (&& (== net40) (>= netstandard1.3)) (&& (== net461) (< net45)) (&& (== net472) (< net45)) (== netstandard2.0)
      System.Threading.Tasks (>= 4.3) - restriction: || (&& (== net40) (== net461)) (&& (== net40) (== net472)) (&& (== net40) (>= netstandard1.1)) (&& (== net40) (>= netstandard1.3)) (&& (== net461) (< net45)) (&& (== net472) (< net45)) (== netstandard2.0)
    System.Management (4.5)
      System.CodeDom (>= 4.5) - restriction: || (&& (== net40) (== net472)) (&& (== net40) (>= netcoreapp2.0)) (&& (== net40) (>= netstandard2.0)) (&& (== net461) (< net45) (>= netstandard2.0)) (&& (== net461) (>= netcoreapp2.0)) (&& (== net472) (< net45)) (&& (== net472) (>= netcoreapp2.0)) (== netstandard2.0)
    System.Memory (4.5.3) - restriction: || (&& (== net40) (>= net46)) (&& (== net40) (>= net472)) (&& (== net40) (>= netcoreapp2.1)) (&& (== net40) (>= netstandard1.3)) (&& (== net40) (>= netstandard2.0)) (&& (== net40) (>= uap10.1)) (== net461) (== net472) (== netstandard2.0)
      System.Buffers (>= 4.4) - restriction: || (&& (== net40) (>= monoandroid)) (&& (== net40) (>= monotouch)) (&& (== net40) (>= net45)) (&& (== net40) (>= net461)) (&& (== net40) (>= netstandard1.1)) (&& (== net40) (>= netstandard2.0)) (&& (== net40) (>= portable-net45+win8+wpa81)) (&& (== net40) (>= win8)) (&& (== net40) (>= wpa81)) (&& (== net40) (>= xamarinios)) (&& (== net40) (>= xamarinmac)) (&& (== net40) (>= xamarintvos)) (&& (== net40) (>= xamarinwatchos)) (== net461) (== net472) (== netstandard2.0)
      System.Numerics.Vectors (>= 4.4) - restriction: || (&& (== net40) (>= net461)) (&& (== net40) (>= netstandard2.0)) (== net461) (== net472) (== netstandard2.0)
      System.Runtime.CompilerServices.Unsafe (>= 4.5.2) - restriction: || (&& (== net40) (>= monoandroid)) (&& (== net40) (>= monotouch)) (&& (== net40) (>= net45)) (&& (== net40) (>= net461)) (&& (== net40) (>= netcoreapp2.0)) (&& (== net40) (>= netstandard1.1)) (&& (== net40) (>= netstandard2.0)) (&& (== net40) (>= portable-net45+win8+wpa81)) (&& (== net40) (>= uap10.1)) (&& (== net40) (>= win8)) (&& (== net40) (>= wpa81)) (&& (== net40) (>= xamarinios)) (&& (== net40) (>= xamarinmac)) (&& (== net40) (>= xamarintvos)) (&& (== net40) (>= xamarinwatchos)) (== net461) (== net472) (== netstandard2.0)
    System.Net.Http (4.3.4) - restriction: || (&& (== net40) (>= netstandard2.0)) (&& (== net461) (>= netstandard2.0)) (== net472) (== netstandard2.0)
      Microsoft.NETCore.Platforms (>= 1.1.1) - restriction: || (&& (== net40) (== net461)) (&& (== net40) (== net472)) (&& (== net40) (>= netstandard1.3)) (&& (== net40) (>= netstandard1.6)) (&& (== net461) (< net45)) (&& (== net472) (< net45)) (== netstandard2.0)
      runtime.native.System (>= 4.3) - restriction: || (&& (== net40) (== net472)) (&& (== net40) (>= netstandard1.6)) (&& (== net461) (< net45) (>= netstandard1.6)) (&& (== net472) (< net45)) (== netstandard2.0)
      runtime.native.System.Net.Http (>= 4.3) - restriction: || (&& (== net40) (== net472)) (&& (== net40) (>= netstandard1.6)) (&& (== net461) (< net45) (>= netstandard1.6)) (&& (== net472) (< net45)) (== netstandard2.0)
      runtime.native.System.Security.Cryptography.OpenSsl (>= 4.3.2) - restriction: || (&& (== net40) (== net472)) (&& (== net40) (>= netstandard1.6)) (&& (== net461) (< net45) (>= netstandard1.6)) (&& (== net472) (< net45)) (== netstandard2.0)
      System.Collections (>= 4.3) - restriction: || (&& (== net40) (== net461)) (&& (== net40) (== net472)) (&& (== net40) (>= netstandard1.3)) (&& (== net40) (>= netstandard1.6)) (&& (== net461) (< net45)) (&& (== net472) (< net45)) (== netstandard2.0)
      System.Diagnostics.Debug (>= 4.3) - restriction: || (&& (== net40) (== net461)) (&& (== net40) (== net472)) (&& (== net40) (>= netstandard1.3)) (&& (== net40) (>= netstandard1.6)) (&& (== net461) (< net45)) (&& (== net472) (< net45)) (== netstandard2.0)
      System.Diagnostics.DiagnosticSource (>= 4.3) - restriction: || (&& (== net40) (== net461)) (&& (== net40) (== net472)) (&& (== net40) (>= netstandard1.3)) (&& (== net40) (>= netstandard1.6)) (&& (== net461) (< net45)) (&& (== net472) (< net45)) (== netstandard2.0)
      System.Diagnostics.Tracing (>= 4.3) - restriction: || (&& (== net40) (== net461)) (&& (== net40) (== net472)) (&& (== net40) (>= netstandard1.3)) (&& (== net40) (>= netstandard1.6)) (&& (== net461) (< net45)) (&& (== net472) (< net45)) (== netstandard2.0)
      System.Globalization (>= 4.3) - restriction: || (&& (== net40) (== net461)) (&& (== net40) (== net472)) (&& (== net40) (>= netstandard1.3)) (&& (== net40) (>= netstandard1.6)) (&& (== net461) (< net45)) (&& (== net472) (< net45)) (== netstandard2.0)
      System.Globalization.Extensions (>= 4.3) - restriction: || (&& (== net40) (== net472)) (&& (== net40) (>= netstandard1.6)) (&& (== net461) (< net45) (>= netstandard1.6)) (&& (== net472) (< net45)) (== netstandard2.0)
      System.IO (>= 4.3) - restriction: || (&& (== net40) (== net461)) (&& (== net40) (== net472)) (&& (== net40) (>= netstandard1.1)) (&& (== net40) (>= netstandard1.3)) (&& (== net40) (>= netstandard1.6)) (&& (== net461) (< net45)) (&& (== net472) (< net45)) (== netstandard2.0)
      System.IO.FileSystem (>= 4.3) - restriction: || (&& (== net40) (== net472)) (&& (== net40) (>= netstandard1.6)) (&& (== net461) (< net45) (>= netstandard1.6)) (&& (== net472) (< net45)) (== netstandard2.0)
      System.Net.Primitives (>= 4.3) - restriction: || (&& (== net40) (== net461)) (&& (== net40) (== net472)) (&& (== net40) (>= netstandard1.1)) (&& (== net40) (>= netstandard1.3)) (&& (== net40) (>= netstandard1.6)) (&& (== net461) (< net45)) (&& (== net472) (< net45)) (== netstandard2.0)
      System.Resources.ResourceManager (>= 4.3) - restriction: || (&& (== net40) (== net461)) (&& (== net40) (== net472)) (&& (== net40) (>= netstandard1.3)) (&& (== net40) (>= netstandard1.6)) (&& (== net461) (< net45)) (&& (== net472) (< net45)) (== netstandard2.0)
      System.Runtime (>= 4.3) - restriction: || (&& (== net40) (== net461)) (&& (== net40) (== net472)) (&& (== net40) (>= netstandard1.1)) (&& (== net40) (>= netstandard1.3)) (&& (== net40) (>= netstandard1.6)) (&& (== net461) (< net45)) (&& (== net472) (< net45)) (== netstandard2.0)
      System.Runtime.Extensions (>= 4.3) - restriction: || (&& (== net40) (== net461)) (&& (== net40) (== net472)) (&& (== net40) (>= netstandard1.3)) (&& (== net40) (>= netstandard1.6)) (&& (== net461) (< net45)) (&& (== net472) (< net45)) (== netstandard2.0)
      System.Runtime.Handles (>= 4.3) - restriction: || (&& (== net40) (== net461)) (&& (== net40) (== net472)) (&& (== net40) (>= netstandard1.3)) (&& (== net40) (>= netstandard1.6)) (&& (== net461) (< net45)) (&& (== net472) (< net45)) (== netstandard2.0)
      System.Runtime.InteropServices (>= 4.3) - restriction: || (&& (== net40) (== net461)) (&& (== net40) (== net472)) (&& (== net40) (>= netstandard1.3)) (&& (== net40) (>= netstandard1.6)) (&& (== net461) (< net45)) (&& (== net472) (< net45)) (== netstandard2.0)
      System.Security.Cryptography.Algorithms (>= 4.3) - restriction: || (&& (== net40) (== net472)) (&& (== net40) (>= netstandard1.6)) (&& (== net461) (< net45) (>= netstandard1.6)) (&& (== net472) (< net45)) (== netstandard2.0)
      System.Security.Cryptography.Encoding (>= 4.3) - restriction: || (&& (== net40) (== net461)) (&& (== net40) (== net472)) (&& (== net40) (>= netstandard1.3)) (&& (== net40) (>= netstandard1.6)) (&& (== net461) (< net45)) (&& (== net472) (< net45)) (== netstandard2.0)
      System.Security.Cryptography.OpenSsl (>= 4.3) - restriction: || (&& (== net40) (== net472)) (&& (== net40) (>= netstandard1.6)) (&& (== net461) (< net45) (>= netstandard1.6)) (&& (== net472) (< net45)) (== netstandard2.0)
      System.Security.Cryptography.Primitives (>= 4.3) - restriction: || (&& (== net40) (== net472)) (&& (== net40) (>= netstandard1.6)) (&& (== net461) (< net45) (>= netstandard1.6)) (&& (== net472) (< net45)) (== netstandard2.0)
      System.Security.Cryptography.X509Certificates (>= 4.3) - restriction: || (&& (== net40) (>= net46)) (&& (== net40) (>= netstandard1.3)) (&& (== net40) (>= netstandard1.6)) (== net461) (== net472) (== netstandard2.0)
      System.Text.Encoding (>= 4.3) - restriction: || (&& (== net40) (== net461)) (&& (== net40) (== net472)) (&& (== net40) (>= netstandard1.1)) (&& (== net40) (>= netstandard1.3)) (&& (== net40) (>= netstandard1.6)) (&& (== net461) (< net45)) (&& (== net472) (< net45)) (== netstandard2.0)
      System.Threading (>= 4.3) - restriction: || (&& (== net40) (== net461)) (&& (== net40) (== net472)) (&& (== net40) (>= netstandard1.3)) (&& (== net40) (>= netstandard1.6)) (&& (== net461) (< net45)) (&& (== net472) (< net45)) (== netstandard2.0)
      System.Threading.Tasks (>= 4.3) - restriction: || (&& (== net40) (== net461)) (&& (== net40) (== net472)) (&& (== net40) (>= netstandard1.1)) (&& (== net40) (>= netstandard1.3)) (&& (== net40) (>= netstandard1.6)) (&& (== net461) (< net45)) (&& (== net472) (< net45)) (== netstandard2.0)
    System.Net.Primitives (4.3.1) - restriction: || (&& (== net40) (== net472)) (&& (== net40) (>= netstandard2.0)) (&& (== net461) (< net45) (>= netstandard2.0)) (&& (== net472) (< net45)) (== netstandard2.0)
      Microsoft.NETCore.Platforms (>= 1.1.1) - restriction: || (&& (== net40) (== net461)) (&& (== net40) (== net472)) (&& (== net40) (>= netstandard1.0)) (&& (== net40) (>= netstandard1.1)) (&& (== net40) (>= netstandard1.3)) (&& (== net461) (< net45)) (&& (== net461) (< netstandard1.1)) (&& (== net472) (< net45)) (&& (== net472) (< netstandard1.1)) (== netstandard2.0)
      Microsoft.NETCore.Targets (>= 1.1.3) - restriction: || (&& (== net40) (== net461)) (&& (== net40) (== net472)) (&& (== net40) (>= netstandard1.0)) (&& (== net40) (>= netstandard1.1)) (&& (== net40) (>= netstandard1.3)) (&& (== net461) (< net45)) (&& (== net461) (< netstandard1.1)) (&& (== net472) (< net45)) (&& (== net472) (< netstandard1.1)) (== netstandard2.0)
      System.Runtime (>= 4.3.1) - restriction: || (&& (== net40) (== net461)) (&& (== net40) (== net472)) (&& (== net40) (>= netstandard1.0)) (&& (== net40) (>= netstandard1.1)) (&& (== net40) (>= netstandard1.3)) (&& (== net461) (< net45)) (&& (== net461) (< netstandard1.1)) (&& (== net472) (< net45)) (&& (== net472) (< netstandard1.1)) (== netstandard2.0)
      System.Runtime.Handles (>= 4.3) - restriction: || (&& (== net40) (== net461)) (&& (== net40) (== net472)) (&& (== net40) (>= netstandard1.3)) (&& (== net461) (< net45)) (&& (== net472) (< net45)) (== netstandard2.0)
    System.Net.WebSockets (4.3) - restriction: || (&& (== net40) (>= netstandard2.0)) (&& (== net461) (>= netstandard2.0)) (== net472) (== netstandard2.0)
      Microsoft.Win32.Primitives (>= 4.3) - restriction: || (&& (== net40) (== net461)) (&& (== net40) (== net472)) (&& (== net40) (>= netstandard1.3)) (&& (== net461) (< net46)) (&& (== net472) (< net46)) (== netstandard2.0)
      System.Resources.ResourceManager (>= 4.3) - restriction: || (&& (== net40) (== net461)) (&& (== net40) (== net472)) (&& (== net40) (>= netstandard1.3)) (&& (== net461) (< net46)) (&& (== net472) (< net46)) (== netstandard2.0)
      System.Runtime (>= 4.3) - restriction: || (&& (== net40) (== net461)) (&& (== net40) (== net472)) (&& (== net40) (>= netstandard1.3)) (&& (== net461) (< net46)) (&& (== net472) (< net46)) (== netstandard2.0)
      System.Threading.Tasks (>= 4.3) - restriction: || (&& (== net40) (== net461)) (&& (== net40) (== net472)) (&& (== net40) (>= netstandard1.3)) (&& (== net461) (< net46)) (&& (== net472) (< net46)) (== netstandard2.0)
    System.Numerics.Vectors (4.5) - restriction: || (&& (== net40) (>= netstandard2.0)) (&& (== net461) (>= netstandard2.0)) (== net472) (== netstandard2.0)
    System.Private.ServiceModel (4.6) - restriction: || (&& (== net40) (== net472)) (&& (== net40) (>= netcoreapp2.1)) (&& (== net40) (>= netstandard2.0)) (&& (== net461) (< net45) (>= netstandard2.0)) (&& (== net461) (>= netcoreapp2.1)) (&& (== net472) (< net45)) (&& (== net472) (>= netcoreapp2.1)) (== netstandard2.0)
      System.Reflection.DispatchProxy (>= 4.5) - restriction: || (&& (== net40) (>= netstandard2.0)) (&& (== net461) (>= netstandard2.0)) (== net472) (== netstandard2.0)
      System.Security.Cryptography.Xml (>= 4.5) - restriction: || (&& (== net40) (>= netstandard2.0)) (&& (== net461) (>= netstandard2.0)) (== net472) (== netstandard2.0)
      System.Security.Principal.Windows (>= 4.5) - restriction: || (&& (== net40) (>= netstandard2.0)) (&& (== net461) (>= netstandard2.0)) (== net472) (== netstandard2.0)
    System.Reactive (4.2)
      System.Runtime.InteropServices.WindowsRuntime (>= 4.3) - restriction: || (&& (== net40) (== net472)) (&& (== net40) (>= netstandard2.0)) (&& (== net461) (< net46) (>= netstandard2.0)) (&& (== net472) (< net46)) (== netstandard2.0)
      System.Threading.Tasks.Extensions (>= 4.5.3) - restriction: || (&& (== net40) (>= net46)) (&& (== net40) (>= netstandard2.0)) (&& (== net40) (>= uap10.0)) (== net461) (== net472) (== netstandard2.0)
      System.ValueTuple (>= 4.5) - restriction: || (&& (== net40) (>= net46)) (&& (== net40) (>= uap10.0)) (== net461) (== net472) (&& (== netstandard2.0) (>= net46)) (&& (== netstandard2.0) (>= uap10.0))
    System.Reflection (4.3) - restriction: || (&& (== net40) (== net461)) (&& (== net40) (== net472)) (&& (== net40) (>= netstandard1.3)) (&& (== net461) (< net45)) (&& (== net472) (< net45)) (== netstandard2.0)
      Microsoft.NETCore.Platforms (>= 1.1) - restriction: || (&& (== net40) (== net461)) (&& (== net40) (== net472)) (&& (== net40) (>= netstandard1.0)) (&& (== net40) (>= netstandard1.3)) (&& (== net40) (>= netstandard1.5)) (&& (== net461) (< net45)) (&& (== net472) (< net45)) (== netstandard2.0)
      Microsoft.NETCore.Targets (>= 1.1) - restriction: || (&& (== net40) (== net461)) (&& (== net40) (== net472)) (&& (== net40) (>= netstandard1.0)) (&& (== net40) (>= netstandard1.3)) (&& (== net40) (>= netstandard1.5)) (&& (== net461) (< net45)) (&& (== net472) (< net45)) (== netstandard2.0)
      System.IO (>= 4.3) - restriction: || (&& (== net40) (== net461)) (&& (== net40) (== net472)) (&& (== net40) (>= netstandard1.0)) (&& (== net40) (>= netstandard1.3)) (&& (== net40) (>= netstandard1.5)) (&& (== net461) (< net45)) (&& (== net472) (< net45)) (== netstandard2.0)
      System.Reflection.Primitives (>= 4.3) - restriction: || (&& (== net40) (== net461)) (&& (== net40) (== net472)) (&& (== net40) (>= netstandard1.0)) (&& (== net40) (>= netstandard1.3)) (&& (== net40) (>= netstandard1.5)) (&& (== net461) (< net45)) (&& (== net472) (< net45)) (== netstandard2.0)
      System.Runtime (>= 4.3) - restriction: || (&& (== net40) (== net461)) (&& (== net40) (== net472)) (&& (== net40) (>= netstandard1.0)) (&& (== net40) (>= netstandard1.3)) (&& (== net40) (>= netstandard1.5)) (&& (== net461) (< net45)) (&& (== net472) (< net45)) (== netstandard2.0)
    System.Reflection.DispatchProxy (4.6) - restriction: || (&& (== net40) (== net472)) (&& (== net40) (>= netcoreapp2.1)) (&& (== net40) (>= netstandard2.0)) (&& (== net461) (< net45) (>= netstandard2.0)) (&& (== net461) (>= netcoreapp2.1)) (&& (== net472) (< net45)) (&& (== net472) (>= netcoreapp2.1)) (== netstandard2.0)
    System.Reflection.Emit (4.6)
      System.Reflection.Emit.ILGeneration (>= 4.6) - restriction: || (&& (== net40) (== net461)) (&& (== net40) (== net472)) (&& (== net40) (>= netstandard1.1)) (&& (== net40) (>= netstandard2.0)) (&& (== net40) (>= portable-net45+win8+wpa81)) (&& (== net40) (>= uap10.1)) (&& (== net40) (>= win8)) (&& (== net40) (>= wpa81)) (&& (== net461) (< net45)) (&& (== net461) (< netstandard1.1)) (&& (== net461) (>= uap10.1)) (&& (== net461) (>= wpa81)) (&& (== net472) (< net45)) (&& (== net472) (< netstandard1.1)) (&& (== net472) (< netstandard2.0) (>= wpa81)) (&& (== net472) (>= uap10.1)) (== netstandard2.0)
    System.Reflection.Emit.ILGeneration (4.6) - restriction: || (&& (== net40) (== net472)) (&& (== net40) (>= netstandard2.0)) (&& (== net461) (== net472) (>= wpa81)) (&& (== net461) (< net45) (>= netstandard2.0)) (&& (== net461) (>= netstandard2.0) (< portable-net45+wp8)) (&& (== net461) (>= netstandard2.0) (>= uap10.1)) (&& (== net461) (>= netstandard2.0) (>= wpa81)) (&& (== net472) (< net45)) (&& (== net472) (< netstandard2.0) (>= wpa81)) (&& (== net472) (< portable-net45+wp8)) (&& (== net472) (>= uap10.1)) (== netstandard2.0)
    System.Reflection.Emit.Lightweight (4.6) - restriction: || (&& (== net40) (== net461)) (&& (== net40) (>= netcoreapp2.2)) (&& (== net40) (>= netstandard1.3)) (&& (== net40) (>= netstandard2.0)) (&& (== net461) (< net45)) (&& (== net461) (>= netcoreapp2.2)) (&& (== net461) (>= netstandard2.0)) (== net472) (== netstandard2.0)
      System.Reflection.Emit.ILGeneration (>= 4.6) - restriction: || (&& (== net40) (== net461)) (&& (== net40) (== net472)) (&& (== net40) (>= netstandard1.0)) (&& (== net40) (>= netstandard2.0)) (&& (== net40) (>= portable-net45+win8+wp8+wpa81)) (&& (== net40) (>= uap10.1)) (&& (== net40) (>= win8)) (&& (== net40) (>= wpa81)) (&& (== net461) (< net45)) (&& (== net461) (< portable-net45+wp8)) (&& (== net461) (>= uap10.1)) (&& (== net461) (>= wpa81)) (&& (== net472) (< net45)) (&& (== net472) (< netstandard2.0) (>= wpa81)) (&& (== net472) (< portable-net45+wp8)) (&& (== net472) (>= uap10.1)) (== netstandard2.0)
    System.Reflection.Extensions (4.3) - restriction: || (&& (== net40) (== net461)) (&& (== net40) (== net472)) (&& (== net40) (>= netcoreapp2.2)) (&& (== net40) (>= netstandard1.3)) (&& (== net40) (>= netstandard2.0)) (&& (== net461) (< net45)) (&& (== net461) (>= netcoreapp2.2)) (&& (== net472) (< net45)) (&& (== net472) (>= netcoreapp2.2)) (== netstandard2.0)
      Microsoft.NETCore.Platforms (>= 1.1) - restriction: || (&& (== net40) (== net461)) (&& (== net40) (== net472)) (&& (== net40) (>= netstandard1.0)) (&& (== net461) (< net45)) (&& (== net472) (< net45)) (== netstandard2.0)
      Microsoft.NETCore.Targets (>= 1.1) - restriction: || (&& (== net40) (== net461)) (&& (== net40) (== net472)) (&& (== net40) (>= netstandard1.0)) (&& (== net461) (< net45)) (&& (== net472) (< net45)) (== netstandard2.0)
      System.Reflection (>= 4.3) - restriction: || (&& (== net40) (== net461)) (&& (== net40) (== net472)) (&& (== net40) (>= netstandard1.0)) (&& (== net461) (< net45)) (&& (== net472) (< net45)) (== netstandard2.0)
      System.Runtime (>= 4.3) - restriction: || (&& (== net40) (== net461)) (&& (== net40) (== net472)) (&& (== net40) (>= netstandard1.0)) (&& (== net461) (< net45)) (&& (== net472) (< net45)) (== netstandard2.0)
    System.Reflection.Metadata (1.7) - restriction: || (&& (== net40) (>= netstandard2.0)) (&& (== net461) (>= netstandard2.0)) (== net472) (== netstandard2.0)
      System.Collections.Immutable (>= 1.6) - restriction: || (&& (== net40) (>= net45)) (&& (== net40) (>= netstandard1.1)) (&& (== net40) (>= netstandard2.0)) (&& (== net40) (>= portable-net45+win8+wpa81)) (&& (== net40) (>= win8)) (&& (== net40) (>= wpa81)) (== net461) (== net472) (== netstandard2.0)
    System.Reflection.Primitives (4.3) - restriction: || (&& (== net40) (== net461)) (&& (== net40) (== net472)) (&& (== net40) (>= netcoreapp1.1)) (&& (== net40) (>= netstandard1.3)) (&& (== net40) (>= netstandard1.5)) (&& (== net461) (< net45)) (&& (== net461) (>= netcoreapp1.1)) (&& (== net472) (< net45)) (&& (== net472) (>= netcoreapp1.1)) (== netstandard2.0)
      Microsoft.NETCore.Platforms (>= 1.1) - restriction: || (&& (== net40) (== net461)) (&& (== net40) (== net472)) (&& (== net40) (>= netstandard1.0)) (&& (== net461) (< net45)) (&& (== net472) (< net45)) (== netstandard2.0)
      Microsoft.NETCore.Targets (>= 1.1) - restriction: || (&& (== net40) (== net461)) (&& (== net40) (== net472)) (&& (== net40) (>= netstandard1.0)) (&& (== net461) (< net45)) (&& (== net472) (< net45)) (== netstandard2.0)
      System.Runtime (>= 4.3) - restriction: || (&& (== net40) (== net461)) (&& (== net40) (== net472)) (&& (== net40) (>= netstandard1.0)) (&& (== net461) (< net45)) (&& (== net472) (< net45)) (== netstandard2.0)
    System.Reflection.TypeExtensions (4.6) - restriction: || (&& (== net40) (== net461)) (&& (== net40) (>= netcoreapp2.2)) (&& (== net40) (>= netstandard1.3)) (&& (== net40) (>= netstandard2.0)) (&& (== net461) (< net45)) (&& (== net461) (>= netcoreapp2.2)) (&& (== net461) (>= netstandard2.0)) (== net472) (== netstandard2.0)
    System.Resources.Extensions (4.6)
      System.Memory (>= 4.5.3) - restriction: || (&& (== net40) (>= netstandard2.0)) (&& (== net461) (>= netstandard2.0)) (== net472) (== netstandard2.0)
    System.Resources.ResourceManager (4.3) - restriction: || (&& (== net40) (== net461)) (&& (== net40) (== net472)) (&& (== net40) (>= netstandard1.3)) (&& (== net461) (< net45)) (&& (== net472) (< net45)) (== netstandard2.0)
      Microsoft.NETCore.Platforms (>= 1.1) - restriction: || (&& (== net40) (== net461)) (&& (== net40) (== net472)) (&& (== net40) (>= netstandard1.0)) (&& (== net461) (< net45)) (&& (== net472) (< net45)) (== netstandard2.0)
      Microsoft.NETCore.Targets (>= 1.1) - restriction: || (&& (== net40) (== net461)) (&& (== net40) (== net472)) (&& (== net40) (>= netstandard1.0)) (&& (== net461) (< net45)) (&& (== net472) (< net45)) (== netstandard2.0)
      System.Globalization (>= 4.3) - restriction: || (&& (== net40) (== net461)) (&& (== net40) (== net472)) (&& (== net40) (>= netstandard1.0)) (&& (== net461) (< net45)) (&& (== net472) (< net45)) (== netstandard2.0)
      System.Reflection (>= 4.3) - restriction: || (&& (== net40) (== net461)) (&& (== net40) (== net472)) (&& (== net40) (>= netstandard1.0)) (&& (== net461) (< net45)) (&& (== net472) (< net45)) (== netstandard2.0)
      System.Runtime (>= 4.3) - restriction: || (&& (== net40) (== net461)) (&& (== net40) (== net472)) (&& (== net40) (>= netstandard1.0)) (&& (== net461) (< net45)) (&& (== net472) (< net45)) (== netstandard2.0)
    System.Resources.Writer (4.3) - restriction: || (&& (== net40) (== net472)) (&& (== net40) (>= netstandard2.0)) (&& (== net461) (== net472)) (&& (== net461) (>= netstandard2.0)) (== netstandard2.0)
      System.Collections (>= 4.3) - restriction: || (&& (== net40) (== net461)) (&& (== net40) (== net472)) (&& (== net40) (>= netstandard1.3)) (&& (== net461) (< net46)) (&& (== net472) (< net46)) (== netstandard2.0)
      System.IO (>= 4.3) - restriction: || (&& (== net40) (== net461)) (&& (== net40) (== net472)) (&& (== net40) (>= netstandard1.3)) (&& (== net461) (< net46)) (&& (== net472) (< net46)) (== netstandard2.0)
      System.Resources.ResourceManager (>= 4.3) - restriction: || (&& (== net40) (== net461)) (&& (== net40) (== net472)) (&& (== net40) (>= netstandard1.3)) (&& (== net461) (< net46)) (&& (== net472) (< net46)) (== netstandard2.0)
      System.Runtime (>= 4.3) - restriction: || (&& (== net40) (== net461)) (&& (== net40) (== net472)) (&& (== net40) (>= netstandard1.3)) (&& (== net461) (< net46)) (&& (== net472) (< net46)) (== netstandard2.0)
      System.Runtime.Extensions (>= 4.3) - restriction: || (&& (== net40) (== net461)) (&& (== net40) (== net472)) (&& (== net40) (>= netstandard1.3)) (&& (== net461) (< net46)) (&& (== net472) (< net46)) (== netstandard2.0)
      System.Text.Encoding (>= 4.3) - restriction: || (&& (== net40) (== net461)) (&& (== net40) (== net472)) (&& (== net40) (>= netstandard1.3)) (&& (== net461) (< net46)) (&& (== net472) (< net46)) (== netstandard2.0)
    System.Runtime (4.3.1) - restriction: || (&& (== net40) (== net461)) (&& (== net40) (== net472)) (&& (== net40) (>= netstandard1.1)) (&& (== net40) (>= netstandard1.3)) (&& (== net40) (>= netstandard1.5)) (&& (== net461) (< net45)) (&& (== net472) (< net45)) (== netstandard2.0)
      Microsoft.NETCore.Platforms (>= 1.1.1) - restriction: || (&& (== net40) (== net461)) (&& (== net40) (== net472)) (&& (== net40) (>= netstandard1.0)) (&& (== net40) (>= netstandard1.2)) (&& (== net40) (>= netstandard1.3)) (&& (== net40) (>= netstandard1.5)) (&& (== net461) (< net45)) (&& (== net472) (< net45)) (== netstandard2.0)
      Microsoft.NETCore.Targets (>= 1.1.3) - restriction: || (&& (== net40) (== net461)) (&& (== net40) (== net472)) (&& (== net40) (>= netstandard1.0)) (&& (== net40) (>= netstandard1.2)) (&& (== net40) (>= netstandard1.3)) (&& (== net40) (>= netstandard1.5)) (&& (== net461) (< net45)) (&& (== net472) (< net45)) (== netstandard2.0)
    System.Runtime.CompilerServices.Unsafe (4.6)
    System.Runtime.Extensions (4.3.1) - restriction: || (&& (== net40) (== net461)) (&& (== net40) (== net472)) (&& (== net40) (>= netstandard1.3)) (&& (== net40) (>= netstandard1.6)) (&& (== net461) (< net45)) (&& (== net472) (< net45)) (== netstandard2.0)
      Microsoft.NETCore.Platforms (>= 1.1.1) - restriction: || (&& (== net40) (== net461)) (&& (== net40) (== net472)) (&& (== net40) (>= netstandard1.0)) (&& (== net40) (>= netstandard1.3)) (&& (== net40) (>= netstandard1.5)) (&& (== net461) (< net45)) (&& (== net472) (< net45)) (== netstandard2.0)
      Microsoft.NETCore.Targets (>= 1.1.3) - restriction: || (&& (== net40) (== net461)) (&& (== net40) (== net472)) (&& (== net40) (>= netstandard1.0)) (&& (== net40) (>= netstandard1.3)) (&& (== net40) (>= netstandard1.5)) (&& (== net461) (< net45)) (&& (== net472) (< net45)) (== netstandard2.0)
      System.Runtime (>= 4.3.1) - restriction: || (&& (== net40) (== net461)) (&& (== net40) (== net472)) (&& (== net40) (>= netstandard1.0)) (&& (== net40) (>= netstandard1.3)) (&& (== net40) (>= netstandard1.5)) (&& (== net461) (< net45)) (&& (== net472) (< net45)) (== netstandard2.0)
    System.Runtime.Handles (4.3) - restriction: || (&& (== net40) (== net461)) (&& (== net40) (== net472)) (&& (== net40) (>= netstandard1.3)) (&& (== net461) (< net45)) (&& (== net472) (< net45)) (== netstandard2.0)
      Microsoft.NETCore.Platforms (>= 1.1) - restriction: || (&& (== net40) (== net461)) (&& (== net40) (== net472)) (&& (== net40) (>= netstandard1.3)) (&& (== net461) (< net46)) (&& (== net472) (< net46)) (== netstandard2.0)
      Microsoft.NETCore.Targets (>= 1.1) - restriction: || (&& (== net40) (== net461)) (&& (== net40) (== net472)) (&& (== net40) (>= netstandard1.3)) (&& (== net461) (< net46)) (&& (== net472) (< net46)) (== netstandard2.0)
      System.Runtime (>= 4.3) - restriction: || (&& (== net40) (== net461)) (&& (== net40) (== net472)) (&& (== net40) (>= netstandard1.3)) (&& (== net461) (< net46)) (&& (== net472) (< net46)) (== netstandard2.0)
    System.Runtime.InteropServices (4.3) - restriction: || (&& (== net40) (== net461)) (&& (== net40) (== net472)) (&& (== net40) (>= netstandard1.3)) (&& (== net461) (< net45)) (&& (== net472) (< net45)) (== netstandard2.0)
      Microsoft.NETCore.Platforms (>= 1.1) - restriction: || (&& (== net40) (== net461)) (&& (== net40) (== net472)) (&& (== net40) (>= netcoreapp1.1)) (&& (== net40) (>= netstandard1.1)) (&& (== net40) (>= netstandard1.2)) (&& (== net40) (>= netstandard1.3)) (&& (== net40) (>= netstandard1.5)) (&& (== net461) (< net45)) (&& (== net461) (>= netcoreapp1.1)) (&& (== net472) (< net45)) (&& (== net472) (>= netcoreapp1.1)) (== netstandard2.0)
      Microsoft.NETCore.Targets (>= 1.1) - restriction: || (&& (== net40) (== net461)) (&& (== net40) (== net472)) (&& (== net40) (>= netcoreapp1.1)) (&& (== net40) (>= netstandard1.1)) (&& (== net40) (>= netstandard1.2)) (&& (== net40) (>= netstandard1.3)) (&& (== net40) (>= netstandard1.5)) (&& (== net461) (< net45)) (&& (== net461) (>= netcoreapp1.1)) (&& (== net472) (< net45)) (&& (== net472) (>= netcoreapp1.1)) (== netstandard2.0)
      System.Reflection (>= 4.3) - restriction: || (&& (== net40) (== net461)) (&& (== net40) (== net472)) (&& (== net40) (>= netcoreapp1.1)) (&& (== net40) (>= netstandard1.1)) (&& (== net40) (>= netstandard1.2)) (&& (== net40) (>= netstandard1.3)) (&& (== net40) (>= netstandard1.5)) (&& (== net461) (< net45)) (&& (== net461) (>= netcoreapp1.1)) (&& (== net472) (< net45)) (&& (== net472) (>= netcoreapp1.1)) (== netstandard2.0)
      System.Reflection.Primitives (>= 4.3) - restriction: || (&& (== net40) (== net461)) (&& (== net40) (== net472)) (&& (== net40) (>= netcoreapp1.1)) (&& (== net40) (>= netstandard1.1)) (&& (== net40) (>= netstandard1.2)) (&& (== net40) (>= netstandard1.3)) (&& (== net40) (>= netstandard1.5)) (&& (== net461) (< net45)) (&& (== net461) (>= netcoreapp1.1)) (&& (== net472) (< net45)) (&& (== net472) (>= netcoreapp1.1)) (== netstandard2.0)
      System.Runtime (>= 4.3) - restriction: || (&& (== net40) (== net461)) (&& (== net40) (>= net462)) (&& (== net40) (>= netcoreapp1.1)) (&& (== net40) (>= netstandard1.1)) (&& (== net40) (>= netstandard1.2)) (&& (== net40) (>= netstandard1.3)) (&& (== net40) (>= netstandard1.5)) (&& (== net461) (< net45)) (&& (== net461) (>= net462)) (&& (== net461) (>= netcoreapp1.1)) (== net472) (== netstandard2.0)
      System.Runtime.Handles (>= 4.3) - restriction: || (&& (== net40) (== net461)) (&& (== net40) (== net472)) (&& (== net40) (>= netcoreapp1.1)) (&& (== net40) (>= netstandard1.3)) (&& (== net40) (>= netstandard1.5)) (&& (== net461) (< net45)) (&& (== net461) (>= netcoreapp1.1)) (&& (== net472) (< net45)) (&& (== net472) (>= netcoreapp1.1)) (== netstandard2.0)
    System.Runtime.InteropServices.RuntimeInformation (4.3) - restriction: || (&& (== net40) (== net461)) (&& (== net40) (== net472)) (&& (== net40) (>= netcoreapp2.2)) (&& (== net40) (>= netstandard1.3)) (&& (== net40) (>= netstandard2.0)) (&& (== net461) (< net45)) (&& (== net461) (>= netcoreapp2.2)) (&& (== net472) (< net45)) (&& (== net472) (>= netcoreapp2.2)) (== netstandard2.0)
      runtime.native.System (>= 4.3) - restriction: || (&& (== net40) (== net461)) (&& (== net40) (== net472)) (&& (== net40) (>= netstandard1.1)) (&& (== net461) (< net45)) (&& (== net472) (< net45)) (== netstandard2.0)
      System.Reflection (>= 4.3) - restriction: || (&& (== net40) (== net461)) (&& (== net40) (== net472)) (&& (== net40) (>= netstandard1.1)) (&& (== net461) (< net45)) (&& (== net472) (< net45)) (== netstandard2.0)
      System.Reflection.Extensions (>= 4.3) - restriction: || (&& (== net40) (== net461)) (&& (== net40) (== net472)) (&& (== net40) (>= netstandard1.1)) (&& (== net461) (< net45)) (&& (== net472) (< net45)) (== netstandard2.0)
      System.Resources.ResourceManager (>= 4.3) - restriction: || (&& (== net40) (== net461)) (&& (== net40) (== net472)) (&& (== net40) (>= netstandard1.1)) (&& (== net461) (< net45)) (&& (== net472) (< net45)) (== netstandard2.0)
      System.Runtime (>= 4.3) - restriction: || (&& (== net40) (== net461)) (&& (== net40) (== net472)) (&& (== net40) (>= netstandard1.1)) (&& (== net461) (< net45)) (&& (== net472) (< net45)) (== netstandard2.0)
      System.Runtime.InteropServices (>= 4.3) - restriction: || (&& (== net40) (== net461)) (&& (== net40) (== net472)) (&& (== net40) (>= netstandard1.1)) (&& (== net461) (< net45)) (&& (== net472) (< net45)) (== netstandard2.0)
      System.Threading (>= 4.3) - restriction: || (&& (== net40) (== net461)) (&& (== net40) (== net472)) (&& (== net40) (>= netstandard1.1)) (&& (== net461) (< net45)) (&& (== net472) (< net45)) (== netstandard2.0)
    System.Runtime.InteropServices.WindowsRuntime (4.3) - restriction: || (&& (== net40) (== net472)) (&& (== net40) (>= netstandard2.0)) (&& (== net461) (< net46) (>= netstandard2.0)) (&& (== net472) (< net46)) (== netstandard2.0)
      System.Runtime (>= 4.3) - restriction: || (&& (== net40) (== net461)) (&& (== net40) (== net472)) (&& (== net40) (>= netstandard1.0)) (&& (== net461) (< net45)) (&& (== net472) (< net45)) (== netstandard2.0)
    System.Runtime.Numerics (4.3) - restriction: || (&& (== net40) (== net472)) (&& (== net40) (>= netstandard2.0)) (&& (== net461) (< net45) (>= netstandard2.0)) (&& (== net472) (< net45)) (== netstandard2.0)
      System.Globalization (>= 4.3) - restriction: || (&& (== net40) (== net461)) (&& (== net40) (== net472)) (&& (== net40) (>= netstandard1.3)) (&& (== net461) (< net45)) (&& (== net472) (< net45)) (== netstandard2.0)
      System.Resources.ResourceManager (>= 4.3) - restriction: || (&& (== net40) (== net461)) (&& (== net40) (== net472)) (&& (== net40) (>= netstandard1.3)) (&& (== net461) (< net45)) (&& (== net472) (< net45)) (== netstandard2.0)
      System.Runtime (>= 4.3) - restriction: || (&& (== net40) (== net461)) (&& (== net40) (== net472)) (&& (== net40) (>= netstandard1.1)) (&& (== net40) (>= netstandard1.3)) (&& (== net461) (< net45)) (&& (== net472) (< net45)) (== netstandard2.0)
      System.Runtime.Extensions (>= 4.3) - restriction: || (&& (== net40) (== net461)) (&& (== net40) (== net472)) (&& (== net40) (>= netstandard1.3)) (&& (== net461) (< net45)) (&& (== net472) (< net45)) (== netstandard2.0)
    System.Runtime.Serialization.Primitives (4.3) - restriction: || (&& (== net40) (== net472)) (&& (== net40) (>= netstandard2.0)) (&& (== net461) (== net472)) (&& (== net461) (>= netstandard2.0)) (== netstandard2.0)
      System.Resources.ResourceManager (>= 4.3) - restriction: || (&& (== net40) (== net461)) (&& (== net40) (== net472)) (&& (== net40) (>= netstandard1.3)) (&& (== net461) (< net45)) (&& (== net472) (< net45)) (== netstandard2.0)
      System.Runtime (>= 4.3) - restriction: || (&& (== net40) (== net461)) (&& (== net40) (== net472)) (&& (== net40) (>= netstandard1.0)) (&& (== net40) (>= netstandard1.3)) (&& (== net461) (< net45)) (&& (== net472) (< net45)) (== netstandard2.0)
    System.Security.AccessControl (4.6) - restriction: || (&& (== net40) (>= net461)) (&& (== net40) (>= netcoreapp2.0)) (&& (== net40) (>= netstandard2.0)) (&& (== net40) (>= xamarinios)) (&& (== net40) (>= xamarinmac)) (== net461) (== net472) (== netstandard2.0)
      System.Security.Principal.Windows (>= 4.6) - restriction: || (&& (== net40) (>= net46)) (&& (== net40) (>= net461)) (&& (== net40) (>= netcoreapp2.0)) (&& (== net40) (>= netstandard1.3)) (&& (== net40) (>= netstandard2.0)) (== net461) (== net472) (== netstandard2.0)
    System.Security.Cryptography.Algorithms (4.3.1) - restriction: || (&& (== net40) (>= netstandard2.0)) (&& (== net461) (>= netstandard2.0)) (== net472) (== netstandard2.0)
      Microsoft.NETCore.Platforms (>= 1.1) - restriction: || (&& (== net40) (== net472)) (&& (== net40) (>= netstandard1.6)) (&& (== net461) (< net46) (>= netstandard1.6)) (&& (== net472) (< net46)) (== netstandard2.0)
      runtime.native.System.Security.Cryptography.Apple (>= 4.3.1) - restriction: || (&& (== net40) (== net472)) (&& (== net40) (>= netstandard1.6)) (&& (== net461) (< net46) (>= netstandard1.6)) (&& (== net472) (< net46)) (== netstandard2.0)
      runtime.native.System.Security.Cryptography.OpenSsl (>= 4.3.2) - restriction: || (&& (== net40) (== net472)) (&& (== net40) (>= netstandard1.6)) (&& (== net461) (< net46) (>= netstandard1.6)) (&& (== net472) (< net46)) (== netstandard2.0)
      System.Collections (>= 4.3) - restriction: || (&& (== net40) (== net472)) (&& (== net40) (>= netstandard1.6)) (&& (== net461) (< net46) (>= netstandard1.6)) (&& (== net472) (< net46)) (== netstandard2.0)
      System.IO (>= 4.3) - restriction: || (&& (== net40) (== net461)) (&& (== net40) (>= net463)) (&& (== net40) (>= netstandard1.3)) (&& (== net40) (>= netstandard1.4)) (&& (== net40) (>= netstandard1.6)) (&& (== net461) (< net46)) (&& (== net461) (>= net463)) (== net472) (== netstandard2.0)
      System.Resources.ResourceManager (>= 4.3) - restriction: || (&& (== net40) (== net472)) (&& (== net40) (>= netstandard1.6)) (&& (== net461) (< net46) (>= netstandard1.6)) (&& (== net472) (< net46)) (== netstandard2.0)
      System.Runtime (>= 4.3) - restriction: || (&& (== net40) (== net461)) (&& (== net40) (>= net463)) (&& (== net40) (>= netstandard1.3)) (&& (== net40) (>= netstandard1.4)) (&& (== net40) (>= netstandard1.6)) (&& (== net461) (< net46)) (&& (== net461) (>= net463)) (== net472) (== netstandard2.0)
      System.Runtime.Extensions (>= 4.3) - restriction: || (&& (== net40) (== net472)) (&& (== net40) (>= netstandard1.6)) (&& (== net461) (< net46) (>= netstandard1.6)) (&& (== net472) (< net46)) (== netstandard2.0)
      System.Runtime.Handles (>= 4.3) - restriction: || (&& (== net40) (== net472)) (&& (== net40) (>= netstandard1.6)) (&& (== net461) (< net46) (>= netstandard1.6)) (&& (== net472) (< net46)) (== netstandard2.0)
      System.Runtime.InteropServices (>= 4.3) - restriction: || (&& (== net40) (== net472)) (&& (== net40) (>= netstandard1.6)) (&& (== net461) (< net46) (>= netstandard1.6)) (&& (== net472) (< net46)) (== netstandard2.0)
      System.Runtime.Numerics (>= 4.3) - restriction: || (&& (== net40) (== net472)) (&& (== net40) (>= netstandard1.6)) (&& (== net461) (< net46) (>= netstandard1.6)) (&& (== net472) (< net46)) (== netstandard2.0)
      System.Security.Cryptography.Encoding (>= 4.3) - restriction: || (&& (== net40) (>= net463)) (&& (== net40) (>= netstandard1.6)) (&& (== net461) (< net46) (>= netstandard1.6)) (&& (== net461) (>= net463)) (== net472) (== netstandard2.0)
      System.Security.Cryptography.Primitives (>= 4.3) - restriction: || (&& (== net40) (>= net46)) (&& (== net40) (>= net461)) (&& (== net40) (>= net463)) (&& (== net40) (>= netstandard1.3)) (&& (== net40) (>= netstandard1.4)) (&& (== net40) (>= netstandard1.6)) (== net461) (== net472) (== netstandard2.0)
      System.Text.Encoding (>= 4.3) - restriction: || (&& (== net40) (== net472)) (&& (== net40) (>= netstandard1.6)) (&& (== net461) (< net46) (>= netstandard1.6)) (&& (== net472) (< net46)) (== netstandard2.0)
    System.Security.Cryptography.Cng (4.6) - restriction: || (&& (== net40) (== net472)) (&& (== net40) (>= netcoreapp2.0)) (&& (== net40) (>= netcoreapp2.1)) (&& (== net40) (>= netcoreapp3.0)) (&& (== net40) (>= netstandard2.0)) (&& (== net40) (>= netstandard2.1)) (&& (== net461) (< net452) (>= netstandard2.0)) (&& (== net461) (>= netcoreapp2.0)) (&& (== net461) (>= netcoreapp2.1)) (&& (== net461) (>= netcoreapp3.0)) (&& (== net461) (>= netstandard2.1)) (&& (== net472) (< net452)) (&& (== net472) (>= netcoreapp2.0)) (&& (== net472) (>= netcoreapp2.1)) (&& (== net472) (>= netcoreapp3.0)) (&& (== net472) (>= netstandard2.1)) (== netstandard2.0)
    System.Security.Cryptography.Csp (4.3) - restriction: || (&& (== net40) (== net472)) (&& (== net40) (>= netstandard2.0)) (&& (== net461) (< net46) (>= netstandard2.0)) (&& (== net472) (< net46)) (== netstandard2.0)
      Microsoft.NETCore.Platforms (>= 1.1) - restriction: || (&& (== net40) (== net461)) (&& (== net40) (== net472)) (&& (== net40) (>= netstandard1.3)) (&& (== net461) (< net46)) (&& (== net472) (< net46)) (== netstandard2.0)
      System.IO (>= 4.3) - restriction: || (&& (== net40) (== net461)) (&& (== net40) (== net472)) (&& (== net40) (>= netstandard1.3)) (&& (== net461) (< net46)) (&& (== net472) (< net46)) (== netstandard2.0)
      System.Reflection (>= 4.3) - restriction: || (&& (== net40) (== net461)) (&& (== net40) (== net472)) (&& (== net40) (>= netstandard1.3)) (&& (== net461) (< net46)) (&& (== net472) (< net46)) (== netstandard2.0)
      System.Resources.ResourceManager (>= 4.3) - restriction: || (&& (== net40) (== net461)) (&& (== net40) (== net472)) (&& (== net40) (>= netstandard1.3)) (&& (== net461) (< net46)) (&& (== net472) (< net46)) (== netstandard2.0)
      System.Runtime (>= 4.3) - restriction: || (&& (== net40) (== net461)) (&& (== net40) (== net472)) (&& (== net40) (>= netstandard1.3)) (&& (== net461) (< net46)) (&& (== net472) (< net46)) (== netstandard2.0)
      System.Runtime.Extensions (>= 4.3) - restriction: || (&& (== net40) (== net461)) (&& (== net40) (== net472)) (&& (== net40) (>= netstandard1.3)) (&& (== net461) (< net46)) (&& (== net472) (< net46)) (== netstandard2.0)
      System.Runtime.Handles (>= 4.3) - restriction: || (&& (== net40) (== net461)) (&& (== net40) (== net472)) (&& (== net40) (>= netstandard1.3)) (&& (== net461) (< net46)) (&& (== net472) (< net46)) (== netstandard2.0)
      System.Runtime.InteropServices (>= 4.3) - restriction: || (&& (== net40) (== net461)) (&& (== net40) (== net472)) (&& (== net40) (>= netstandard1.3)) (&& (== net461) (< net46)) (&& (== net472) (< net46)) (== netstandard2.0)
      System.Security.Cryptography.Algorithms (>= 4.3) - restriction: || (&& (== net40) (>= net46)) (&& (== net40) (>= netstandard1.3)) (== net461) (== net472) (== netstandard2.0)
      System.Security.Cryptography.Encoding (>= 4.3) - restriction: || (&& (== net40) (== net461)) (&& (== net40) (== net472)) (&& (== net40) (>= netstandard1.3)) (&& (== net461) (< net46)) (&& (== net472) (< net46)) (== netstandard2.0)
      System.Security.Cryptography.Primitives (>= 4.3) - restriction: || (&& (== net40) (>= net46)) (&& (== net40) (>= netstandard1.3)) (== net461) (== net472) (== netstandard2.0)
      System.Text.Encoding (>= 4.3) - restriction: || (&& (== net40) (== net461)) (&& (== net40) (== net472)) (&& (== net40) (>= netstandard1.3)) (&& (== net461) (< net46)) (&& (== net472) (< net46)) (== netstandard2.0)
      System.Threading (>= 4.3) - restriction: || (&& (== net40) (== net461)) (&& (== net40) (== net472)) (&& (== net40) (>= netstandard1.3)) (&& (== net461) (< net46)) (&& (== net472) (< net46)) (== netstandard2.0)
    System.Security.Cryptography.Encoding (4.3) - restriction: || (&& (== net40) (>= netstandard2.0)) (&& (== net461) (>= netstandard2.0)) (== net472) (== netstandard2.0)
      Microsoft.NETCore.Platforms (>= 1.1) - restriction: || (&& (== net40) (== net461)) (&& (== net40) (== net472)) (&& (== net40) (>= netstandard1.3)) (&& (== net461) (< net46)) (&& (== net472) (< net46)) (== netstandard2.0)
      runtime.native.System.Security.Cryptography.OpenSsl (>= 4.3) - restriction: || (&& (== net40) (== net461)) (&& (== net40) (== net472)) (&& (== net40) (>= netstandard1.3)) (&& (== net461) (< net46)) (&& (== net472) (< net46)) (== netstandard2.0)
      System.Collections (>= 4.3) - restriction: || (&& (== net40) (== net461)) (&& (== net40) (== net472)) (&& (== net40) (>= netstandard1.3)) (&& (== net461) (< net46)) (&& (== net472) (< net46)) (== netstandard2.0)
      System.Collections.Concurrent (>= 4.3) - restriction: || (&& (== net40) (== net461)) (&& (== net40) (== net472)) (&& (== net40) (>= netstandard1.3)) (&& (== net461) (< net46)) (&& (== net472) (< net46)) (== netstandard2.0)
      System.Linq (>= 4.3) - restriction: || (&& (== net40) (== net461)) (&& (== net40) (== net472)) (&& (== net40) (>= netstandard1.3)) (&& (== net461) (< net46)) (&& (== net472) (< net46)) (== netstandard2.0)
      System.Resources.ResourceManager (>= 4.3) - restriction: || (&& (== net40) (== net461)) (&& (== net40) (== net472)) (&& (== net40) (>= netstandard1.3)) (&& (== net461) (< net46)) (&& (== net472) (< net46)) (== netstandard2.0)
      System.Runtime (>= 4.3) - restriction: || (&& (== net40) (== net461)) (&& (== net40) (== net472)) (&& (== net40) (>= netstandard1.3)) (&& (== net461) (< net46)) (&& (== net472) (< net46)) (== netstandard2.0)
      System.Runtime.Extensions (>= 4.3) - restriction: || (&& (== net40) (== net461)) (&& (== net40) (== net472)) (&& (== net40) (>= netstandard1.3)) (&& (== net461) (< net46)) (&& (== net472) (< net46)) (== netstandard2.0)
      System.Runtime.Handles (>= 4.3) - restriction: || (&& (== net40) (== net461)) (&& (== net40) (== net472)) (&& (== net40) (>= netstandard1.3)) (&& (== net461) (< net46)) (&& (== net472) (< net46)) (== netstandard2.0)
      System.Runtime.InteropServices (>= 4.3) - restriction: || (&& (== net40) (== net461)) (&& (== net40) (== net472)) (&& (== net40) (>= netstandard1.3)) (&& (== net461) (< net46)) (&& (== net472) (< net46)) (== netstandard2.0)
      System.Security.Cryptography.Primitives (>= 4.3) - restriction: || (&& (== net40) (== net461)) (&& (== net40) (== net472)) (&& (== net40) (>= netstandard1.3)) (&& (== net461) (< net46)) (&& (== net472) (< net46)) (== netstandard2.0)
      System.Text.Encoding (>= 4.3) - restriction: || (&& (== net40) (== net461)) (&& (== net40) (== net472)) (&& (== net40) (>= netstandard1.3)) (&& (== net461) (< net46)) (&& (== net472) (< net46)) (== netstandard2.0)
    System.Security.Cryptography.OpenSsl (4.6) - restriction: || (&& (== net40) (== net472)) (&& (== net40) (>= netstandard2.0)) (&& (== net461) (< net45) (>= netstandard2.0)) (&& (== net472) (< net45)) (== netstandard2.0)
    System.Security.Cryptography.Pkcs (4.6) - restriction: || (&& (== net40) (== net472)) (&& (== net40) (>= netcoreapp2.1)) (&& (== net40) (>= netstandard2.0)) (&& (== net461) (< net45) (>= netstandard2.0)) (&& (== net461) (< net452) (>= netstandard2.0)) (&& (== net461) (>= netcoreapp2.1)) (&& (== net472) (< net45)) (&& (== net472) (< net452)) (&& (== net472) (>= netcoreapp2.1)) (== netstandard2.0)
      System.Buffers (>= 4.5) - restriction: || (&& (== net40) (== net472)) (&& (== net40) (>= monoandroid)) (&& (== net40) (>= monotouch)) (&& (== net40) (>= netstandard2.0)) (&& (== net40) (>= xamarinios)) (&& (== net40) (>= xamarinmac)) (&& (== net40) (>= xamarintvos)) (&& (== net40) (>= xamarinwatchos)) (&& (== net461) (>= monoandroid)) (&& (== net461) (>= monotouch)) (&& (== net461) (< net46) (>= netstandard2.0)) (&& (== net461) (>= xamarinios)) (&& (== net461) (>= xamarinmac)) (&& (== net461) (>= xamarintvos)) (&& (== net461) (>= xamarinwatchos)) (&& (== net472) (>= monoandroid) (< netstandard2.0)) (&& (== net472) (>= monotouch)) (&& (== net472) (< net46)) (&& (== net472) (>= xamarinios)) (&& (== net472) (>= xamarinmac)) (&& (== net472) (>= xamarintvos)) (&& (== net472) (>= xamarinwatchos)) (== netstandard2.0)
      System.Memory (>= 4.5.3) - restriction: || (&& (== net40) (== net472)) (&& (== net40) (>= netcoreapp2.0)) (&& (== net40) (>= netstandard2.0)) (&& (== net40) (>= uap10.1)) (&& (== net461) (< net46) (>= netstandard2.0)) (&& (== net461) (>= netcoreapp2.0)) (&& (== net461) (>= uap10.1)) (&& (== net472) (< net46)) (&& (== net472) (>= netcoreapp2.0)) (&& (== net472) (>= uap10.1)) (== netstandard2.0)
      System.Security.Cryptography.Cng (>= 4.6) - restriction: || (&& (== net40) (== net472)) (&& (== net40) (>= netcoreapp2.0)) (&& (== net40) (>= netcoreapp2.1)) (&& (== net40) (>= netcoreapp3.0)) (&& (== net40) (>= netstandard2.0)) (&& (== net40) (>= netstandard2.1)) (&& (== net461) (< net46) (>= netstandard2.0)) (&& (== net461) (>= netcoreapp2.0)) (&& (== net461) (>= netcoreapp2.1)) (&& (== net461) (>= netcoreapp3.0)) (&& (== net461) (>= netstandard2.1)) (&& (== net472) (< net46)) (&& (== net472) (>= netcoreapp2.0)) (&& (== net472) (>= netcoreapp2.1)) (&& (== net472) (>= netcoreapp3.0)) (&& (== net472) (>= netstandard2.1)) (== netstandard2.0)
    System.Security.Cryptography.Primitives (4.3) - restriction: || (&& (== net40) (== net472)) (&& (== net40) (>= netstandard2.0)) (&& (== net461) (< net45) (>= netstandard2.0)) (&& (== net472) (< net45)) (== netstandard2.0)
      System.Diagnostics.Debug (>= 4.3) - restriction: || (&& (== net40) (== net461)) (&& (== net40) (== net472)) (&& (== net40) (>= netstandard1.3)) (&& (== net461) (< net46)) (&& (== net472) (< net46)) (== netstandard2.0)
      System.Globalization (>= 4.3) - restriction: || (&& (== net40) (== net461)) (&& (== net40) (== net472)) (&& (== net40) (>= netstandard1.3)) (&& (== net461) (< net46)) (&& (== net472) (< net46)) (== netstandard2.0)
      System.IO (>= 4.3) - restriction: || (&& (== net40) (== net461)) (&& (== net40) (== net472)) (&& (== net40) (>= netstandard1.3)) (&& (== net461) (< net46)) (&& (== net472) (< net46)) (== netstandard2.0)
      System.Resources.ResourceManager (>= 4.3) - restriction: || (&& (== net40) (== net461)) (&& (== net40) (== net472)) (&& (== net40) (>= netstandard1.3)) (&& (== net461) (< net46)) (&& (== net472) (< net46)) (== netstandard2.0)
      System.Runtime (>= 4.3) - restriction: || (&& (== net40) (== net461)) (&& (== net40) (== net472)) (&& (== net40) (>= netstandard1.3)) (&& (== net461) (< net46)) (&& (== net472) (< net46)) (== netstandard2.0)
      System.Threading (>= 4.3) - restriction: || (&& (== net40) (== net461)) (&& (== net40) (== net472)) (&& (== net40) (>= netstandard1.3)) (&& (== net461) (< net46)) (&& (== net472) (< net46)) (== netstandard2.0)
      System.Threading.Tasks (>= 4.3) - restriction: || (&& (== net40) (== net461)) (&& (== net40) (== net472)) (&& (== net40) (>= netstandard1.3)) (&& (== net461) (< net46)) (&& (== net472) (< net46)) (== netstandard2.0)
    System.Security.Cryptography.ProtectedData (4.6) - restriction: || (&& (== net40) (== net472)) (&& (== net40) (>= netstandard2.0)) (&& (== net472) (< net461)) (== netstandard2.0)
      System.Memory (>= 4.5.3) - restriction: || (&& (== net40) (== net472)) (&& (== net40) (>= netstandard2.0)) (&& (== net461) (< net46) (>= netstandard2.0)) (&& (== net472) (< net46)) (== netstandard2.0)
    System.Security.Cryptography.X509Certificates (4.3.2) - restriction: || (&& (== net40) (>= netstandard2.0)) (&& (== net461) (>= netstandard2.0)) (== net472) (== netstandard2.0)
      Microsoft.NETCore.Platforms (>= 1.1) - restriction: || (&& (== net40) (== net472)) (&& (== net40) (>= netstandard1.6)) (&& (== net461) (< net46) (>= netstandard1.6)) (&& (== net472) (< net46)) (== netstandard2.0)
      runtime.native.System (>= 4.3) - restriction: || (&& (== net40) (== net472)) (&& (== net40) (>= netstandard1.6)) (&& (== net461) (< net46) (>= netstandard1.6)) (&& (== net472) (< net46)) (== netstandard2.0)
      runtime.native.System.Net.Http (>= 4.3) - restriction: || (&& (== net40) (== net472)) (&& (== net40) (>= netstandard1.6)) (&& (== net461) (< net46) (>= netstandard1.6)) (&& (== net472) (< net46)) (== netstandard2.0)
      runtime.native.System.Security.Cryptography.OpenSsl (>= 4.3.2) - restriction: || (&& (== net40) (== net472)) (&& (== net40) (>= netstandard1.6)) (&& (== net461) (< net46) (>= netstandard1.6)) (&& (== net472) (< net46)) (== netstandard2.0)
      System.Collections (>= 4.3) - restriction: || (&& (== net40) (== net472)) (&& (== net40) (>= netstandard1.6)) (&& (== net461) (< net46) (>= netstandard1.6)) (&& (== net472) (< net46)) (== netstandard2.0)
      System.Diagnostics.Debug (>= 4.3) - restriction: || (&& (== net40) (== net472)) (&& (== net40) (>= netstandard1.6)) (&& (== net461) (< net46) (>= netstandard1.6)) (&& (== net472) (< net46)) (== netstandard2.0)
      System.Globalization (>= 4.3) - restriction: || (&& (== net40) (== net472)) (&& (== net40) (>= netstandard1.6)) (&& (== net461) (< net46) (>= netstandard1.6)) (&& (== net472) (< net46)) (== netstandard2.0)
      System.Globalization.Calendars (>= 4.3) - restriction: || (&& (== net40) (== net472)) (&& (== net40) (>= netstandard1.6)) (&& (== net461) (< net46) (>= netstandard1.6)) (&& (== net472) (< net46)) (== netstandard2.0)
      System.IO (>= 4.3) - restriction: || (&& (== net40) (== net472)) (&& (== net40) (>= netstandard1.6)) (&& (== net461) (< net46) (>= netstandard1.6)) (&& (== net472) (< net46)) (== netstandard2.0)
      System.IO.FileSystem (>= 4.3) - restriction: || (&& (== net40) (== net472)) (&& (== net40) (>= netstandard1.6)) (&& (== net461) (< net46) (>= netstandard1.6)) (&& (== net472) (< net46)) (== netstandard2.0)
      System.IO.FileSystem.Primitives (>= 4.3) - restriction: || (&& (== net40) (== net472)) (&& (== net40) (>= netstandard1.6)) (&& (== net461) (< net46) (>= netstandard1.6)) (&& (== net472) (< net46)) (== netstandard2.0)
      System.Resources.ResourceManager (>= 4.3) - restriction: || (&& (== net40) (== net472)) (&& (== net40) (>= netstandard1.6)) (&& (== net461) (< net46) (>= netstandard1.6)) (&& (== net472) (< net46)) (== netstandard2.0)
      System.Runtime (>= 4.3) - restriction: || (&& (== net40) (== net461)) (&& (== net40) (== net472)) (&& (== net40) (>= netstandard1.3)) (&& (== net40) (>= netstandard1.4)) (&& (== net40) (>= netstandard1.6)) (&& (== net461) (< net46)) (&& (== net472) (< net46)) (== netstandard2.0)
      System.Runtime.Extensions (>= 4.3) - restriction: || (&& (== net40) (== net472)) (&& (== net40) (>= netstandard1.6)) (&& (== net461) (< net46) (>= netstandard1.6)) (&& (== net472) (< net46)) (== netstandard2.0)
      System.Runtime.Handles (>= 4.3) - restriction: || (&& (== net40) (== net461)) (&& (== net40) (== net472)) (&& (== net40) (>= netstandard1.3)) (&& (== net40) (>= netstandard1.4)) (&& (== net40) (>= netstandard1.6)) (&& (== net461) (< net46)) (&& (== net472) (< net46)) (== netstandard2.0)
      System.Runtime.InteropServices (>= 4.3) - restriction: || (&& (== net40) (== net472)) (&& (== net40) (>= netstandard1.6)) (&& (== net461) (< net46) (>= netstandard1.6)) (&& (== net472) (< net46)) (== netstandard2.0)
      System.Runtime.Numerics (>= 4.3) - restriction: || (&& (== net40) (== net472)) (&& (== net40) (>= netstandard1.6)) (&& (== net461) (< net46) (>= netstandard1.6)) (&& (== net472) (< net46)) (== netstandard2.0)
      System.Security.Cryptography.Algorithms (>= 4.3) - restriction: || (&& (== net40) (>= net46)) (&& (== net40) (>= net461)) (&& (== net40) (>= netstandard1.3)) (&& (== net40) (>= netstandard1.4)) (&& (== net40) (>= netstandard1.6)) (== net461) (== net472) (== netstandard2.0)
      System.Security.Cryptography.Cng (>= 4.3) - restriction: || (&& (== net40) (== net472)) (&& (== net40) (>= netstandard1.6)) (&& (== net461) (< net46) (>= netstandard1.6)) (&& (== net472) (< net46)) (== netstandard2.0)
      System.Security.Cryptography.Csp (>= 4.3) - restriction: || (&& (== net40) (== net472)) (&& (== net40) (>= netstandard1.6)) (&& (== net461) (< net46) (>= netstandard1.6)) (&& (== net472) (< net46)) (== netstandard2.0)
      System.Security.Cryptography.Encoding (>= 4.3) - restriction: || (&& (== net40) (>= net46)) (&& (== net40) (>= net461)) (&& (== net40) (>= netstandard1.3)) (&& (== net40) (>= netstandard1.4)) (&& (== net40) (>= netstandard1.6)) (== net461) (== net472) (== netstandard2.0)
      System.Security.Cryptography.OpenSsl (>= 4.3) - restriction: || (&& (== net40) (== net472)) (&& (== net40) (>= netstandard1.6)) (&& (== net461) (< net46) (>= netstandard1.6)) (&& (== net472) (< net46)) (== netstandard2.0)
      System.Security.Cryptography.Primitives (>= 4.3) - restriction: || (&& (== net40) (== net472)) (&& (== net40) (>= netstandard1.6)) (&& (== net461) (< net46) (>= netstandard1.6)) (&& (== net472) (< net46)) (== netstandard2.0)
      System.Text.Encoding (>= 4.3) - restriction: || (&& (== net40) (== net472)) (&& (== net40) (>= netstandard1.6)) (&& (== net461) (< net46) (>= netstandard1.6)) (&& (== net472) (< net46)) (== netstandard2.0)
      System.Threading (>= 4.3) - restriction: || (&& (== net40) (== net472)) (&& (== net40) (>= netstandard1.6)) (&& (== net461) (< net46) (>= netstandard1.6)) (&& (== net472) (< net46)) (== netstandard2.0)
    System.Security.Cryptography.Xml (4.6) - restriction: || (&& (== net40) (== net472)) (&& (== net40) (>= netcoreapp2.1)) (&& (== net40) (>= netstandard2.0)) (&& (== net461) (< net45) (>= netstandard2.0)) (&& (== net461) (>= netcoreapp2.1)) (&& (== net472) (< net45)) (&& (== net472) (>= netcoreapp2.1)) (== netstandard2.0)
      System.Security.Cryptography.Pkcs (>= 4.6) - restriction: || (&& (== net40) (== net472)) (&& (== net40) (>= netstandard2.0)) (&& (== net472) (< net461)) (== netstandard2.0)
      System.Security.Permissions (>= 4.6) - restriction: || (&& (== net40) (>= net461)) (&& (== net40) (>= netstandard2.0)) (== net461) (== net472) (== netstandard2.0)
    System.Security.Permissions (4.6) - restriction: || (&& (== net40) (>= monoandroid)) (&& (== net40) (>= monotouch)) (&& (== net40) (>= net461)) (&& (== net40) (>= netcoreapp2.1)) (&& (== net40) (>= netstandard2.0)) (&& (== net40) (>= xamarintvos)) (&& (== net40) (>= xamarinwatchos)) (== net461) (== net472) (== netstandard2.0)
      System.Security.AccessControl (>= 4.6) - restriction: || (&& (== net40) (>= net461)) (&& (== net40) (>= netstandard2.0)) (== net461) (== net472) (== netstandard2.0)
    System.Security.Principal.Windows (4.6) - restriction: || (&& (== net40) (>= net461)) (&& (== net40) (>= netcoreapp2.0)) (&& (== net40) (>= netstandard2.0)) (&& (== net40) (>= xamarinios)) (&& (== net40) (>= xamarinmac)) (== net461) (== net472) (== netstandard2.0)
    System.ServiceModel.Http (4.6) - restriction: || (&& (== net40) (== net472)) (&& (== net40) (>= netstandard2.0)) (&& (== net461) (< net452) (>= netstandard2.0)) (&& (== net472) (< net452)) (== netstandard2.0)
      System.Private.ServiceModel (>= 4.6) - restriction: || (&& (== net40) (== net472)) (&& (== net40) (>= netstandard2.0)) (&& (== net461) (< net45) (>= netstandard2.0)) (&& (== net472) (< net45)) (== netstandard2.0)
      System.ServiceModel.Primitives (>= 4.6) - restriction: || (&& (== net40) (>= net461)) (&& (== net40) (>= netstandard2.0)) (== net461) (== net472) (== netstandard2.0)
    System.ServiceModel.Primitives (4.6) - restriction: || (&& (== net40) (== net472)) (&& (== net40) (>= netstandard2.0)) (&& (== net461) (< net45) (>= netstandard2.0)) (&& (== net461) (< net452) (>= netstandard2.0)) (&& (== net472) (< net45)) (&& (== net472) (< net452)) (== netstandard2.0)
      System.Private.ServiceModel (>= 4.6) - restriction: || (&& (== net40) (== net472)) (&& (== net40) (>= netcoreapp2.1)) (&& (== net40) (>= netstandard2.0)) (&& (== net461) (< net45) (>= netstandard2.0)) (&& (== net461) (>= netcoreapp2.1)) (&& (== net472) (< net45)) (&& (== net472) (>= netcoreapp2.1)) (== netstandard2.0)
    System.Text.Encoding (4.3) - restriction: || (&& (== net40) (== net461)) (&& (== net40) (== net472)) (&& (== net40) (>= netstandard1.1)) (&& (== net40) (>= netstandard1.3)) (&& (== net461) (< net45)) (&& (== net472) (< net45)) (== netstandard2.0)
      Microsoft.NETCore.Platforms (>= 1.1) - restriction: || (&& (== net40) (== net461)) (&& (== net40) (== net472)) (&& (== net40) (>= netstandard1.0)) (&& (== net40) (>= netstandard1.3)) (&& (== net461) (< net45)) (&& (== net472) (< net45)) (== netstandard2.0)
      Microsoft.NETCore.Targets (>= 1.1) - restriction: || (&& (== net40) (== net461)) (&& (== net40) (== net472)) (&& (== net40) (>= netstandard1.0)) (&& (== net40) (>= netstandard1.3)) (&& (== net461) (< net45)) (&& (== net472) (< net45)) (== netstandard2.0)
      System.Runtime (>= 4.3) - restriction: || (&& (== net40) (== net461)) (&& (== net40) (== net472)) (&& (== net40) (>= netstandard1.0)) (&& (== net40) (>= netstandard1.3)) (&& (== net461) (< net45)) (&& (== net472) (< net45)) (== netstandard2.0)
    System.Text.Encoding.CodePages (4.6) - restriction: || (&& (== net40) (== net472)) (&& (== net40) (>= netcoreapp2.0)) (&& (== net40) (>= netcoreapp2.1)) (&& (== net40) (>= netstandard2.0)) (&& (== net461) (< net451) (>= netstandard2.0)) (&& (== net461) (>= netcoreapp2.0)) (&& (== net461) (>= netcoreapp2.1)) (&& (== net461) (>= netstandard2.0) (>= uap10.1)) (&& (== net472) (< net451)) (&& (== net472) (>= netcoreapp2.0)) (&& (== net472) (>= netcoreapp2.1)) (&& (== net472) (>= uap10.1)) (== netstandard2.0)
      System.Runtime.CompilerServices.Unsafe (>= 4.6) - restriction: || (&& (== net40) (>= net461)) (&& (== net40) (>= netcoreapp2.0)) (&& (== net40) (>= netstandard2.0)) (== net461) (== net472) (== netstandard2.0)
    System.Text.Encoding.Extensions (4.3) - restriction: || (&& (== net40) (== net461)) (&& (== net40) (== net472)) (&& (== net40) (>= netstandard1.3)) (&& (== net461) (< net45)) (&& (== net472) (< net45)) (== netstandard2.0)
      Microsoft.NETCore.Platforms (>= 1.1) - restriction: || (&& (== net40) (== net461)) (&& (== net40) (== net472)) (&& (== net40) (>= netstandard1.0)) (&& (== net40) (>= netstandard1.3)) (&& (== net461) (< net45)) (&& (== net472) (< net45)) (== netstandard2.0)
      Microsoft.NETCore.Targets (>= 1.1) - restriction: || (&& (== net40) (== net461)) (&& (== net40) (== net472)) (&& (== net40) (>= netstandard1.0)) (&& (== net40) (>= netstandard1.3)) (&& (== net461) (< net45)) (&& (== net472) (< net45)) (== netstandard2.0)
      System.Runtime (>= 4.3) - restriction: || (&& (== net40) (== net461)) (&& (== net40) (== net472)) (&& (== net40) (>= netstandard1.0)) (&& (== net40) (>= netstandard1.3)) (&& (== net461) (< net45)) (&& (== net472) (< net45)) (== netstandard2.0)
      System.Text.Encoding (>= 4.3) - restriction: || (&& (== net40) (== net461)) (&& (== net40) (== net472)) (&& (== net40) (>= netstandard1.0)) (&& (== net40) (>= netstandard1.3)) (&& (== net461) (< net45)) (&& (== net472) (< net45)) (== netstandard2.0)
    System.Text.Encodings.Web (4.6) - restriction: || (&& (== net40) (== net472)) (&& (== net40) (>= netcoreapp2.0)) (&& (== net40) (>= netcoreapp2.1)) (&& (== net40) (>= netstandard2.0)) (&& (== net40) (>= xamarinios)) (&& (== net40) (>= xamarinmac)) (&& (== net461) (== net472) (>= monoandroid)) (&& (== net461) (>= monoandroid) (>= netstandard2.0)) (&& (== net461) (>= monotouch) (>= netstandard2.0)) (&& (== net461) (< net452) (>= netstandard2.0)) (&& (== net461) (>= netcoreapp2.0)) (&& (== net461) (>= netcoreapp2.1)) (&& (== net461) (>= netstandard2.0) (>= uap10.1)) (&& (== net461) (>= netstandard2.0) (>= xamarintvos)) (&& (== net461) (>= netstandard2.0) (>= xamarinwatchos)) (&& (== net461) (>= xamarinios)) (&& (== net461) (>= xamarinmac)) (&& (== net472) (>= monoandroid) (< netstandard2.0)) (&& (== net472) (>= monotouch)) (&& (== net472) (< net452)) (&& (== net472) (>= netcoreapp2.0)) (&& (== net472) (>= netcoreapp2.1)) (&& (== net472) (>= uap10.1)) (&& (== net472) (>= xamarinios)) (&& (== net472) (>= xamarinmac)) (&& (== net472) (>= xamarintvos)) (&& (== net472) (>= xamarinwatchos)) (== netstandard2.0)
      System.Memory (>= 4.5.3) - restriction: || (&& (== net40) (>= net461)) (&& (== net40) (>= netstandard2.0)) (&& (== net40) (>= uap10.1)) (== net461) (== net472) (== netstandard2.0)
    System.Text.Json (4.6) - restriction: || (&& (== net40) (== net472)) (&& (== net40) (>= netstandard2.0)) (&& (== net461) (< net452) (>= netstandard2.0)) (&& (== net472) (< net452)) (== netstandard2.0)
      Microsoft.Bcl.AsyncInterfaces (>= 1.0) - restriction: || (&& (== net40) (>= monoandroid)) (&& (== net40) (>= monotouch)) (&& (== net40) (>= net461)) (&& (== net40) (>= netcoreapp2.0)) (&& (== net40) (>= netcoreapp2.1)) (&& (== net40) (>= netstandard2.0)) (&& (== net40) (>= uap10.1)) (&& (== net40) (>= xamarinios)) (&& (== net40) (>= xamarinmac)) (&& (== net40) (>= xamarintvos)) (&& (== net40) (>= xamarinwatchos)) (== net461) (== net472) (== netstandard2.0)
      System.Buffers (>= 4.5) - restriction: || (&& (== net40) (>= monoandroid)) (&& (== net40) (>= monotouch)) (&& (== net40) (>= net461)) (&& (== net40) (>= netstandard2.0)) (&& (== net40) (>= xamarinios)) (&& (== net40) (>= xamarinmac)) (&& (== net40) (>= xamarintvos)) (&& (== net40) (>= xamarinwatchos)) (== net461) (== net472) (== netstandard2.0)
      System.Memory (>= 4.5.3) - restriction: || (&& (== net40) (>= net461)) (&& (== net40) (>= netcoreapp2.0)) (&& (== net40) (>= netstandard2.0)) (&& (== net40) (>= uap10.1)) (== net461) (== net472) (== netstandard2.0)
      System.Numerics.Vectors (>= 4.5) - restriction: || (&& (== net40) (>= net461)) (&& (== net40) (>= netstandard2.0)) (== net461) (== net472) (== netstandard2.0)
      System.Runtime.CompilerServices.Unsafe (>= 4.6) - restriction: || (&& (== net40) (>= monoandroid)) (&& (== net40) (>= monotouch)) (&& (== net40) (>= net461)) (&& (== net40) (>= netcoreapp2.0)) (&& (== net40) (>= netcoreapp2.1)) (&& (== net40) (>= netstandard2.0)) (&& (== net40) (>= uap10.1)) (&& (== net40) (>= xamarinios)) (&& (== net40) (>= xamarinmac)) (&& (== net40) (>= xamarintvos)) (&& (== net40) (>= xamarinwatchos)) (== net461) (== net472) (== netstandard2.0)
      System.Text.Encodings.Web (>= 4.6) - restriction: || (&& (== net40) (>= monoandroid)) (&& (== net40) (>= monotouch)) (&& (== net40) (>= net461)) (&& (== net40) (>= netcoreapp2.0)) (&& (== net40) (>= netcoreapp2.1)) (&& (== net40) (>= netstandard2.0)) (&& (== net40) (>= uap10.1)) (&& (== net40) (>= xamarinios)) (&& (== net40) (>= xamarinmac)) (&& (== net40) (>= xamarintvos)) (&& (== net40) (>= xamarinwatchos)) (== net461) (== net472) (== netstandard2.0)
      System.Threading.Tasks.Extensions (>= 4.5.2) - restriction: || (&& (== net40) (>= net461)) (&& (== net40) (>= netcoreapp2.0)) (&& (== net40) (>= netstandard2.0)) (&& (== net40) (>= uap10.1)) (== net461) (== net472) (== netstandard2.0)
    System.Text.RegularExpressions (4.3.1) - restriction: || (&& (== net40) (== net461)) (&& (== net40) (== net472)) (&& (== net40) (>= netstandard1.3)) (&& (== net461) (< net45)) (&& (== net472) (< net45)) (== netstandard2.0)
      System.Collections (>= 4.3) - restriction: || (&& (== net40) (== net472)) (&& (== net40) (>= netstandard1.6)) (&& (== net461) (< net45) (>= netstandard1.6)) (&& (== net472) (< net45)) (== netstandard2.0)
      System.Globalization (>= 4.3) - restriction: || (&& (== net40) (== net472)) (&& (== net40) (>= netstandard1.6)) (&& (== net461) (< net45) (>= netstandard1.6)) (&& (== net472) (< net45)) (== netstandard2.0)
      System.Resources.ResourceManager (>= 4.3) - restriction: || (&& (== net40) (== net472)) (&& (== net40) (>= netstandard1.6)) (&& (== net461) (< net45) (>= netstandard1.6)) (&& (== net472) (< net45)) (== netstandard2.0)
      System.Runtime (>= 4.3.1) - restriction: || (&& (== net40) (== net461)) (&& (== net40) (== net472)) (&& (== net40) (>= netcoreapp1.1)) (&& (== net40) (>= netstandard1.0)) (&& (== net40) (>= netstandard1.3)) (&& (== net40) (>= netstandard1.6)) (&& (== net461) (< net45)) (&& (== net461) (>= netcoreapp1.1)) (&& (== net472) (< net45)) (&& (== net472) (>= netcoreapp1.1)) (== netstandard2.0)
      System.Runtime.Extensions (>= 4.3.1) - restriction: || (&& (== net40) (== net472)) (&& (== net40) (>= netstandard1.6)) (&& (== net461) (< net45) (>= netstandard1.6)) (&& (== net472) (< net45)) (== netstandard2.0)
      System.Threading (>= 4.3) - restriction: || (&& (== net40) (== net472)) (&& (== net40) (>= netstandard1.6)) (&& (== net461) (< net45) (>= netstandard1.6)) (&& (== net472) (< net45)) (== netstandard2.0)
    System.Threading (4.3) - restriction: || (&& (== net40) (== net461)) (&& (== net40) (== net472)) (&& (== net40) (>= netstandard1.3)) (&& (== net461) (< net45)) (&& (== net472) (< net45)) (== netstandard2.0)
      System.Runtime (>= 4.3) - restriction: || (&& (== net40) (== net461)) (&& (== net40) (== net472)) (&& (== net40) (>= netstandard1.0)) (&& (== net40) (>= netstandard1.3)) (&& (== net461) (< net45)) (&& (== net472) (< net45)) (== netstandard2.0)
      System.Threading.Tasks (>= 4.3) - restriction: || (&& (== net40) (== net461)) (&& (== net40) (== net472)) (&& (== net40) (>= netstandard1.0)) (&& (== net40) (>= netstandard1.3)) (&& (== net461) (< net45)) (&& (== net472) (< net45)) (== netstandard2.0)
    System.Threading.Tasks (4.3) - restriction: || (&& (== net40) (== net461)) (&& (== net40) (== net472)) (&& (== net40) (>= netstandard1.3)) (&& (== net461) (< net45)) (&& (== net472) (< net45)) (== netstandard2.0)
      Microsoft.NETCore.Platforms (>= 1.1) - restriction: || (&& (== net40) (== net461)) (&& (== net40) (== net472)) (&& (== net40) (>= netstandard1.0)) (&& (== net40) (>= netstandard1.3)) (&& (== net461) (< net45)) (&& (== net472) (< net45)) (== netstandard2.0)
      Microsoft.NETCore.Targets (>= 1.1) - restriction: || (&& (== net40) (== net461)) (&& (== net40) (== net472)) (&& (== net40) (>= netstandard1.0)) (&& (== net40) (>= netstandard1.3)) (&& (== net461) (< net45)) (&& (== net472) (< net45)) (== netstandard2.0)
      System.Runtime (>= 4.3) - restriction: || (&& (== net40) (== net461)) (&& (== net40) (== net472)) (&& (== net40) (>= netstandard1.0)) (&& (== net40) (>= netstandard1.3)) (&& (== net461) (< net45)) (&& (== net472) (< net45)) (== netstandard2.0)
    System.Threading.Tasks.Dataflow (4.10)
    System.Threading.Tasks.Extensions (4.5.3)
      System.Runtime.CompilerServices.Unsafe (>= 4.5.2) - restriction: || (&& (== net40) (>= net45)) (&& (== net40) (>= netstandard1.0)) (&& (== net40) (>= netstandard2.0)) (&& (== net40) (>= portable-net45+win8+wp8+wpa81)) (&& (== net40) (>= win8)) (&& (== net40) (>= wp8)) (&& (== net40) (>= wpa81)) (== net461) (== net472) (== netstandard2.0)
    System.Threading.Thread (4.3) - restriction: || (&& (== net40) (== net472)) (&& (== net40) (>= netstandard2.0)) (&& (== net461) (== net472)) (&& (== net461) (>= netstandard2.0)) (== netstandard2.0)
      System.Runtime (>= 4.3) - restriction: || (&& (== net40) (== net461)) (&& (== net40) (== net472)) (&& (== net40) (>= netstandard1.3)) (&& (== net461) (< net46)) (&& (== net472) (< net46)) (== netstandard2.0)
    System.ValueTuple (4.5)
    System.Xml.ReaderWriter (4.3.1) - restriction: || (&& (== net40) (== net461)) (&& (== net40) (== net472)) (&& (== net40) (>= netstandard1.0)) (&& (== net40) (>= netstandard1.3)) (&& (== net461) (< net45)) (&& (== net472) (< net45)) (== netstandard2.0)
      System.Collections (>= 4.3) - restriction: || (&& (== net40) (== net461)) (&& (== net40) (== net472)) (&& (== net40) (>= netstandard1.3)) (&& (== net461) (< net45)) (&& (== net472) (< net45)) (== netstandard2.0)
      System.Diagnostics.Debug (>= 4.3) - restriction: || (&& (== net40) (== net461)) (&& (== net40) (== net472)) (&& (== net40) (>= netstandard1.3)) (&& (== net461) (< net45)) (&& (== net472) (< net45)) (== netstandard2.0)
      System.Globalization (>= 4.3) - restriction: || (&& (== net40) (== net461)) (&& (== net40) (== net472)) (&& (== net40) (>= netstandard1.3)) (&& (== net461) (< net45)) (&& (== net472) (< net45)) (== netstandard2.0)
      System.IO (>= 4.3) - restriction: || (&& (== net40) (== net461)) (&& (== net40) (== net472)) (&& (== net40) (>= netstandard1.0)) (&& (== net40) (>= netstandard1.3)) (&& (== net461) (< net45)) (&& (== net472) (< net45)) (== netstandard2.0)
      System.IO.FileSystem (>= 4.3) - restriction: || (&& (== net40) (== net461)) (&& (== net40) (== net472)) (&& (== net40) (>= netstandard1.3)) (&& (== net461) (< net45)) (&& (== net472) (< net45)) (== netstandard2.0)
      System.IO.FileSystem.Primitives (>= 4.3) - restriction: || (&& (== net40) (== net461)) (&& (== net40) (== net472)) (&& (== net40) (>= netstandard1.3)) (&& (== net461) (< net45)) (&& (== net472) (< net45)) (== netstandard2.0)
      System.Resources.ResourceManager (>= 4.3) - restriction: || (&& (== net40) (== net461)) (&& (== net40) (== net472)) (&& (== net40) (>= netstandard1.3)) (&& (== net461) (< net45)) (&& (== net472) (< net45)) (== netstandard2.0)
      System.Runtime (>= 4.3) - restriction: || (&& (== net40) (== net461)) (&& (== net40) (== net472)) (&& (== net40) (>= netstandard1.0)) (&& (== net40) (>= netstandard1.3)) (&& (== net461) (< net45)) (&& (== net472) (< net45)) (== netstandard2.0)
      System.Runtime.Extensions (>= 4.3) - restriction: || (&& (== net40) (== net461)) (&& (== net40) (== net472)) (&& (== net40) (>= netstandard1.3)) (&& (== net461) (< net45)) (&& (== net472) (< net45)) (== netstandard2.0)
      System.Runtime.InteropServices (>= 4.3) - restriction: || (&& (== net40) (== net461)) (&& (== net40) (== net472)) (&& (== net40) (>= netstandard1.3)) (&& (== net461) (< net45)) (&& (== net472) (< net45)) (== netstandard2.0)
      System.Text.Encoding (>= 4.3) - restriction: || (&& (== net40) (== net461)) (&& (== net40) (== net472)) (&& (== net40) (>= netstandard1.0)) (&& (== net40) (>= netstandard1.3)) (&& (== net461) (< net45)) (&& (== net472) (< net45)) (== netstandard2.0)
      System.Text.Encoding.Extensions (>= 4.3) - restriction: || (&& (== net40) (== net461)) (&& (== net40) (== net472)) (&& (== net40) (>= netstandard1.3)) (&& (== net461) (< net45)) (&& (== net472) (< net45)) (== netstandard2.0)
      System.Text.RegularExpressions (>= 4.3) - restriction: || (&& (== net40) (== net461)) (&& (== net40) (== net472)) (&& (== net40) (>= netstandard1.3)) (&& (== net461) (< net45)) (&& (== net472) (< net45)) (== netstandard2.0)
      System.Threading.Tasks (>= 4.3) - restriction: || (&& (== net40) (== net461)) (&& (== net40) (== net472)) (&& (== net40) (>= netstandard1.0)) (&& (== net40) (>= netstandard1.3)) (&& (== net461) (< net45)) (&& (== net472) (< net45)) (== netstandard2.0)
      System.Threading.Tasks.Extensions (>= 4.3) - restriction: || (&& (== net40) (== net461)) (&& (== net40) (== net472)) (&& (== net40) (>= netstandard1.3)) (&& (== net461) (< net45)) (&& (== net472) (< net45)) (== netstandard2.0)
    System.Xml.XDocument (4.3)
      System.Collections (>= 4.3) - restriction: || (&& (== net40) (== net461)) (&& (== net40) (== net472)) (&& (== net40) (>= netstandard1.3)) (&& (== net461) (< net45)) (&& (== net472) (< net45)) (== netstandard2.0)
      System.Diagnostics.Debug (>= 4.3) - restriction: || (&& (== net40) (== net461)) (&& (== net40) (== net472)) (&& (== net40) (>= netstandard1.3)) (&& (== net461) (< net45)) (&& (== net472) (< net45)) (== netstandard2.0)
      System.Diagnostics.Tools (>= 4.3) - restriction: || (&& (== net40) (== net461)) (&& (== net40) (== net472)) (&& (== net40) (>= netstandard1.3)) (&& (== net461) (< net45)) (&& (== net472) (< net45)) (== netstandard2.0)
      System.Globalization (>= 4.3) - restriction: || (&& (== net40) (== net461)) (&& (== net40) (== net472)) (&& (== net40) (>= netstandard1.3)) (&& (== net461) (< net45)) (&& (== net472) (< net45)) (== netstandard2.0)
      System.IO (>= 4.3) - restriction: || (&& (== net40) (== net461)) (&& (== net40) (== net472)) (&& (== net40) (>= netstandard1.0)) (&& (== net40) (>= netstandard1.3)) (&& (== net461) (< net45)) (&& (== net472) (< net45)) (== netstandard2.0)
      System.Reflection (>= 4.3) - restriction: || (&& (== net40) (== net461)) (&& (== net40) (== net472)) (&& (== net40) (>= netstandard1.3)) (&& (== net461) (< net45)) (&& (== net472) (< net45)) (== netstandard2.0)
      System.Resources.ResourceManager (>= 4.3) - restriction: || (&& (== net40) (== net461)) (&& (== net40) (== net472)) (&& (== net40) (>= netstandard1.3)) (&& (== net461) (< net45)) (&& (== net472) (< net45)) (== netstandard2.0)
      System.Runtime (>= 4.3) - restriction: || (&& (== net40) (== net461)) (&& (== net40) (== net472)) (&& (== net40) (>= netstandard1.0)) (&& (== net40) (>= netstandard1.3)) (&& (== net461) (< net45)) (&& (== net472) (< net45)) (== netstandard2.0)
      System.Runtime.Extensions (>= 4.3) - restriction: || (&& (== net40) (== net461)) (&& (== net40) (== net472)) (&& (== net40) (>= netstandard1.3)) (&& (== net461) (< net45)) (&& (== net472) (< net45)) (== netstandard2.0)
      System.Text.Encoding (>= 4.3) - restriction: || (&& (== net40) (== net461)) (&& (== net40) (== net472)) (&& (== net40) (>= netstandard1.3)) (&& (== net461) (< net45)) (&& (== net472) (< net45)) (== netstandard2.0)
      System.Threading (>= 4.3) - restriction: || (&& (== net40) (== net461)) (&& (== net40) (== net472)) (&& (== net40) (>= netstandard1.3)) (&& (== net461) (< net45)) (&& (== net472) (< net45)) (== netstandard2.0)
      System.Xml.ReaderWriter (>= 4.3) - restriction: || (&& (== net40) (== net461)) (&& (== net40) (== net472)) (&& (== net40) (>= netstandard1.0)) (&& (== net40) (>= netstandard1.3)) (&& (== net461) (< net45)) (&& (== net472) (< net45)) (== netstandard2.0)
    Topshelf (3.1.4)
    Unofficial.Microsoft.mshtml (7.0.3300)
    VSLangProj (7.0.3301)
      EnvDTE (>= 8.0.2)
    VSLangProj100 (10.0.30320)
    VSLangProj110 (11.0.61031)
      VSLangProj80 (>= 8.0.50728)
      VSLangProj90 (>= 9.0.30730)
    VSLangProj140 (14.0.25030)
      VSLangProj80 (>= 8.0.50728)
    VSLangProj150 (15.0.26229)
    VSLangProj157 (15.7)
    VSLangProj158 (15.8)
    VSLangProj2 (7.0.5001)
      VSLangProj (>= 7.0.3301)
    VSLangProj80 (8.0.50728)
      VSLangProj2 (>= 7.0.5001)
    VSLangProj90 (9.0.30730)
    WindowsBase (4.6.1055)
    Xpand.Collections (1.0.1)
    Xpand.Patcher (1.0.1)
  remote: "C:\Program Files (x86)\DevExpress 19.2\Components\System\Components\Packages"
    DevExpress.Charts (19.2.3) - restriction: || (&& (== net40) (>= net452)) (&& (== net40) (>= netstandard2.0)) (== net461) (== net472) (== netstandard2.0)
      DevExpress.Charts.Core (19.2.3) - restriction: || (&& (== net40) (>= net452)) (&& (== net40) (>= netstandard2.0)) (== net461) (== net472) (== netstandard2.0)
      DevExpress.Data (19.2.3) - restriction: || (&& (== net40) (>= net452)) (&& (== net40) (>= netstandard2.0)) (== net461) (== net472) (== netstandard2.0)
      DevExpress.Printing.Core (19.2.3) - restriction: || (&& (== net40) (>= net452)) (&& (== net40) (>= netstandard2.0)) (== net461) (== net472) (== netstandard2.0)
      NETStandard.Library (>= 2.0.3) - restriction: || (&& (== net40) (== net472)) (&& (== net40) (>= netstandard2.0)) (&& (== net461) (< net452) (>= netstandard2.0)) (&& (== net472) (< net452)) (== netstandard2.0)
      System.Drawing.Common (>= 4.5) - restriction: || (&& (== net40) (== net472)) (&& (== net40) (>= netstandard2.0)) (&& (== net461) (< net452) (>= netstandard2.0)) (&& (== net472) (< net452)) (== netstandard2.0)
    DevExpress.Charts.Core (19.2.3) - restriction: || (&& (== net40) (>= net452)) (&& (== net40) (>= netstandard2.0)) (== net461) (== net472) (== netstandard2.0)
      DevExpress.Data (19.2.3) - restriction: || (&& (== net40) (>= net452)) (&& (== net40) (>= netstandard2.0)) (== net461) (== net472) (== netstandard2.0)
      NETStandard.Library (>= 2.0.3) - restriction: || (&& (== net40) (== net472)) (&& (== net40) (>= netstandard2.0)) (&& (== net461) (< net452) (>= netstandard2.0)) (&& (== net472) (< net452)) (== netstandard2.0)
    DevExpress.CodeParser (19.2.3) - restriction: || (&& (== net40) (>= net452)) (== net461) (== net472) (&& (== netstandard2.0) (>= net452))
      DevExpress.Data (19.2.3) - restriction: || (&& (== net40) (>= net452)) (&& (== net40) (>= netstandard2.0)) (== net461) (== net472) (== netstandard2.0)
    DevExpress.Dashboard.Core (19.2.3) - restriction: || (&& (== net40) (>= net452)) (== net461) (== net472) (&& (== netstandard2.0) (>= net452))
      DevExpress.Charts (19.2.3) - restriction: || (&& (== net40) (>= net452)) (&& (== net40) (>= netstandard2.0)) (== net461) (== net472) (== netstandard2.0)
      DevExpress.Charts.Core (19.2.3) - restriction: || (&& (== net40) (>= net452)) (&& (== net40) (>= netstandard2.0)) (== net461) (== net472) (== netstandard2.0)
      DevExpress.Data (19.2.3) - restriction: || (&& (== net40) (>= net452)) (&& (== net40) (>= netstandard2.0)) (== net461) (== net472) (== netstandard2.0)
      DevExpress.DataAccess (19.2.3) - restriction: || (&& (== net40) (>= net452)) (&& (== net40) (>= netstandard2.0)) (== net461) (== net472) (== netstandard2.0)
      DevExpress.Gauges.Core (19.2.3) - restriction: || (&& (== net40) (>= net452)) (&& (== net40) (>= netstandard2.0)) (== net461) (== net472) (== netstandard2.0)
      DevExpress.Map.Core (19.2.3) - restriction: || (&& (== net40) (>= net452)) (&& (== net40) (>= netstandard2.0)) (== net461) (== net472) (== netstandard2.0)
      DevExpress.Office.Core (19.2.3) - restriction: || (&& (== net40) (>= net452)) (&& (== net40) (>= netstandard2.0)) (== net461) (== net472) (== netstandard2.0)
      DevExpress.PivotGrid.Core (19.2.3) - restriction: || (&& (== net40) (>= net452)) (&& (== net40) (>= netstandard2.0)) (== net461) (== net472) (== netstandard2.0)
      DevExpress.Printing.Core (19.2.3) - restriction: || (&& (== net40) (>= net452)) (&& (== net40) (>= netstandard2.0)) (== net461) (== net472) (== netstandard2.0)
      DevExpress.Reporting.Core (19.2.3) - restriction: || (&& (== net40) (>= net452)) (&& (== net40) (>= netstandard2.0)) (== net461) (== net472) (== netstandard2.0)
      DevExpress.RichEdit.Core (19.2.3) - restriction: || (&& (== net40) (>= net452)) (&& (== net40) (>= netstandard2.0)) (== net461) (== net472) (== netstandard2.0)
      DevExpress.Sparkline.Core (19.2.3) - restriction: || (&& (== net40) (>= net452)) (&& (== net40) (>= netstandard2.0)) (== net461) (== net472) (== netstandard2.0)
      DevExpress.TreeMap.Core (19.2.3) - restriction: || (&& (== net40) (>= net452)) (&& (== net40) (>= netstandard2.0)) (== net461) (== net472) (== netstandard2.0)
      DevExpress.Utils (19.2.3) - restriction: || (&& (== net40) (>= net452)) (== net461) (== net472) (&& (== netstandard2.0) (>= net452))
      DevExpress.Win.Gauges (19.2.3) - restriction: || (&& (== net40) (>= net452)) (== net461) (== net472) (&& (== netstandard2.0) (>= net452))
      DevExpress.Win.Map (19.2.3) - restriction: || (&& (== net40) (>= net452)) (== net461) (== net472) (&& (== netstandard2.0) (>= net452))
      DevExpress.Win.TreeMap (19.2.3) - restriction: || (&& (== net40) (>= net452)) (== net461) (== net472) (&& (== netstandard2.0) (>= net452))
      DevExpress.Xpo (19.2.3) - restriction: || (&& (== net40) (>= net452)) (&& (== net40) (>= netstandard2.0)) (== net461) (== net472) (== netstandard2.0)
    DevExpress.DataAccess (19.2.3) - restriction: || (&& (== net40) (>= net452)) (&& (== net40) (>= netstandard2.0)) (== net461) (== net472) (== netstandard2.0)
      DevExpress.CodeParser (19.2.3) - restriction: || (&& (== net40) (>= net452)) (&& (== net40) (>= netstandard2.0)) (== net461) (== net472) (== netstandard2.0)
      DevExpress.Data (19.2.3) - restriction: || (&& (== net40) (>= net452)) (&& (== net40) (>= netstandard2.0)) (== net461) (== net472) (== netstandard2.0)
      DevExpress.Office.Core (19.2.3) - restriction: || (&& (== net40) (>= net452)) (== net461) (== net472) (&& (== netstandard2.0) (>= net452))
      DevExpress.Printing.Core (19.2.3) - restriction: || (&& (== net40) (>= net452)) (&& (== net40) (>= netstandard2.0)) (== net461) (== net472) (== netstandard2.0)
      DevExpress.RichEdit.Core (19.2.3) - restriction: || (&& (== net40) (>= net452)) (== net461) (== net472) (&& (== netstandard2.0) (>= net452))
      DevExpress.Xpo (19.2.3) - restriction: || (&& (== net40) (>= net452)) (&& (== net40) (>= netstandard2.0)) (== net461) (== net472) (== netstandard2.0)
    DevExpress.DataAccess.UI (19.2.3) - restriction: || (&& (== net40) (>= net452)) (== net461) (== net472) (&& (== netstandard2.0) (>= net452))
      DevExpress.CodeParser (19.2.3) - restriction: || (&& (== net40) (>= net452)) (== net461) (== net472) (&& (== netstandard2.0) (>= net452))
      DevExpress.Data (19.2.3) - restriction: || (&& (== net40) (>= net452)) (== net461) (== net472) (&& (== netstandard2.0) (>= net452))
      DevExpress.DataAccess (19.2.3) - restriction: || (&& (== net40) (>= net452)) (== net461) (== net472) (&& (== netstandard2.0) (>= net452))
      DevExpress.Diagram.Core (19.2.3) - restriction: || (&& (== net40) (>= net452)) (== net461) (== net472) (&& (== netstandard2.0) (>= net452))
      DevExpress.Printing.Core (19.2.3) - restriction: || (&& (== net40) (>= net452)) (== net461) (== net472) (&& (== netstandard2.0) (>= net452))
      DevExpress.RichEdit.Core (19.2.3) - restriction: || (&& (== net40) (>= net452)) (== net461) (== net472) (&& (== netstandard2.0) (>= net452))
      DevExpress.Utils (19.2.3) - restriction: || (&& (== net40) (>= net452)) (== net461) (== net472) (&& (== netstandard2.0) (>= net452))
      DevExpress.Utils.UI (19.2.3) - restriction: || (&& (== net40) (>= net452)) (== net461) (== net472) (&& (== netstandard2.0) (>= net452))
      DevExpress.Win.Diagram (19.2.3) - restriction: || (&& (== net40) (>= net452)) (== net461) (== net472) (&& (== netstandard2.0) (>= net452))
      DevExpress.Win.Grid (19.2.3) - restriction: || (&& (== net40) (>= net452)) (== net461) (== net472) (&& (== netstandard2.0) (>= net452))
      DevExpress.Win.Navigation (19.2.3) - restriction: || (&& (== net40) (>= net452)) (== net461) (== net472) (&& (== netstandard2.0) (>= net452))
      DevExpress.Win.Printing (19.2.3) - restriction: || (&& (== net40) (>= net452)) (== net461) (== net472) (&& (== netstandard2.0) (>= net452))
      DevExpress.Win.RichEdit (19.2.3) - restriction: || (&& (== net40) (>= net452)) (== net461) (== net472) (&& (== netstandard2.0) (>= net452))
      DevExpress.Win.TreeList (19.2.3) - restriction: || (&& (== net40) (>= net452)) (== net461) (== net472) (&& (== netstandard2.0) (>= net452))
      DevExpress.Xpo (19.2.3) - restriction: || (&& (== net40) (>= net452)) (== net461) (== net472) (&& (== netstandard2.0) (>= net452))
    DevExpress.Diagram.Core (19.2.3) - restriction: || (&& (== net40) (>= net452)) (== net461) (== net472) (&& (== netstandard2.0) (>= net452))
      DevExpress.Data (19.2.3) - restriction: || (&& (== net40) (>= net452)) (== net461) (== net472) (&& (== netstandard2.0) (>= net452))
      DevExpress.Printing.Core (19.2.3) - restriction: || (&& (== net40) (>= net452)) (== net461) (== net472) (&& (== netstandard2.0) (>= net452))
    DevExpress.Document.Processor (19.2.3)
      DevExpress.Charts (19.2.3) - restriction: || (&& (== net40) (>= net452)) (&& (== net40) (>= netstandard2.0)) (== net461) (== net472) (== netstandard2.0)
      DevExpress.Charts.Core (19.2.3) - restriction: || (&& (== net40) (>= net452)) (&& (== net40) (>= netstandard2.0)) (== net461) (== net472) (== netstandard2.0)
      DevExpress.Data (19.2.3) - restriction: || (&& (== net40) (>= net452)) (&& (== net40) (>= netstandard2.0)) (== net461) (== net472) (== netstandard2.0)
      DevExpress.DataAccess (19.2.3) - restriction: || (&& (== net40) (>= net452)) (== net461) (== net472) (&& (== netstandard2.0) (>= net452))
      DevExpress.Office.Core (19.2.3) - restriction: || (&& (== net40) (>= net452)) (&& (== net40) (>= netstandard2.0)) (== net461) (== net472) (== netstandard2.0)
      DevExpress.Pdf.Core (19.2.3) - restriction: || (&& (== net40) (>= net452)) (&& (== net40) (>= netstandard2.0)) (== net461) (== net472) (== netstandard2.0)
      DevExpress.Pdf.Drawing (19.2.3) - restriction: || (&& (== net40) (>= net452)) (&& (== net40) (>= netstandard2.0)) (== net461) (== net472) (== netstandard2.0)
      DevExpress.Printing.Core (19.2.3) - restriction: || (&& (== net40) (>= net452)) (&& (== net40) (>= netstandard2.0)) (== net461) (== net472) (== netstandard2.0)
      DevExpress.RichEdit.Core (19.2.3) - restriction: || (&& (== net40) (>= net452)) (&& (== net40) (>= netstandard2.0)) (== net461) (== net472) (== netstandard2.0)
      DevExpress.Snap.Core (19.2.3) - restriction: || (&& (== net40) (>= net452)) (== net461) (== net472) (&& (== netstandard2.0) (>= net452))
      DevExpress.Spreadsheet.Core (19.2.3) - restriction: || (&& (== net40) (>= net452)) (&& (== net40) (>= netstandard2.0)) (== net461) (== net472) (== netstandard2.0)
      NETStandard.Library (>= 2.0.3) - restriction: || (&& (== net40) (== net472)) (&& (== net40) (>= netstandard2.0)) (&& (== net461) (< net452) (>= netstandard2.0)) (&& (== net472) (< net452)) (== netstandard2.0)
      System.Drawing.Common (>= 4.5) - restriction: || (&& (== net40) (== net472)) (&& (== net40) (>= netstandard2.0)) (&& (== net461) (< net452) (>= netstandard2.0)) (&& (== net472) (< net452)) (== netstandard2.0)
    DevExpress.EasyTest (19.2.3)
    DevExpress.ExpressApp (19.2.3) - restriction: || (&& (== net40) (>= net452)) (&& (== net40) (>= netstandard2.0)) (== net461) (== net472) (== netstandard2.0)
      DevExpress.Data (19.2.3) - restriction: || (&& (== net40) (>= net452)) (&& (== net40) (>= netstandard2.0)) (== net461) (== net472) (== netstandard2.0)
      DevExpress.Images (19.2.3) - restriction: || (&& (== net40) (>= net452)) (&& (== net40) (>= netstandard2.0)) (== net461) (== net472) (== netstandard2.0)
      DevExpress.Printing.Core (19.2.3) - restriction: || (&& (== net40) (>= net452)) (&& (== net40) (>= netstandard2.0)) (== net461) (== net472) (== netstandard2.0)
      DevExpress.Utils (19.2.3) - restriction: || (&& (== net40) (>= net452)) (== net461) (== net472) (&& (== netstandard2.0) (>= net452))
      Microsoft.CodeAnalysis.CSharp (>= 2.8) - restriction: || (&& (== net40) (== net472)) (&& (== net40) (>= netstandard2.0)) (&& (== net461) (< net452) (>= netstandard2.0)) (&& (== net472) (< net452)) (== netstandard2.0)
      Microsoft.Win32.Registry (>= 4.5) - restriction: || (&& (== net40) (== net472)) (&& (== net40) (>= netstandard2.0)) (&& (== net461) (< net452) (>= netstandard2.0)) (&& (== net472) (< net452)) (== netstandard2.0)
      NETStandard.Library (>= 2.0.3) - restriction: || (&& (== net40) (== net472)) (&& (== net40) (>= netstandard2.0)) (&& (== net461) (< net452) (>= netstandard2.0)) (&& (== net472) (< net452)) (== netstandard2.0)
      System.Configuration.ConfigurationManager (>= 4.5) - restriction: || (&& (== net40) (== net472)) (&& (== net40) (>= netstandard2.0)) (&& (== net461) (< net452) (>= netstandard2.0)) (&& (== net472) (< net452)) (== netstandard2.0)
      System.Diagnostics.EventLog (>= 4.5) - restriction: || (&& (== net40) (== net472)) (&& (== net40) (>= netstandard2.0)) (&& (== net461) (< net452) (>= netstandard2.0)) (&& (== net472) (< net452)) (== netstandard2.0)
      System.Drawing.Common (>= 4.5) - restriction: || (&& (== net40) (== net472)) (&& (== net40) (>= netstandard2.0)) (&& (== net461) (< net452) (>= netstandard2.0)) (&& (== net472) (< net452)) (== netstandard2.0)
      System.Reflection.Emit (>= 4.3) - restriction: || (&& (== net40) (== net472)) (&& (== net40) (>= netstandard2.0)) (&& (== net461) (< net452) (>= netstandard2.0)) (&& (== net472) (< net452)) (== netstandard2.0)
      System.Reflection.Emit.Lightweight (>= 4.3) - restriction: || (&& (== net40) (== net472)) (&& (== net40) (>= netstandard2.0)) (&& (== net461) (< net452) (>= netstandard2.0)) (&& (== net472) (< net452)) (== netstandard2.0)
      System.ServiceModel.Primitives (>= 4.5.3) - restriction: || (&& (== net40) (== net472)) (&& (== net40) (>= netstandard2.0)) (&& (== net461) (< net452) (>= netstandard2.0)) (&& (== net472) (< net452)) (== netstandard2.0)
    DevExpress.ExpressApp.AuditTrail (19.2.3)
      DevExpress.Data (19.2.3) - restriction: || (&& (== net40) (>= net452)) (&& (== net40) (>= netstandard2.0)) (== net461) (== net472) (== netstandard2.0)
      DevExpress.ExpressApp (19.2.3) - restriction: || (&& (== net40) (>= net452)) (&& (== net40) (>= netstandard2.0)) (== net461) (== net472) (== netstandard2.0)
      DevExpress.ExpressApp.Xpo (19.2.3) - restriction: || (&& (== net40) (>= net452)) (&& (== net40) (>= netstandard2.0)) (== net461) (== net472) (== netstandard2.0)
      DevExpress.Persistent.BaseImpl (19.2.3) - restriction: || (&& (== net40) (>= net452)) (&& (== net40) (>= netstandard2.0)) (== net461) (== net472) (== netstandard2.0)
      DevExpress.Xpo (19.2.3) - restriction: || (&& (== net40) (>= net452)) (&& (== net40) (>= netstandard2.0)) (== net461) (== net472) (== netstandard2.0)
      NETStandard.Library (>= 2.0.3) - restriction: || (&& (== net40) (== net472)) (&& (== net40) (>= netstandard2.0)) (&& (== net461) (< net452) (>= netstandard2.0)) (&& (== net472) (< net452)) (== netstandard2.0)
      System.Drawing.Common (>= 4.5) - restriction: || (&& (== net40) (== net472)) (&& (== net40) (>= netstandard2.0)) (&& (== net461) (< net452) (>= netstandard2.0)) (&& (== net472) (< net452)) (== netstandard2.0)
    DevExpress.ExpressApp.Chart (19.2.3) - restriction: || (&& (== net40) (>= net452)) (&& (== net40) (>= netstandard2.0)) (== net461) (== net472) (== netstandard2.0)
      DevExpress.Charts (19.2.3) - restriction: || (&& (== net40) (>= net452)) (== net461) (== net472) (&& (== netstandard2.0) (>= net452))
      DevExpress.Data (19.2.3) - restriction: || (&& (== net40) (>= net452)) (== net461) (== net472) (&& (== netstandard2.0) (>= net452))
      DevExpress.ExpressApp (19.2.3) - restriction: || (&& (== net40) (>= net452)) (== net461) (== net472) (&& (== netstandard2.0) (>= net452))
      DevExpress.Persistent.Base (19.2.3) - restriction: || (&& (== net40) (>= net452)) (== net461) (== net472) (&& (== netstandard2.0) (>= net452))
    DevExpress.ExpressApp.Chart.Web (19.2.3) - restriction: || (&& (== net40) (>= net452)) (== net461) (== net472) (&& (== netstandard2.0) (>= net452))
      DevExpress.Charts (19.2.3) - restriction: || (&& (== net40) (>= net452)) (== net461) (== net472) (&& (== netstandard2.0) (>= net452))
      DevExpress.Data (19.2.3) - restriction: || (&& (== net40) (>= net452)) (== net461) (== net472) (&& (== netstandard2.0) (>= net452))
      DevExpress.ExpressApp (19.2.3) - restriction: || (&& (== net40) (>= net452)) (== net461) (== net472) (&& (== netstandard2.0) (>= net452))
      DevExpress.ExpressApp.Chart (19.2.3) - restriction: || (&& (== net40) (>= net452)) (== net461) (== net472) (&& (== netstandard2.0) (>= net452))
      DevExpress.ExpressApp.Web (19.2.3) - restriction: || (&& (== net40) (>= net452)) (== net461) (== net472) (&& (== netstandard2.0) (>= net452))
      DevExpress.Persistent.Base (19.2.3) - restriction: || (&& (== net40) (>= net452)) (== net461) (== net472) (&& (== netstandard2.0) (>= net452))
      DevExpress.Web (19.2.3) - restriction: || (&& (== net40) (>= net452)) (== net461) (== net472) (&& (== netstandard2.0) (>= net452))
      DevExpress.Web.Visualization (19.2.3) - restriction: || (&& (== net40) (>= net452)) (== net461) (== net472) (&& (== netstandard2.0) (>= net452))
    DevExpress.ExpressApp.Chart.Win (19.2.3) - restriction: || (&& (== net40) (>= net452)) (== net461) (== net472) (&& (== netstandard2.0) (>= net452))
      DevExpress.Charts (19.2.3) - restriction: || (&& (== net40) (>= net452)) (== net461) (== net472) (&& (== netstandard2.0) (>= net452))
      DevExpress.Data (19.2.3) - restriction: || (&& (== net40) (>= net452)) (== net461) (== net472) (&& (== netstandard2.0) (>= net452))
      DevExpress.ExpressApp (19.2.3) - restriction: || (&& (== net40) (>= net452)) (== net461) (== net472) (&& (== netstandard2.0) (>= net452))
      DevExpress.ExpressApp.Chart (19.2.3) - restriction: || (&& (== net40) (>= net452)) (== net461) (== net472) (&& (== netstandard2.0) (>= net452))
      DevExpress.ExpressApp.Win (19.2.3) - restriction: || (&& (== net40) (>= net452)) (== net461) (== net472) (&& (== netstandard2.0) (>= net452))
      DevExpress.Persistent.Base (19.2.3) - restriction: || (&& (== net40) (>= net452)) (== net461) (== net472) (&& (== netstandard2.0) (>= net452))
      DevExpress.Printing.Core (19.2.3) - restriction: || (&& (== net40) (>= net452)) (== net461) (== net472) (&& (== netstandard2.0) (>= net452))
      DevExpress.Utils (19.2.3) - restriction: || (&& (== net40) (>= net452)) (== net461) (== net472) (&& (== netstandard2.0) (>= net452))
      DevExpress.Win.Charts (19.2.3) - restriction: || (&& (== net40) (>= net452)) (== net461) (== net472) (&& (== netstandard2.0) (>= net452))
      DevExpress.Win.Navigation (19.2.3) - restriction: || (&& (== net40) (>= net452)) (== net461) (== net472) (&& (== netstandard2.0) (>= net452))
    DevExpress.ExpressApp.CloneObject (19.2.3) - restriction: || (&& (== net40) (>= net452)) (&& (== net40) (>= netstandard2.0)) (== net461) (== net472) (== netstandard2.0)
      DevExpress.Data (19.2.3) - restriction: || (&& (== net40) (>= net452)) (&& (== net40) (>= netstandard2.0)) (== net461) (== net472) (== netstandard2.0)
      DevExpress.ExpressApp (19.2.3) - restriction: || (&& (== net40) (>= net452)) (&& (== net40) (>= netstandard2.0)) (== net461) (== net472) (== netstandard2.0)
      DevExpress.Persistent.Base (19.2.3) - restriction: || (&& (== net40) (>= net452)) (&& (== net40) (>= netstandard2.0)) (== net461) (== net472) (== netstandard2.0)
      NETStandard.Library (>= 2.0.3) - restriction: || (&& (== net40) (== net472)) (&& (== net40) (>= netstandard2.0)) (&& (== net461) (< net452) (>= netstandard2.0)) (&& (== net472) (< net452)) (== netstandard2.0)
      System.Drawing.Common (>= 4.5) - restriction: || (&& (== net40) (== net472)) (&& (== net40) (>= netstandard2.0)) (&& (== net461) (< net452) (>= netstandard2.0)) (&& (== net472) (< net452)) (== netstandard2.0)
    DevExpress.ExpressApp.ConditionalAppearance (19.2.3) - restriction: || (&& (== net40) (>= net452)) (&& (== net40) (>= netstandard2.0)) (== net461) (== net472) (== netstandard2.0)
      DevExpress.Data (19.2.3) - restriction: || (&& (== net40) (>= net452)) (&& (== net40) (>= netstandard2.0)) (== net461) (== net472) (== netstandard2.0)
      DevExpress.ExpressApp (19.2.3) - restriction: || (&& (== net40) (>= net452)) (&& (== net40) (>= netstandard2.0)) (== net461) (== net472) (== netstandard2.0)
      DevExpress.Persistent.Base (19.2.3) - restriction: || (&& (== net40) (>= net452)) (&& (== net40) (>= netstandard2.0)) (== net461) (== net472) (== netstandard2.0)
      NETStandard.Library (>= 2.0.3) - restriction: || (&& (== net40) (== net472)) (&& (== net40) (>= netstandard2.0)) (&& (== net461) (< net452) (>= netstandard2.0)) (&& (== net472) (< net452)) (== netstandard2.0)
      System.Drawing.Common (>= 4.5) - restriction: || (&& (== net40) (== net472)) (&& (== net40) (>= netstandard2.0)) (&& (== net461) (< net452) (>= netstandard2.0)) (&& (== net472) (< net452)) (== netstandard2.0)
    DevExpress.ExpressApp.Core.All (19.2.3)
      DevExpress.EasyTest (19.2.3) - restriction: || (&& (== net40) (>= net452)) (&& (== net40) (>= netstandard2.0)) (== net461) (== net472) (== netstandard2.0)
      DevExpress.ExpressApp.AuditTrail (19.2.3) - restriction: || (&& (== net40) (>= net452)) (&& (== net40) (>= netstandard2.0)) (== net461) (== net472) (== netstandard2.0)
      DevExpress.ExpressApp.Chart (19.2.3) - restriction: || (&& (== net40) (>= net452)) (&& (== net40) (>= netstandard2.0)) (== net461) (== net472) (== netstandard2.0)
      DevExpress.ExpressApp.CloneObject (19.2.3) - restriction: || (&& (== net40) (>= net452)) (&& (== net40) (>= netstandard2.0)) (== net461) (== net472) (== netstandard2.0)
      DevExpress.ExpressApp.ConditionalAppearance (19.2.3) - restriction: || (&& (== net40) (>= net452)) (&& (== net40) (>= netstandard2.0)) (== net461) (== net472) (== netstandard2.0)
      DevExpress.ExpressApp.Dashboards (19.2.3) - restriction: || (&& (== net40) (>= net452)) (&& (== net40) (>= netstandard2.0)) (== net461) (== net472) (== netstandard2.0)
      DevExpress.ExpressApp.Images (19.2.3) - restriction: || (&& (== net40) (>= net452)) (&& (== net40) (>= netstandard2.0)) (== net461) (== net472) (== netstandard2.0)
      DevExpress.ExpressApp.Kpi (19.2.3) - restriction: || (&& (== net40) (>= net452)) (&& (== net40) (>= netstandard2.0)) (== net461) (== net472) (== netstandard2.0)
      DevExpress.ExpressApp.Notifications (19.2.3) - restriction: || (&& (== net40) (>= net452)) (&& (== net40) (>= netstandard2.0)) (== net461) (== net472) (== netstandard2.0)
      DevExpress.ExpressApp.Objects (19.2.3) - restriction: || (&& (== net40) (>= net452)) (&& (== net40) (>= netstandard2.0)) (== net461) (== net472) (== netstandard2.0)
      DevExpress.ExpressApp.Office (19.2.3) - restriction: || (&& (== net40) (>= net452)) (&& (== net40) (>= netstandard2.0)) (== net461) (== net472) (== netstandard2.0)
      DevExpress.ExpressApp.PivotChart (19.2.3) - restriction: || (&& (== net40) (>= net452)) (&& (== net40) (>= netstandard2.0)) (== net461) (== net472) (== netstandard2.0)
      DevExpress.ExpressApp.PivotGrid (19.2.3) - restriction: || (&& (== net40) (>= net452)) (&& (== net40) (>= netstandard2.0)) (== net461) (== net472) (== netstandard2.0)
      DevExpress.ExpressApp.ReportsV2 (19.2.3) - restriction: || (&& (== net40) (>= net452)) (&& (== net40) (>= netstandard2.0)) (== net461) (== net472) (== netstandard2.0)
      DevExpress.ExpressApp.Scheduler (19.2.3) - restriction: || (&& (== net40) (>= net452)) (&& (== net40) (>= netstandard2.0)) (== net461) (== net472) (== netstandard2.0)
      DevExpress.ExpressApp.ScriptRecorder (19.2.3) - restriction: || (&& (== net40) (>= net452)) (&& (== net40) (>= netstandard2.0)) (== net461) (== net472) (== netstandard2.0)
      DevExpress.ExpressApp.Security (19.2.3) - restriction: || (&& (== net40) (>= net452)) (&& (== net40) (>= netstandard2.0)) (== net461) (== net472) (== netstandard2.0)
      DevExpress.ExpressApp.StateMachine (19.2.3) - restriction: || (&& (== net40) (>= net452)) (&& (== net40) (>= netstandard2.0)) (== net461) (== net472) (== netstandard2.0)
      DevExpress.ExpressApp.TreeListEditors (19.2.3) - restriction: || (&& (== net40) (>= net452)) (&& (== net40) (>= netstandard2.0)) (== net461) (== net472) (== netstandard2.0)
      DevExpress.ExpressApp.Validation (19.2.3) - restriction: || (&& (== net40) (>= net452)) (&& (== net40) (>= netstandard2.0)) (== net461) (== net472) (== netstandard2.0)
      DevExpress.ExpressApp.ViewVariantsModule (19.2.3) - restriction: || (&& (== net40) (>= net452)) (&& (== net40) (>= netstandard2.0)) (== net461) (== net472) (== netstandard2.0)
      DevExpress.ExpressApp.Workflow (19.2.3) - restriction: || (&& (== net40) (>= net452)) (&& (== net40) (>= netstandard2.0)) (== net461) (== net472) (== netstandard2.0)
      DevExpress.Persistent.Base (19.2.3) - restriction: || (&& (== net40) (>= net452)) (&& (== net40) (>= netstandard2.0)) (== net461) (== net472) (== netstandard2.0)
    DevExpress.ExpressApp.Dashboards (19.2.3) - restriction: || (&& (== net40) (>= net452)) (&& (== net40) (>= netstandard2.0)) (== net461) (== net472) (== netstandard2.0)
      DevExpress.Dashboard.Core (19.2.3) - restriction: || (&& (== net40) (>= net452)) (== net461) (== net472) (&& (== netstandard2.0) (>= net452))
      DevExpress.Data (19.2.3) - restriction: || (&& (== net40) (>= net452)) (== net461) (== net472) (&& (== netstandard2.0) (>= net452))
      DevExpress.DataAccess (19.2.3) - restriction: || (&& (== net40) (>= net452)) (== net461) (== net472) (&& (== netstandard2.0) (>= net452))
      DevExpress.ExpressApp (19.2.3) - restriction: || (&& (== net40) (>= net452)) (== net461) (== net472) (&& (== netstandard2.0) (>= net452))
      DevExpress.Persistent.Base (19.2.3) - restriction: || (&& (== net40) (>= net452)) (== net461) (== net472) (&& (== netstandard2.0) (>= net452))
      DevExpress.Utils (19.2.3) - restriction: || (&& (== net40) (>= net452)) (== net461) (== net472) (&& (== netstandard2.0) (>= net452))
    DevExpress.ExpressApp.Dashboards.Web (19.2.3) - restriction: || (&& (== net40) (>= net452)) (== net461) (== net472) (&& (== netstandard2.0) (>= net452))
      DevExpress.Dashboard.Core (19.2.3) - restriction: || (&& (== net40) (>= net452)) (== net461) (== net472) (&& (== netstandard2.0) (>= net452))
      DevExpress.Data (19.2.3) - restriction: || (&& (== net40) (>= net452)) (== net461) (== net472) (&& (== netstandard2.0) (>= net452))
      DevExpress.DataAccess (19.2.3) - restriction: || (&& (== net40) (>= net452)) (== net461) (== net472) (&& (== netstandard2.0) (>= net452))
      DevExpress.ExpressApp (19.2.3) - restriction: || (&& (== net40) (>= net452)) (== net461) (== net472) (&& (== netstandard2.0) (>= net452))
      DevExpress.ExpressApp.Dashboards (19.2.3) - restriction: || (&& (== net40) (>= net452)) (== net461) (== net472) (&& (== netstandard2.0) (>= net452))
      DevExpress.ExpressApp.Web (19.2.3) - restriction: || (&& (== net40) (>= net452)) (== net461) (== net472) (&& (== netstandard2.0) (>= net452))
      DevExpress.Persistent.Base (19.2.3) - restriction: || (&& (== net40) (>= net452)) (== net461) (== net472) (&& (== netstandard2.0) (>= net452))
      DevExpress.Web (19.2.3) - restriction: || (&& (== net40) (>= net452)) (== net461) (== net472) (&& (== netstandard2.0) (>= net452))
      DevExpress.Web.Dashboard (19.2.3) - restriction: || (&& (== net40) (>= net452)) (== net461) (== net472) (&& (== netstandard2.0) (>= net452))
      DevExpress.Web.Dashboard.Common (19.2.3) - restriction: || (&& (== net40) (>= net452)) (== net461) (== net472) (&& (== netstandard2.0) (>= net452))
    DevExpress.ExpressApp.Dashboards.Win (19.2.3) - restriction: || (&& (== net40) (>= net452)) (== net461) (== net472) (&& (== netstandard2.0) (>= net452))
      DevExpress.Dashboard.Core (19.2.3) - restriction: || (&& (== net40) (>= net452)) (== net461) (== net472) (&& (== netstandard2.0) (>= net452))
      DevExpress.Data (19.2.3) - restriction: || (&& (== net40) (>= net452)) (== net461) (== net472) (&& (== netstandard2.0) (>= net452))
      DevExpress.DataAccess (19.2.3) - restriction: || (&& (== net40) (>= net452)) (== net461) (== net472) (&& (== netstandard2.0) (>= net452))
      DevExpress.DataAccess.UI (19.2.3) - restriction: || (&& (== net40) (>= net452)) (== net461) (== net472) (&& (== netstandard2.0) (>= net452))
      DevExpress.ExpressApp (19.2.3) - restriction: || (&& (== net40) (>= net452)) (== net461) (== net472) (&& (== netstandard2.0) (>= net452))
      DevExpress.ExpressApp.Dashboards (19.2.3) - restriction: || (&& (== net40) (>= net452)) (== net461) (== net472) (&& (== netstandard2.0) (>= net452))
      DevExpress.ExpressApp.Win (19.2.3) - restriction: || (&& (== net40) (>= net452)) (== net461) (== net472) (&& (== netstandard2.0) (>= net452))
      DevExpress.Persistent.Base (19.2.3) - restriction: || (&& (== net40) (>= net452)) (== net461) (== net472) (&& (== netstandard2.0) (>= net452))
      DevExpress.Utils (19.2.3) - restriction: || (&& (== net40) (>= net452)) (== net461) (== net472) (&& (== netstandard2.0) (>= net452))
      DevExpress.Win.Dashboard (19.2.3) - restriction: || (&& (== net40) (>= net452)) (== net461) (== net472) (&& (== netstandard2.0) (>= net452))
      DevExpress.Win.Navigation (19.2.3) - restriction: || (&& (== net40) (>= net452)) (== net461) (== net472) (&& (== netstandard2.0) (>= net452))
    DevExpress.ExpressApp.EasyTest.WebAdapter (19.2.3)
      DevExpress.Data (19.2.3) - restriction: || (&& (== net40) (>= net452)) (== net461) (== net472) (&& (== netstandard2.0) (>= net452))
      DevExpress.EasyTest (19.2.3) - restriction: || (&& (== net40) (>= net452)) (== net461) (== net472) (&& (== netstandard2.0) (>= net452))
    DevExpress.ExpressApp.EasyTest.WinAdapter (19.2.3)
      DevExpress.Data (19.2.3) - restriction: || (&& (== net40) (>= net452)) (== net461) (== net472) (&& (== netstandard2.0) (>= net452))
      DevExpress.EasyTest (19.2.3) - restriction: || (&& (== net40) (>= net452)) (== net461) (== net472) (&& (== netstandard2.0) (>= net452))
      DevExpress.ExpressApp (19.2.3) - restriction: || (&& (== net40) (>= net452)) (== net461) (== net472) (&& (== netstandard2.0) (>= net452))
      DevExpress.ExpressApp.HtmlPropertyEditor.Win (19.2.3) - restriction: || (&& (== net40) (>= net452)) (== net461) (== net472) (&& (== netstandard2.0) (>= net452))
      DevExpress.ExpressApp.Office.Win (19.2.3) - restriction: || (&& (== net40) (>= net452)) (== net461) (== net472) (&& (== netstandard2.0) (>= net452))
      DevExpress.ExpressApp.PivotChart.Win (19.2.3) - restriction: || (&& (== net40) (>= net452)) (== net461) (== net472) (&& (== netstandard2.0) (>= net452))
      DevExpress.ExpressApp.Win (19.2.3) - restriction: || (&& (== net40) (>= net452)) (== net461) (== net472) (&& (== netstandard2.0) (>= net452))
      DevExpress.PivotGrid.Core (19.2.3) - restriction: || (&& (== net40) (>= net452)) (== net461) (== net472) (&& (== netstandard2.0) (>= net452))
      DevExpress.Scheduler.Core (19.2.3) - restriction: || (&& (== net40) (>= net452)) (== net461) (== net472) (&& (== netstandard2.0) (>= net452))
      DevExpress.Spreadsheet.Core (19.2.3) - restriction: || (&& (== net40) (>= net452)) (== net461) (== net472) (&& (== netstandard2.0) (>= net452))
      DevExpress.Utils (19.2.3) - restriction: || (&& (== net40) (>= net452)) (== net461) (== net472) (&& (== netstandard2.0) (>= net452))
      DevExpress.Win (19.2.3) - restriction: || (&& (== net40) (>= net452)) (== net461) (== net472) (&& (== netstandard2.0) (>= net452))
      DevExpress.Win.Grid (19.2.3) - restriction: || (&& (== net40) (>= net452)) (== net461) (== net472) (&& (== netstandard2.0) (>= net452))
      DevExpress.Win.Navigation (19.2.3) - restriction: || (&& (== net40) (>= net452)) (== net461) (== net472) (&& (== netstandard2.0) (>= net452))
      DevExpress.Win.PivotGrid (19.2.3) - restriction: || (&& (== net40) (>= net452)) (== net461) (== net472) (&& (== netstandard2.0) (>= net452))
      DevExpress.Win.RichEdit (19.2.3) - restriction: || (&& (== net40) (>= net452)) (== net461) (== net472) (&& (== netstandard2.0) (>= net452))
      DevExpress.Win.Scheduler (19.2.3) - restriction: || (&& (== net40) (>= net452)) (== net461) (== net472) (&& (== netstandard2.0) (>= net452))
      DevExpress.Win.Spreadsheet (19.2.3) - restriction: || (&& (== net40) (>= net452)) (== net461) (== net472) (&& (== netstandard2.0) (>= net452))
      DevExpress.Win.TreeList (19.2.3) - restriction: || (&& (== net40) (>= net452)) (== net461) (== net472) (&& (== netstandard2.0) (>= net452))
      DevExpress.Win.VerticalGrid (19.2.3) - restriction: || (&& (== net40) (>= net452)) (== net461) (== net472) (&& (== netstandard2.0) (>= net452))
    DevExpress.ExpressApp.FileAttachment.Web (19.2.3) - restriction: || (&& (== net40) (>= net452)) (== net461) (== net472) (&& (== netstandard2.0) (>= net452))
      DevExpress.Data (19.2.3) - restriction: || (&& (== net40) (>= net452)) (== net461) (== net472) (&& (== netstandard2.0) (>= net452))
      DevExpress.ExpressApp (19.2.3) - restriction: || (&& (== net40) (>= net452)) (== net461) (== net472) (&& (== netstandard2.0) (>= net452))
      DevExpress.ExpressApp.Web (19.2.3) - restriction: || (&& (== net40) (>= net452)) (== net461) (== net472) (&& (== netstandard2.0) (>= net452))
      DevExpress.Persistent.Base (19.2.3) - restriction: || (&& (== net40) (>= net452)) (== net461) (== net472) (&& (== netstandard2.0) (>= net452))
      DevExpress.Web (19.2.3) - restriction: || (&& (== net40) (>= net452)) (== net461) (== net472) (&& (== netstandard2.0) (>= net452))
    DevExpress.ExpressApp.FileAttachment.Win (19.2.3) - restriction: || (&& (== net40) (>= net452)) (== net461) (== net472) (&& (== netstandard2.0) (>= net452))
      DevExpress.Data (19.2.3) - restriction: || (&& (== net40) (>= net452)) (== net461) (== net472) (&& (== netstandard2.0) (>= net452))
      DevExpress.ExpressApp (19.2.3) - restriction: || (&& (== net40) (>= net452)) (== net461) (== net472) (&& (== netstandard2.0) (>= net452))
      DevExpress.ExpressApp.Win (19.2.3) - restriction: || (&& (== net40) (>= net452)) (== net461) (== net472) (&& (== netstandard2.0) (>= net452))
      DevExpress.Persistent.Base (19.2.3) - restriction: || (&& (== net40) (>= net452)) (== net461) (== net472) (&& (== netstandard2.0) (>= net452))
      DevExpress.Utils (19.2.3) - restriction: || (&& (== net40) (>= net452)) (== net461) (== net472) (&& (== netstandard2.0) (>= net452))
      DevExpress.Win.Navigation (19.2.3) - restriction: || (&& (== net40) (>= net452)) (== net461) (== net472) (&& (== netstandard2.0) (>= net452))
    DevExpress.ExpressApp.HtmlPropertyEditor.Web (19.2.3) - restriction: || (&& (== net40) (>= net452)) (== net461) (== net472) (&& (== netstandard2.0) (>= net452))
      DevExpress.Data (19.2.3) - restriction: || (&& (== net40) (>= net452)) (== net461) (== net472) (&& (== netstandard2.0) (>= net452))
      DevExpress.ExpressApp (19.2.3) - restriction: || (&& (== net40) (>= net452)) (== net461) (== net472) (&& (== netstandard2.0) (>= net452))
      DevExpress.ExpressApp.Web (19.2.3) - restriction: || (&& (== net40) (>= net452)) (== net461) (== net472) (&& (== netstandard2.0) (>= net452))
      DevExpress.Web (19.2.3) - restriction: || (&& (== net40) (>= net452)) (== net461) (== net472) (&& (== netstandard2.0) (>= net452))
    DevExpress.ExpressApp.HtmlPropertyEditor.Win (19.2.3) - restriction: || (&& (== net40) (>= net452)) (== net461) (== net472) (&& (== netstandard2.0) (>= net452))
      DevExpress.Data (19.2.3) - restriction: || (&& (== net40) (>= net452)) (== net461) (== net472) (&& (== netstandard2.0) (>= net452))
      DevExpress.ExpressApp (19.2.3) - restriction: || (&& (== net40) (>= net452)) (== net461) (== net472) (&& (== netstandard2.0) (>= net452))
      DevExpress.ExpressApp.Win (19.2.3) - restriction: || (&& (== net40) (>= net452)) (== net461) (== net472) (&& (== netstandard2.0) (>= net452))
      DevExpress.Utils (19.2.3) - restriction: || (&& (== net40) (>= net452)) (== net461) (== net472) (&& (== netstandard2.0) (>= net452))
      DevExpress.Win.Navigation (19.2.3) - restriction: || (&& (== net40) (>= net452)) (== net461) (== net472) (&& (== netstandard2.0) (>= net452))
    DevExpress.ExpressApp.Images (19.2.3) - restriction: || (&& (== net40) (>= net452)) (&& (== net40) (>= netstandard2.0)) (== net461) (== net472) (== netstandard2.0)
      NETStandard.Library (>= 2.0.3) - restriction: || (&& (== net40) (== net472)) (&& (== net40) (>= netstandard2.0)) (&& (== net461) (< net452) (>= netstandard2.0)) (&& (== net472) (< net452)) (== netstandard2.0)
    DevExpress.ExpressApp.Kpi (19.2.3) - restriction: || (&& (== net40) (>= net452)) (&& (== net40) (>= netstandard2.0)) (== net461) (== net472) (== netstandard2.0)
      DevExpress.Data (19.2.3) - restriction: || (&& (== net40) (>= net452)) (&& (== net40) (>= netstandard2.0)) (== net461) (== net472) (== netstandard2.0)
      DevExpress.ExpressApp (19.2.3) - restriction: || (&& (== net40) (>= net452)) (&& (== net40) (>= netstandard2.0)) (== net461) (== net472) (== netstandard2.0)
      DevExpress.ExpressApp.Validation (19.2.3) - restriction: || (&& (== net40) (>= net452)) (&& (== net40) (>= netstandard2.0)) (== net461) (== net472) (== netstandard2.0)
      DevExpress.Persistent.Base (19.2.3) - restriction: || (&& (== net40) (>= net452)) (&& (== net40) (>= netstandard2.0)) (== net461) (== net472) (== netstandard2.0)
      NETStandard.Library (>= 2.0.3) - restriction: || (&& (== net40) (== net472)) (&& (== net40) (>= netstandard2.0)) (&& (== net461) (< net452) (>= netstandard2.0)) (&& (== net472) (< net452)) (== netstandard2.0)
      System.Drawing.Common (>= 4.5) - restriction: || (&& (== net40) (== net472)) (&& (== net40) (>= netstandard2.0)) (&& (== net461) (< net452) (>= netstandard2.0)) (&& (== net472) (< net452)) (== netstandard2.0)
    DevExpress.ExpressApp.Maps.Web (19.2.3) - restriction: || (&& (== net40) (>= net452)) (== net461) (== net472) (&& (== netstandard2.0) (>= net452))
      DevExpress.Data (19.2.3) - restriction: || (&& (== net40) (>= net452)) (== net461) (== net472) (&& (== netstandard2.0) (>= net452))
      DevExpress.ExpressApp (19.2.3) - restriction: || (&& (== net40) (>= net452)) (== net461) (== net472) (&& (== netstandard2.0) (>= net452))
      DevExpress.ExpressApp.Web (19.2.3) - restriction: || (&& (== net40) (>= net452)) (== net461) (== net472) (&& (== netstandard2.0) (>= net452))
      DevExpress.Persistent.Base (19.2.3) - restriction: || (&& (== net40) (>= net452)) (== net461) (== net472) (&& (== netstandard2.0) (>= net452))
      DevExpress.Web (19.2.3) - restriction: || (&& (== net40) (>= net452)) (== net461) (== net472) (&& (== netstandard2.0) (>= net452))
    DevExpress.ExpressApp.Notifications (19.2.3) - restriction: || (&& (== net40) (>= net452)) (&& (== net40) (>= netstandard2.0)) (== net461) (== net472) (== netstandard2.0)
      DevExpress.Data (19.2.3) - restriction: || (&& (== net40) (>= net452)) (== net461) (== net472) (&& (== netstandard2.0) (>= net452))
      DevExpress.ExpressApp (19.2.3) - restriction: || (&& (== net40) (>= net452)) (== net461) (== net472) (&& (== netstandard2.0) (>= net452))
      DevExpress.Persistent.Base (19.2.3) - restriction: || (&& (== net40) (>= net452)) (== net461) (== net472) (&& (== netstandard2.0) (>= net452))
    DevExpress.ExpressApp.Notifications.Web (19.2.3) - restriction: || (&& (== net40) (>= net452)) (== net461) (== net472) (&& (== netstandard2.0) (>= net452))
      DevExpress.Data (19.2.3) - restriction: || (&& (== net40) (>= net452)) (== net461) (== net472) (&& (== netstandard2.0) (>= net452))
      DevExpress.ExpressApp (19.2.3) - restriction: || (&& (== net40) (>= net452)) (== net461) (== net472) (&& (== netstandard2.0) (>= net452))
      DevExpress.ExpressApp.Notifications (19.2.3) - restriction: || (&& (== net40) (>= net452)) (== net461) (== net472) (&& (== netstandard2.0) (>= net452))
      DevExpress.ExpressApp.Web (19.2.3) - restriction: || (&& (== net40) (>= net452)) (== net461) (== net472) (&& (== netstandard2.0) (>= net452))
      DevExpress.Web (19.2.3) - restriction: || (&& (== net40) (>= net452)) (== net461) (== net472) (&& (== netstandard2.0) (>= net452))
    DevExpress.ExpressApp.Notifications.Win (19.2.3) - restriction: || (&& (== net40) (>= net452)) (== net461) (== net472) (&& (== netstandard2.0) (>= net452))
      DevExpress.Data (19.2.3) - restriction: || (&& (== net40) (>= net452)) (== net461) (== net472) (&& (== netstandard2.0) (>= net452))
      DevExpress.ExpressApp (19.2.3) - restriction: || (&& (== net40) (>= net452)) (== net461) (== net472) (&& (== netstandard2.0) (>= net452))
      DevExpress.ExpressApp.Notifications (19.2.3) - restriction: || (&& (== net40) (>= net452)) (== net461) (== net472) (&& (== netstandard2.0) (>= net452))
      DevExpress.ExpressApp.Win (19.2.3) - restriction: || (&& (== net40) (>= net452)) (== net461) (== net472) (&& (== netstandard2.0) (>= net452))
      DevExpress.Utils (19.2.3) - restriction: || (&& (== net40) (>= net452)) (== net461) (== net472) (&& (== netstandard2.0) (>= net452))
      DevExpress.Win.Grid (19.2.3) - restriction: || (&& (== net40) (>= net452)) (== net461) (== net472) (&& (== netstandard2.0) (>= net452))
      DevExpress.Win.Navigation (19.2.3) - restriction: || (&& (== net40) (>= net452)) (== net461) (== net472) (&& (== netstandard2.0) (>= net452))
    DevExpress.ExpressApp.Objects (19.2.3) - restriction: || (&& (== net40) (>= net452)) (&& (== net40) (>= netstandard2.0)) (== net461) (== net472) (== netstandard2.0)
      DevExpress.Data (19.2.3) - restriction: || (&& (== net40) (>= net452)) (&& (== net40) (>= netstandard2.0)) (== net461) (== net472) (== netstandard2.0)
      DevExpress.ExpressApp (19.2.3) - restriction: || (&& (== net40) (>= net452)) (&& (== net40) (>= netstandard2.0)) (== net461) (== net472) (== netstandard2.0)
      NETStandard.Library (>= 2.0.3) - restriction: || (&& (== net40) (== net472)) (&& (== net40) (>= netstandard2.0)) (&& (== net461) (< net452) (>= netstandard2.0)) (&& (== net472) (< net452)) (== netstandard2.0)
      System.Drawing.Common (>= 4.5) - restriction: || (&& (== net40) (== net472)) (&& (== net40) (>= netstandard2.0)) (&& (== net461) (< net452) (>= netstandard2.0)) (&& (== net472) (< net452)) (== netstandard2.0)
    DevExpress.ExpressApp.Office (19.2.3) - restriction: || (&& (== net40) (>= net452)) (&& (== net40) (>= netstandard2.0)) (== net461) (== net472) (== netstandard2.0)
      DevExpress.Data (19.2.3) - restriction: || (&& (== net40) (>= net452)) (== net461) (== net472) (&& (== netstandard2.0) (>= net452))
      DevExpress.ExpressApp (19.2.3) - restriction: || (&& (== net40) (>= net452)) (== net461) (== net472) (&& (== netstandard2.0) (>= net452))
      DevExpress.Office.Core (19.2.3) - restriction: || (&& (== net40) (>= net452)) (== net461) (== net472) (&& (== netstandard2.0) (>= net452))
      DevExpress.Persistent.Base (19.2.3) - restriction: || (&& (== net40) (>= net452)) (== net461) (== net472) (&& (== netstandard2.0) (>= net452))
      DevExpress.RichEdit.Core (19.2.3) - restriction: || (&& (== net40) (>= net452)) (== net461) (== net472) (&& (== netstandard2.0) (>= net452))
      DevExpress.Spreadsheet.Core (19.2.3) - restriction: || (&& (== net40) (>= net452)) (== net461) (== net472) (&& (== netstandard2.0) (>= net452))
    DevExpress.ExpressApp.Office.Web (19.2.3) - restriction: || (&& (== net40) (>= net452)) (== net461) (== net472) (&& (== netstandard2.0) (>= net452))
      DevExpress.Data (19.2.3) - restriction: || (&& (== net40) (>= net452)) (== net461) (== net472) (&& (== netstandard2.0) (>= net452))
      DevExpress.ExpressApp (19.2.3) - restriction: || (&& (== net40) (>= net452)) (== net461) (== net472) (&& (== netstandard2.0) (>= net452))
      DevExpress.ExpressApp.Office (19.2.3) - restriction: || (&& (== net40) (>= net452)) (== net461) (== net472) (&& (== netstandard2.0) (>= net452))
      DevExpress.ExpressApp.Web (19.2.3) - restriction: || (&& (== net40) (>= net452)) (== net461) (== net472) (&& (== netstandard2.0) (>= net452))
      DevExpress.Persistent.Base (19.2.3) - restriction: || (&& (== net40) (>= net452)) (== net461) (== net472) (&& (== netstandard2.0) (>= net452))
      DevExpress.RichEdit.Core (19.2.3) - restriction: || (&& (== net40) (>= net452)) (== net461) (== net472) (&& (== netstandard2.0) (>= net452))
      DevExpress.Spreadsheet.Core (19.2.3) - restriction: || (&& (== net40) (>= net452)) (== net461) (== net472) (&& (== netstandard2.0) (>= net452))
      DevExpress.Web (19.2.3) - restriction: || (&& (== net40) (>= net452)) (== net461) (== net472) (&& (== netstandard2.0) (>= net452))
      DevExpress.Web.Office (19.2.3) - restriction: || (&& (== net40) (>= net452)) (== net461) (== net472) (&& (== netstandard2.0) (>= net452))
    DevExpress.ExpressApp.Office.Win (19.2.3) - restriction: || (&& (== net40) (>= net452)) (== net461) (== net472) (&& (== netstandard2.0) (>= net452))
      DevExpress.Data (19.2.3) - restriction: || (&& (== net40) (>= net452)) (== net461) (== net472) (&& (== netstandard2.0) (>= net452))
      DevExpress.ExpressApp (19.2.3) - restriction: || (&& (== net40) (>= net452)) (== net461) (== net472) (&& (== netstandard2.0) (>= net452))
      DevExpress.ExpressApp.Office (19.2.3) - restriction: || (&& (== net40) (>= net452)) (== net461) (== net472) (&& (== netstandard2.0) (>= net452))
      DevExpress.ExpressApp.Win (19.2.3) - restriction: || (&& (== net40) (>= net452)) (== net461) (== net472) (&& (== netstandard2.0) (>= net452))
      DevExpress.Office.Core (19.2.3) - restriction: || (&& (== net40) (>= net452)) (== net461) (== net472) (&& (== netstandard2.0) (>= net452))
      DevExpress.Persistent.Base (19.2.3) - restriction: || (&& (== net40) (>= net452)) (== net461) (== net472) (&& (== netstandard2.0) (>= net452))
      DevExpress.RichEdit.Core (19.2.3) - restriction: || (&& (== net40) (>= net452)) (== net461) (== net472) (&& (== netstandard2.0) (>= net452))
      DevExpress.Spreadsheet.Core (19.2.3) - restriction: || (&& (== net40) (>= net452)) (== net461) (== net472) (&& (== netstandard2.0) (>= net452))
      DevExpress.Utils (19.2.3) - restriction: || (&& (== net40) (>= net452)) (== net461) (== net472) (&& (== netstandard2.0) (>= net452))
      DevExpress.Win.Grid (19.2.3) - restriction: || (&& (== net40) (>= net452)) (== net461) (== net472) (&& (== netstandard2.0) (>= net452))
      DevExpress.Win.Navigation (19.2.3) - restriction: || (&& (== net40) (>= net452)) (== net461) (== net472) (&& (== netstandard2.0) (>= net452))
      DevExpress.Win.RichEdit (19.2.3) - restriction: || (&& (== net40) (>= net452)) (== net461) (== net472) (&& (== netstandard2.0) (>= net452))
      DevExpress.Win.Spreadsheet (19.2.3) - restriction: || (&& (== net40) (>= net452)) (== net461) (== net472) (&& (== netstandard2.0) (>= net452))
    DevExpress.ExpressApp.PivotChart (19.2.3) - restriction: || (&& (== net40) (>= net452)) (&& (== net40) (>= netstandard2.0)) (== net461) (== net472) (== netstandard2.0)
      DevExpress.Charts (19.2.3) - restriction: || (&& (== net40) (>= net452)) (== net461) (== net472) (&& (== netstandard2.0) (>= net452))
      DevExpress.Data (19.2.3) - restriction: || (&& (== net40) (>= net452)) (== net461) (== net472) (&& (== netstandard2.0) (>= net452))
      DevExpress.ExpressApp (19.2.3) - restriction: || (&& (== net40) (>= net452)) (== net461) (== net472) (&& (== netstandard2.0) (>= net452))
      DevExpress.Persistent.Base (19.2.3) - restriction: || (&& (== net40) (>= net452)) (== net461) (== net472) (&& (== netstandard2.0) (>= net452))
      DevExpress.PivotGrid.Core (19.2.3) - restriction: || (&& (== net40) (>= net452)) (== net461) (== net472) (&& (== netstandard2.0) (>= net452))
    DevExpress.ExpressApp.PivotChart.Web (19.2.3) - restriction: || (&& (== net40) (>= net452)) (== net461) (== net472) (&& (== netstandard2.0) (>= net452))
      DevExpress.Charts (19.2.3) - restriction: || (&& (== net40) (>= net452)) (== net461) (== net472) (&& (== netstandard2.0) (>= net452))
      DevExpress.Data (19.2.3) - restriction: || (&& (== net40) (>= net452)) (== net461) (== net472) (&& (== netstandard2.0) (>= net452))
      DevExpress.ExpressApp (19.2.3) - restriction: || (&& (== net40) (>= net452)) (== net461) (== net472) (&& (== netstandard2.0) (>= net452))
      DevExpress.ExpressApp.PivotChart (19.2.3) - restriction: || (&& (== net40) (>= net452)) (== net461) (== net472) (&& (== netstandard2.0) (>= net452))
      DevExpress.ExpressApp.Web (19.2.3) - restriction: || (&& (== net40) (>= net452)) (== net461) (== net472) (&& (== netstandard2.0) (>= net452))
      DevExpress.Persistent.Base (19.2.3) - restriction: || (&& (== net40) (>= net452)) (== net461) (== net472) (&& (== netstandard2.0) (>= net452))
      DevExpress.PivotGrid.Core (19.2.3) - restriction: || (&& (== net40) (>= net452)) (== net461) (== net472) (&& (== netstandard2.0) (>= net452))
      DevExpress.Printing.Core (19.2.3) - restriction: || (&& (== net40) (>= net452)) (== net461) (== net472) (&& (== netstandard2.0) (>= net452))
      DevExpress.Web (19.2.3) - restriction: || (&& (== net40) (>= net452)) (== net461) (== net472) (&& (== netstandard2.0) (>= net452))
      DevExpress.Web.Visualization (19.2.3) - restriction: || (&& (== net40) (>= net452)) (== net461) (== net472) (&& (== netstandard2.0) (>= net452))
    DevExpress.ExpressApp.PivotChart.Win (19.2.3) - restriction: || (&& (== net40) (>= net452)) (== net461) (== net472) (&& (== netstandard2.0) (>= net452))
      DevExpress.Charts (19.2.3) - restriction: || (&& (== net40) (>= net452)) (== net461) (== net472) (&& (== netstandard2.0) (>= net452))
      DevExpress.Data (19.2.3) - restriction: || (&& (== net40) (>= net452)) (== net461) (== net472) (&& (== netstandard2.0) (>= net452))
      DevExpress.ExpressApp (19.2.3) - restriction: || (&& (== net40) (>= net452)) (== net461) (== net472) (&& (== netstandard2.0) (>= net452))
      DevExpress.ExpressApp.PivotChart (19.2.3) - restriction: || (&& (== net40) (>= net452)) (== net461) (== net472) (&& (== netstandard2.0) (>= net452))
      DevExpress.ExpressApp.Win (19.2.3) - restriction: || (&& (== net40) (>= net452)) (== net461) (== net472) (&& (== netstandard2.0) (>= net452))
      DevExpress.Persistent.Base (19.2.3) - restriction: || (&& (== net40) (>= net452)) (== net461) (== net472) (&& (== netstandard2.0) (>= net452))
      DevExpress.PivotGrid.Core (19.2.3) - restriction: || (&& (== net40) (>= net452)) (== net461) (== net472) (&& (== netstandard2.0) (>= net452))
      DevExpress.Printing.Core (19.2.3) - restriction: || (&& (== net40) (>= net452)) (== net461) (== net472) (&& (== netstandard2.0) (>= net452))
      DevExpress.Win.Charts (19.2.3) - restriction: || (&& (== net40) (>= net452)) (== net461) (== net472) (&& (== netstandard2.0) (>= net452))
      DevExpress.Win.Navigation (19.2.3) - restriction: || (&& (== net40) (>= net452)) (== net461) (== net472) (&& (== netstandard2.0) (>= net452))
      DevExpress.Win.PivotGrid (19.2.3) - restriction: || (&& (== net40) (>= net452)) (== net461) (== net472) (&& (== netstandard2.0) (>= net452))
    DevExpress.ExpressApp.PivotGrid (19.2.3) - restriction: || (&& (== net40) (>= net452)) (&& (== net40) (>= netstandard2.0)) (== net461) (== net472) (== netstandard2.0)
      DevExpress.Data (19.2.3) - restriction: || (&& (== net40) (>= net452)) (== net461) (== net472) (&& (== netstandard2.0) (>= net452))
      DevExpress.ExpressApp (19.2.3) - restriction: || (&& (== net40) (>= net452)) (== net461) (== net472) (&& (== netstandard2.0) (>= net452))
      DevExpress.PivotGrid.Core (19.2.3) - restriction: || (&& (== net40) (>= net452)) (== net461) (== net472) (&& (== netstandard2.0) (>= net452))
    DevExpress.ExpressApp.PivotGrid.Web (19.2.3) - restriction: || (&& (== net40) (>= net452)) (== net461) (== net472) (&& (== netstandard2.0) (>= net452))
      DevExpress.Charts (19.2.3) - restriction: || (&& (== net40) (>= net452)) (== net461) (== net472) (&& (== netstandard2.0) (>= net452))
      DevExpress.Data (19.2.3) - restriction: || (&& (== net40) (>= net452)) (== net461) (== net472) (&& (== netstandard2.0) (>= net452))
      DevExpress.ExpressApp (19.2.3) - restriction: || (&& (== net40) (>= net452)) (== net461) (== net472) (&& (== netstandard2.0) (>= net452))
      DevExpress.ExpressApp.PivotGrid (19.2.3) - restriction: || (&& (== net40) (>= net452)) (== net461) (== net472) (&& (== netstandard2.0) (>= net452))
      DevExpress.ExpressApp.Web (19.2.3) - restriction: || (&& (== net40) (>= net452)) (== net461) (== net472) (&& (== netstandard2.0) (>= net452))
      DevExpress.PivotGrid.Core (19.2.3) - restriction: || (&& (== net40) (>= net452)) (== net461) (== net472) (&& (== netstandard2.0) (>= net452))
      DevExpress.Web (19.2.3) - restriction: || (&& (== net40) (>= net452)) (== net461) (== net472) (&& (== netstandard2.0) (>= net452))
      DevExpress.Web.Visualization (19.2.3) - restriction: || (&& (== net40) (>= net452)) (== net461) (== net472) (&& (== netstandard2.0) (>= net452))
    DevExpress.ExpressApp.PivotGrid.Win (19.2.3) - restriction: || (&& (== net40) (>= net452)) (== net461) (== net472) (&& (== netstandard2.0) (>= net452))
      DevExpress.Charts (19.2.3) - restriction: || (&& (== net40) (>= net452)) (== net461) (== net472) (&& (== netstandard2.0) (>= net452))
      DevExpress.Data (19.2.3) - restriction: || (&& (== net40) (>= net452)) (== net461) (== net472) (&& (== netstandard2.0) (>= net452))
      DevExpress.ExpressApp (19.2.3) - restriction: || (&& (== net40) (>= net452)) (== net461) (== net472) (&& (== netstandard2.0) (>= net452))
      DevExpress.ExpressApp.PivotGrid (19.2.3) - restriction: || (&& (== net40) (>= net452)) (== net461) (== net472) (&& (== netstandard2.0) (>= net452))
      DevExpress.ExpressApp.Win (19.2.3) - restriction: || (&& (== net40) (>= net452)) (== net461) (== net472) (&& (== netstandard2.0) (>= net452))
      DevExpress.PivotGrid.Core (19.2.3) - restriction: || (&& (== net40) (>= net452)) (== net461) (== net472) (&& (== netstandard2.0) (>= net452))
      DevExpress.Utils (19.2.3) - restriction: || (&& (== net40) (>= net452)) (== net461) (== net472) (&& (== netstandard2.0) (>= net452))
      DevExpress.Win.Charts (19.2.3) - restriction: || (&& (== net40) (>= net452)) (== net461) (== net472) (&& (== netstandard2.0) (>= net452))
      DevExpress.Win.Navigation (19.2.3) - restriction: || (&& (== net40) (>= net452)) (== net461) (== net472) (&& (== netstandard2.0) (>= net452))
      DevExpress.Win.PivotGrid (19.2.3) - restriction: || (&& (== net40) (>= net452)) (== net461) (== net472) (&& (== netstandard2.0) (>= net452))
    DevExpress.ExpressApp.ReportsV2 (19.2.3) - restriction: || (&& (== net40) (>= net452)) (&& (== net40) (>= netstandard2.0)) (== net461) (== net472) (== netstandard2.0)
      DevExpress.Data (19.2.3) - restriction: || (&& (== net40) (>= net452)) (== net461) (== net472) (&& (== netstandard2.0) (>= net452))
      DevExpress.ExpressApp (19.2.3) - restriction: || (&& (== net40) (>= net452)) (== net461) (== net472) (&& (== netstandard2.0) (>= net452))
      DevExpress.Persistent.Base (19.2.3) - restriction: || (&& (== net40) (>= net452)) (== net461) (== net472) (&& (== netstandard2.0) (>= net452))
      DevExpress.Printing.Core (19.2.3) - restriction: || (&& (== net40) (>= net452)) (== net461) (== net472) (&& (== netstandard2.0) (>= net452))
      DevExpress.Reporting.Core (19.2.3) - restriction: || (&& (== net40) (>= net452)) (== net461) (== net472) (&& (== netstandard2.0) (>= net452))
      DevExpress.Utils (19.2.3) - restriction: || (&& (== net40) (>= net452)) (== net461) (== net472) (&& (== netstandard2.0) (>= net452))
    DevExpress.ExpressApp.ReportsV2.Web (19.2.3) - restriction: || (&& (== net40) (>= net452)) (== net461) (== net472) (&& (== netstandard2.0) (>= net452))
      DevExpress.Data (19.2.3) - restriction: || (&& (== net40) (>= net452)) (== net461) (== net472) (&& (== netstandard2.0) (>= net452))
      DevExpress.ExpressApp (19.2.3) - restriction: || (&& (== net40) (>= net452)) (== net461) (== net472) (&& (== netstandard2.0) (>= net452))
      DevExpress.ExpressApp.ReportsV2 (19.2.3) - restriction: || (&& (== net40) (>= net452)) (== net461) (== net472) (&& (== netstandard2.0) (>= net452))
      DevExpress.ExpressApp.Web (19.2.3) - restriction: || (&& (== net40) (>= net452)) (== net461) (== net472) (&& (== netstandard2.0) (>= net452))
      DevExpress.Persistent.Base (19.2.3) - restriction: || (&& (== net40) (>= net452)) (== net461) (== net472) (&& (== netstandard2.0) (>= net452))
      DevExpress.Printing.Core (19.2.3) - restriction: || (&& (== net40) (>= net452)) (== net461) (== net472) (&& (== netstandard2.0) (>= net452))
      DevExpress.Reporting.Core (19.2.3) - restriction: || (&& (== net40) (>= net452)) (== net461) (== net472) (&& (== netstandard2.0) (>= net452))
      DevExpress.Web (19.2.3) - restriction: || (&& (== net40) (>= net452)) (== net461) (== net472) (&& (== netstandard2.0) (>= net452))
      DevExpress.Web.Reporting (19.2.3) - restriction: || (&& (== net40) (>= net452)) (== net461) (== net472) (&& (== netstandard2.0) (>= net452))
      DevExpress.Web.Reporting.Common (19.2.3) - restriction: || (&& (== net40) (>= net452)) (== net461) (== net472) (&& (== netstandard2.0) (>= net452))
    DevExpress.ExpressApp.ReportsV2.Win (19.2.3) - restriction: || (&& (== net40) (>= net452)) (== net461) (== net472) (&& (== netstandard2.0) (>= net452))
      DevExpress.Data (19.2.3) - restriction: || (&& (== net40) (>= net452)) (== net461) (== net472) (&& (== netstandard2.0) (>= net452))
      DevExpress.DataAccess (19.2.3) - restriction: || (&& (== net40) (>= net452)) (== net461) (== net472) (&& (== netstandard2.0) (>= net452))
      DevExpress.DataAccess.UI (19.2.3) - restriction: || (&& (== net40) (>= net452)) (== net461) (== net472) (&& (== netstandard2.0) (>= net452))
      DevExpress.ExpressApp (19.2.3) - restriction: || (&& (== net40) (>= net452)) (== net461) (== net472) (&& (== netstandard2.0) (>= net452))
      DevExpress.ExpressApp.ReportsV2 (19.2.3) - restriction: || (&& (== net40) (>= net452)) (== net461) (== net472) (&& (== netstandard2.0) (>= net452))
      DevExpress.ExpressApp.Win (19.2.3) - restriction: || (&& (== net40) (>= net452)) (== net461) (== net472) (&& (== netstandard2.0) (>= net452))
      DevExpress.Persistent.Base (19.2.3) - restriction: || (&& (== net40) (>= net452)) (== net461) (== net472) (&& (== netstandard2.0) (>= net452))
      DevExpress.Printing.Core (19.2.3) - restriction: || (&& (== net40) (>= net452)) (== net461) (== net472) (&& (== netstandard2.0) (>= net452))
      DevExpress.Reporting.Core (19.2.3) - restriction: || (&& (== net40) (>= net452)) (== net461) (== net472) (&& (== netstandard2.0) (>= net452))
      DevExpress.Utils (19.2.3) - restriction: || (&& (== net40) (>= net452)) (== net461) (== net472) (&& (== netstandard2.0) (>= net452))
      DevExpress.Utils.UI (19.2.3) - restriction: || (&& (== net40) (>= net452)) (== net461) (== net472) (&& (== netstandard2.0) (>= net452))
      DevExpress.Win.Grid (19.2.3) - restriction: || (&& (== net40) (>= net452)) (== net461) (== net472) (&& (== netstandard2.0) (>= net452))
      DevExpress.Win.Navigation (19.2.3) - restriction: || (&& (== net40) (>= net452)) (== net461) (== net472) (&& (== netstandard2.0) (>= net452))
      DevExpress.Win.Printing (19.2.3) - restriction: || (&& (== net40) (>= net452)) (== net461) (== net472) (&& (== netstandard2.0) (>= net452))
      DevExpress.Win.Reporting (19.2.3) - restriction: || (&& (== net40) (>= net452)) (== net461) (== net472) (&& (== netstandard2.0) (>= net452))
      DevExpress.Win.TreeList (19.2.3) - restriction: || (&& (== net40) (>= net452)) (== net461) (== net472) (&& (== netstandard2.0) (>= net452))
    DevExpress.ExpressApp.Scheduler (19.2.3) - restriction: || (&& (== net40) (>= net452)) (&& (== net40) (>= netstandard2.0)) (== net461) (== net472) (== netstandard2.0)
      DevExpress.Data (19.2.3) - restriction: || (&& (== net40) (>= net452)) (== net461) (== net472) (&& (== netstandard2.0) (>= net452))
      DevExpress.ExpressApp (19.2.3) - restriction: || (&& (== net40) (>= net452)) (== net461) (== net472) (&& (== netstandard2.0) (>= net452))
      DevExpress.Persistent.Base (19.2.3) - restriction: || (&& (== net40) (>= net452)) (== net461) (== net472) (&& (== netstandard2.0) (>= net452))
      DevExpress.Scheduler.Core (19.2.3) - restriction: || (&& (== net40) (>= net452)) (== net461) (== net472) (&& (== netstandard2.0) (>= net452))
    DevExpress.ExpressApp.Scheduler.Web (19.2.3) - restriction: || (&& (== net40) (>= net452)) (== net461) (== net472) (&& (== netstandard2.0) (>= net452))
      DevExpress.Data (19.2.3) - restriction: || (&& (== net40) (>= net452)) (== net461) (== net472) (&& (== netstandard2.0) (>= net452))
      DevExpress.ExpressApp (19.2.3) - restriction: || (&& (== net40) (>= net452)) (== net461) (== net472) (&& (== netstandard2.0) (>= net452))
      DevExpress.ExpressApp.Scheduler (19.2.3) - restriction: || (&& (== net40) (>= net452)) (== net461) (== net472) (&& (== netstandard2.0) (>= net452))
      DevExpress.ExpressApp.Web (19.2.3) - restriction: || (&& (== net40) (>= net452)) (== net461) (== net472) (&& (== netstandard2.0) (>= net452))
      DevExpress.Persistent.Base (19.2.3) - restriction: || (&& (== net40) (>= net452)) (== net461) (== net472) (&& (== netstandard2.0) (>= net452))
      DevExpress.Scheduler.Core (19.2.3) - restriction: || (&& (== net40) (>= net452)) (== net461) (== net472) (&& (== netstandard2.0) (>= net452))
      DevExpress.Web (19.2.3) - restriction: || (&& (== net40) (>= net452)) (== net461) (== net472) (&& (== netstandard2.0) (>= net452))
      DevExpress.Web.Scheduler (19.2.3) - restriction: || (&& (== net40) (>= net452)) (== net461) (== net472) (&& (== netstandard2.0) (>= net452))
    DevExpress.ExpressApp.Scheduler.Win (19.2.3) - restriction: || (&& (== net40) (>= net452)) (== net461) (== net472) (&& (== netstandard2.0) (>= net452))
      DevExpress.Data (19.2.3) - restriction: || (&& (== net40) (>= net452)) (== net461) (== net472) (&& (== netstandard2.0) (>= net452))
      DevExpress.ExpressApp (19.2.3) - restriction: || (&& (== net40) (>= net452)) (== net461) (== net472) (&& (== netstandard2.0) (>= net452))
      DevExpress.ExpressApp.Scheduler (19.2.3) - restriction: || (&& (== net40) (>= net452)) (== net461) (== net472) (&& (== netstandard2.0) (>= net452))
      DevExpress.ExpressApp.Win (19.2.3) - restriction: || (&& (== net40) (>= net452)) (== net461) (== net472) (&& (== netstandard2.0) (>= net452))
      DevExpress.Persistent.Base (19.2.3) - restriction: || (&& (== net40) (>= net452)) (== net461) (== net472) (&& (== netstandard2.0) (>= net452))
      DevExpress.Scheduler.Core (19.2.3) - restriction: || (&& (== net40) (>= net452)) (== net461) (== net472) (&& (== netstandard2.0) (>= net452))
      DevExpress.Utils (19.2.3) - restriction: || (&& (== net40) (>= net452)) (== net461) (== net472) (&& (== netstandard2.0) (>= net452))
      DevExpress.Win.Navigation (19.2.3) - restriction: || (&& (== net40) (>= net452)) (== net461) (== net472) (&& (== netstandard2.0) (>= net452))
      DevExpress.Win.Scheduler (19.2.3) - restriction: || (&& (== net40) (>= net452)) (== net461) (== net472) (&& (== netstandard2.0) (>= net452))
    DevExpress.ExpressApp.ScriptRecorder (19.2.3) - restriction: || (&& (== net40) (>= net452)) (&& (== net40) (>= netstandard2.0)) (== net461) (== net472) (== netstandard2.0)
      DevExpress.ExpressApp (19.2.3) - restriction: || (&& (== net40) (>= net452)) (== net461) (== net472) (&& (== netstandard2.0) (>= net452))
    DevExpress.ExpressApp.ScriptRecorder.Web (19.2.3) - restriction: || (&& (== net40) (>= net452)) (== net461) (== net472) (&& (== netstandard2.0) (>= net452))
      DevExpress.Data (19.2.3) - restriction: || (&& (== net40) (>= net452)) (== net461) (== net472) (&& (== netstandard2.0) (>= net452))
      DevExpress.ExpressApp (19.2.3) - restriction: || (&& (== net40) (>= net452)) (== net461) (== net472) (&& (== netstandard2.0) (>= net452))
      DevExpress.ExpressApp.ScriptRecorder (19.2.3) - restriction: || (&& (== net40) (>= net452)) (== net461) (== net472) (&& (== netstandard2.0) (>= net452))
      DevExpress.ExpressApp.Web (19.2.3) - restriction: || (&& (== net40) (>= net452)) (== net461) (== net472) (&& (== netstandard2.0) (>= net452))
    DevExpress.ExpressApp.ScriptRecorder.Win (19.2.3) - restriction: || (&& (== net40) (>= net452)) (== net461) (== net472) (&& (== netstandard2.0) (>= net452))
      DevExpress.Data (19.2.3) - restriction: || (&& (== net40) (>= net452)) (== net461) (== net472) (&& (== netstandard2.0) (>= net452))
      DevExpress.ExpressApp (19.2.3) - restriction: || (&& (== net40) (>= net452)) (== net461) (== net472) (&& (== netstandard2.0) (>= net452))
      DevExpress.ExpressApp.ScriptRecorder (19.2.3) - restriction: || (&& (== net40) (>= net452)) (== net461) (== net472) (&& (== netstandard2.0) (>= net452))
      DevExpress.ExpressApp.Win (19.2.3) - restriction: || (&& (== net40) (>= net452)) (== net461) (== net472) (&& (== netstandard2.0) (>= net452))
      DevExpress.Utils (19.2.3) - restriction: || (&& (== net40) (>= net452)) (== net461) (== net472) (&& (== netstandard2.0) (>= net452))
      DevExpress.Win.Navigation (19.2.3) - restriction: || (&& (== net40) (>= net452)) (== net461) (== net472) (&& (== netstandard2.0) (>= net452))
    DevExpress.ExpressApp.Security (19.2.3) - restriction: || (&& (== net40) (>= net452)) (&& (== net40) (>= netstandard2.0)) (== net461) (== net472) (== netstandard2.0)
      DevExpress.Data (19.2.3) - restriction: || (&& (== net40) (>= net452)) (&& (== net40) (>= netstandard2.0)) (== net461) (== net472) (== netstandard2.0)
      DevExpress.ExpressApp (19.2.3) - restriction: || (&& (== net40) (>= net452)) (&& (== net40) (>= netstandard2.0)) (== net461) (== net472) (== netstandard2.0)
      DevExpress.Persistent.Base (19.2.3) - restriction: || (&& (== net40) (>= net452)) (&& (== net40) (>= netstandard2.0)) (== net461) (== net472) (== netstandard2.0)
      NETStandard.Library (>= 2.0.3) - restriction: || (&& (== net40) (== net472)) (&& (== net40) (>= netstandard2.0)) (&& (== net461) (< net452) (>= netstandard2.0)) (&& (== net472) (< net452)) (== netstandard2.0)
      System.Drawing.Common (>= 4.5) - restriction: || (&& (== net40) (== net472)) (&& (== net40) (>= netstandard2.0)) (&& (== net461) (< net452) (>= netstandard2.0)) (&& (== net472) (< net452)) (== netstandard2.0)
      System.Security.Permissions (>= 4.5) - restriction: || (&& (== net40) (== net472)) (&& (== net40) (>= netstandard2.0)) (&& (== net461) (< net452) (>= netstandard2.0)) (&& (== net472) (< net452)) (== netstandard2.0)
    DevExpress.ExpressApp.Security.Xpo (19.2.3)
      DevExpress.Data (19.2.3) - restriction: || (&& (== net40) (>= net452)) (&& (== net40) (>= netstandard2.0)) (== net461) (== net472) (== netstandard2.0)
      DevExpress.ExpressApp (19.2.3) - restriction: || (&& (== net40) (>= net452)) (&& (== net40) (>= netstandard2.0)) (== net461) (== net472) (== netstandard2.0)
      DevExpress.ExpressApp.Security (19.2.3) - restriction: || (&& (== net40) (>= net452)) (&& (== net40) (>= netstandard2.0)) (== net461) (== net472) (== netstandard2.0)
      DevExpress.ExpressApp.Xpo (19.2.3) - restriction: || (&& (== net40) (>= net452)) (&& (== net40) (>= netstandard2.0)) (== net461) (== net472) (== netstandard2.0)
      DevExpress.Persistent.Base (19.2.3) - restriction: || (&& (== net40) (>= net452)) (&& (== net40) (>= netstandard2.0)) (== net461) (== net472) (== netstandard2.0)
      DevExpress.Xpo (19.2.3) - restriction: || (&& (== net40) (>= net452)) (&& (== net40) (>= netstandard2.0)) (== net461) (== net472) (== netstandard2.0)
      NETStandard.Library (>= 2.0.3) - restriction: || (&& (== net40) (== net472)) (&& (== net40) (>= netstandard2.0)) (&& (== net461) (< net452) (>= netstandard2.0)) (&& (== net472) (< net452)) (== netstandard2.0)
      System.ServiceModel.Primitives (>= 4.5.3) - restriction: || (&& (== net40) (== net472)) (&& (== net40) (>= netstandard2.0)) (&& (== net461) (< net452) (>= netstandard2.0)) (&& (== net472) (< net452)) (== netstandard2.0)
    DevExpress.ExpressApp.StateMachine (19.2.3) - restriction: || (&& (== net40) (>= net452)) (&& (== net40) (>= netstandard2.0)) (== net461) (== net472) (== netstandard2.0)
      DevExpress.Data (19.2.3) - restriction: || (&& (== net40) (>= net452)) (&& (== net40) (>= netstandard2.0)) (== net461) (== net472) (== netstandard2.0)
      DevExpress.ExpressApp (19.2.3) - restriction: || (&& (== net40) (>= net452)) (&& (== net40) (>= netstandard2.0)) (== net461) (== net472) (== netstandard2.0)
      DevExpress.ExpressApp.ConditionalAppearance (19.2.3) - restriction: || (&& (== net40) (>= net452)) (&& (== net40) (>= netstandard2.0)) (== net461) (== net472) (== netstandard2.0)
      DevExpress.ExpressApp.Validation (19.2.3) - restriction: || (&& (== net40) (>= net452)) (&& (== net40) (>= netstandard2.0)) (== net461) (== net472) (== netstandard2.0)
      DevExpress.Persistent.Base (19.2.3) - restriction: || (&& (== net40) (>= net452)) (&& (== net40) (>= netstandard2.0)) (== net461) (== net472) (== netstandard2.0)
      NETStandard.Library (>= 2.0.3) - restriction: || (&& (== net40) (== net472)) (&& (== net40) (>= netstandard2.0)) (&& (== net461) (< net452) (>= netstandard2.0)) (&& (== net472) (< net452)) (== netstandard2.0)
      System.Drawing.Common (>= 4.5) - restriction: || (&& (== net40) (== net472)) (&& (== net40) (>= netstandard2.0)) (&& (== net461) (< net452) (>= netstandard2.0)) (&& (== net472) (< net452)) (== netstandard2.0)
    DevExpress.ExpressApp.TreeListEditors (19.2.3) - restriction: || (&& (== net40) (>= net452)) (&& (== net40) (>= netstandard2.0)) (== net461) (== net472) (== netstandard2.0)
      DevExpress.Data (19.2.3) - restriction: || (&& (== net40) (>= net452)) (== net461) (== net472) (&& (== netstandard2.0) (>= net452))
      DevExpress.ExpressApp (19.2.3) - restriction: || (&& (== net40) (>= net452)) (== net461) (== net472) (&& (== netstandard2.0) (>= net452))
      DevExpress.Persistent.Base (19.2.3) - restriction: || (&& (== net40) (>= net452)) (== net461) (== net472) (&& (== netstandard2.0) (>= net452))
    DevExpress.ExpressApp.TreeListEditors.Web (19.2.3) - restriction: || (&& (== net40) (>= net452)) (== net461) (== net472) (&& (== netstandard2.0) (>= net452))
      DevExpress.Data (19.2.3) - restriction: || (&& (== net40) (>= net452)) (== net461) (== net472) (&& (== netstandard2.0) (>= net452))
      DevExpress.ExpressApp (19.2.3) - restriction: || (&& (== net40) (>= net452)) (== net461) (== net472) (&& (== netstandard2.0) (>= net452))
      DevExpress.ExpressApp.TreeListEditors (19.2.3) - restriction: || (&& (== net40) (>= net452)) (== net461) (== net472) (&& (== netstandard2.0) (>= net452))
      DevExpress.ExpressApp.Web (19.2.3) - restriction: || (&& (== net40) (>= net452)) (== net461) (== net472) (&& (== netstandard2.0) (>= net452))
      DevExpress.Persistent.Base (19.2.3) - restriction: || (&& (== net40) (>= net452)) (== net461) (== net472) (&& (== netstandard2.0) (>= net452))
      DevExpress.Web (19.2.3) - restriction: || (&& (== net40) (>= net452)) (== net461) (== net472) (&& (== netstandard2.0) (>= net452))
    DevExpress.ExpressApp.TreeListEditors.Win (19.2.3) - restriction: || (&& (== net40) (>= net452)) (== net461) (== net472) (&& (== netstandard2.0) (>= net452))
      DevExpress.Data (19.2.3) - restriction: || (&& (== net40) (>= net452)) (== net461) (== net472) (&& (== netstandard2.0) (>= net452))
      DevExpress.ExpressApp (19.2.3) - restriction: || (&& (== net40) (>= net452)) (== net461) (== net472) (&& (== netstandard2.0) (>= net452))
      DevExpress.ExpressApp.TreeListEditors (19.2.3) - restriction: || (&& (== net40) (>= net452)) (== net461) (== net472) (&& (== netstandard2.0) (>= net452))
      DevExpress.ExpressApp.Win (19.2.3) - restriction: || (&& (== net40) (>= net452)) (== net461) (== net472) (&& (== netstandard2.0) (>= net452))
      DevExpress.Persistent.Base (19.2.3) - restriction: || (&& (== net40) (>= net452)) (== net461) (== net472) (&& (== netstandard2.0) (>= net452))
      DevExpress.Utils (19.2.3) - restriction: || (&& (== net40) (>= net452)) (== net461) (== net472) (&& (== netstandard2.0) (>= net452))
      DevExpress.Win.Navigation (19.2.3) - restriction: || (&& (== net40) (>= net452)) (== net461) (== net472) (&& (== netstandard2.0) (>= net452))
      DevExpress.Win.TreeList (19.2.3) - restriction: || (&& (== net40) (>= net452)) (== net461) (== net472) (&& (== netstandard2.0) (>= net452))
    DevExpress.ExpressApp.Validation (19.2.3) - restriction: || (&& (== net40) (>= net452)) (&& (== net40) (>= netstandard2.0)) (== net461) (== net472) (== netstandard2.0)
      DevExpress.Data (19.2.3) - restriction: || (&& (== net40) (>= net452)) (&& (== net40) (>= netstandard2.0)) (== net461) (== net472) (== netstandard2.0)
      DevExpress.ExpressApp (19.2.3) - restriction: || (&& (== net40) (>= net452)) (&& (== net40) (>= netstandard2.0)) (== net461) (== net472) (== netstandard2.0)
      DevExpress.Persistent.Base (19.2.3) - restriction: || (&& (== net40) (>= net452)) (&& (== net40) (>= netstandard2.0)) (== net461) (== net472) (== netstandard2.0)
      NETStandard.Library (>= 2.0.3) - restriction: || (&& (== net40) (== net472)) (&& (== net40) (>= netstandard2.0)) (&& (== net461) (< net452) (>= netstandard2.0)) (&& (== net472) (< net452)) (== netstandard2.0)
      System.Drawing.Common (>= 4.5) - restriction: || (&& (== net40) (== net472)) (&& (== net40) (>= netstandard2.0)) (&& (== net461) (< net452) (>= netstandard2.0)) (&& (== net472) (< net452)) (== netstandard2.0)
    DevExpress.ExpressApp.Validation.Web (19.2.3) - restriction: || (&& (== net40) (>= net452)) (== net461) (== net472) (&& (== netstandard2.0) (>= net452))
      DevExpress.Data (19.2.3) - restriction: || (&& (== net40) (>= net452)) (== net461) (== net472) (&& (== netstandard2.0) (>= net452))
      DevExpress.ExpressApp (19.2.3) - restriction: || (&& (== net40) (>= net452)) (== net461) (== net472) (&& (== netstandard2.0) (>= net452))
      DevExpress.ExpressApp.Validation (19.2.3) - restriction: || (&& (== net40) (>= net452)) (== net461) (== net472) (&& (== netstandard2.0) (>= net452))
      DevExpress.ExpressApp.Web (19.2.3) - restriction: || (&& (== net40) (>= net452)) (== net461) (== net472) (&& (== netstandard2.0) (>= net452))
      DevExpress.Persistent.Base (19.2.3) - restriction: || (&& (== net40) (>= net452)) (== net461) (== net472) (&& (== netstandard2.0) (>= net452))
      DevExpress.Web (19.2.3) - restriction: || (&& (== net40) (>= net452)) (== net461) (== net472) (&& (== netstandard2.0) (>= net452))
    DevExpress.ExpressApp.Validation.Win (19.2.3) - restriction: || (&& (== net40) (>= net452)) (== net461) (== net472) (&& (== netstandard2.0) (>= net452))
      DevExpress.Data (19.2.3) - restriction: || (&& (== net40) (>= net452)) (== net461) (== net472) (&& (== netstandard2.0) (>= net452))
      DevExpress.ExpressApp (19.2.3) - restriction: || (&& (== net40) (>= net452)) (== net461) (== net472) (&& (== netstandard2.0) (>= net452))
      DevExpress.ExpressApp.Validation (19.2.3) - restriction: || (&& (== net40) (>= net452)) (== net461) (== net472) (&& (== netstandard2.0) (>= net452))
      DevExpress.ExpressApp.Win (19.2.3) - restriction: || (&& (== net40) (>= net452)) (== net461) (== net472) (&& (== netstandard2.0) (>= net452))
      DevExpress.Persistent.Base (19.2.3) - restriction: || (&& (== net40) (>= net452)) (== net461) (== net472) (&& (== netstandard2.0) (>= net452))
      DevExpress.Win.Grid (19.2.3) - restriction: || (&& (== net40) (>= net452)) (== net461) (== net472) (&& (== netstandard2.0) (>= net452))
      DevExpress.Win.Navigation (19.2.3) - restriction: || (&& (== net40) (>= net452)) (== net461) (== net472) (&& (== netstandard2.0) (>= net452))
    DevExpress.ExpressApp.ViewVariantsModule (19.2.3) - restriction: || (&& (== net40) (>= net452)) (&& (== net40) (>= netstandard2.0)) (== net461) (== net472) (== netstandard2.0)
      DevExpress.Data (19.2.3) - restriction: || (&& (== net40) (>= net452)) (&& (== net40) (>= netstandard2.0)) (== net461) (== net472) (== netstandard2.0)
      DevExpress.ExpressApp (19.2.3) - restriction: || (&& (== net40) (>= net452)) (&& (== net40) (>= netstandard2.0)) (== net461) (== net472) (== netstandard2.0)
      NETStandard.Library (>= 2.0.3) - restriction: || (&& (== net40) (== net472)) (&& (== net40) (>= netstandard2.0)) (&& (== net461) (< net452) (>= netstandard2.0)) (&& (== net472) (< net452)) (== netstandard2.0)
      System.Drawing.Common (>= 4.5) - restriction: || (&& (== net40) (== net472)) (&& (== net40) (>= netstandard2.0)) (&& (== net461) (< net452) (>= netstandard2.0)) (&& (== net472) (< net452)) (== netstandard2.0)
    DevExpress.ExpressApp.Web (19.2.3) - restriction: || (&& (== net40) (>= net452)) (== net461) (== net472) (&& (== netstandard2.0) (>= net452))
      DevExpress.Data (19.2.3) - restriction: || (&& (== net40) (>= net452)) (== net461) (== net472) (&& (== netstandard2.0) (>= net452))
      DevExpress.ExpressApp (19.2.3) - restriction: || (&& (== net40) (>= net452)) (== net461) (== net472) (&& (== netstandard2.0) (>= net452))
      DevExpress.Persistent.Base (19.2.3) - restriction: || (&& (== net40) (>= net452)) (== net461) (== net472) (&& (== netstandard2.0) (>= net452))
      DevExpress.Printing.Core (19.2.3) - restriction: || (&& (== net40) (>= net452)) (== net461) (== net472) (&& (== netstandard2.0) (>= net452))
      DevExpress.Utils (19.2.3) - restriction: || (&& (== net40) (>= net452)) (== net461) (== net472) (&& (== netstandard2.0) (>= net452))
      DevExpress.Web (19.2.3) - restriction: || (&& (== net40) (>= net452)) (== net461) (== net472) (&& (== netstandard2.0) (>= net452))
      DevExpress.Web.Themes (19.2.3) - restriction: || (&& (== net40) (>= net452)) (== net461) (== net472) (&& (== netstandard2.0) (>= net452))
    DevExpress.ExpressApp.Web.All (19.2.3)
      DevExpress.ExpressApp.Chart.Web (19.2.3) - restriction: || (&& (== net40) (>= net452)) (== net461) (== net472) (&& (== netstandard2.0) (>= net452))
      DevExpress.ExpressApp.Core.All (19.2.3) - restriction: || (&& (== net40) (>= net452)) (== net461) (== net472) (&& (== netstandard2.0) (>= net452))
      DevExpress.ExpressApp.Dashboards.Web (19.2.3) - restriction: || (&& (== net40) (>= net452)) (== net461) (== net472) (&& (== netstandard2.0) (>= net452))
      DevExpress.ExpressApp.EasyTest.WebAdapter (19.2.3) - restriction: || (&& (== net40) (>= net452)) (== net461) (== net472) (&& (== netstandard2.0) (>= net452))
      DevExpress.ExpressApp.FileAttachment.Web (19.2.3) - restriction: || (&& (== net40) (>= net452)) (== net461) (== net472) (&& (== netstandard2.0) (>= net452))
      DevExpress.ExpressApp.HtmlPropertyEditor.Web (19.2.3) - restriction: || (&& (== net40) (>= net452)) (== net461) (== net472) (&& (== netstandard2.0) (>= net452))
      DevExpress.ExpressApp.Maps.Web (19.2.3) - restriction: || (&& (== net40) (>= net452)) (== net461) (== net472) (&& (== netstandard2.0) (>= net452))
      DevExpress.ExpressApp.Notifications.Web (19.2.3) - restriction: || (&& (== net40) (>= net452)) (== net461) (== net472) (&& (== netstandard2.0) (>= net452))
      DevExpress.ExpressApp.Office.Web (19.2.3) - restriction: || (&& (== net40) (>= net452)) (== net461) (== net472) (&& (== netstandard2.0) (>= net452))
      DevExpress.ExpressApp.PivotChart.Web (19.2.3) - restriction: || (&& (== net40) (>= net452)) (== net461) (== net472) (&& (== netstandard2.0) (>= net452))
      DevExpress.ExpressApp.PivotGrid.Web (19.2.3) - restriction: || (&& (== net40) (>= net452)) (== net461) (== net472) (&& (== netstandard2.0) (>= net452))
      DevExpress.ExpressApp.ReportsV2.Web (19.2.3) - restriction: || (&& (== net40) (>= net452)) (== net461) (== net472) (&& (== netstandard2.0) (>= net452))
      DevExpress.ExpressApp.Scheduler.Web (19.2.3) - restriction: || (&& (== net40) (>= net452)) (== net461) (== net472) (&& (== netstandard2.0) (>= net452))
      DevExpress.ExpressApp.ScriptRecorder.Web (19.2.3) - restriction: || (&& (== net40) (>= net452)) (== net461) (== net472) (&& (== netstandard2.0) (>= net452))
      DevExpress.ExpressApp.TreeListEditors.Web (19.2.3) - restriction: || (&& (== net40) (>= net452)) (== net461) (== net472) (&& (== netstandard2.0) (>= net452))
      DevExpress.ExpressApp.Validation.Web (19.2.3) - restriction: || (&& (== net40) (>= net452)) (== net461) (== net472) (&& (== netstandard2.0) (>= net452))
      DevExpress.ExpressApp.Web (19.2.3) - restriction: || (&& (== net40) (>= net452)) (== net461) (== net472) (&& (== netstandard2.0) (>= net452))
    DevExpress.ExpressApp.Win (19.2.3) - restriction: || (&& (== net40) (>= net452)) (== net461) (== net472) (&& (== netstandard2.0) (>= net452))
      DevExpress.Data (19.2.3) - restriction: || (&& (== net40) (>= net452)) (== net461) (== net472) (&& (== netstandard2.0) (>= net452))
      DevExpress.ExpressApp (19.2.3) - restriction: || (&& (== net40) (>= net452)) (== net461) (== net472) (&& (== netstandard2.0) (>= net452))
      DevExpress.Office.Core (19.2.3) - restriction: || (&& (== net40) (>= net452)) (== net461) (== net472) (&& (== netstandard2.0) (>= net452))
      DevExpress.Persistent.Base (19.2.3) - restriction: || (&& (== net40) (>= net452)) (== net461) (== net472) (&& (== netstandard2.0) (>= net452))
      DevExpress.Printing.Core (19.2.3) - restriction: || (&& (== net40) (>= net452)) (== net461) (== net472) (&& (== netstandard2.0) (>= net452))
      DevExpress.RichEdit.Core (19.2.3) - restriction: || (&& (== net40) (>= net452)) (== net461) (== net472) (&& (== netstandard2.0) (>= net452))
      DevExpress.Utils (19.2.3) - restriction: || (&& (== net40) (>= net452)) (== net461) (== net472) (&& (== netstandard2.0) (>= net452))
      DevExpress.Win (19.2.3) - restriction: || (&& (== net40) (>= net452)) (== net461) (== net472) (&& (== netstandard2.0) (>= net452))
      DevExpress.Win.BonusSkins (19.2.3) - restriction: || (&& (== net40) (>= net452)) (== net461) (== net472) (&& (== netstandard2.0) (>= net452))
      DevExpress.Win.Grid (19.2.3) - restriction: || (&& (== net40) (>= net452)) (== net461) (== net472) (&& (== netstandard2.0) (>= net452))
      DevExpress.Win.Navigation (19.2.3) - restriction: || (&& (== net40) (>= net452)) (== net461) (== net472) (&& (== netstandard2.0) (>= net452))
      DevExpress.Win.Printing (19.2.3) - restriction: || (&& (== net40) (>= net452)) (== net461) (== net472) (&& (== netstandard2.0) (>= net452))
      DevExpress.Win.RichEdit (19.2.3) - restriction: || (&& (== net40) (>= net452)) (== net461) (== net472) (&& (== netstandard2.0) (>= net452))
      DevExpress.Win.TreeList (19.2.3) - restriction: || (&& (== net40) (>= net452)) (== net461) (== net472) (&& (== netstandard2.0) (>= net452))
      DevExpress.Win.VerticalGrid (19.2.3) - restriction: || (&& (== net40) (>= net452)) (== net461) (== net472) (&& (== netstandard2.0) (>= net452))
    DevExpress.ExpressApp.Win.All (19.2.3)
      DevExpress.ExpressApp.Chart.Win (19.2.3) - restriction: || (&& (== net40) (>= net452)) (== net461) (== net472) (&& (== netstandard2.0) (>= net452))
      DevExpress.ExpressApp.Core.All (19.2.3) - restriction: || (&& (== net40) (>= net452)) (== net461) (== net472) (&& (== netstandard2.0) (>= net452))
      DevExpress.ExpressApp.Dashboards.Win (19.2.3) - restriction: || (&& (== net40) (>= net452)) (== net461) (== net472) (&& (== netstandard2.0) (>= net452))
      DevExpress.ExpressApp.EasyTest.WinAdapter (19.2.3) - restriction: || (&& (== net40) (>= net452)) (== net461) (== net472) (&& (== netstandard2.0) (>= net452))
      DevExpress.ExpressApp.FileAttachment.Win (19.2.3) - restriction: || (&& (== net40) (>= net452)) (== net461) (== net472) (&& (== netstandard2.0) (>= net452))
      DevExpress.ExpressApp.HtmlPropertyEditor.Win (19.2.3) - restriction: || (&& (== net40) (>= net452)) (== net461) (== net472) (&& (== netstandard2.0) (>= net452))
      DevExpress.ExpressApp.Notifications.Win (19.2.3) - restriction: || (&& (== net40) (>= net452)) (== net461) (== net472) (&& (== netstandard2.0) (>= net452))
      DevExpress.ExpressApp.Office.Win (19.2.3) - restriction: || (&& (== net40) (>= net452)) (== net461) (== net472) (&& (== netstandard2.0) (>= net452))
      DevExpress.ExpressApp.PivotChart.Win (19.2.3) - restriction: || (&& (== net40) (>= net452)) (== net461) (== net472) (&& (== netstandard2.0) (>= net452))
      DevExpress.ExpressApp.PivotGrid.Win (19.2.3) - restriction: || (&& (== net40) (>= net452)) (== net461) (== net472) (&& (== netstandard2.0) (>= net452))
      DevExpress.ExpressApp.ReportsV2.Win (19.2.3) - restriction: || (&& (== net40) (>= net452)) (== net461) (== net472) (&& (== netstandard2.0) (>= net452))
      DevExpress.ExpressApp.Scheduler.Win (19.2.3) - restriction: || (&& (== net40) (>= net452)) (== net461) (== net472) (&& (== netstandard2.0) (>= net452))
      DevExpress.ExpressApp.ScriptRecorder.Win (19.2.3) - restriction: || (&& (== net40) (>= net452)) (== net461) (== net472) (&& (== netstandard2.0) (>= net452))
      DevExpress.ExpressApp.TreeListEditors.Win (19.2.3) - restriction: || (&& (== net40) (>= net452)) (== net461) (== net472) (&& (== netstandard2.0) (>= net452))
      DevExpress.ExpressApp.Validation.Win (19.2.3) - restriction: || (&& (== net40) (>= net452)) (== net461) (== net472) (&& (== netstandard2.0) (>= net452))
      DevExpress.ExpressApp.Win (19.2.3) - restriction: || (&& (== net40) (>= net452)) (== net461) (== net472) (&& (== netstandard2.0) (>= net452))
      DevExpress.ExpressApp.Workflow.Win (19.2.3) - restriction: || (&& (== net40) (>= net452)) (== net461) (== net472) (&& (== netstandard2.0) (>= net452))
    DevExpress.ExpressApp.Workflow (19.2.3) - restriction: || (&& (== net40) (>= net452)) (&& (== net40) (>= netstandard2.0)) (== net461) (== net472) (== netstandard2.0)
      DevExpress.Data (19.2.3) - restriction: || (&& (== net40) (>= net452)) (== net461) (== net472) (&& (== netstandard2.0) (>= net452))
      DevExpress.ExpressApp (19.2.3) - restriction: || (&& (== net40) (>= net452)) (== net461) (== net472) (&& (== netstandard2.0) (>= net452))
      DevExpress.ExpressApp.ConditionalAppearance (19.2.3) - restriction: || (&& (== net40) (>= net452)) (== net461) (== net472) (&& (== netstandard2.0) (>= net452))
      DevExpress.ExpressApp.Security (19.2.3) - restriction: || (&& (== net40) (>= net452)) (== net461) (== net472) (&& (== netstandard2.0) (>= net452))
      DevExpress.Persistent.Base (19.2.3) - restriction: || (&& (== net40) (>= net452)) (== net461) (== net472) (&& (== netstandard2.0) (>= net452))
      DevExpress.Utils (19.2.3) - restriction: || (&& (== net40) (>= net452)) (== net461) (== net472) (&& (== netstandard2.0) (>= net452))
    DevExpress.ExpressApp.Workflow.Win (19.2.3) - restriction: || (&& (== net40) (>= net452)) (== net461) (== net472) (&& (== netstandard2.0) (>= net452))
      DevExpress.Data (19.2.3) - restriction: || (&& (== net40) (>= net452)) (== net461) (== net472) (&& (== netstandard2.0) (>= net452))
      DevExpress.ExpressApp (19.2.3) - restriction: || (&& (== net40) (>= net452)) (== net461) (== net472) (&& (== netstandard2.0) (>= net452))
      DevExpress.ExpressApp.Win (19.2.3) - restriction: || (&& (== net40) (>= net452)) (== net461) (== net472) (&& (== netstandard2.0) (>= net452))
      DevExpress.ExpressApp.Workflow (19.2.3) - restriction: || (&& (== net40) (>= net452)) (== net461) (== net472) (&& (== netstandard2.0) (>= net452))
      DevExpress.Persistent.Base (19.2.3) - restriction: || (&& (== net40) (>= net452)) (== net461) (== net472) (&& (== netstandard2.0) (>= net452))
      DevExpress.Utils (19.2.3) - restriction: || (&& (== net40) (>= net452)) (== net461) (== net472) (&& (== netstandard2.0) (>= net452))
    DevExpress.ExpressApp.Xpo (19.2.3) - restriction: || (&& (== net40) (>= net452)) (&& (== net40) (>= netstandard2.0)) (== net461) (== net472) (== netstandard2.0)
      DevExpress.Data (19.2.3) - restriction: || (&& (== net40) (>= net452)) (&& (== net40) (>= netstandard2.0)) (== net461) (== net472) (== netstandard2.0)
      DevExpress.ExpressApp (19.2.3) - restriction: || (&& (== net40) (>= net452)) (&& (== net40) (>= netstandard2.0)) (== net461) (== net472) (== netstandard2.0)
      DevExpress.Xpo (19.2.3) - restriction: || (&& (== net40) (>= net452)) (&& (== net40) (>= netstandard2.0)) (== net461) (== net472) (== netstandard2.0)
      NETStandard.Library (>= 2.0.3) - restriction: || (&& (== net40) (== net472)) (&& (== net40) (>= netstandard2.0)) (&& (== net461) (< net452) (>= netstandard2.0)) (&& (== net472) (< net452)) (== netstandard2.0)
      System.Drawing.Common (>= 4.5) - restriction: || (&& (== net40) (== net472)) (&& (== net40) (>= netstandard2.0)) (&& (== net461) (< net452) (>= netstandard2.0)) (&& (== net472) (< net452)) (== netstandard2.0)
      System.Security.Permissions (>= 4.5) - restriction: || (&& (== net40) (== net472)) (&& (== net40) (>= netstandard2.0)) (&& (== net461) (< net452) (>= netstandard2.0)) (&& (== net472) (< net452)) (== netstandard2.0)
    DevExpress.Gauges.Core (19.2.3) - restriction: || (&& (== net40) (>= net452)) (== net461) (== net472) (&& (== netstandard2.0) (>= net452))
      DevExpress.Data (19.2.3) - restriction: || (&& (== net40) (>= net452)) (&& (== net40) (>= netstandard2.0)) (== net461) (== net472) (== netstandard2.0)
      DevExpress.Printing.Core (19.2.3) - restriction: || (&& (== net40) (>= net452)) (== net461) (== net472) (&& (== netstandard2.0) (>= net452))
    DevExpress.Images (19.2.3) - restriction: || (&& (== net40) (>= net452)) (&& (== net40) (>= netstandard2.0)) (== net461) (== net472) (== netstandard2.0)
      DevExpress.Data (19.2.3) - restriction: || (&& (== net40) (>= net452)) (&& (== net40) (>= netstandard2.0)) (== net461) (== net472) (== netstandard2.0)
      NETStandard.Library (>= 2.0.3) - restriction: || (&& (== net40) (== net472)) (&& (== net40) (>= netstandard2.0)) (&& (== net461) (< net452) (>= netstandard2.0)) (&& (== net472) (< net452)) (== netstandard2.0)
      System.Drawing.Common (>= 4.5) - restriction: || (&& (== net40) (== net472)) (&& (== net40) (>= netstandard2.0)) (&& (== net461) (< net452) (>= netstandard2.0)) (&& (== net472) (< net452)) (== netstandard2.0)
    DevExpress.Map.Core (19.2.3) - restriction: || (&& (== net40) (>= net452)) (== net461) (== net472) (&& (== netstandard2.0) (>= net452))
      DevExpress.Data (19.2.3) - restriction: || (&& (== net40) (>= net452)) (&& (== net40) (>= netstandard2.0)) (== net461) (== net472) (== netstandard2.0)
    DevExpress.Office.Core (19.2.3) - restriction: || (&& (== net40) (>= net452)) (&& (== net40) (>= netstandard2.0)) (== net461) (== net472) (== netstandard2.0)
      DevExpress.Data (19.2.3) - restriction: || (&& (== net40) (>= net452)) (&& (== net40) (>= netstandard2.0)) (== net461) (== net472) (== netstandard2.0)
      DevExpress.Pdf.Core (19.2.3) - restriction: || (&& (== net40) (== net472)) (&& (== net40) (>= netstandard2.0)) (&& (== net461) (< net452) (>= netstandard2.0)) (&& (== net472) (< net452)) (== netstandard2.0)
      DevExpress.Printing.Core (19.2.3) - restriction: || (&& (== net40) (>= net452)) (&& (== net40) (>= netstandard2.0)) (== net461) (== net472) (== netstandard2.0)
      NETStandard.Library (>= 2.0.3) - restriction: || (&& (== net40) (== net472)) (&& (== net40) (>= netstandard2.0)) (&& (== net461) (< net452) (>= netstandard2.0)) (&& (== net472) (< net452)) (== netstandard2.0)
      System.Drawing.Common (>= 4.5) - restriction: || (&& (== net40) (== net472)) (&& (== net40) (>= netstandard2.0)) (&& (== net461) (< net452) (>= netstandard2.0)) (&& (== net472) (< net452)) (== netstandard2.0)
    DevExpress.Pdf.Core (19.2.3) - restriction: || (&& (== net40) (>= net452)) (&& (== net40) (>= netstandard2.0)) (== net461) (== net472) (== netstandard2.0)
      DevExpress.Data (19.2.3) - restriction: || (&& (== net40) (>= net452)) (&& (== net40) (>= netstandard2.0)) (== net461) (== net472) (== netstandard2.0)
      NETStandard.Library (>= 2.0.3) - restriction: || (&& (== net40) (== net472)) (&& (== net40) (>= netstandard2.0)) (&& (== net461) (< net452) (>= netstandard2.0)) (&& (== net472) (< net452)) (== netstandard2.0)
      System.Drawing.Common (>= 4.5) - restriction: || (&& (== net40) (== net472)) (&& (== net40) (>= netstandard2.0)) (&& (== net461) (< net452) (>= netstandard2.0)) (&& (== net472) (< net452)) (== netstandard2.0)
      System.Reflection.Emit (>= 4.3) - restriction: || (&& (== net40) (== net472)) (&& (== net40) (>= netstandard2.0)) (&& (== net461) (< net452) (>= netstandard2.0)) (&& (== net472) (< net452)) (== netstandard2.0)
      System.Security.Cryptography.Pkcs (>= 4.5.2) - restriction: || (&& (== net40) (== net472)) (&& (== net40) (>= netstandard2.0)) (&& (== net461) (< net452) (>= netstandard2.0)) (&& (== net472) (< net452)) (== netstandard2.0)
    DevExpress.Pdf.Drawing (19.2.3) - restriction: || (&& (== net40) (>= net452)) (&& (== net40) (>= netstandard2.0)) (== net461) (== net472) (== netstandard2.0)
      DevExpress.Data (19.2.3) - restriction: || (&& (== net40) (>= net452)) (&& (== net40) (>= netstandard2.0)) (== net461) (== net472) (== netstandard2.0)
      DevExpress.Pdf.Core (19.2.3) - restriction: || (&& (== net40) (>= net452)) (&& (== net40) (>= netstandard2.0)) (== net461) (== net472) (== netstandard2.0)
      NETStandard.Library (>= 2.0.3) - restriction: || (&& (== net40) (== net472)) (&& (== net40) (>= netstandard2.0)) (&& (== net461) (< net452) (>= netstandard2.0)) (&& (== net472) (< net452)) (== netstandard2.0)
      System.Drawing.Common (>= 4.5) - restriction: || (&& (== net40) (== net472)) (&& (== net40) (>= netstandard2.0)) (&& (== net461) (< net452) (>= netstandard2.0)) (&& (== net472) (< net452)) (== netstandard2.0)
    DevExpress.Persistent.Base (19.2.3) - restriction: || (&& (== net40) (>= net452)) (&& (== net40) (>= netstandard2.0)) (== net461) (== net472) (== netstandard2.0)
      DevExpress.Data (19.2.3) - restriction: || (&& (== net40) (>= net452)) (&& (== net40) (>= netstandard2.0)) (== net461) (== net472) (== netstandard2.0)
      DevExpress.ExpressApp (19.2.3) - restriction: || (&& (== net40) (>= net452)) (&& (== net40) (>= netstandard2.0)) (== net461) (== net472) (== netstandard2.0)
      DevExpress.Printing.Core (19.2.3) - restriction: || (&& (== net40) (>= net452)) (&& (== net40) (>= netstandard2.0)) (== net461) (== net472) (== netstandard2.0)
      DevExpress.Reporting.Core (19.2.3) - restriction: || (&& (== net40) (>= net452)) (&& (== net40) (>= netstandard2.0)) (== net461) (== net472) (== netstandard2.0)
      NETStandard.Library (>= 2.0.3) - restriction: || (&& (== net40) (== net472)) (&& (== net40) (>= netstandard2.0)) (&& (== net461) (< net452) (>= netstandard2.0)) (&& (== net472) (< net452)) (== netstandard2.0)
      System.Drawing.Common (>= 4.5) - restriction: || (&& (== net40) (== net472)) (&& (== net40) (>= netstandard2.0)) (&& (== net461) (< net452) (>= netstandard2.0)) (&& (== net472) (< net452)) (== netstandard2.0)
    DevExpress.Persistent.BaseImpl (19.2.3) - restriction: || (&& (== net40) (>= net452)) (&& (== net40) (>= netstandard2.0)) (== net461) (== net472) (== netstandard2.0)
      DevExpress.Data (19.2.3) - restriction: || (&& (== net40) (>= net452)) (&& (== net40) (>= netstandard2.0)) (== net461) (== net472) (== netstandard2.0)
      DevExpress.ExpressApp (19.2.3) - restriction: || (&& (== net40) (>= net452)) (&& (== net40) (>= netstandard2.0)) (== net461) (== net472) (== netstandard2.0)
      DevExpress.ExpressApp.Objects (19.2.3) - restriction: || (&& (== net40) (>= net452)) (&& (== net40) (>= netstandard2.0)) (== net461) (== net472) (== netstandard2.0)
      DevExpress.ExpressApp.Xpo (19.2.3) - restriction: || (&& (== net40) (>= net452)) (&& (== net40) (>= netstandard2.0)) (== net461) (== net472) (== netstandard2.0)
      DevExpress.Persistent.Base (19.2.3) - restriction: || (&& (== net40) (>= net452)) (&& (== net40) (>= netstandard2.0)) (== net461) (== net472) (== netstandard2.0)
      DevExpress.Reporting.Core (19.2.3) - restriction: || (&& (== net40) (>= net452)) (&& (== net40) (>= netstandard2.0)) (== net461) (== net472) (== netstandard2.0)
      DevExpress.Scheduler.Core (19.2.3) - restriction: || (&& (== net40) (>= net452)) (&& (== net40) (>= netstandard2.0)) (== net461) (== net472) (== netstandard2.0)
      DevExpress.Xpo (19.2.3) - restriction: || (&& (== net40) (>= net452)) (&& (== net40) (>= netstandard2.0)) (== net461) (== net472) (== netstandard2.0)
      NETStandard.Library (>= 2.0.3) - restriction: || (&& (== net40) (== net472)) (&& (== net40) (>= netstandard2.0)) (&& (== net461) (< net452) (>= netstandard2.0)) (&& (== net472) (< net452)) (== netstandard2.0)
      System.Drawing.Common (>= 4.5) - restriction: || (&& (== net40) (== net472)) (&& (== net40) (>= netstandard2.0)) (&& (== net461) (< net452) (>= netstandard2.0)) (&& (== net472) (< net452)) (== netstandard2.0)
    DevExpress.PivotGrid.Core (19.2.3) - restriction: || (&& (== net40) (>= net452)) (== net461) (== net472) (&& (== netstandard2.0) (>= net452))
      DevExpress.Data (19.2.3) - restriction: || (&& (== net40) (>= net452)) (&& (== net40) (>= netstandard2.0)) (== net461) (== net472) (== netstandard2.0)
      DevExpress.Printing.Core (19.2.3) - restriction: || (&& (== net40) (>= net452)) (&& (== net40) (>= netstandard2.0)) (== net461) (== net472) (== netstandard2.0)
    DevExpress.Printing.Core (19.2.3) - restriction: || (&& (== net40) (>= net452)) (&& (== net40) (>= netstandard2.0)) (== net461) (== net472) (== netstandard2.0)
      DevExpress.Data (19.2.3) - restriction: || (&& (== net40) (>= net452)) (&& (== net40) (>= netstandard2.0)) (== net461) (== net472) (== netstandard2.0)
      DevExpress.Pdf.Core (19.2.3) - restriction: || (&& (== net40) (>= net452)) (&& (== net40) (>= netstandard2.0)) (== net461) (== net472) (== netstandard2.0)
      NETStandard.Library (>= 2.0.3) - restriction: || (&& (== net40) (== net472)) (&& (== net40) (>= netstandard2.0)) (&& (== net461) (< net452) (>= netstandard2.0)) (&& (== net472) (< net452)) (== netstandard2.0)
      System.ComponentModel.Annotations (>= 4.4) - restriction: || (&& (== net40) (== net472)) (&& (== net40) (>= netstandard2.0)) (&& (== net461) (< net452) (>= netstandard2.0)) (&& (== net472) (< net452)) (== netstandard2.0)
      System.Drawing.Common (>= 4.5) - restriction: || (&& (== net40) (== net472)) (&& (== net40) (>= netstandard2.0)) (&& (== net461) (< net452) (>= netstandard2.0)) (&& (== net472) (< net452)) (== netstandard2.0)
      System.Security.Cryptography.Pkcs (>= 4.5.2) - restriction: || (&& (== net40) (== net472)) (&& (== net40) (>= netstandard2.0)) (&& (== net461) (< net452) (>= netstandard2.0)) (&& (== net472) (< net452)) (== netstandard2.0)
      System.ServiceModel.Http (>= 4.4) - restriction: || (&& (== net40) (== net472)) (&& (== net40) (>= netstandard2.0)) (&& (== net461) (< net452) (>= netstandard2.0)) (&& (== net472) (< net452)) (== netstandard2.0)
      System.ServiceModel.Primitives (>= 4.4) - restriction: || (&& (== net40) (== net472)) (&& (== net40) (>= netstandard2.0)) (&& (== net461) (< net452) (>= netstandard2.0)) (&& (== net472) (< net452)) (== netstandard2.0)
    DevExpress.Reporting.Core (19.2.3) - restriction: || (&& (== net40) (>= net452)) (&& (== net40) (>= netstandard2.0)) (== net461) (== net472) (== netstandard2.0)
      DevExpress.Charts (19.2.3) - restriction: || (&& (== net40) (>= net452)) (&& (== net40) (>= netstandard2.0)) (== net461) (== net472) (== netstandard2.0)
      DevExpress.Charts.Core (19.2.3) - restriction: || (&& (== net40) (>= net452)) (&& (== net40) (>= netstandard2.0)) (== net461) (== net472) (== netstandard2.0)
      DevExpress.CodeParser (19.2.3) - restriction: || (&& (== net40) (>= net452)) (&& (== net40) (>= netstandard2.0)) (== net461) (== net472) (== netstandard2.0)
      DevExpress.Data (19.2.3) - restriction: || (&& (== net40) (>= net452)) (&& (== net40) (>= netstandard2.0)) (== net461) (== net472) (== netstandard2.0)
      DevExpress.DataAccess (19.2.3) - restriction: || (&& (== net40) (>= net452)) (&& (== net40) (>= netstandard2.0)) (== net461) (== net472) (== netstandard2.0)
      DevExpress.Gauges.Core (19.2.3) - restriction: || (&& (== net40) (>= net452)) (&& (== net40) (>= netstandard2.0)) (== net461) (== net472) (== netstandard2.0)
      DevExpress.Office.Core (19.2.3) - restriction: || (&& (== net40) (>= net452)) (&& (== net40) (>= netstandard2.0)) (== net461) (== net472) (== netstandard2.0)
      DevExpress.PivotGrid.Core (19.2.3) - restriction: || (&& (== net40) (>= net452)) (&& (== net40) (>= netstandard2.0)) (== net461) (== net472) (== netstandard2.0)
      DevExpress.Printing.Core (19.2.3) - restriction: || (&& (== net40) (>= net452)) (&& (== net40) (>= netstandard2.0)) (== net461) (== net472) (== netstandard2.0)
      DevExpress.RichEdit.Core (19.2.3) - restriction: || (&& (== net40) (>= net452)) (&& (== net40) (>= netstandard2.0)) (== net461) (== net472) (== netstandard2.0)
      DevExpress.RichEdit.Export (19.2.3) - restriction: || (&& (== net40) (>= net452)) (&& (== net40) (>= netstandard2.0)) (== net461) (== net472) (== netstandard2.0)
      DevExpress.Sparkline.Core (19.2.3) - restriction: || (&& (== net40) (>= net452)) (&& (== net40) (>= netstandard2.0)) (== net461) (== net472) (== netstandard2.0)
      DevExpress.Xpo (19.2.3) - restriction: || (&& (== net40) (>= net452)) (&& (== net40) (>= netstandard2.0)) (== net461) (== net472) (== netstandard2.0)
    DevExpress.RichEdit.Core (19.2.3) - restriction: || (&& (== net40) (>= net452)) (&& (== net40) (>= netstandard2.0)) (== net461) (== net472) (== netstandard2.0)
      DevExpress.Data (19.2.3) - restriction: || (&& (== net40) (>= net452)) (&& (== net40) (>= netstandard2.0)) (== net461) (== net472) (== netstandard2.0)
      DevExpress.Images (19.2.3) - restriction: || (&& (== net40) (>= net452)) (== net461) (== net472) (&& (== netstandard2.0) (>= net452))
      DevExpress.Office.Core (19.2.3) - restriction: || (&& (== net40) (>= net452)) (&& (== net40) (>= netstandard2.0)) (== net461) (== net472) (== netstandard2.0)
      DevExpress.Pdf.Core (19.2.3) - restriction: || (&& (== net40) (>= net452)) (&& (== net40) (>= netstandard2.0)) (== net461) (== net472) (== netstandard2.0)
      DevExpress.Printing.Core (19.2.3) - restriction: || (&& (== net40) (>= net452)) (&& (== net40) (>= netstandard2.0)) (== net461) (== net472) (== netstandard2.0)
      NETStandard.Library (>= 2.0.3) - restriction: || (&& (== net40) (== net472)) (&& (== net40) (>= netstandard2.0)) (&& (== net461) (< net452) (>= netstandard2.0)) (&& (== net472) (< net452)) (== netstandard2.0)
      System.Drawing.Common (>= 4.5) - restriction: || (&& (== net40) (== net472)) (&& (== net40) (>= netstandard2.0)) (&& (== net461) (< net452) (>= netstandard2.0)) (&& (== net472) (< net452)) (== netstandard2.0)
    DevExpress.RichEdit.Export (19.2.3) - restriction: || (&& (== net40) (>= net452)) (== net461) (== net472) (&& (== netstandard2.0) (>= net452))
      DevExpress.Data (19.2.3) - restriction: || (&& (== net40) (>= net452)) (&& (== net40) (>= netstandard2.0)) (== net461) (== net472) (== netstandard2.0)
      DevExpress.Office.Core (19.2.3) - restriction: || (&& (== net40) (>= net452)) (&& (== net40) (>= netstandard2.0)) (== net461) (== net472) (== netstandard2.0)
      DevExpress.Printing.Core (19.2.3) - restriction: || (&& (== net40) (>= net452)) (&& (== net40) (>= netstandard2.0)) (== net461) (== net472) (== netstandard2.0)
      DevExpress.RichEdit.Core (19.2.3) - restriction: || (&& (== net40) (>= net452)) (&& (== net40) (>= netstandard2.0)) (== net461) (== net472) (== netstandard2.0)
    DevExpress.Scheduler.Core (19.2.3) - restriction: || (&& (== net40) (>= net452)) (&& (== net40) (>= netstandard2.0)) (== net461) (== net472) (== netstandard2.0)
      DevExpress.Data (19.2.3) - restriction: || (&& (== net40) (>= net452)) (&& (== net40) (>= netstandard2.0)) (== net461) (== net472) (== netstandard2.0)
      DevExpress.Images (19.2.3) - restriction: || (&& (== net40) (>= net452)) (== net461) (== net472) (&& (== netstandard2.0) (>= net452))
      DevExpress.Printing.Core (19.2.3) - restriction: || (&& (== net40) (>= net452)) (== net461) (== net472) (&& (== netstandard2.0) (>= net452))
    DevExpress.Snap.Core (19.2.3) - restriction: || (&& (== net40) (>= net452)) (== net461) (== net472) (&& (== netstandard2.0) (>= net452))
      DevExpress.Charts (19.2.3) - restriction: || (&& (== net40) (>= net452)) (== net461) (== net472) (&& (== netstandard2.0) (>= net452))
      DevExpress.Charts.Core (19.2.3) - restriction: || (&& (== net40) (>= net452)) (== net461) (== net472) (&& (== netstandard2.0) (>= net452))
      DevExpress.Data (19.2.3) - restriction: || (&& (== net40) (>= net452)) (== net461) (== net472) (&& (== netstandard2.0) (>= net452))
      DevExpress.DataAccess (19.2.3) - restriction: || (&& (== net40) (>= net452)) (== net461) (== net472) (&& (== netstandard2.0) (>= net452))
      DevExpress.Office.Core (19.2.3) - restriction: || (&& (== net40) (>= net452)) (== net461) (== net472) (&& (== netstandard2.0) (>= net452))
      DevExpress.Printing.Core (19.2.3) - restriction: || (&& (== net40) (>= net452)) (== net461) (== net472) (&& (== netstandard2.0) (>= net452))
      DevExpress.RichEdit.Core (19.2.3) - restriction: || (&& (== net40) (>= net452)) (== net461) (== net472) (&& (== netstandard2.0) (>= net452))
      DevExpress.Sparkline.Core (19.2.3) - restriction: || (&& (== net40) (>= net452)) (== net461) (== net472) (&& (== netstandard2.0) (>= net452))
    DevExpress.Sparkline.Core (19.2.3) - restriction: || (&& (== net40) (>= net452)) (&& (== net40) (>= netstandard2.0)) (== net461) (== net472) (== netstandard2.0)
      DevExpress.Data (19.2.3) - restriction: || (&& (== net40) (>= net452)) (&& (== net40) (>= netstandard2.0)) (== net461) (== net472) (== netstandard2.0)
    DevExpress.SpellChecker.Core (19.2.3) - restriction: || (&& (== net40) (>= net452)) (== net461) (== net472) (&& (== netstandard2.0) (>= net452))
      DevExpress.Data (19.2.3) - restriction: || (&& (== net40) (>= net452)) (== net461) (== net472) (&& (== netstandard2.0) (>= net452))
    DevExpress.Spreadsheet.Core (19.2.3) - restriction: || (&& (== net40) (>= net452)) (&& (== net40) (>= netstandard2.0)) (== net461) (== net472) (== netstandard2.0)
      DevExpress.Charts.Core (19.2.3) - restriction: || (&& (== net40) (>= net452)) (&& (== net40) (>= netstandard2.0)) (== net461) (== net472) (== netstandard2.0)
      DevExpress.Data (19.2.3) - restriction: || (&& (== net40) (>= net452)) (&& (== net40) (>= netstandard2.0)) (== net461) (== net472) (== netstandard2.0)
      DevExpress.DataAccess (19.2.3) - restriction: || (&& (== net40) (>= net452)) (&& (== net40) (>= netstandard2.0)) (== net461) (== net472) (== netstandard2.0)
      DevExpress.Office.Core (19.2.3) - restriction: || (&& (== net40) (>= net452)) (&& (== net40) (>= netstandard2.0)) (== net461) (== net472) (== netstandard2.0)
      DevExpress.Printing.Core (19.2.3) - restriction: || (&& (== net40) (>= net452)) (&& (== net40) (>= netstandard2.0)) (== net461) (== net472) (== netstandard2.0)
      DevExpress.Sparkline.Core (19.2.3) - restriction: || (&& (== net40) (>= net452)) (&& (== net40) (>= netstandard2.0)) (== net461) (== net472) (== netstandard2.0)
      NETStandard.Library (>= 2.0.3) - restriction: || (&& (== net40) (== net472)) (&& (== net40) (>= netstandard2.0)) (&& (== net461) (< net452) (>= netstandard2.0)) (&& (== net472) (< net452)) (== netstandard2.0)
      System.Drawing.Common (>= 4.5) - restriction: || (&& (== net40) (== net472)) (&& (== net40) (>= netstandard2.0)) (&& (== net461) (< net452) (>= netstandard2.0)) (&& (== net472) (< net452)) (== netstandard2.0)
      System.Security.AccessControl (>= 4.5) - restriction: || (&& (== net40) (== net472)) (&& (== net40) (>= netstandard2.0)) (&& (== net461) (< net452) (>= netstandard2.0)) (&& (== net472) (< net452)) (== netstandard2.0)
    DevExpress.TreeMap.Core (19.2.3) - restriction: || (&& (== net40) (>= net452)) (== net461) (== net472) (&& (== netstandard2.0) (>= net452))
      DevExpress.Data (19.2.3) - restriction: || (&& (== net40) (>= net452)) (&& (== net40) (>= netstandard2.0)) (== net461) (== net472) (== netstandard2.0)
    DevExpress.Utils (19.2.3) - restriction: || (&& (== net40) (>= net452)) (== net461) (== net472) (&& (== netstandard2.0) (>= net452))
      DevExpress.Data (19.2.3) - restriction: || (&& (== net40) (>= net452)) (== net461) (== net472) (&& (== netstandard2.0) (>= net452))
      DevExpress.Printing.Core (19.2.3) - restriction: || (&& (== net40) (>= net452)) (== net461) (== net472) (&& (== netstandard2.0) (>= net452))
    DevExpress.Utils.UI (19.2.3) - restriction: || (&& (== net40) (>= net452)) (== net461) (== net472) (&& (== netstandard2.0) (>= net452))
      DevExpress.Data (19.2.3) - restriction: || (&& (== net40) (>= net452)) (== net461) (== net472) (&& (== netstandard2.0) (>= net452))
      DevExpress.Printing.Core (19.2.3) - restriction: || (&& (== net40) (>= net452)) (== net461) (== net472) (&& (== netstandard2.0) (>= net452))
      DevExpress.Utils (19.2.3) - restriction: || (&& (== net40) (>= net452)) (== net461) (== net472) (&& (== netstandard2.0) (>= net452))
      DevExpress.Win.Navigation (19.2.3) - restriction: || (&& (== net40) (>= net452)) (== net461) (== net472) (&& (== netstandard2.0) (>= net452))
      DevExpress.Win.Printing (19.2.3) - restriction: || (&& (== net40) (>= net452)) (== net461) (== net472) (&& (== netstandard2.0) (>= net452))
      DevExpress.Win.RichEdit (19.2.3) - restriction: || (&& (== net40) (>= net452)) (== net461) (== net472) (&& (== netstandard2.0) (>= net452))
      DevExpress.Win.TreeList (19.2.3) - restriction: || (&& (== net40) (>= net452)) (== net461) (== net472) (&& (== netstandard2.0) (>= net452))
      DevExpress.Win.VerticalGrid (19.2.3) - restriction: || (&& (== net40) (>= net452)) (== net461) (== net472) (&& (== netstandard2.0) (>= net452))
    DevExpress.Web (19.2.3) - restriction: || (&& (== net40) (>= net452)) (== net461) (== net472) (&& (== netstandard2.0) (>= net452))
      DevExpress.Data (19.2.3) - restriction: || (&& (== net40) (>= net452)) (== net461) (== net472) (&& (== netstandard2.0) (>= net452))
      DevExpress.Office.Core (19.2.3) - restriction: || (&& (== net40) (>= net452)) (== net461) (== net472) (&& (== netstandard2.0) (>= net452))
      DevExpress.PivotGrid.Core (19.2.3) - restriction: || (&& (== net40) (>= net452)) (== net461) (== net472) (&& (== netstandard2.0) (>= net452))
      DevExpress.Printing.Core (19.2.3) - restriction: || (&& (== net40) (>= net452)) (== net461) (== net472) (&& (== netstandard2.0) (>= net452))
      DevExpress.RichEdit.Core (19.2.3) - restriction: || (&& (== net40) (>= net452)) (== net461) (== net472) (&& (== netstandard2.0) (>= net452))
      DevExpress.RichEdit.Export (19.2.3) - restriction: || (&& (== net40) (>= net452)) (== net461) (== net472) (&& (== netstandard2.0) (>= net452))
      DevExpress.SpellChecker.Core (19.2.3) - restriction: || (&& (== net40) (>= net452)) (== net461) (== net472) (&& (== netstandard2.0) (>= net452))
    DevExpress.Web.Dashboard (19.2.3) - restriction: || (&& (== net40) (>= net452)) (== net461) (== net472) (&& (== netstandard2.0) (>= net452))
      DevExpress.Dashboard.Core (19.2.3) - restriction: || (&& (== net40) (>= net452)) (== net461) (== net472) (&& (== netstandard2.0) (>= net452))
      DevExpress.Data (19.2.3) - restriction: || (&& (== net40) (>= net452)) (== net461) (== net472) (&& (== netstandard2.0) (>= net452))
      DevExpress.DataAccess (19.2.3) - restriction: || (&& (== net40) (>= net452)) (== net461) (== net472) (&& (== netstandard2.0) (>= net452))
      DevExpress.Web (19.2.3) - restriction: || (&& (== net40) (>= net452)) (== net461) (== net472) (&& (== netstandard2.0) (>= net452))
      DevExpress.Web.Dashboard.Common (19.2.3) - restriction: || (&& (== net40) (>= net452)) (== net461) (== net472) (&& (== netstandard2.0) (>= net452))
    DevExpress.Web.Dashboard.Common (19.2.3) - restriction: || (&& (== net40) (>= net452)) (== net461) (== net472) (&& (== netstandard2.0) (>= net452))
      DevExpress.Charts.Core (19.2.3) - restriction: || (&& (== net40) (>= net452)) (== net461) (== net472) (&& (== netstandard2.0) (>= net452))
      DevExpress.Dashboard.Core (19.2.3) - restriction: || (&& (== net40) (>= net452)) (&& (== net40) (>= netstandard2.0)) (== net461) (== net472) (== netstandard2.0)
      DevExpress.Data (19.2.3) - restriction: || (&& (== net40) (>= net452)) (&& (== net40) (>= netstandard2.0)) (== net461) (== net472) (== netstandard2.0)
      DevExpress.DataAccess (19.2.3) - restriction: || (&& (== net40) (>= net452)) (&& (== net40) (>= netstandard2.0)) (== net461) (== net472) (== netstandard2.0)
      DevExpress.Pdf.Core (19.2.3) - restriction: || (&& (== net40) (>= net452)) (== net461) (== net472) (&& (== netstandard2.0) (>= net452))
      DevExpress.PivotGrid.Core (19.2.3) - restriction: || (&& (== net40) (>= net452)) (&& (== net40) (>= netstandard2.0)) (== net461) (== net472) (== netstandard2.0)
      DevExpress.Printing.Core (19.2.3) - restriction: || (&& (== net40) (>= net452)) (&& (== net40) (>= netstandard2.0)) (== net461) (== net472) (== netstandard2.0)
      DevExpress.Reporting.Core (19.2.3) - restriction: || (&& (== net40) (>= net452)) (&& (== net40) (>= netstandard2.0)) (== net461) (== net472) (== netstandard2.0)
      DevExpress.RichEdit.Core (19.2.3) - restriction: || (&& (== net40) (>= net452)) (== net461) (== net472) (&& (== netstandard2.0) (>= net452))
      DevExpress.Xpo (19.2.3) - restriction: || (&& (== net40) (>= net452)) (== net461) (== net472) (&& (== netstandard2.0) (>= net452))
    DevExpress.Web.Office (19.2.3) - restriction: || (&& (== net40) (>= net452)) (== net461) (== net472) (&& (== netstandard2.0) (>= net452))
      DevExpress.Charts (19.2.3) - restriction: || (&& (== net40) (>= net452)) (== net461) (== net472) (&& (== netstandard2.0) (>= net452))
      DevExpress.Charts.Core (19.2.3) - restriction: || (&& (== net40) (>= net452)) (== net461) (== net472) (&& (== netstandard2.0) (>= net452))
      DevExpress.Data (19.2.3) - restriction: || (&& (== net40) (>= net452)) (== net461) (== net472) (&& (== netstandard2.0) (>= net452))
      DevExpress.Office.Core (19.2.3) - restriction: || (&& (== net40) (>= net452)) (== net461) (== net472) (&& (== netstandard2.0) (>= net452))
      DevExpress.Printing.Core (19.2.3) - restriction: || (&& (== net40) (>= net452)) (== net461) (== net472) (&& (== netstandard2.0) (>= net452))
      DevExpress.RichEdit.Core (19.2.3) - restriction: || (&& (== net40) (>= net452)) (== net461) (== net472) (&& (== netstandard2.0) (>= net452))
      DevExpress.SpellChecker.Core (19.2.3) - restriction: || (&& (== net40) (>= net452)) (== net461) (== net472) (&& (== netstandard2.0) (>= net452))
      DevExpress.Spreadsheet.Core (19.2.3) - restriction: || (&& (== net40) (>= net452)) (== net461) (== net472) (&& (== netstandard2.0) (>= net452))
      DevExpress.Web (19.2.3) - restriction: || (&& (== net40) (>= net452)) (== net461) (== net472) (&& (== netstandard2.0) (>= net452))
    DevExpress.Web.Reporting (19.2.3) - restriction: || (&& (== net40) (>= net452)) (== net461) (== net472) (&& (== netstandard2.0) (>= net452))
      DevExpress.Data (19.2.3) - restriction: || (&& (== net40) (>= net452)) (== net461) (== net472) (&& (== netstandard2.0) (>= net452))
      DevExpress.DataAccess (19.2.3) - restriction: || (&& (== net40) (>= net452)) (== net461) (== net472) (&& (== netstandard2.0) (>= net452))
      DevExpress.Printing.Core (19.2.3) - restriction: || (&& (== net40) (>= net452)) (== net461) (== net472) (&& (== netstandard2.0) (>= net452))
      DevExpress.Reporting.Core (19.2.3) - restriction: || (&& (== net40) (>= net452)) (== net461) (== net472) (&& (== netstandard2.0) (>= net452))
      DevExpress.Utils (19.2.3) - restriction: || (&& (== net40) (>= net452)) (== net461) (== net472) (&& (== netstandard2.0) (>= net452))
      DevExpress.Web (19.2.3) - restriction: || (&& (== net40) (>= net452)) (== net461) (== net472) (&& (== netstandard2.0) (>= net452))
      DevExpress.Web.Reporting.Common (19.2.3) - restriction: || (&& (== net40) (>= net452)) (== net461) (== net472) (&& (== netstandard2.0) (>= net452))
    DevExpress.Web.Reporting.Common (19.2.3) - restriction: || (&& (== net40) (>= net452)) (== net461) (== net472) (&& (== netstandard2.0) (>= net452))
      DevExpress.Charts (19.2.3) - restriction: || (&& (== net40) (>= net452)) (&& (== net40) (>= netstandard2.0)) (== net461) (== net472) (== netstandard2.0)
      DevExpress.Charts.Core (19.2.3) - restriction: || (&& (== net40) (>= net452)) (&& (== net40) (>= netstandard2.0)) (== net461) (== net472) (== netstandard2.0)
      DevExpress.Data (19.2.3) - restriction: || (&& (== net40) (>= net452)) (&& (== net40) (>= netstandard2.0)) (== net461) (== net472) (== netstandard2.0)
      DevExpress.DataAccess (19.2.3) - restriction: || (&& (== net40) (>= net452)) (&& (== net40) (>= netstandard2.0)) (== net461) (== net472) (== netstandard2.0)
      DevExpress.Gauges.Core (19.2.3) - restriction: || (&& (== net40) (>= net452)) (&& (== net40) (>= netstandard2.0)) (== net461) (== net472) (== netstandard2.0)
      DevExpress.PivotGrid.Core (19.2.3) - restriction: || (&& (== net40) (>= net452)) (&& (== net40) (>= netstandard2.0)) (== net461) (== net472) (== netstandard2.0)
      DevExpress.Printing.Core (19.2.3) - restriction: || (&& (== net40) (>= net452)) (&& (== net40) (>= netstandard2.0)) (== net461) (== net472) (== netstandard2.0)
      DevExpress.Reporting.Core (19.2.3) - restriction: || (&& (== net40) (>= net452)) (&& (== net40) (>= netstandard2.0)) (== net461) (== net472) (== netstandard2.0)
      DevExpress.Sparkline.Core (19.2.3) - restriction: || (&& (== net40) (>= net452)) (&& (== net40) (>= netstandard2.0)) (== net461) (== net472) (== netstandard2.0)
    DevExpress.Web.Scheduler (19.2.3) - restriction: || (&& (== net40) (>= net452)) (== net461) (== net472) (&& (== netstandard2.0) (>= net452))
      DevExpress.Data (19.2.3) - restriction: || (&& (== net40) (>= net452)) (== net461) (== net472) (&& (== netstandard2.0) (>= net452))
      DevExpress.Scheduler.Core (19.2.3) - restriction: || (&& (== net40) (>= net452)) (== net461) (== net472) (&& (== netstandard2.0) (>= net452))
      DevExpress.Web (19.2.3) - restriction: || (&& (== net40) (>= net452)) (== net461) (== net472) (&& (== netstandard2.0) (>= net452))
    DevExpress.Web.Themes (19.2.3) - restriction: || (&& (== net40) (>= net452)) (== net461) (== net472) (&& (== netstandard2.0) (>= net452))
      DevExpress.Web (19.2.3) - restriction: || (&& (== net40) (>= net452)) (== net461) (== net472) (&& (== netstandard2.0) (>= net452))
    DevExpress.Web.Visualization (19.2.3) - restriction: || (&& (== net40) (>= net452)) (== net461) (== net472) (&& (== netstandard2.0) (>= net452))
      DevExpress.Charts (19.2.3) - restriction: || (&& (== net40) (>= net452)) (== net461) (== net472) (&& (== netstandard2.0) (>= net452))
      DevExpress.Charts.Core (19.2.3) - restriction: || (&& (== net40) (>= net452)) (== net461) (== net472) (&& (== netstandard2.0) (>= net452))
      DevExpress.Data (19.2.3) - restriction: || (&& (== net40) (>= net452)) (== net461) (== net472) (&& (== netstandard2.0) (>= net452))
      DevExpress.Gauges.Core (19.2.3) - restriction: || (&& (== net40) (>= net452)) (== net461) (== net472) (&& (== netstandard2.0) (>= net452))
      DevExpress.Printing.Core (19.2.3) - restriction: || (&& (== net40) (>= net452)) (== net461) (== net472) (&& (== netstandard2.0) (>= net452))
      DevExpress.Web (19.2.3) - restriction: || (&& (== net40) (>= net452)) (== net461) (== net472) (&& (== netstandard2.0) (>= net452))
    DevExpress.Win (19.2.3) - restriction: || (&& (== net40) (>= net452)) (== net461) (== net472) (&& (== netstandard2.0) (>= net452))
      DevExpress.Data (19.2.3) - restriction: || (&& (== net40) (>= net452)) (== net461) (== net472) (&& (== netstandard2.0) (>= net452))
      DevExpress.RichEdit.Export (19.2.3) - restriction: || (&& (== net40) (>= net452)) (== net461) (== net472) (&& (== netstandard2.0) (>= net452))
      DevExpress.Utils (19.2.3) - restriction: || (&& (== net40) (>= net452)) (== net461) (== net472) (&& (== netstandard2.0) (>= net452))
      DevExpress.Win.Grid (19.2.3) - restriction: || (&& (== net40) (>= net452)) (== net461) (== net472) (&& (== netstandard2.0) (>= net452))
      DevExpress.Win.Navigation (19.2.3) - restriction: || (&& (== net40) (>= net452)) (== net461) (== net472) (&& (== netstandard2.0) (>= net452))
      DevExpress.Win.PivotGrid (19.2.3) - restriction: || (&& (== net40) (>= net452)) (== net461) (== net472) (&& (== netstandard2.0) (>= net452))
      DevExpress.Win.Printing (19.2.3) - restriction: || (&& (== net40) (>= net452)) (== net461) (== net472) (&& (== netstandard2.0) (>= net452))
      DevExpress.Win.TreeList (19.2.3) - restriction: || (&& (== net40) (>= net452)) (== net461) (== net472) (&& (== netstandard2.0) (>= net452))
      DevExpress.Win.VerticalGrid (19.2.3) - restriction: || (&& (== net40) (>= net452)) (== net461) (== net472) (&& (== netstandard2.0) (>= net452))
    DevExpress.Win.BonusSkins (19.2.3) - restriction: || (&& (== net40) (>= net452)) (== net461) (== net472) (&& (== netstandard2.0) (>= net452))
      DevExpress.Utils (19.2.3) - restriction: || (&& (== net40) (>= net452)) (== net461) (== net472) (&& (== netstandard2.0) (>= net452))
    DevExpress.Win.Charts (19.2.3) - restriction: || (&& (== net40) (>= net452)) (== net461) (== net472) (&& (== netstandard2.0) (>= net452))
      DevExpress.Charts (19.2.3) - restriction: || (&& (== net40) (>= net452)) (== net461) (== net472) (&& (== netstandard2.0) (>= net452))
      DevExpress.Charts.Core (19.2.3) - restriction: || (&& (== net40) (>= net452)) (== net461) (== net472) (&& (== netstandard2.0) (>= net452))
      DevExpress.Data (19.2.3) - restriction: || (&& (== net40) (>= net452)) (== net461) (== net472) (&& (== netstandard2.0) (>= net452))
      DevExpress.Printing.Core (19.2.3) - restriction: || (&& (== net40) (>= net452)) (== net461) (== net472) (&& (== netstandard2.0) (>= net452))
      DevExpress.Utils (19.2.3) - restriction: || (&& (== net40) (>= net452)) (== net461) (== net472) (&& (== netstandard2.0) (>= net452))
      DevExpress.Utils.UI (19.2.3) - restriction: || (&& (== net40) (>= net452)) (== net461) (== net472) (&& (== netstandard2.0) (>= net452))
      DevExpress.Win (19.2.3) - restriction: || (&& (== net40) (>= net452)) (== net461) (== net472) (&& (== netstandard2.0) (>= net452))
      DevExpress.Win.Grid (19.2.3) - restriction: || (&& (== net40) (>= net452)) (== net461) (== net472) (&& (== netstandard2.0) (>= net452))
      DevExpress.Win.Navigation (19.2.3) - restriction: || (&& (== net40) (>= net452)) (== net461) (== net472) (&& (== netstandard2.0) (>= net452))
      DevExpress.Win.Printing (19.2.3) - restriction: || (&& (== net40) (>= net452)) (== net461) (== net472) (&& (== netstandard2.0) (>= net452))
      DevExpress.Win.TreeList (19.2.3) - restriction: || (&& (== net40) (>= net452)) (== net461) (== net472) (&& (== netstandard2.0) (>= net452))
      DevExpress.Win.VerticalGrid (19.2.3) - restriction: || (&& (== net40) (>= net452)) (== net461) (== net472) (&& (== netstandard2.0) (>= net452))
    DevExpress.Win.Dashboard (19.2.3) - restriction: || (&& (== net40) (>= net452)) (== net461) (== net472) (&& (== netstandard2.0) (>= net452))
      DevExpress.Charts (19.2.3) - restriction: || (&& (== net40) (>= net452)) (== net461) (== net472) (&& (== netstandard2.0) (>= net452))
      DevExpress.Charts.Core (19.2.3) - restriction: || (&& (== net40) (>= net452)) (== net461) (== net472) (&& (== netstandard2.0) (>= net452))
      DevExpress.Dashboard.Core (19.2.3) - restriction: || (&& (== net40) (>= net452)) (== net461) (== net472) (&& (== netstandard2.0) (>= net452))
      DevExpress.Data (19.2.3) - restriction: || (&& (== net40) (>= net452)) (== net461) (== net472) (&& (== netstandard2.0) (>= net452))
      DevExpress.DataAccess (19.2.3) - restriction: || (&& (== net40) (>= net452)) (== net461) (== net472) (&& (== netstandard2.0) (>= net452))
      DevExpress.DataAccess.UI (19.2.3) - restriction: || (&& (== net40) (>= net452)) (== net461) (== net472) (&& (== netstandard2.0) (>= net452))
      DevExpress.Gauges.Core (19.2.3) - restriction: || (&& (== net40) (>= net452)) (== net461) (== net472) (&& (== netstandard2.0) (>= net452))
      DevExpress.Map.Core (19.2.3) - restriction: || (&& (== net40) (>= net452)) (== net461) (== net472) (&& (== netstandard2.0) (>= net452))
      DevExpress.Office.Core (19.2.3) - restriction: || (&& (== net40) (>= net452)) (== net461) (== net472) (&& (== netstandard2.0) (>= net452))
      DevExpress.PivotGrid.Core (19.2.3) - restriction: || (&& (== net40) (>= net452)) (== net461) (== net472) (&& (== netstandard2.0) (>= net452))
      DevExpress.Printing.Core (19.2.3) - restriction: || (&& (== net40) (>= net452)) (== net461) (== net472) (&& (== netstandard2.0) (>= net452))
      DevExpress.Reporting.Core (19.2.3) - restriction: || (&& (== net40) (>= net452)) (== net461) (== net472) (&& (== netstandard2.0) (>= net452))
      DevExpress.RichEdit.Core (19.2.3) - restriction: || (&& (== net40) (>= net452)) (== net461) (== net472) (&& (== netstandard2.0) (>= net452))
      DevExpress.Sparkline.Core (19.2.3) - restriction: || (&& (== net40) (>= net452)) (== net461) (== net472) (&& (== netstandard2.0) (>= net452))
      DevExpress.TreeMap.Core (19.2.3) - restriction: || (&& (== net40) (>= net452)) (== net461) (== net472) (&& (== netstandard2.0) (>= net452))
      DevExpress.Utils (19.2.3) - restriction: || (&& (== net40) (>= net452)) (== net461) (== net472) (&& (== netstandard2.0) (>= net452))
      DevExpress.Utils.UI (19.2.3) - restriction: || (&& (== net40) (>= net452)) (== net461) (== net472) (&& (== netstandard2.0) (>= net452))
      DevExpress.Win.Charts (19.2.3) - restriction: || (&& (== net40) (>= net452)) (== net461) (== net472) (&& (== netstandard2.0) (>= net452))
      DevExpress.Win.Gauges (19.2.3) - restriction: || (&& (== net40) (>= net452)) (== net461) (== net472) (&& (== netstandard2.0) (>= net452))
      DevExpress.Win.Grid (19.2.3) - restriction: || (&& (== net40) (>= net452)) (== net461) (== net472) (&& (== netstandard2.0) (>= net452))
      DevExpress.Win.Map (19.2.3) - restriction: || (&& (== net40) (>= net452)) (== net461) (== net472) (&& (== netstandard2.0) (>= net452))
      DevExpress.Win.Navigation (19.2.3) - restriction: || (&& (== net40) (>= net452)) (== net461) (== net472) (&& (== netstandard2.0) (>= net452))
      DevExpress.Win.PivotGrid (19.2.3) - restriction: || (&& (== net40) (>= net452)) (== net461) (== net472) (&& (== netstandard2.0) (>= net452))
      DevExpress.Win.Printing (19.2.3) - restriction: || (&& (== net40) (>= net452)) (== net461) (== net472) (&& (== netstandard2.0) (>= net452))
      DevExpress.Win.RichEdit (19.2.3) - restriction: || (&& (== net40) (>= net452)) (== net461) (== net472) (&& (== netstandard2.0) (>= net452))
      DevExpress.Win.TreeList (19.2.3) - restriction: || (&& (== net40) (>= net452)) (== net461) (== net472) (&& (== netstandard2.0) (>= net452))
      DevExpress.Win.TreeMap (19.2.3) - restriction: || (&& (== net40) (>= net452)) (== net461) (== net472) (&& (== netstandard2.0) (>= net452))
      DevExpress.Xpo (19.2.3) - restriction: || (&& (== net40) (>= net452)) (== net461) (== net472) (&& (== netstandard2.0) (>= net452))
    DevExpress.Win.Diagram (19.2.3) - restriction: || (&& (== net40) (>= net452)) (== net461) (== net472) (&& (== netstandard2.0) (>= net452))
      DevExpress.Data (19.2.3) - restriction: || (&& (== net40) (>= net452)) (== net461) (== net472) (&& (== netstandard2.0) (>= net452))
      DevExpress.Diagram.Core (19.2.3) - restriction: || (&& (== net40) (>= net452)) (== net461) (== net472) (&& (== netstandard2.0) (>= net452))
      DevExpress.Pdf.Core (19.2.3) - restriction: || (&& (== net40) (>= net452)) (== net461) (== net472) (&& (== netstandard2.0) (>= net452))
      DevExpress.Printing.Core (19.2.3) - restriction: || (&& (== net40) (>= net452)) (== net461) (== net472) (&& (== netstandard2.0) (>= net452))
      DevExpress.Utils (19.2.3) - restriction: || (&& (== net40) (>= net452)) (== net461) (== net472) (&& (== netstandard2.0) (>= net452))
      DevExpress.Win.Navigation (19.2.3) - restriction: || (&& (== net40) (>= net452)) (== net461) (== net472) (&& (== netstandard2.0) (>= net452))
      DevExpress.Win.Printing (19.2.3) - restriction: || (&& (== net40) (>= net452)) (== net461) (== net472) (&& (== netstandard2.0) (>= net452))
      DevExpress.Win.VerticalGrid (19.2.3) - restriction: || (&& (== net40) (>= net452)) (== net461) (== net472) (&& (== netstandard2.0) (>= net452))
    DevExpress.Win.Gauges (19.2.3) - restriction: || (&& (== net40) (>= net452)) (== net461) (== net472) (&& (== netstandard2.0) (>= net452))
      DevExpress.Data (19.2.3) - restriction: || (&& (== net40) (>= net452)) (== net461) (== net472) (&& (== netstandard2.0) (>= net452))
      DevExpress.Gauges.Core (19.2.3) - restriction: || (&& (== net40) (>= net452)) (== net461) (== net472) (&& (== netstandard2.0) (>= net452))
      DevExpress.Printing.Core (19.2.3) - restriction: || (&& (== net40) (>= net452)) (== net461) (== net472) (&& (== netstandard2.0) (>= net452))
      DevExpress.Utils (19.2.3) - restriction: || (&& (== net40) (>= net452)) (== net461) (== net472) (&& (== netstandard2.0) (>= net452))
      DevExpress.Win.Navigation (19.2.3) - restriction: || (&& (== net40) (>= net452)) (== net461) (== net472) (&& (== netstandard2.0) (>= net452))
      DevExpress.Win.Printing (19.2.3) - restriction: || (&& (== net40) (>= net452)) (== net461) (== net472) (&& (== netstandard2.0) (>= net452))
    DevExpress.Win.Grid (19.2.3) - restriction: || (&& (== net40) (>= net452)) (== net461) (== net472) (&& (== netstandard2.0) (>= net452))
      DevExpress.Data (19.2.3) - restriction: || (&& (== net40) (>= net452)) (== net461) (== net472) (&& (== netstandard2.0) (>= net452))
      DevExpress.Printing.Core (19.2.3) - restriction: || (&& (== net40) (>= net452)) (== net461) (== net472) (&& (== netstandard2.0) (>= net452))
      DevExpress.Utils (19.2.3) - restriction: || (&& (== net40) (>= net452)) (== net461) (== net472) (&& (== netstandard2.0) (>= net452))
      DevExpress.Win.Navigation (19.2.3) - restriction: || (&& (== net40) (>= net452)) (== net461) (== net472) (&& (== netstandard2.0) (>= net452))
      DevExpress.Win.Printing (19.2.3) - restriction: || (&& (== net40) (>= net452)) (== net461) (== net472) (&& (== netstandard2.0) (>= net452))
    DevExpress.Win.Map (19.2.3) - restriction: || (&& (== net40) (>= net452)) (== net461) (== net472) (&& (== netstandard2.0) (>= net452))
      DevExpress.Data (19.2.3) - restriction: || (&& (== net40) (>= net452)) (== net461) (== net472) (&& (== netstandard2.0) (>= net452))
      DevExpress.Map.Core (19.2.3) - restriction: || (&& (== net40) (>= net452)) (== net461) (== net472) (&& (== netstandard2.0) (>= net452))
      DevExpress.Printing.Core (19.2.3) - restriction: || (&& (== net40) (>= net452)) (== net461) (== net472) (&& (== netstandard2.0) (>= net452))
      DevExpress.Utils (19.2.3) - restriction: || (&& (== net40) (>= net452)) (== net461) (== net472) (&& (== netstandard2.0) (>= net452))
      DevExpress.Win.Navigation (19.2.3) - restriction: || (&& (== net40) (>= net452)) (== net461) (== net472) (&& (== netstandard2.0) (>= net452))
      DevExpress.Win.Printing (19.2.3) - restriction: || (&& (== net40) (>= net452)) (== net461) (== net472) (&& (== netstandard2.0) (>= net452))
    DevExpress.Win.Navigation (19.2.3) - restriction: || (&& (== net40) (>= net452)) (== net461) (== net472) (&& (== netstandard2.0) (>= net452))
      DevExpress.Data (19.2.3) - restriction: || (&& (== net40) (>= net452)) (== net461) (== net472) (&& (== netstandard2.0) (>= net452))
      DevExpress.Printing.Core (19.2.3) - restriction: || (&& (== net40) (>= net452)) (== net461) (== net472) (&& (== netstandard2.0) (>= net452))
      DevExpress.Sparkline.Core (19.2.3) - restriction: || (&& (== net40) (>= net452)) (== net461) (== net472) (&& (== netstandard2.0) (>= net452))
      DevExpress.Utils (19.2.3) - restriction: || (&& (== net40) (>= net452)) (== net461) (== net472) (&& (== netstandard2.0) (>= net452))
    DevExpress.Win.PivotGrid (19.2.3) - restriction: || (&& (== net40) (>= net452)) (== net461) (== net472) (&& (== netstandard2.0) (>= net452))
      DevExpress.Data (19.2.3) - restriction: || (&& (== net40) (>= net452)) (== net461) (== net472) (&& (== netstandard2.0) (>= net452))
      DevExpress.PivotGrid.Core (19.2.3) - restriction: || (&& (== net40) (>= net452)) (== net461) (== net472) (&& (== netstandard2.0) (>= net452))
      DevExpress.Printing.Core (19.2.3) - restriction: || (&& (== net40) (>= net452)) (== net461) (== net472) (&& (== netstandard2.0) (>= net452))
      DevExpress.Utils (19.2.3) - restriction: || (&& (== net40) (>= net452)) (== net461) (== net472) (&& (== netstandard2.0) (>= net452))
      DevExpress.Win.Navigation (19.2.3) - restriction: || (&& (== net40) (>= net452)) (== net461) (== net472) (&& (== netstandard2.0) (>= net452))
    DevExpress.Win.Printing (19.2.3) - restriction: || (&& (== net40) (>= net452)) (== net461) (== net472) (&& (== netstandard2.0) (>= net452))
      DevExpress.Data (19.2.3) - restriction: || (&& (== net40) (>= net452)) (== net461) (== net472) (&& (== netstandard2.0) (>= net452))
      DevExpress.Printing.Core (19.2.3) - restriction: || (&& (== net40) (>= net452)) (== net461) (== net472) (&& (== netstandard2.0) (>= net452))
      DevExpress.RichEdit.Core (19.2.3) - restriction: || (&& (== net40) (>= net452)) (== net461) (== net472) (&& (== netstandard2.0) (>= net452))
      DevExpress.Utils (19.2.3) - restriction: || (&& (== net40) (>= net452)) (== net461) (== net472) (&& (== netstandard2.0) (>= net452))
      DevExpress.Win.Navigation (19.2.3) - restriction: || (&& (== net40) (>= net452)) (== net461) (== net472) (&& (== netstandard2.0) (>= net452))
      DevExpress.Win.TreeList (19.2.3) - restriction: || (&& (== net40) (>= net452)) (== net461) (== net472) (&& (== netstandard2.0) (>= net452))
    DevExpress.Win.Reporting (19.2.3) - restriction: || (&& (== net40) (>= net452)) (== net461) (== net472) (&& (== netstandard2.0) (>= net452))
      DevExpress.Charts (19.2.3) - restriction: || (&& (== net40) (>= net452)) (== net461) (== net472) (&& (== netstandard2.0) (>= net452))
      DevExpress.Charts.Core (19.2.3) - restriction: || (&& (== net40) (>= net452)) (== net461) (== net472) (&& (== netstandard2.0) (>= net452))
      DevExpress.CodeParser (19.2.3) - restriction: || (&& (== net40) (>= net452)) (== net461) (== net472) (&& (== netstandard2.0) (>= net452))
      DevExpress.Data (19.2.3) - restriction: || (&& (== net40) (>= net452)) (== net461) (== net472) (&& (== netstandard2.0) (>= net452))
      DevExpress.DataAccess (19.2.3) - restriction: || (&& (== net40) (>= net452)) (== net461) (== net472) (&& (== netstandard2.0) (>= net452))
      DevExpress.DataAccess.UI (19.2.3) - restriction: || (&& (== net40) (>= net452)) (== net461) (== net472) (&& (== netstandard2.0) (>= net452))
      DevExpress.Gauges.Core (19.2.3) - restriction: || (&& (== net40) (>= net452)) (== net461) (== net472) (&& (== netstandard2.0) (>= net452))
      DevExpress.Office.Core (19.2.3) - restriction: || (&& (== net40) (>= net452)) (== net461) (== net472) (&& (== netstandard2.0) (>= net452))
      DevExpress.PivotGrid.Core (19.2.3) - restriction: || (&& (== net40) (>= net452)) (== net461) (== net472) (&& (== netstandard2.0) (>= net452))
      DevExpress.Printing.Core (19.2.3) - restriction: || (&& (== net40) (>= net452)) (== net461) (== net472) (&& (== netstandard2.0) (>= net452))
      DevExpress.Reporting.Core (19.2.3) - restriction: || (&& (== net40) (>= net452)) (== net461) (== net472) (&& (== netstandard2.0) (>= net452))
      DevExpress.RichEdit.Core (19.2.3) - restriction: || (&& (== net40) (>= net452)) (== net461) (== net472) (&& (== netstandard2.0) (>= net452))
      DevExpress.Sparkline.Core (19.2.3) - restriction: || (&& (== net40) (>= net452)) (== net461) (== net472) (&& (== netstandard2.0) (>= net452))
      DevExpress.Utils (19.2.3) - restriction: || (&& (== net40) (>= net452)) (== net461) (== net472) (&& (== netstandard2.0) (>= net452))
      DevExpress.Utils.UI (19.2.3) - restriction: || (&& (== net40) (>= net452)) (== net461) (== net472) (&& (== netstandard2.0) (>= net452))
      DevExpress.Win (19.2.3) - restriction: || (&& (== net40) (>= net452)) (== net461) (== net472) (&& (== netstandard2.0) (>= net452))
      DevExpress.Win.Charts (19.2.3) - restriction: || (&& (== net40) (>= net452)) (== net461) (== net472) (&& (== netstandard2.0) (>= net452))
      DevExpress.Win.Grid (19.2.3) - restriction: || (&& (== net40) (>= net452)) (== net461) (== net472) (&& (== netstandard2.0) (>= net452))
      DevExpress.Win.Navigation (19.2.3) - restriction: || (&& (== net40) (>= net452)) (== net461) (== net472) (&& (== netstandard2.0) (>= net452))
      DevExpress.Win.PivotGrid (19.2.3) - restriction: || (&& (== net40) (>= net452)) (== net461) (== net472) (&& (== netstandard2.0) (>= net452))
      DevExpress.Win.Printing (19.2.3) - restriction: || (&& (== net40) (>= net452)) (== net461) (== net472) (&& (== netstandard2.0) (>= net452))
      DevExpress.Win.RichEdit (19.2.3) - restriction: || (&& (== net40) (>= net452)) (== net461) (== net472) (&& (== netstandard2.0) (>= net452))
      DevExpress.Win.TreeList (19.2.3) - restriction: || (&& (== net40) (>= net452)) (== net461) (== net472) (&& (== netstandard2.0) (>= net452))
      DevExpress.Win.VerticalGrid (19.2.3) - restriction: || (&& (== net40) (>= net452)) (== net461) (== net472) (&& (== netstandard2.0) (>= net452))
    DevExpress.Win.RichEdit (19.2.3) - restriction: || (&& (== net40) (>= net452)) (== net461) (== net472) (&& (== netstandard2.0) (>= net452))
      DevExpress.Data (19.2.3) - restriction: || (&& (== net40) (>= net452)) (== net461) (== net472) (&& (== netstandard2.0) (>= net452))
      DevExpress.Images (19.2.3) - restriction: || (&& (== net40) (>= net452)) (== net461) (== net472) (&& (== netstandard2.0) (>= net452))
      DevExpress.Office.Core (19.2.3) - restriction: || (&& (== net40) (>= net452)) (== net461) (== net472) (&& (== netstandard2.0) (>= net452))
      DevExpress.Pdf.Core (19.2.3) - restriction: || (&& (== net40) (>= net452)) (== net461) (== net472) (&& (== netstandard2.0) (>= net452))
      DevExpress.Printing.Core (19.2.3) - restriction: || (&& (== net40) (>= net452)) (== net461) (== net472) (&& (== netstandard2.0) (>= net452))
      DevExpress.RichEdit.Core (19.2.3) - restriction: || (&& (== net40) (>= net452)) (== net461) (== net472) (&& (== netstandard2.0) (>= net452))
      DevExpress.Utils (19.2.3) - restriction: || (&& (== net40) (>= net452)) (== net461) (== net472) (&& (== netstandard2.0) (>= net452))
      DevExpress.Win.Grid (19.2.3) - restriction: || (&& (== net40) (>= net452)) (== net461) (== net472) (&& (== netstandard2.0) (>= net452))
      DevExpress.Win.Navigation (19.2.3) - restriction: || (&& (== net40) (>= net452)) (== net461) (== net472) (&& (== netstandard2.0) (>= net452))
      DevExpress.Win.Printing (19.2.3) - restriction: || (&& (== net40) (>= net452)) (== net461) (== net472) (&& (== netstandard2.0) (>= net452))
    DevExpress.Win.Scheduler (19.2.3) - restriction: || (&& (== net40) (>= net452)) (== net461) (== net472) (&& (== netstandard2.0) (>= net452))
      DevExpress.Data (19.2.3) - restriction: || (&& (== net40) (>= net452)) (== net461) (== net472) (&& (== netstandard2.0) (>= net452))
      DevExpress.Printing.Core (19.2.3) - restriction: || (&& (== net40) (>= net452)) (== net461) (== net472) (&& (== netstandard2.0) (>= net452))
      DevExpress.Scheduler.Core (19.2.3) - restriction: || (&& (== net40) (>= net452)) (== net461) (== net472) (&& (== netstandard2.0) (>= net452))
      DevExpress.Utils (19.2.3) - restriction: || (&& (== net40) (>= net452)) (== net461) (== net472) (&& (== netstandard2.0) (>= net452))
      DevExpress.Win.Grid (19.2.3) - restriction: || (&& (== net40) (>= net452)) (== net461) (== net472) (&& (== netstandard2.0) (>= net452))
      DevExpress.Win.Navigation (19.2.3) - restriction: || (&& (== net40) (>= net452)) (== net461) (== net472) (&& (== netstandard2.0) (>= net452))
      DevExpress.Win.Printing (19.2.3) - restriction: || (&& (== net40) (>= net452)) (== net461) (== net472) (&& (== netstandard2.0) (>= net452))
    DevExpress.Win.Spreadsheet (19.2.3) - restriction: || (&& (== net40) (>= net452)) (== net461) (== net472) (&& (== netstandard2.0) (>= net452))
      DevExpress.Charts (19.2.3) - restriction: || (&& (== net40) (>= net452)) (== net461) (== net472) (&& (== netstandard2.0) (>= net452))
      DevExpress.Charts.Core (19.2.3) - restriction: || (&& (== net40) (>= net452)) (== net461) (== net472) (&& (== netstandard2.0) (>= net452))
      DevExpress.Data (19.2.3) - restriction: || (&& (== net40) (>= net452)) (== net461) (== net472) (&& (== netstandard2.0) (>= net452))
      DevExpress.DataAccess (19.2.3) - restriction: || (&& (== net40) (>= net452)) (== net461) (== net472) (&& (== netstandard2.0) (>= net452))
      DevExpress.DataAccess.UI (19.2.3) - restriction: || (&& (== net40) (>= net452)) (== net461) (== net472) (&& (== netstandard2.0) (>= net452))
      DevExpress.Office.Core (19.2.3) - restriction: || (&& (== net40) (>= net452)) (== net461) (== net472) (&& (== netstandard2.0) (>= net452))
      DevExpress.Printing.Core (19.2.3) - restriction: || (&& (== net40) (>= net452)) (== net461) (== net472) (&& (== netstandard2.0) (>= net452))
      DevExpress.RichEdit.Core (19.2.3) - restriction: || (&& (== net40) (>= net452)) (== net461) (== net472) (&& (== netstandard2.0) (>= net452))
      DevExpress.Spreadsheet.Core (19.2.3) - restriction: || (&& (== net40) (>= net452)) (== net461) (== net472) (&& (== netstandard2.0) (>= net452))
      DevExpress.Utils (19.2.3) - restriction: || (&& (== net40) (>= net452)) (== net461) (== net472) (&& (== netstandard2.0) (>= net452))
      DevExpress.Utils.UI (19.2.3) - restriction: || (&& (== net40) (>= net452)) (== net461) (== net472) (&& (== netstandard2.0) (>= net452))
      DevExpress.Win (19.2.3) - restriction: || (&& (== net40) (>= net452)) (== net461) (== net472) (&& (== netstandard2.0) (>= net452))
      DevExpress.Win.Grid (19.2.3) - restriction: || (&& (== net40) (>= net452)) (== net461) (== net472) (&& (== netstandard2.0) (>= net452))
      DevExpress.Win.Navigation (19.2.3) - restriction: || (&& (== net40) (>= net452)) (== net461) (== net472) (&& (== netstandard2.0) (>= net452))
      DevExpress.Win.Printing (19.2.3) - restriction: || (&& (== net40) (>= net452)) (== net461) (== net472) (&& (== netstandard2.0) (>= net452))
      DevExpress.Win.RichEdit (19.2.3) - restriction: || (&& (== net40) (>= net452)) (== net461) (== net472) (&& (== netstandard2.0) (>= net452))
      DevExpress.Win.TreeList (19.2.3) - restriction: || (&& (== net40) (>= net452)) (== net461) (== net472) (&& (== netstandard2.0) (>= net452))
    DevExpress.Win.TreeList (19.2.3) - restriction: || (&& (== net40) (>= net452)) (== net461) (== net472) (&& (== netstandard2.0) (>= net452))
      DevExpress.Data (19.2.3) - restriction: || (&& (== net40) (>= net452)) (== net461) (== net472) (&& (== netstandard2.0) (>= net452))
      DevExpress.Printing.Core (19.2.3) - restriction: || (&& (== net40) (>= net452)) (== net461) (== net472) (&& (== netstandard2.0) (>= net452))
      DevExpress.Utils (19.2.3) - restriction: || (&& (== net40) (>= net452)) (== net461) (== net472) (&& (== netstandard2.0) (>= net452))
      DevExpress.Win.Navigation (19.2.3) - restriction: || (&& (== net40) (>= net452)) (== net461) (== net472) (&& (== netstandard2.0) (>= net452))
    DevExpress.Win.TreeMap (19.2.3) - restriction: || (&& (== net40) (>= net452)) (== net461) (== net472) (&& (== netstandard2.0) (>= net452))
      DevExpress.Data (19.2.3) - restriction: || (&& (== net40) (>= net452)) (== net461) (== net472) (&& (== netstandard2.0) (>= net452))
      DevExpress.Printing.Core (19.2.3) - restriction: || (&& (== net40) (>= net452)) (== net461) (== net472) (&& (== netstandard2.0) (>= net452))
      DevExpress.TreeMap.Core (19.2.3) - restriction: || (&& (== net40) (>= net452)) (== net461) (== net472) (&& (== netstandard2.0) (>= net452))
      DevExpress.Utils (19.2.3) - restriction: || (&& (== net40) (>= net452)) (== net461) (== net472) (&& (== netstandard2.0) (>= net452))
      DevExpress.Win.Navigation (19.2.3) - restriction: || (&& (== net40) (>= net452)) (== net461) (== net472) (&& (== netstandard2.0) (>= net452))
      DevExpress.Win.Printing (19.2.3) - restriction: || (&& (== net40) (>= net452)) (== net461) (== net472) (&& (== netstandard2.0) (>= net452))
    DevExpress.Win.VerticalGrid (19.2.3) - restriction: || (&& (== net40) (>= net452)) (== net461) (== net472) (&& (== netstandard2.0) (>= net452))
      DevExpress.Data (19.2.3) - restriction: || (&& (== net40) (>= net452)) (== net461) (== net472) (&& (== netstandard2.0) (>= net452))
      DevExpress.Printing.Core (19.2.3) - restriction: || (&& (== net40) (>= net452)) (== net461) (== net472) (&& (== netstandard2.0) (>= net452))
      DevExpress.Utils (19.2.3) - restriction: || (&& (== net40) (>= net452)) (== net461) (== net472) (&& (== netstandard2.0) (>= net452))
      DevExpress.Win.Navigation (19.2.3) - restriction: || (&& (== net40) (>= net452)) (== net461) (== net472) (&& (== netstandard2.0) (>= net452))
      DevExpress.Win.Printing (19.2.3) - restriction: || (&& (== net40) (>= net452)) (== net461) (== net472) (&& (== netstandard2.0) (>= net452))
  remote: https://xpandnugetserver.azurewebsites.net/nuget
    DevExpress.ExpressApp.Reports (19.2.3)
    DevExpress.ExpressApp.Reports.Win (19.2.3)
    Xpand.Extensions (0.0.8.4)
      Fasterflect.Xpand (>= 2.0.7)
      System.CodeDom (>= 4.6)
      System.Reflection.Emit (>= 4.6)
    Xpand.Extensions.Reactive (0.0.1.3)
      Fasterflect.Xpand (>= 2.0.7)
      System.CodeDom (>= 4.6)
      System.Reactive (>= 4.2)
      System.Reflection.Emit (>= 4.6)
      Xpand.Extensions (>= 0.0.8.4)
    Xpand.Extensions.XAF (0.0.7.2)
      Fasterflect.Xpand (>= 2.0.7)
      System.Reflection.Emit (>= 4.6)
      Xpand.Extensions (>= 0.0.8.2)
      Xpand.Patcher (>= 1.0.1)
      Xpand.VersionConverter (>= 1.0.36)
    Xpand.VersionConverter (1.0.36)
    Xpand.XAF.Modules.AutoCommit (1.0.17.5)
      Fasterflect.Xpand (>= 2.0.7)
      System.Reactive (>= 4.2)
      System.ValueTuple (>= 4.5)
      Xpand.Extensions (>= 0.0.8.4)
      Xpand.Extensions.Reactive (>= 0.0.1.3)
      Xpand.Extensions.XAF (>= 0.0.7.2)
      Xpand.VersionConverter (>= 1.0.36)
      Xpand.XAF.Modules.Reactive (>= 1.2.68.5)
    Xpand.XAF.Modules.CloneMemberValue (1.2.65.5)
      Fasterflect.Xpand (>= 2.0.7)
      System.Reactive (>= 4.2)
      Xpand.Extensions.Reactive (>= 0.0.1.3)
      Xpand.VersionConverter (>= 1.0.36)
      Xpand.XAF.Modules.Reactive (>= 1.2.68.5)
    Xpand.XAF.Modules.CloneModelView (1.0.15.5)
      Fasterflect.Xpand (>= 2.0.7)
      System.ValueTuple (>= 4.5)
      Xpand.Extensions.XAF (>= 0.0.7.2)
      Xpand.Patcher (>= 1.0.1)
      Xpand.VersionConverter (>= 1.0.36)
    Xpand.XAF.Modules.GridListEditor (0.0.19.5)
      Fasterflect.Xpand (>= 2.0.7)
      System.Reactive (>= 4.2)
      Xpand.Extensions.Reactive (>= 0.0.1.3)
      Xpand.VersionConverter (>= 1.0.36)
      Xpand.XAF.Modules.Reactive (>= 1.2.68.5)
    Xpand.XAF.Modules.HideToolBar (1.0.16.5)
      Fasterflect.Xpand (>= 2.0.7)
      System.Reactive (>= 4.2)
      System.ValueTuple (>= 4.5)
      Xpand.Extensions.Reactive (>= 0.0.1.3)
      Xpand.Extensions.XAF (>= 0.0.7.2)
      Xpand.VersionConverter (>= 1.0.36)
      Xpand.XAF.Modules.Reactive (>= 1.2.68.5)
    Xpand.XAF.Modules.MasterDetail (1.0.16.5)
      Fasterflect.Xpand (>= 2.0.7)
      System.Reactive (>= 4.2)
      System.ValueTuple (>= 4.5)
      Xpand.Extensions.Reactive (>= 0.0.1.3)
      Xpand.Extensions.XAF (>= 0.0.7.2)
      Xpand.Patcher (>= 1.0.1)
      Xpand.VersionConverter (>= 1.0.36)
      Xpand.XAF.Modules.Reactive (>= 1.2.68.5)
    Xpand.XAF.Modules.ModelMapper (1.1.59.5)
      Enums.NET (>= 2.3.2)
      Fasterflect.Xpand (>= 2.0.7)
      Mono.Cecil (>= 0.11)
      System.CodeDom (>= 4.6)
      System.Interactive (>= 4.0)
      System.Reactive (>= 4.2)
      Xpand.Collections (>= 1.0.1)
      Xpand.Extensions (>= 0.0.8.4)
      Xpand.Extensions.Reactive (>= 0.0.1.3)
      Xpand.Extensions.XAF (>= 0.0.7.2)
      Xpand.VersionConverter (>= 1.0.36)
      Xpand.XAF.Modules.Reactive (>= 1.2.68.5)
    Xpand.XAF.Modules.ModelViewInheritance (1.1.55.5)
      Fasterflect.Xpand (>= 2.0.7)
      System.ValueTuple (>= 4.5)
      Xpand.Extensions (>= 0.0.8.4)
      Xpand.Extensions.XAF (>= 0.0.7.2)
      Xpand.VersionConverter (>= 1.0.36)
    Xpand.XAF.Modules.ProgressBarViewItem (1.0.16.5)
      Fasterflect.Xpand (>= 2.0.7)
      System.Reactive (>= 4.2)
      System.ValueTuple (>= 4.5)
      Xpand.Extensions (>= 0.0.8.4)
      Xpand.Extensions.Reactive (>= 0.0.1.3)
      Xpand.Extensions.XAF (>= 0.0.7.2)
      Xpand.VersionConverter (>= 1.0.36)
      Xpand.XAF.Modules.Reactive (>= 1.2.68.5)
    Xpand.XAF.Modules.Reactive (1.2.68.5)
      Fasterflect.Xpand (>= 2.0.7)
      System.Interactive (>= 4.0)
      System.Reactive (>= 4.2)
      System.ValueTuple (>= 4.5)
      Xpand.Extensions (>= 0.0.8.4)
      Xpand.Extensions.Reactive (>= 0.0.1.3)
      Xpand.Extensions.XAF (>= 0.0.7.2)
      Xpand.Patcher (>= 1.0.1)
      Xpand.VersionConverter (>= 1.0.36)
    Xpand.XAF.Modules.Reactive.Logger (0.0.21.5)
      Fasterflect.Xpand (>= 2.0.7)
      System.Reactive (>= 4.2)
      Xpand.Extensions (>= 0.0.8.4)
      Xpand.Extensions.Reactive (>= 0.0.1.3)
      Xpand.Extensions.XAF (>= 0.0.7.2)
      Xpand.Patcher (>= 1.0.1)
      Xpand.VersionConverter (>= 1.0.36)
      Xpand.XAF.Modules.Reactive (>= 1.2.68.5)
    Xpand.XAF.Modules.RefreshView (0.0.19.5)
      Fasterflect.Xpand (>= 2.0.7)
      System.Reactive (>= 4.2)
      Xpand.Extensions.Reactive (>= 0.0.1.3)
      Xpand.VersionConverter (>= 1.0.36)
      Xpand.XAF.Modules.Reactive (>= 1.2.68.5)
    Xpand.XAF.Modules.SuppressConfirmation (1.0.16.5)
      Fasterflect.Xpand (>= 2.0.7)
      System.Reactive (>= 4.2)
      System.ValueTuple (>= 4.5)
      Xpand.Extensions.Reactive (>= 0.0.1.3)
      Xpand.VersionConverter (>= 1.0.36)
      Xpand.XAF.Modules.Reactive (>= 1.2.68.5)
    Xpand.XAF.Modules.ViewEditMode (1.2.65.5)
      Fasterflect.Xpand (>= 2.0.7)
      System.Reactive (>= 4.2)
      Xpand.Extensions.Reactive (>= 0.0.1.3)
      Xpand.VersionConverter (>= 1.0.36)
      Xpand.XAF.Modules.Reactive (>= 1.2.68.5)
